{
  "aor": 0.001198661087866109,
  "aqi": 0.015069921715481173,
  "bids_meta": {
    "EchoTime": 0.043,
    "FlipAngle": 80.0,
    "MagneticFieldStrength": 3.0,
    "Manufacturer": "SIEMENS",
    "ManufacturersModelName": "Verio",
    "MultibandAccelerationFactor": 4,
    "PhaseEncodingDirection": "j-",
    "RepetitionTime": 2.0,
    "SliceTiming": [
      0.0,
      1.0575,
      0.105,
      1.1625,
      0.2125,
      1.2675,
      0.3175,
      1.375,
      0.4225,
      1.48,
      0.53,
      1.585,
      0.635,
      1.69,
      0.74,
      1.7975,
      0.845,
      1.9025,
      0.9525,
      0.0,
      1.0575,
      0.105,
      1.1625,
      0.2125,
      1.2675,
      0.3175,
      1.375,
      0.4225,
      1.48,
      0.53,
      1.585,
      0.635,
      1.69,
      0.74,
      1.7975,
      0.845,
      1.9025,
      0.9525,
      0.0,
      1.0575,
      0.105,
      1.1625,
      0.2125,
      1.2675,
      0.3175,
      1.375,
      0.4225,
      1.48,
      0.53,
      1.585,
      0.635,
      1.69,
      0.74,
      1.7975,
      0.845,
      1.9025,
      0.9525,
      0.0,
      1.0575,
      0.105,
      1.1625,
      0.2125,
      1.2675,
      0.3175,
      1.375,
      0.4225,
      1.48,
      0.53,
      1.585,
      0.635,
      1.69,
      0.74,
      1.7975,
      0.845,
      1.9025,
      0.9525
    ],
    "TaskName": "training",
    "TotalReadoutTime": 0.07029788543960597,
    "dataset": "ds003661",
    "modality": "bold",
    "run_id": 2,
    "session_id": "training02",
    "subject_id": "04",
    "task_id": "training"
  },
  "dummy_trs": 0,
  "dvars_nstd": 47.798120706806706,
  "dvars_std": 1.4139991168487396,
  "dvars_vstd": 1.0215534317647053,
  "efc": 0.5765095231761195,
  "fber": 816.8728637695312,
  "fd_mean": 0.078052661821282,
  "fd_num": 11,
  "fd_perc": 4.602510460251046,
  "fwhm_avg": 1.846945,
  "fwhm_x": 1.73526,
  "fwhm_y": 2.040495,
  "fwhm_z": 1.76508,
  "gcor": 0.0257616,
  "gsr_x": -0.016313204541802406,
  "gsr_y": 0.03477734327316284,
  "provenance": {
    "md5sum": "f74a5a8ad35a8dcb74fe0f4087d8fadf",
    "settings": {
      "fd_thres": 0.2,
      "testing": false
    },
    "software": "mriqc",
    "version": "22.0.6",
    "webapi_port": null,
    "webapi_url": "https://mriqc.nimh.nih.gov/api/v1"
  },
  "size_t": 239,
  "size_x": 96,
  "size_y": 96,
  "size_z": 76,
  "snr": 4.6588506764536,
  "spacing_tr": 2.0,
  "spacing_x": 2.0,
  "spacing_y": 2.0,
  "spacing_z": 2.0,
  "summary_bg_k": 15.159921587082557,
  "summary_bg_mad": 16.972383330972303,
  "summary_bg_mean": 45.34141540527344,
  "summary_bg_median": 19.56485366821289,
  "summary_bg_n": 439100.0,
  "summary_bg_p05": 6.154811382293701,
  "summary_bg_p95": 176.0,
  "summary_bg_stdv": 62.916412353515625,
  "summary_fg_k": 3.651939122592318,
  "summary_fg_mad": 95.13462267173847,
  "summary_fg_mean": 580.6691284179688,
  "summary_fg_median": 570.61083984375,
  "summary_fg_n": 162104.0,
  "summary_fg_p05": 412.4830520629883,
  "summary_fg_p95": 783.424871826172,
  "summary_fg_stdv": 122.47850799560547,
  "tsnr": 40.6944571249187
}