{
  "aor": 0.0007382426778242677,
  "aqi": 0.01957610753138075,
  "bids_meta": {
    "EchoTime": 0.043,
    "FlipAngle": 80.0,
    "MagneticFieldStrength": 3.0,
    "Manufacturer": "SIEMENS",
    "ManufacturersModelName": "Verio",
    "MultibandAccelerationFactor": 4,
    "PhaseEncodingDirection": "j-",
    "RepetitionTime": 2.0,
    "SliceTiming": [
      0.0,
      1.0575,
      0.1075,
      1.1625,
      0.2125,
      1.27,
      0.3175,
      1.375,
      0.425,
      1.48,
      0.53,
      1.585,
      0.635,
      1.6925,
      0.74,
      1.7975,
      0.8475,
      1.9025,
      0.9525,
      0.0,
      1.0575,
      0.1075,
      1.1625,
      0.2125,
      1.27,
      0.3175,
      1.375,
      0.425,
      1.48,
      0.53,
      1.585,
      0.635,
      1.6925,
      0.74,
      1.7975,
      0.8475,
      1.9025,
      0.9525,
      0.0,
      1.0575,
      0.1075,
      1.1625,
      0.2125,
      1.27,
      0.3175,
      1.375,
      0.425,
      1.48,
      0.53,
      1.585,
      0.635,
      1.6925,
      0.74,
      1.7975,
      0.8475,
      1.9025,
      0.9525,
      0.0,
      1.0575,
      0.1075,
      1.1625,
      0.2125,
      1.27,
      0.3175,
      1.375,
      0.425,
      1.48,
      0.53,
      1.585,
      0.635,
      1.6925,
      0.74,
      1.7975,
      0.8475,
      1.9025,
      0.9525
    ],
    "TaskName": "training",
    "TotalReadoutTime": 0.07029788543960597,
    "dataset": "ds003661",
    "modality": "bold",
    "run_id": 1,
    "session_id": "training02",
    "subject_id": "04",
    "task_id": "training"
  },
  "dummy_trs": 0,
  "dvars_nstd": 44.91476853962186,
  "dvars_std": 1.2831571507563013,
  "dvars_vstd": 0.9890734887394963,
  "efc": 0.5768810557142112,
  "fber": 777.8569946289062,
  "fd_mean": 0.11402135133340342,
  "fd_num": 27,
  "fd_perc": 11.297071129707113,
  "fwhm_avg": 1.8615916666666668,
  "fwhm_x": 1.7502,
  "fwhm_y": 2.059235,
  "fwhm_z": 1.77534,
  "gcor": 0.0241301,
  "gsr_x": -0.01524275727570057,
  "gsr_y": 0.035187989473342896,
  "provenance": {
    "md5sum": "9ae1c8d83395f50abb29e89e79e3f792",
    "settings": {
      "fd_thres": 0.2,
      "testing": false
    },
    "software": "mriqc",
    "version": "22.0.6",
    "webapi_port": null,
    "webapi_url": "https://mriqc.nimh.nih.gov/api/v1"
  },
  "size_t": 239,
  "size_x": 96,
  "size_y": 96,
  "size_z": 76,
  "snr": 4.680259365811943,
  "spacing_tr": 2.0,
  "spacing_x": 2.0,
  "spacing_y": 2.0,
  "spacing_z": 2.0,
  "summary_bg_k": 14.470064252655678,
  "summary_bg_mad": 17.735396590481614,
  "summary_bg_mean": 44.79993438720703,
  "summary_bg_median": 20.0,
  "summary_bg_n": 438953.0,
  "summary_bg_p05": 6.033472537994385,
  "summary_bg_p95": 171.51631164550767,
  "summary_bg_stdv": 61.102352142333984,
  "summary_fg_k": 3.5185495997869927,
  "summary_fg_mad": 94.0987285740613,
  "summary_fg_mean": 577.713623046875,
  "summary_fg_median": 568.5690307617188,
  "summary_fg_n": 162271.0,
  "summary_fg_p05": 407.45814514160156,
  "summary_fg_p95": 778.3346862792969,
  "summary_fg_stdv": 121.48200225830078,
  "tsnr": 35.31709811871406
}