{
  "aor": 0.0009610460251046025,
  "aqi": 0.01917352761506276,
  "bids_meta": {
    "EchoTime": 0.043,
    "FlipAngle": 80.0,
    "MagneticFieldStrength": 3.0,
    "Manufacturer": "SIEMENS",
    "ManufacturersModelName": "Verio",
    "MultibandAccelerationFactor": 4,
    "PhaseEncodingDirection": "j-",
    "RepetitionTime": 2.0,
    "SliceTiming": [
      0.0,
      1.0575,
      0.1075,
      1.1625,
      0.2125,
      1.27,
      0.3175,
      1.375,
      0.4225,
      1.48,
      0.53,
      1.585,
      0.635,
      1.6925,
      0.74,
      1.7975,
      0.8475,
      1.9025,
      0.9525,
      0.0,
      1.0575,
      0.1075,
      1.1625,
      0.2125,
      1.27,
      0.3175,
      1.375,
      0.4225,
      1.48,
      0.53,
      1.585,
      0.635,
      1.6925,
      0.74,
      1.7975,
      0.8475,
      1.9025,
      0.9525,
      0.0,
      1.0575,
      0.1075,
      1.1625,
      0.2125,
      1.27,
      0.3175,
      1.375,
      0.4225,
      1.48,
      0.53,
      1.585,
      0.635,
      1.6925,
      0.74,
      1.7975,
      0.8475,
      1.9025,
      0.9525,
      0.0,
      1.0575,
      0.1075,
      1.1625,
      0.2125,
      1.27,
      0.3175,
      1.375,
      0.4225,
      1.48,
      0.53,
      1.585,
      0.635,
      1.6925,
      0.74,
      1.7975,
      0.8475,
      1.9025,
      0.9525
    ],
    "TaskName": "training",
    "TotalReadoutTime": 0.07029788543960597,
    "dataset": "ds003661",
    "modality": "bold",
    "run_id": 7,
    "session_id": "training02",
    "subject_id": "04",
    "task_id": "training"
  },
  "dummy_trs": 0,
  "dvars_nstd": 41.506950097647035,
  "dvars_std": 1.22328523172269,
  "dvars_vstd": 0.9918517347058823,
  "efc": 0.5762116816092978,
  "fber": 814.859619140625,
  "fd_mean": 0.12237050751883105,
  "fd_num": 43,
  "fd_perc": 17.99163179916318,
  "fwhm_avg": 1.8599133333333333,
  "fwhm_x": 1.75081,
  "fwhm_y": 2.050375,
  "fwhm_z": 1.778555,
  "gcor": 0.0103568,
  "gsr_x": -0.01459614746272564,
  "gsr_y": 0.034893106669187546,
  "provenance": {
    "md5sum": "a9a16120762f5cc2703c5839d296251b",
    "settings": {
      "fd_thres": 0.2,
      "testing": false
    },
    "software": "mriqc",
    "version": "22.0.6",
    "webapi_port": null,
    "webapi_url": "https://mriqc.nimh.nih.gov/api/v1"
  },
  "size_t": 239,
  "size_x": 96,
  "size_y": 96,
  "size_z": 76,
  "snr": 4.6281330314291615,
  "spacing_tr": 2.0,
  "spacing_x": 2.0,
  "spacing_y": 2.0,
  "spacing_z": 2.0,
  "summary_bg_k": 14.486284878045563,
  "summary_bg_mad": 17.177092739826374,
  "summary_bg_mean": 45.149383544921875,
  "summary_bg_median": 19.55648422241211,
  "summary_bg_n": 439636.0,
  "summary_bg_p05": 6.033472537994385,
  "summary_bg_p95": 174.19874572753906,
  "summary_bg_stdv": 62.033226013183594,
  "summary_fg_k": 3.6447437750279654,
  "summary_fg_mad": 94.50815446136772,
  "summary_fg_mean": 578.3106689453125,
  "summary_fg_median": 568.364013671875,
  "summary_fg_n": 161751.0,
  "summary_fg_p05": 408.2175598144531,
  "summary_fg_p95": 781.7489318847656,
  "summary_fg_stdv": 122.80594635009766,
  "tsnr": 36.32450483646244
}