{
  "aor": 0.0013427196652719667,
  "aqi": 0.01545584058577406,
  "bids_meta": {
    "EchoTime": 0.043,
    "FlipAngle": 80.0,
    "MagneticFieldStrength": 3.0,
    "Manufacturer": "SIEMENS",
    "ManufacturersModelName": "Verio",
    "MultibandAccelerationFactor": 4,
    "PhaseEncodingDirection": "j-",
    "RepetitionTime": 2.0,
    "SliceTiming": [
      0.0,
      1.0575,
      0.105,
      1.1625,
      0.2125,
      1.2675,
      0.3175,
      1.375,
      0.4225,
      1.48,
      0.5275,
      1.585,
      0.635,
      1.69,
      0.74,
      1.7975,
      0.845,
      1.9025,
      0.95,
      0.0,
      1.0575,
      0.105,
      1.1625,
      0.2125,
      1.2675,
      0.3175,
      1.375,
      0.4225,
      1.48,
      0.5275,
      1.585,
      0.635,
      1.69,
      0.74,
      1.7975,
      0.845,
      1.9025,
      0.95,
      0.0,
      1.0575,
      0.105,
      1.1625,
      0.2125,
      1.2675,
      0.3175,
      1.375,
      0.4225,
      1.48,
      0.5275,
      1.585,
      0.635,
      1.69,
      0.74,
      1.7975,
      0.845,
      1.9025,
      0.95,
      0.0,
      1.0575,
      0.105,
      1.1625,
      0.2125,
      1.2675,
      0.3175,
      1.375,
      0.4225,
      1.48,
      0.5275,
      1.585,
      0.635,
      1.69,
      0.74,
      1.7975,
      0.845,
      1.9025,
      0.95
    ],
    "TaskName": "training",
    "TotalReadoutTime": 0.07029788543960597,
    "dataset": "ds003661",
    "modality": "bold",
    "run_id": 3,
    "session_id": "training02",
    "subject_id": "04",
    "task_id": "training"
  },
  "dummy_trs": 0,
  "dvars_nstd": 44.236046734958016,
  "dvars_std": 1.3344010004201676,
  "dvars_vstd": 1.0173378785294118,
  "efc": 0.576125506520542,
  "fber": 817.4158935546875,
  "fd_mean": 0.08341886200670365,
  "fd_num": 7,
  "fd_perc": 2.928870292887029,
  "fwhm_avg": 1.8467933333333333,
  "fwhm_x": 1.73644,
  "fwhm_y": 2.040985,
  "fwhm_z": 1.762955,
  "gcor": 0.0201904,
  "gsr_x": -0.015263200737535954,
  "gsr_y": 0.03431935980916023,
  "provenance": {
    "md5sum": "aeb2611f733a43b70a8dced231388e31",
    "settings": {
      "fd_thres": 0.2,
      "testing": false
    },
    "software": "mriqc",
    "version": "22.0.6",
    "webapi_port": null,
    "webapi_url": "https://mriqc.nimh.nih.gov/api/v1"
  },
  "size_t": 239,
  "size_x": 96,
  "size_y": 96,
  "size_z": 76,
  "snr": 4.6524782980296795,
  "spacing_tr": 2.0,
  "spacing_x": 2.0,
  "spacing_y": 2.0,
  "spacing_z": 2.0,
  "summary_bg_k": 15.118870713383451,
  "summary_bg_mad": 17.077841942526884,
  "summary_bg_mean": 45.104225158691406,
  "summary_bg_median": 19.527196884155273,
  "summary_bg_n": 439505.0,
  "summary_bg_p05": 6.04184103012085,
  "summary_bg_p95": 174.6560668945312,
  "summary_bg_stdv": 62.28962707519531,
  "summary_fg_k": 3.613985059099446,
  "summary_fg_mad": 94.62597355856587,
  "summary_fg_mean": 579.0531005859375,
  "summary_fg_median": 569.12548828125,
  "summary_fg_n": 161745.0,
  "summary_fg_p05": 410.03010864257817,
  "summary_fg_p95": 780.0694580078122,
  "summary_fg_stdv": 122.3270034790039,
  "tsnr": 40.14989064261317
}