{
  "aor": 0.0009054393305439331,
  "aqi": 0.01871387322175732,
  "bids_meta": {
    "EchoTime": 0.043,
    "FlipAngle": 80.0,
    "MagneticFieldStrength": 3.0,
    "Manufacturer": "SIEMENS",
    "ManufacturersModelName": "Verio",
    "MultibandAccelerationFactor": 4,
    "PhaseEncodingDirection": "j-",
    "RepetitionTime": 2.0,
    "SliceTiming": [
      0.0,
      1.055,
      0.105,
      1.16,
      0.21,
      1.2675,
      0.315,
      1.3725,
      0.4225,
      1.4775,
      0.5275,
      1.585,
      0.6325,
      1.69,
      0.7375,
      1.795,
      0.845,
      1.9,
      0.95,
      0.0,
      1.055,
      0.105,
      1.16,
      0.21,
      1.2675,
      0.315,
      1.3725,
      0.4225,
      1.4775,
      0.5275,
      1.585,
      0.6325,
      1.69,
      0.7375,
      1.795,
      0.845,
      1.9,
      0.95,
      0.0,
      1.055,
      0.105,
      1.16,
      0.21,
      1.2675,
      0.315,
      1.3725,
      0.4225,
      1.4775,
      0.5275,
      1.585,
      0.6325,
      1.69,
      0.7375,
      1.795,
      0.845,
      1.9,
      0.95,
      0.0,
      1.055,
      0.105,
      1.16,
      0.21,
      1.2675,
      0.315,
      1.3725,
      0.4225,
      1.4775,
      0.5275,
      1.585,
      0.6325,
      1.69,
      0.7375,
      1.795,
      0.845,
      1.9,
      0.95
    ],
    "TaskName": "training",
    "TotalReadoutTime": 0.07029788543960597,
    "dataset": "ds003661",
    "modality": "bold",
    "run_id": 5,
    "session_id": "training01",
    "subject_id": "01",
    "task_id": "training"
  },
  "dummy_trs": 0,
  "dvars_nstd": 42.29816513722688,
  "dvars_std": 1.2439938938655466,
  "dvars_vstd": 0.9980375030252103,
  "efc": 0.5313595419028692,
  "fber": 1461.581787109375,
  "fd_mean": 0.1404312504520574,
  "fd_num": 44,
  "fd_perc": 18.410041841004183,
  "fwhm_avg": 1.8584533333333333,
  "fwhm_x": 1.753425,
  "fwhm_y": 2.024845,
  "fwhm_z": 1.79709,
  "gcor": 0.0346204,
  "gsr_x": -0.026220589876174927,
  "gsr_y": 0.0466342493891716,
  "provenance": {
    "md5sum": "71129f31746fe583069292f1d17415e0",
    "settings": {
      "fd_thres": 0.2,
      "testing": false
    },
    "software": "mriqc",
    "version": "22.0.6",
    "webapi_port": null,
    "webapi_url": "https://mriqc.nimh.nih.gov/api/v1"
  },
  "size_t": 239,
  "size_x": 96,
  "size_y": 96,
  "size_z": 76,
  "snr": 5.16621694040984,
  "spacing_tr": 2.0,
  "spacing_x": 2.0,
  "spacing_y": 2.0,
  "spacing_z": 2.0,
  "summary_bg_k": 18.094241546047307,
  "summary_bg_mad": 9.968793883991752,
  "summary_bg_mean": 35.22085189819336,
  "summary_bg_median": 13.70292854309082,
  "summary_bg_n": 475475.0,
  "summary_bg_p05": 5.836820125579834,
  "summary_bg_p95": 144.77949829101559,
  "summary_bg_stdv": 53.18153381347656,
  "summary_fg_k": 5.152818434598068,
  "summary_fg_mad": 76.45635941350785,
  "summary_fg_mean": 536.650390625,
  "summary_fg_median": 530.0167236328125,
  "summary_fg_n": 134303.0,
  "summary_fg_p05": 398.23052368164065,
  "summary_fg_p95": 690.974853515625,
  "summary_fg_stdv": 102.5924301147461,
  "tsnr": 40.04978930903599
}