{
  "aor": 0.0007394979079497909,
  "aqi": 0.0192789179916318,
  "bids_meta": {
    "EchoTime": 0.043,
    "FlipAngle": 80.0,
    "MagneticFieldStrength": 3.0,
    "Manufacturer": "SIEMENS",
    "ManufacturersModelName": "Verio",
    "MultibandAccelerationFactor": 4,
    "PhaseEncodingDirection": "j-",
    "RepetitionTime": 2.0,
    "SliceTiming": [
      0.0,
      1.055,
      0.105,
      1.1625,
      0.21,
      1.2675,
      0.315,
      1.3725,
      0.4225,
      1.4775,
      0.5275,
      1.585,
      0.6325,
      1.69,
      0.7375,
      1.795,
      0.845,
      1.9,
      0.95,
      0.0,
      1.055,
      0.105,
      1.1625,
      0.21,
      1.2675,
      0.315,
      1.3725,
      0.4225,
      1.4775,
      0.5275,
      1.585,
      0.6325,
      1.69,
      0.7375,
      1.795,
      0.845,
      1.9,
      0.95,
      0.0,
      1.055,
      0.105,
      1.1625,
      0.21,
      1.2675,
      0.315,
      1.3725,
      0.4225,
      1.4775,
      0.5275,
      1.585,
      0.6325,
      1.69,
      0.7375,
      1.795,
      0.845,
      1.9,
      0.95,
      0.0,
      1.055,
      0.105,
      1.1625,
      0.21,
      1.2675,
      0.315,
      1.3725,
      0.4225,
      1.4775,
      0.5275,
      1.585,
      0.6325,
      1.69,
      0.7375,
      1.795,
      0.845,
      1.9,
      0.95
    ],
    "TaskName": "training",
    "TotalReadoutTime": 0.07029788543960597,
    "dataset": "ds003661",
    "modality": "bold",
    "run_id": 3,
    "session_id": "training01",
    "subject_id": "01",
    "task_id": "training"
  },
  "dummy_trs": 0,
  "dvars_nstd": 41.280684158445375,
  "dvars_std": 1.2249455367226891,
  "dvars_vstd": 0.9927399555042014,
  "efc": 0.5304469008975042,
  "fber": 1511.7554931640625,
  "fd_mean": 0.1556728210383012,
  "fd_num": 57,
  "fd_perc": 23.84937238493724,
  "fwhm_avg": 1.8760416666666666,
  "fwhm_x": 1.76229,
  "fwhm_y": 2.044415,
  "fwhm_z": 1.82142,
  "gcor": 0.0279064,
  "gsr_x": -0.02585885487496853,
  "gsr_y": 0.047660939395427704,
  "provenance": {
    "md5sum": "1d05a7e3cd7074ca134e166b71c646bb",
    "settings": {
      "fd_thres": 0.2,
      "testing": false
    },
    "software": "mriqc",
    "version": "22.0.6",
    "webapi_port": null,
    "webapi_url": "https://mriqc.nimh.nih.gov/api/v1"
  },
  "size_t": 239,
  "size_x": 96,
  "size_y": 96,
  "size_z": 76,
  "snr": 5.145614187950762,
  "spacing_tr": 2.0,
  "spacing_x": 2.0,
  "spacing_y": 2.0,
  "spacing_z": 2.0,
  "summary_bg_k": 18.656530966093243,
  "summary_bg_mad": 9.751678037105265,
  "summary_bg_mean": 34.82838821411133,
  "summary_bg_median": 13.514643669128418,
  "summary_bg_n": 475184.0,
  "summary_bg_p05": 5.807531356811523,
  "summary_bg_p95": 142.5809616088866,
  "summary_bg_stdv": 52.67939376831055,
  "summary_fg_k": 5.002605810245312,
  "summary_fg_mad": 77.28765368110439,
  "summary_fg_mean": 538.6615600585938,
  "summary_fg_median": 531.6736450195312,
  "summary_fg_n": 134565.0,
  "summary_fg_p05": 399.78659667968753,
  "summary_fg_p95": 695.3129516601562,
  "summary_fg_stdv": 103.32521057128906,
  "tsnr": 39.94350134889828
}