{
  "aor": 0.0011907594936708859,
  "aqi": 0.018320191139240504,
  "bids_meta": {
    "EchoTime": 0.043,
    "FlipAngle": 80.0,
    "MagneticFieldStrength": 3.0,
    "Manufacturer": "SIEMENS",
    "ManufacturersModelName": "Verio",
    "MultibandAccelerationFactor": 4,
    "PhaseEncodingDirection": "j-",
    "RepetitionTime": 2.0,
    "SliceTiming": [
      0.0,
      1.0575,
      0.1075,
      1.1625,
      0.2125,
      1.2675,
      0.3175,
      1.375,
      0.4225,
      1.48,
      0.53,
      1.585,
      0.635,
      1.6925,
      0.74,
      1.7975,
      0.845,
      1.9025,
      0.9525,
      0.0,
      1.0575,
      0.1075,
      1.1625,
      0.2125,
      1.2675,
      0.3175,
      1.375,
      0.4225,
      1.48,
      0.53,
      1.585,
      0.635,
      1.6925,
      0.74,
      1.7975,
      0.845,
      1.9025,
      0.9525,
      0.0,
      1.0575,
      0.1075,
      1.1625,
      0.2125,
      1.2675,
      0.3175,
      1.375,
      0.4225,
      1.48,
      0.53,
      1.585,
      0.635,
      1.6925,
      0.74,
      1.7975,
      0.845,
      1.9025,
      0.9525,
      0.0,
      1.0575,
      0.1075,
      1.1625,
      0.2125,
      1.2675,
      0.3175,
      1.375,
      0.4225,
      1.48,
      0.53,
      1.585,
      0.635,
      1.6925,
      0.74,
      1.7975,
      0.845,
      1.9025,
      0.9525
    ],
    "TaskName": "training",
    "TotalReadoutTime": 0.07029788543960597,
    "dataset": "ds003661",
    "modality": "bold",
    "run_id": 1,
    "session_id": "training01",
    "subject_id": "01",
    "task_id": "training"
  },
  "dummy_trs": 2,
  "dvars_nstd": 38.86611519860169,
  "dvars_std": 1.1976349541525424,
  "dvars_vstd": 1.0054849107627122,
  "efc": 0.5310529441147555,
  "fber": 1470.45556640625,
  "fd_mean": 0.1466369728243674,
  "fd_num": 53,
  "fd_perc": 22.362869198312236,
  "fwhm_avg": 1.8744333333333332,
  "fwhm_x": 1.763215,
  "fwhm_y": 2.048845,
  "fwhm_z": 1.81124,
  "gcor": 0.0160265,
  "gsr_x": -0.025822507217526436,
  "gsr_y": 0.04905799403786659,
  "provenance": {
    "md5sum": "f2810dac23231f46c6607d2bba55e029",
    "settings": {
      "fd_thres": 0.2,
      "testing": false
    },
    "software": "mriqc",
    "version": "22.0.6",
    "webapi_port": null,
    "webapi_url": "https://mriqc.nimh.nih.gov/api/v1"
  },
  "size_t": 237,
  "size_x": 96,
  "size_y": 96,
  "size_z": 76,
  "snr": 5.156582440502917,
  "spacing_tr": 2.0,
  "spacing_x": 2.0,
  "spacing_y": 2.0,
  "spacing_z": 2.0,
  "summary_bg_k": 18.17037958397892,
  "summary_bg_mad": 9.940316128175368,
  "summary_bg_mean": 34.726043701171875,
  "summary_bg_median": 13.708860397338867,
  "summary_bg_n": 474231.0,
  "summary_bg_p05": 5.860759258270264,
  "summary_bg_p95": 141.58016204833984,
  "summary_bg_stdv": 52.19209289550781,
  "summary_fg_k": 5.026774876933162,
  "summary_fg_mad": 77.76155430478077,
  "summary_fg_mean": 539.9752197265625,
  "summary_fg_median": 533.22998046875,
  "summary_fg_n": 135082.0,
  "summary_fg_p05": 401.0803512573242,
  "summary_fg_p95": 696.2149383544921,
  "summary_fg_stdv": 103.4072494506836,
  "tsnr": 41.1358706606552
}