{
  "aor": 0.0009498739495798319,
  "aqi": 0.018237515546218486,
  "bids_meta": {
    "EchoTime": 0.043,
    "FlipAngle": 80.0,
    "MagneticFieldStrength": 3.0,
    "Manufacturer": "SIEMENS",
    "ManufacturersModelName": "Verio",
    "MultibandAccelerationFactor": 4,
    "PhaseEncodingDirection": "j-",
    "RepetitionTime": 2.0,
    "SliceTiming": [
      0.0,
      1.0575,
      0.1075,
      1.1625,
      0.2125,
      1.27,
      0.3175,
      1.375,
      0.4225,
      1.48,
      0.53,
      1.585,
      0.635,
      1.6925,
      0.74,
      1.7975,
      0.8475,
      1.9025,
      0.9525,
      0.0,
      1.0575,
      0.1075,
      1.1625,
      0.2125,
      1.27,
      0.3175,
      1.375,
      0.4225,
      1.48,
      0.53,
      1.585,
      0.635,
      1.6925,
      0.74,
      1.7975,
      0.8475,
      1.9025,
      0.9525,
      0.0,
      1.0575,
      0.1075,
      1.1625,
      0.2125,
      1.27,
      0.3175,
      1.375,
      0.4225,
      1.48,
      0.53,
      1.585,
      0.635,
      1.6925,
      0.74,
      1.7975,
      0.8475,
      1.9025,
      0.9525,
      0.0,
      1.0575,
      0.1075,
      1.1625,
      0.2125,
      1.27,
      0.3175,
      1.375,
      0.4225,
      1.48,
      0.53,
      1.585,
      0.635,
      1.6925,
      0.74,
      1.7975,
      0.8475,
      1.9025,
      0.9525
    ],
    "TaskName": "training",
    "TotalReadoutTime": 0.07029788543960597,
    "dataset": "ds003661",
    "modality": "bold",
    "run_id": 6,
    "session_id": "training01",
    "subject_id": "01",
    "task_id": "training"
  },
  "dummy_trs": 1,
  "dvars_nstd": 44.17650048940927,
  "dvars_std": 1.286968209198312,
  "dvars_vstd": 1.0130105918987344,
  "efc": 0.5320772486154096,
  "fber": 1445.3680419921875,
  "fd_mean": 0.15429999854152526,
  "fd_num": 61,
  "fd_perc": 25.630252100840337,
  "fwhm_avg": 1.863395,
  "fwhm_x": 1.75767,
  "fwhm_y": 2.031265,
  "fwhm_z": 1.80125,
  "gcor": 0.0429361,
  "gsr_x": -0.02652527019381523,
  "gsr_y": 0.04535512626171112,
  "provenance": {
    "md5sum": "2b60a00cc9b2d1ab873ee8e9df632846",
    "settings": {
      "fd_thres": 0.2,
      "testing": false
    },
    "software": "mriqc",
    "version": "22.0.6",
    "webapi_port": null,
    "webapi_url": "https://mriqc.nimh.nih.gov/api/v1"
  },
  "size_t": 238,
  "size_x": 96,
  "size_y": 96,
  "size_z": 76,
  "snr": 5.168919893406953,
  "spacing_tr": 2.0,
  "spacing_x": 2.0,
  "spacing_y": 2.0,
  "spacing_z": 2.0,
  "summary_bg_k": 17.20621856035579,
  "summary_bg_mad": 9.991992063808018,
  "summary_bg_mean": 35.248985290527344,
  "summary_bg_median": 13.747900009155273,
  "summary_bg_n": 475273.0,
  "summary_bg_p05": 5.899159908294678,
  "summary_bg_p95": 144.47059631347656,
  "summary_bg_stdv": 52.73225402832031,
  "summary_fg_k": 5.272947884781699,
  "summary_fg_mad": 76.49726128135237,
  "summary_fg_mean": 535.435302734375,
  "summary_fg_median": 529.1680908203125,
  "summary_fg_n": 134485.0,
  "summary_fg_p05": 397.05296630859374,
  "summary_fg_p95": 689.2630859374999,
  "summary_fg_stdv": 102.37460327148438,
  "tsnr": 40.57341871643439
}