{
  "aor": 0.0004617991631799163,
  "aqi": 0.02128789288702929,
  "bids_meta": {
    "EchoTime": 0.043,
    "FlipAngle": 80.0,
    "MagneticFieldStrength": 3.0,
    "Manufacturer": "SIEMENS",
    "ManufacturersModelName": "Verio",
    "MultibandAccelerationFactor": 4,
    "PhaseEncodingDirection": "j-",
    "RepetitionTime": 2.0,
    "SliceTiming": [
      0.0,
      1.055,
      0.105,
      1.1625,
      0.21,
      1.2675,
      0.3175,
      1.3725,
      0.4225,
      1.4775,
      0.5275,
      1.585,
      0.6325,
      1.69,
      0.74,
      1.795,
      0.845,
      1.9025,
      0.95,
      0.0,
      1.055,
      0.105,
      1.1625,
      0.21,
      1.2675,
      0.3175,
      1.3725,
      0.4225,
      1.4775,
      0.5275,
      1.585,
      0.6325,
      1.69,
      0.74,
      1.795,
      0.845,
      1.9025,
      0.95,
      0.0,
      1.055,
      0.105,
      1.1625,
      0.21,
      1.2675,
      0.3175,
      1.3725,
      0.4225,
      1.4775,
      0.5275,
      1.585,
      0.6325,
      1.69,
      0.74,
      1.795,
      0.845,
      1.9025,
      0.95,
      0.0,
      1.055,
      0.105,
      1.1625,
      0.21,
      1.2675,
      0.3175,
      1.3725,
      0.4225,
      1.4775,
      0.5275,
      1.585,
      0.6325,
      1.69,
      0.74,
      1.795,
      0.845,
      1.9025,
      0.95
    ],
    "TaskName": "training",
    "TotalReadoutTime": 0.07029788543960597,
    "dataset": "ds003661",
    "modality": "bold",
    "run_id": 2,
    "session_id": "training01",
    "subject_id": "01",
    "task_id": "training"
  },
  "dummy_trs": 0,
  "dvars_nstd": 39.46128108722689,
  "dvars_std": 1.1712442417226896,
  "dvars_vstd": 0.9756105634453781,
  "efc": 0.5308932947928803,
  "fber": 1509.250244140625,
  "fd_mean": 0.13850920768335018,
  "fd_num": 45,
  "fd_perc": 18.828451882845187,
  "fwhm_avg": 1.88406,
  "fwhm_x": 1.7688,
  "fwhm_y": 2.055685,
  "fwhm_z": 1.827695,
  "gcor": 0.0255954,
  "gsr_x": -0.02551734447479248,
  "gsr_y": 0.0487808920443058,
  "provenance": {
    "md5sum": "83b711590fd0f4f6b8e8123e45728226",
    "settings": {
      "fd_thres": 0.2,
      "testing": false
    },
    "software": "mriqc",
    "version": "22.0.6",
    "webapi_port": null,
    "webapi_url": "https://mriqc.nimh.nih.gov/api/v1"
  },
  "size_t": 239,
  "size_x": 96,
  "size_y": 96,
  "size_z": 76,
  "snr": 5.165083228396641,
  "spacing_tr": 2.0,
  "spacing_x": 2.0,
  "spacing_y": 2.0,
  "spacing_z": 2.0,
  "summary_bg_k": 18.521209584025208,
  "summary_bg_mad": 9.733065905697242,
  "summary_bg_mean": 34.54546356201172,
  "summary_bg_median": 13.510459899902344,
  "summary_bg_n": 474097.0,
  "summary_bg_p05": 5.8200836181640625,
  "summary_bg_p95": 140.8878601074217,
  "summary_bg_stdv": 52.00757598876953,
  "summary_fg_k": 5.002564643430853,
  "summary_fg_mad": 77.46126039229843,
  "summary_fg_mean": 539.44091796875,
  "summary_fg_median": 532.246826171875,
  "summary_fg_n": 135232.0,
  "summary_fg_p05": 401.34119720458983,
  "summary_fg_p95": 696.4579223632812,
  "summary_fg_stdv": 103.04671478271484,
  "tsnr": 38.80166770098731
}