{
  "aor": 0.0015987709497206706,
  "aqi": 0.027095272625698327,
  "bids_meta": {
    "EchoTime": 0.043,
    "FlipAngle": 80.0,
    "MagneticFieldStrength": 3.0,
    "Manufacturer": "SIEMENS",
    "ManufacturersModelName": "Verio",
    "MultibandAccelerationFactor": 4,
    "PhaseEncodingDirection": "j-",
    "RepetitionTime": 2.0,
    "SliceTiming": [
      0.0,
      1.0575,
      0.105,
      1.1625,
      0.2125,
      1.2675,
      0.3175,
      1.375,
      0.4225,
      1.48,
      0.53,
      1.585,
      0.635,
      1.69,
      0.74,
      1.7975,
      0.845,
      1.9025,
      0.9525,
      0.0,
      1.0575,
      0.105,
      1.1625,
      0.2125,
      1.2675,
      0.3175,
      1.375,
      0.4225,
      1.48,
      0.53,
      1.585,
      0.635,
      1.69,
      0.74,
      1.7975,
      0.845,
      1.9025,
      0.9525,
      0.0,
      1.0575,
      0.105,
      1.1625,
      0.2125,
      1.2675,
      0.3175,
      1.375,
      0.4225,
      1.48,
      0.53,
      1.585,
      0.635,
      1.69,
      0.74,
      1.7975,
      0.845,
      1.9025,
      0.9525,
      0.0,
      1.0575,
      0.105,
      1.1625,
      0.2125,
      1.2675,
      0.3175,
      1.375,
      0.4225,
      1.48,
      0.53,
      1.585,
      0.635,
      1.69,
      0.74,
      1.7975,
      0.845,
      1.9025,
      0.9525
    ],
    "TaskName": "testCategory",
    "TotalReadoutTime": 0.07029788543960597,
    "dataset": "ds003661",
    "modality": "bold",
    "run_id": 1,
    "session_id": "testCategory01",
    "subject_id": "02",
    "task_id": "testCategory"
  },
  "dummy_trs": 0,
  "dvars_nstd": 58.26990671932584,
  "dvars_std": 1.2470619879775287,
  "dvars_vstd": 1.010959155617978,
  "efc": 0.5813883856457611,
  "fber": 608.2825317382812,
  "fd_mean": 0.2889406345040671,
  "fd_num": 129,
  "fd_perc": 72.06703910614524,
  "fwhm_avg": 1.8446383333333332,
  "fwhm_x": 1.743155,
  "fwhm_y": 2.085165,
  "fwhm_z": 1.705595,
  "gcor": 0.0102231,
  "gsr_x": -0.017725154757499695,
  "gsr_y": 0.06382867693901062,
  "provenance": {
    "md5sum": "69c06c25f1375a4ff543a507a9f51e46",
    "settings": {
      "fd_thres": 0.2,
      "testing": false
    },
    "software": "mriqc",
    "version": "22.0.6",
    "webapi_port": null,
    "webapi_url": "https://mriqc.nimh.nih.gov/api/v1"
  },
  "size_t": 179,
  "size_x": 96,
  "size_y": 96,
  "size_z": 76,
  "snr": 4.772485894129204,
  "spacing_tr": 2.0,
  "spacing_x": 2.0,
  "spacing_y": 2.0,
  "spacing_z": 2.0,
  "summary_bg_k": 19.675448996585946,
  "summary_bg_mad": 19.058477565418567,
  "summary_bg_mean": 45.44375228881836,
  "summary_bg_median": 21.413406372070312,
  "summary_bg_n": 443312.0,
  "summary_bg_p05": 6.536312580108643,
  "summary_bg_p95": 170.6586517333979,
  "summary_bg_stdv": 61.58962631225586,
  "summary_fg_k": 3.795339397966867,
  "summary_fg_mad": 88.86505406169562,
  "summary_fg_mean": 541.2933349609375,
  "summary_fg_median": 538.5028076171875,
  "summary_fg_n": 158716.0,
  "summary_fg_p05": 370.9273681640625,
  "summary_fg_p95": 708.3281707763672,
  "summary_fg_stdv": 112.83451080322266,
  "tsnr": 30.72553570382297
}