{
  "aor": 0.0015733519553072625,
  "aqi": 0.03751443463687151,
  "bids_meta": {
    "EchoTime": 0.043,
    "FlipAngle": 80.0,
    "MagneticFieldStrength": 3.0,
    "Manufacturer": "SIEMENS",
    "ManufacturersModelName": "Verio",
    "MultibandAccelerationFactor": 4,
    "PhaseEncodingDirection": "j-",
    "RepetitionTime": 2.0,
    "SliceTiming": [
      0.0,
      1.0575,
      0.105,
      1.1625,
      0.2125,
      1.2675,
      0.3175,
      1.375,
      0.4225,
      1.48,
      0.5275,
      1.585,
      0.635,
      1.69,
      0.74,
      1.7975,
      0.845,
      1.9025,
      0.9525,
      0.0,
      1.0575,
      0.105,
      1.1625,
      0.2125,
      1.2675,
      0.3175,
      1.375,
      0.4225,
      1.48,
      0.5275,
      1.585,
      0.635,
      1.69,
      0.74,
      1.7975,
      0.845,
      1.9025,
      0.9525,
      0.0,
      1.0575,
      0.105,
      1.1625,
      0.2125,
      1.2675,
      0.3175,
      1.375,
      0.4225,
      1.48,
      0.5275,
      1.585,
      0.635,
      1.69,
      0.74,
      1.7975,
      0.845,
      1.9025,
      0.9525,
      0.0,
      1.0575,
      0.105,
      1.1625,
      0.2125,
      1.2675,
      0.3175,
      1.375,
      0.4225,
      1.48,
      0.5275,
      1.585,
      0.635,
      1.69,
      0.74,
      1.7975,
      0.845,
      1.9025,
      0.9525
    ],
    "TaskName": "testCategory",
    "TotalReadoutTime": 0.07029788543960597,
    "dataset": "ds003661",
    "modality": "bold",
    "run_id": 2,
    "session_id": "testCategory01",
    "subject_id": "02",
    "task_id": "testCategory"
  },
  "dummy_trs": 0,
  "dvars_nstd": 63.57737804814608,
  "dvars_std": 1.1827752608426962,
  "dvars_vstd": 0.9896168376966287,
  "efc": 0.5807961269749004,
  "fber": 629.8914184570312,
  "fd_mean": 0.35832509950161473,
  "fd_num": 157,
  "fd_perc": 87.70949720670392,
  "fwhm_avg": 1.8823100000000001,
  "fwhm_x": 1.769045,
  "fwhm_y": 2.127065,
  "fwhm_z": 1.75082,
  "gcor": 0.013273,
  "gsr_x": -0.017487024888396263,
  "gsr_y": 0.06438892334699631,
  "provenance": {
    "md5sum": "9f1b28ff7ddb84c32b01334a718285f9",
    "settings": {
      "fd_thres": 0.2,
      "testing": false
    },
    "software": "mriqc",
    "version": "22.0.6",
    "webapi_port": null,
    "webapi_url": "https://mriqc.nimh.nih.gov/api/v1"
  },
  "size_t": 179,
  "size_x": 96,
  "size_y": 96,
  "size_z": 76,
  "snr": 4.79158799221069,
  "spacing_tr": 2.0,
  "spacing_x": 2.0,
  "spacing_y": 2.0,
  "spacing_z": 2.0,
  "summary_bg_k": 19.003129693449047,
  "summary_bg_mad": 19.091608530826914,
  "summary_bg_mean": 45.21882629394531,
  "summary_bg_median": 21.229049682617188,
  "summary_bg_n": 443392.0,
  "summary_bg_p05": 6.458100318908691,
  "summary_bg_p95": 169.32960510253906,
  "summary_bg_stdv": 61.04377746582031,
  "summary_fg_k": 3.725159034218054,
  "summary_fg_mad": 88.51716195787209,
  "summary_fg_mean": 538.442138671875,
  "summary_fg_median": 535.3910522460938,
  "summary_fg_n": 158821.0,
  "summary_fg_p05": 369.8323974609375,
  "summary_fg_p95": 705.3854370117188,
  "summary_fg_stdv": 111.73526763916016,
  "tsnr": 25.58494310081005
}