{
  "aor": 0.004069163179916318,
  "aqi": 0.03327185271966527,
  "bids_meta": {
    "EchoTime": 0.043,
    "FlipAngle": 80.0,
    "MagneticFieldStrength": 3.0,
    "Manufacturer": "SIEMENS",
    "ManufacturersModelName": "Verio",
    "MultibandAccelerationFactor": 4,
    "PhaseEncodingDirection": "j-",
    "RepetitionTime": 2.0,
    "SliceTiming": [
      0.0,
      1.0575,
      0.1075,
      1.1625,
      0.2125,
      1.27,
      0.3175,
      1.375,
      0.425,
      1.48,
      0.53,
      1.585,
      0.635,
      1.6925,
      0.74,
      1.7975,
      0.8475,
      1.9025,
      0.9525,
      0.0,
      1.0575,
      0.1075,
      1.1625,
      0.2125,
      1.27,
      0.3175,
      1.375,
      0.425,
      1.48,
      0.53,
      1.585,
      0.635,
      1.6925,
      0.74,
      1.7975,
      0.8475,
      1.9025,
      0.9525,
      0.0,
      1.0575,
      0.1075,
      1.1625,
      0.2125,
      1.27,
      0.3175,
      1.375,
      0.425,
      1.48,
      0.53,
      1.585,
      0.635,
      1.6925,
      0.74,
      1.7975,
      0.8475,
      1.9025,
      0.9525,
      0.0,
      1.0575,
      0.1075,
      1.1625,
      0.2125,
      1.27,
      0.3175,
      1.375,
      0.425,
      1.48,
      0.53,
      1.585,
      0.635,
      1.6925,
      0.74,
      1.7975,
      0.8475,
      1.9025,
      0.9525
    ],
    "TaskName": "training",
    "TotalReadoutTime": 0.07029788543960597,
    "dataset": "ds003661",
    "modality": "bold",
    "run_id": 6,
    "session_id": "training02",
    "subject_id": "02",
    "task_id": "training"
  },
  "dummy_trs": 0,
  "dvars_nstd": 56.98090253558825,
  "dvars_std": 1.2371427118907568,
  "dvars_vstd": 1.0522588908403365,
  "efc": 0.5742124455587404,
  "fber": 798.486328125,
  "fd_mean": 0.33164991224524,
  "fd_num": 192,
  "fd_perc": 80.3347280334728,
  "fwhm_avg": 1.8471416666666667,
  "fwhm_x": 1.744975,
  "fwhm_y": 2.09943,
  "fwhm_z": 1.69702,
  "gcor": 0.0052975,
  "gsr_x": -0.006141764111816883,
  "gsr_y": 0.07588819414377213,
  "provenance": {
    "md5sum": "99b0bb29211ddc8736f29188aa5a43ad",
    "settings": {
      "fd_thres": 0.2,
      "testing": false
    },
    "software": "mriqc",
    "version": "22.0.6",
    "webapi_port": null,
    "webapi_url": "https://mriqc.nimh.nih.gov/api/v1"
  },
  "size_t": 239,
  "size_x": 96,
  "size_y": 96,
  "size_z": 76,
  "snr": 4.7396576429046,
  "spacing_tr": 2.0,
  "spacing_x": 2.0,
  "spacing_y": 2.0,
  "spacing_z": 2.0,
  "summary_bg_k": 22.810970109780033,
  "summary_bg_mad": 17.921495988807152,
  "summary_bg_mean": 43.390621185302734,
  "summary_bg_median": 19.2887020111084,
  "summary_bg_n": 442877.0,
  "summary_bg_p05": 5.481171607971191,
  "summary_bg_p95": 165.30543518066406,
  "summary_bg_stdv": 62.02865219116211,
  "summary_fg_k": 4.111217039096101,
  "summary_fg_mad": 88.571546963568,
  "summary_fg_mean": 545.3023681640625,
  "summary_fg_median": 543.0501708984375,
  "summary_fg_n": 159241.0,
  "summary_fg_p05": 369.3681945800781,
  "summary_fg_p95": 715.3723754882812,
  "summary_fg_stdv": 114.5754623413086,
  "tsnr": 26.20681428583339
}