{
  "aor": 0.0008963179916317992,
  "aqi": 0.03960141046025105,
  "bids_meta": {
    "EchoTime": 0.043,
    "FlipAngle": 80.0,
    "MagneticFieldStrength": 3.0,
    "Manufacturer": "SIEMENS",
    "ManufacturersModelName": "Verio",
    "MultibandAccelerationFactor": 4,
    "PhaseEncodingDirection": "j-",
    "RepetitionTime": 2.0,
    "SliceTiming": [
      0.0,
      1.0575,
      0.1075,
      1.1625,
      0.2125,
      1.27,
      0.3175,
      1.375,
      0.425,
      1.48,
      0.53,
      1.585,
      0.635,
      1.6925,
      0.74,
      1.7975,
      0.8475,
      1.9025,
      0.9525,
      0.0,
      1.0575,
      0.1075,
      1.1625,
      0.2125,
      1.27,
      0.3175,
      1.375,
      0.425,
      1.48,
      0.53,
      1.585,
      0.635,
      1.6925,
      0.74,
      1.7975,
      0.8475,
      1.9025,
      0.9525,
      0.0,
      1.0575,
      0.1075,
      1.1625,
      0.2125,
      1.27,
      0.3175,
      1.375,
      0.425,
      1.48,
      0.53,
      1.585,
      0.635,
      1.6925,
      0.74,
      1.7975,
      0.8475,
      1.9025,
      0.9525,
      0.0,
      1.0575,
      0.1075,
      1.1625,
      0.2125,
      1.27,
      0.3175,
      1.375,
      0.425,
      1.48,
      0.53,
      1.585,
      0.635,
      1.6925,
      0.74,
      1.7975,
      0.8475,
      1.9025,
      0.9525
    ],
    "TaskName": "training",
    "TotalReadoutTime": 0.07029788543960597,
    "dataset": "ds003661",
    "modality": "bold",
    "run_id": 1,
    "session_id": "training02",
    "subject_id": "02",
    "task_id": "training"
  },
  "dummy_trs": 0,
  "dvars_nstd": 54.365542740294124,
  "dvars_std": 1.1661644108823517,
  "dvars_vstd": 0.9587331121428568,
  "efc": 0.5808914484136197,
  "fber": 608.1996459960938,
  "fd_mean": 0.2723402144623469,
  "fd_num": 164,
  "fd_perc": 68.61924686192468,
  "fwhm_avg": 1.8724283333333334,
  "fwhm_x": 1.75494,
  "fwhm_y": 2.106545,
  "fwhm_z": 1.7558,
  "gcor": 0.0249703,
  "gsr_x": -0.014753049239516258,
  "gsr_y": 0.06618878245353699,
  "provenance": {
    "md5sum": "0a98f798414388ab5232e82baab11922",
    "settings": {
      "fd_thres": 0.2,
      "testing": false
    },
    "software": "mriqc",
    "version": "22.0.6",
    "webapi_port": null,
    "webapi_url": "https://mriqc.nimh.nih.gov/api/v1"
  },
  "size_t": 239,
  "size_x": 96,
  "size_y": 96,
  "size_z": 76,
  "snr": 4.751857123515365,
  "spacing_tr": 2.0,
  "spacing_x": 2.0,
  "spacing_y": 2.0,
  "spacing_z": 2.0,
  "summary_bg_k": 21.445355035609516,
  "summary_bg_mad": 20.21053506037526,
  "summary_bg_mean": 46.756866455078125,
  "summary_bg_median": 21.97071075439453,
  "summary_bg_n": 442945.0,
  "summary_bg_p05": 6.20920467376709,
  "summary_bg_p95": 177.3430938720703,
  "summary_bg_stdv": 64.77162170410156,
  "summary_fg_k": 4.039473796155526,
  "summary_fg_mad": 89.44623159760579,
  "summary_fg_mean": 551.1358032226562,
  "summary_fg_median": 547.761474609375,
  "summary_fg_n": 158905.0,
  "summary_fg_p05": 376.30625610351564,
  "summary_fg_p95": 723.3355224609373,
  "summary_fg_stdv": 115.27277374267578,
  "tsnr": 24.897714480757713
}