{
  "aor": 0.001746569037656904,
  "aqi": 0.03719323221757322,
  "bids_meta": {
    "EchoTime": 0.043,
    "FlipAngle": 80.0,
    "MagneticFieldStrength": 3.0,
    "Manufacturer": "SIEMENS",
    "ManufacturersModelName": "Verio",
    "MultibandAccelerationFactor": 4,
    "PhaseEncodingDirection": "j-",
    "RepetitionTime": 2.0,
    "SliceTiming": [
      0.0,
      1.0575,
      0.1075,
      1.1625,
      0.2125,
      1.2675,
      0.3175,
      1.375,
      0.4225,
      1.48,
      0.53,
      1.585,
      0.635,
      1.6925,
      0.74,
      1.7975,
      0.845,
      1.9025,
      0.9525,
      0.0,
      1.0575,
      0.1075,
      1.1625,
      0.2125,
      1.2675,
      0.3175,
      1.375,
      0.4225,
      1.48,
      0.53,
      1.585,
      0.635,
      1.6925,
      0.74,
      1.7975,
      0.845,
      1.9025,
      0.9525,
      0.0,
      1.0575,
      0.1075,
      1.1625,
      0.2125,
      1.2675,
      0.3175,
      1.375,
      0.4225,
      1.48,
      0.53,
      1.585,
      0.635,
      1.6925,
      0.74,
      1.7975,
      0.845,
      1.9025,
      0.9525,
      0.0,
      1.0575,
      0.1075,
      1.1625,
      0.2125,
      1.2675,
      0.3175,
      1.375,
      0.4225,
      1.48,
      0.53,
      1.585,
      0.635,
      1.6925,
      0.74,
      1.7975,
      0.845,
      1.9025,
      0.9525
    ],
    "TaskName": "training",
    "TotalReadoutTime": 0.07029788543960597,
    "dataset": "ds003661",
    "modality": "bold",
    "run_id": 2,
    "session_id": "training02",
    "subject_id": "02",
    "task_id": "training"
  },
  "dummy_trs": 0,
  "dvars_nstd": 57.402084174327726,
  "dvars_std": 1.1881989666806727,
  "dvars_vstd": 0.9879160529831928,
  "efc": 0.5803460051833307,
  "fber": 618.4805908203125,
  "fd_mean": 0.31603788239310215,
  "fd_num": 175,
  "fd_perc": 73.22175732217573,
  "fwhm_avg": 1.8528466666666665,
  "fwhm_x": 1.741765,
  "fwhm_y": 2.094,
  "fwhm_z": 1.722775,
  "gcor": 0.00897683,
  "gsr_x": -0.013670103624463081,
  "gsr_y": 0.06956803798675537,
  "provenance": {
    "md5sum": "0be634073964ed7533494fab5d14383f",
    "settings": {
      "fd_thres": 0.2,
      "testing": false
    },
    "software": "mriqc",
    "version": "22.0.6",
    "webapi_port": null,
    "webapi_url": "https://mriqc.nimh.nih.gov/api/v1"
  },
  "size_t": 239,
  "size_x": 96,
  "size_y": 96,
  "size_z": 76,
  "snr": 4.721694292971383,
  "spacing_tr": 2.0,
  "spacing_x": 2.0,
  "spacing_y": 2.0,
  "spacing_z": 2.0,
  "summary_bg_k": 21.701179629761388,
  "summary_bg_mad": 20.043043551698773,
  "summary_bg_mean": 46.348785400390625,
  "summary_bg_median": 21.84100341796875,
  "summary_bg_n": 443156.0,
  "summary_bg_p05": 6.255229949951172,
  "summary_bg_p95": 174.57321166992188,
  "summary_bg_stdv": 64.1773681640625,
  "summary_fg_k": 4.010691917587063,
  "summary_fg_mad": 88.62425788838975,
  "summary_fg_mean": 547.5565795898438,
  "summary_fg_median": 545.077392578125,
  "summary_fg_n": 159034.0,
  "summary_fg_p05": 371.6734252929688,
  "summary_fg_p95": 717.6849334716798,
  "summary_fg_stdv": 115.4406967163086,
  "tsnr": 25.573927238816395
}