{
  "aor": 0.0011151464435146443,
  "aqi": 0.04240984811715482,
  "bids_meta": {
    "EchoTime": 0.043,
    "FlipAngle": 80.0,
    "MagneticFieldStrength": 3.0,
    "Manufacturer": "SIEMENS",
    "ManufacturersModelName": "Verio",
    "MultibandAccelerationFactor": 4,
    "PhaseEncodingDirection": "j-",
    "RepetitionTime": 2.0,
    "SliceTiming": [
      0.0,
      1.055,
      0.105,
      1.1625,
      0.21,
      1.2675,
      0.3175,
      1.3725,
      0.4225,
      1.4775,
      0.5275,
      1.585,
      0.6325,
      1.69,
      0.74,
      1.795,
      0.845,
      1.9025,
      0.95,
      0.0,
      1.055,
      0.105,
      1.1625,
      0.21,
      1.2675,
      0.3175,
      1.3725,
      0.4225,
      1.4775,
      0.5275,
      1.585,
      0.6325,
      1.69,
      0.74,
      1.795,
      0.845,
      1.9025,
      0.95,
      0.0,
      1.055,
      0.105,
      1.1625,
      0.21,
      1.2675,
      0.3175,
      1.3725,
      0.4225,
      1.4775,
      0.5275,
      1.585,
      0.6325,
      1.69,
      0.74,
      1.795,
      0.845,
      1.9025,
      0.95,
      0.0,
      1.055,
      0.105,
      1.1625,
      0.21,
      1.2675,
      0.3175,
      1.3725,
      0.4225,
      1.4775,
      0.5275,
      1.585,
      0.6325,
      1.69,
      0.74,
      1.795,
      0.845,
      1.9025,
      0.95
    ],
    "TaskName": "training",
    "TotalReadoutTime": 0.07029788543960597,
    "dataset": "ds003661",
    "modality": "bold",
    "run_id": 5,
    "session_id": "training02",
    "subject_id": "02",
    "task_id": "training"
  },
  "dummy_trs": 0,
  "dvars_nstd": 61.03355888567227,
  "dvars_std": 1.155503267478992,
  "dvars_vstd": 0.9751085169327731,
  "efc": 0.5743124485415169,
  "fber": 763.4114379882812,
  "fd_mean": 0.38110806125794083,
  "fd_num": 211,
  "fd_perc": 88.28451882845188,
  "fwhm_avg": 1.87723,
  "fwhm_x": 1.762565,
  "fwhm_y": 2.123815,
  "fwhm_z": 1.74531,
  "gcor": 0.0068302,
  "gsr_x": -0.007440035231411457,
  "gsr_y": 0.0731528028845787,
  "provenance": {
    "md5sum": "e5265b5b7513891f48e7c82df63bd19f",
    "settings": {
      "fd_thres": 0.2,
      "testing": false
    },
    "software": "mriqc",
    "version": "22.0.6",
    "webapi_port": null,
    "webapi_url": "https://mriqc.nimh.nih.gov/api/v1"
  },
  "size_t": 239,
  "size_x": 96,
  "size_y": 96,
  "size_z": 76,
  "snr": 4.79247177596512,
  "spacing_tr": 2.0,
  "spacing_x": 2.0,
  "spacing_y": 2.0,
  "spacing_z": 2.0,
  "summary_bg_k": 23.08875593235628,
  "summary_bg_mad": 18.411563369844366,
  "summary_bg_mean": 43.6425666809082,
  "summary_bg_median": 20.066946029663086,
  "summary_bg_n": 443451.0,
  "summary_bg_p05": 5.882844924926758,
  "summary_bg_p95": 163.58367919921875,
  "summary_bg_stdv": 61.253318786621094,
  "summary_fg_k": 4.117167300095587,
  "summary_fg_mad": 87.94186632773602,
  "summary_fg_mean": 545.9649047851562,
  "summary_fg_median": 543.77197265625,
  "summary_fg_n": 158788.0,
  "summary_fg_p05": 372.82843017578125,
  "summary_fg_p95": 713.3598022460938,
  "summary_fg_stdv": 113.46342468261719,
  "tsnr": 23.400787407299504
}