{
  "aor": 0.0015345338983050846,
  "aqi": 0.01951411101694915,
  "bids_meta": {
    "EchoTime": 0.043,
    "FlipAngle": 80.0,
    "MagneticFieldStrength": 3.0,
    "Manufacturer": "SIEMENS",
    "ManufacturersModelName": "Verio",
    "MultibandAccelerationFactor": 4,
    "PhaseEncodingDirection": "j-",
    "RepetitionTime": 2.0,
    "SliceTiming": [
      0.0,
      1.055,
      0.105,
      1.1625,
      0.21,
      1.2675,
      0.3175,
      1.3725,
      0.4225,
      1.48,
      0.5275,
      1.585,
      0.6325,
      1.69,
      0.74,
      1.795,
      0.845,
      1.9025,
      0.95,
      0.0,
      1.055,
      0.105,
      1.1625,
      0.21,
      1.2675,
      0.3175,
      1.3725,
      0.4225,
      1.48,
      0.5275,
      1.585,
      0.6325,
      1.69,
      0.74,
      1.795,
      0.845,
      1.9025,
      0.95,
      0.0,
      1.055,
      0.105,
      1.1625,
      0.21,
      1.2675,
      0.3175,
      1.3725,
      0.4225,
      1.48,
      0.5275,
      1.585,
      0.6325,
      1.69,
      0.74,
      1.795,
      0.845,
      1.9025,
      0.95,
      0.0,
      1.055,
      0.105,
      1.1625,
      0.21,
      1.2675,
      0.3175,
      1.3725,
      0.4225,
      1.48,
      0.5275,
      1.585,
      0.6325,
      1.69,
      0.74,
      1.795,
      0.845,
      1.9025,
      0.95
    ],
    "TaskName": "training",
    "TotalReadoutTime": 0.07029788543960597,
    "dataset": "ds003661",
    "modality": "bold",
    "run_id": 6,
    "session_id": "training02",
    "subject_id": "04",
    "task_id": "training"
  },
  "dummy_trs": 3,
  "dvars_nstd": 45.19755020178722,
  "dvars_std": 1.2689720723404252,
  "dvars_vstd": 1.0119712714893616,
  "efc": 0.5762930017634759,
  "fber": 813.35595703125,
  "fd_mean": 0.15378323044956443,
  "fd_num": 65,
  "fd_perc": 27.54237288135593,
  "fwhm_avg": 1.8560550000000002,
  "fwhm_x": 1.74373,
  "fwhm_y": 2.05359,
  "fwhm_z": 1.770845,
  "gcor": 0.0190324,
  "gsr_x": -0.014669581316411495,
  "gsr_y": 0.03440352529287338,
  "provenance": {
    "md5sum": "3c9e1df05ef4ba91fbe73d9d9ee759f4",
    "settings": {
      "fd_thres": 0.2,
      "testing": false
    },
    "software": "mriqc",
    "version": "22.0.6",
    "webapi_port": null,
    "webapi_url": "https://mriqc.nimh.nih.gov/api/v1"
  },
  "size_t": 236,
  "size_x": 96,
  "size_y": 96,
  "size_z": 76,
  "snr": 4.642518434678003,
  "spacing_tr": 2.0,
  "spacing_x": 2.0,
  "spacing_y": 2.0,
  "spacing_z": 2.0,
  "summary_bg_k": 14.824455716851517,
  "summary_bg_mad": 17.17556994835553,
  "summary_bg_mean": 44.9440803527832,
  "summary_bg_median": 19.5,
  "summary_bg_n": 439547.0,
  "summary_bg_p05": 5.957627296447754,
  "summary_bg_p95": 172.8546585083006,
  "summary_bg_stdv": 61.64117431640625,
  "summary_fg_k": 3.6318532565363695,
  "summary_fg_mad": 93.90338143421761,
  "summary_fg_mean": 576.261474609375,
  "summary_fg_median": 566.4893798828125,
  "summary_fg_n": 161698.0,
  "summary_fg_p05": 406.4364318847656,
  "summary_fg_p95": 776.9542388916013,
  "summary_fg_stdv": 122.02162170410156,
  "tsnr": 35.68740650545806
}