{
  "aor": 0.0013340585774058579,
  "aqi": 0.015444597907949793,
  "bids_meta": {
    "EchoTime": 0.043,
    "FlipAngle": 80.0,
    "MagneticFieldStrength": 3.0,
    "Manufacturer": "SIEMENS",
    "ManufacturersModelName": "Verio",
    "MultibandAccelerationFactor": 4,
    "PhaseEncodingDirection": "j-",
    "RepetitionTime": 2.0,
    "SliceTiming": [
      0.0,
      1.055,
      0.105,
      1.1625,
      0.21,
      1.2675,
      0.3175,
      1.3725,
      0.4225,
      1.4775,
      0.5275,
      1.585,
      0.6325,
      1.69,
      0.74,
      1.795,
      0.845,
      1.9,
      0.95,
      0.0,
      1.055,
      0.105,
      1.1625,
      0.21,
      1.2675,
      0.3175,
      1.3725,
      0.4225,
      1.4775,
      0.5275,
      1.585,
      0.6325,
      1.69,
      0.74,
      1.795,
      0.845,
      1.9,
      0.95,
      0.0,
      1.055,
      0.105,
      1.1625,
      0.21,
      1.2675,
      0.3175,
      1.3725,
      0.4225,
      1.4775,
      0.5275,
      1.585,
      0.6325,
      1.69,
      0.74,
      1.795,
      0.845,
      1.9,
      0.95,
      0.0,
      1.055,
      0.105,
      1.1625,
      0.21,
      1.2675,
      0.3175,
      1.3725,
      0.4225,
      1.4775,
      0.5275,
      1.585,
      0.6325,
      1.69,
      0.74,
      1.795,
      0.845,
      1.9,
      0.95
    ],
    "TaskName": "training",
    "TotalReadoutTime": 0.07029788543960597,
    "dataset": "ds003661",
    "modality": "bold",
    "run_id": 8,
    "session_id": "training02",
    "subject_id": "04",
    "task_id": "training"
  },
  "dummy_trs": 0,
  "dvars_nstd": 41.937231456806735,
  "dvars_std": 1.2739957744957984,
  "dvars_vstd": 1.0136518479831929,
  "efc": 0.5760966369988562,
  "fber": 822.8998413085938,
  "fd_mean": 0.10064879750048021,
  "fd_num": 22,
  "fd_perc": 9.205020920502092,
  "fwhm_avg": 1.8495433333333333,
  "fwhm_x": 1.742865,
  "fwhm_y": 2.041435,
  "fwhm_z": 1.76433,
  "gcor": 0.0243236,
  "gsr_x": -0.014190983027219772,
  "gsr_y": 0.034363873302936554,
  "provenance": {
    "md5sum": "bda789393bbd41181c48e3ca35fe6e83",
    "settings": {
      "fd_thres": 0.2,
      "testing": false
    },
    "software": "mriqc",
    "version": "22.0.6",
    "webapi_port": null,
    "webapi_url": "https://mriqc.nimh.nih.gov/api/v1"
  },
  "size_t": 239,
  "size_x": 96,
  "size_y": 96,
  "size_z": 76,
  "snr": 4.645899324799172,
  "spacing_tr": 2.0,
  "spacing_x": 2.0,
  "spacing_y": 2.0,
  "spacing_z": 2.0,
  "summary_bg_k": 13.934104483205147,
  "summary_bg_mad": 16.761470349622105,
  "summary_bg_mean": 45.091583251953125,
  "summary_bg_median": 19.41004180908203,
  "summary_bg_n": 439719.0,
  "summary_bg_p05": 6.16736364364624,
  "summary_bg_p95": 174.76986694335938,
  "summary_bg_stdv": 61.92106246948242,
  "summary_fg_k": 3.5963534822627325,
  "summary_fg_mad": 94.67248585961029,
  "summary_fg_mean": 578.0170288085938,
  "summary_fg_median": 568.0648193359375,
  "summary_fg_n": 161676.0,
  "summary_fg_p05": 408.51043701171875,
  "summary_fg_p95": 780.6913909912109,
  "summary_fg_stdv": 122.27192687988281,
  "tsnr": 40.0585589306429
}