{
  "aor": 0.0023819246861924684,
  "aqi": 0.0182169769874477,
  "bids_meta": {
    "EchoTime": 0.043,
    "FlipAngle": 80.0,
    "MagneticFieldStrength": 3.0,
    "Manufacturer": "SIEMENS",
    "ManufacturersModelName": "Verio",
    "MultibandAccelerationFactor": 4,
    "PhaseEncodingDirection": "j-",
    "RepetitionTime": 2.0,
    "SliceTiming": [
      0.0,
      1.055,
      0.105,
      1.1625,
      0.21,
      1.2675,
      0.3175,
      1.3725,
      0.4225,
      1.4775,
      0.5275,
      1.585,
      0.6325,
      1.69,
      0.74,
      1.795,
      0.845,
      1.9025,
      0.95,
      0.0,
      1.055,
      0.105,
      1.1625,
      0.21,
      1.2675,
      0.3175,
      1.3725,
      0.4225,
      1.4775,
      0.5275,
      1.585,
      0.6325,
      1.69,
      0.74,
      1.795,
      0.845,
      1.9025,
      0.95,
      0.0,
      1.055,
      0.105,
      1.1625,
      0.21,
      1.2675,
      0.3175,
      1.3725,
      0.4225,
      1.4775,
      0.5275,
      1.585,
      0.6325,
      1.69,
      0.74,
      1.795,
      0.845,
      1.9025,
      0.95,
      0.0,
      1.055,
      0.105,
      1.1625,
      0.21,
      1.2675,
      0.3175,
      1.3725,
      0.4225,
      1.4775,
      0.5275,
      1.585,
      0.6325,
      1.69,
      0.74,
      1.795,
      0.845,
      1.9025,
      0.95
    ],
    "TaskName": "training",
    "TotalReadoutTime": 0.07029788543960597,
    "dataset": "ds003661",
    "modality": "bold",
    "run_id": 5,
    "session_id": "training02",
    "subject_id": "04",
    "task_id": "training"
  },
  "dummy_trs": 0,
  "dvars_nstd": 43.65170991714282,
  "dvars_std": 1.2997250253781507,
  "dvars_vstd": 1.0194719623109243,
  "efc": 0.5767485853564457,
  "fber": 816.3509521484375,
  "fd_mean": 0.1082743188570472,
  "fd_num": 27,
  "fd_perc": 11.297071129707113,
  "fwhm_avg": 1.8625833333333333,
  "fwhm_x": 1.75171,
  "fwhm_y": 2.053935,
  "fwhm_z": 1.782105,
  "gcor": 0.0206379,
  "gsr_x": -0.015195720829069614,
  "gsr_y": 0.03451214358210564,
  "provenance": {
    "md5sum": "5ef9cb8ad76cf35125c1fb159b89cdf0",
    "settings": {
      "fd_thres": 0.2,
      "testing": false
    },
    "software": "mriqc",
    "version": "22.0.6",
    "webapi_port": null,
    "webapi_url": "https://mriqc.nimh.nih.gov/api/v1"
  },
  "size_t": 239,
  "size_x": 96,
  "size_y": 96,
  "size_z": 76,
  "snr": 4.655557114557546,
  "spacing_tr": 2.0,
  "spacing_x": 2.0,
  "spacing_y": 2.0,
  "spacing_z": 2.0,
  "summary_bg_k": 14.694515408839656,
  "summary_bg_mad": 16.928960444378934,
  "summary_bg_mean": 45.274497985839844,
  "summary_bg_median": 19.502092361450195,
  "summary_bg_n": 439257.0,
  "summary_bg_p05": 6.163179874420166,
  "summary_bg_p95": 175.21924743652306,
  "summary_bg_stdv": 62.42576217651367,
  "summary_fg_k": 3.6215552609573365,
  "summary_fg_mad": 94.61982018021757,
  "summary_fg_mean": 578.8010864257812,
  "summary_fg_median": 568.8995971679688,
  "summary_fg_n": 161987.0,
  "summary_fg_p05": 409.7196441650391,
  "summary_fg_p95": 781.6154479980466,
  "summary_fg_stdv": 122.19758605957031,
  "tsnr": 37.055442058481276
}