{
  "aor": 0.0005510878661087866,
  "aqi": 0.015493265271966523,
  "bids_meta": {
    "EchoTime": 0.043,
    "FlipAngle": 80.0,
    "MagneticFieldStrength": 3.0,
    "Manufacturer": "SIEMENS",
    "ManufacturersModelName": "Verio",
    "MultibandAccelerationFactor": 4,
    "PhaseEncodingDirection": "j-",
    "RepetitionTime": 2.0,
    "SliceTiming": [
      0.0,
      1.0575,
      0.1075,
      1.1625,
      0.2125,
      1.27,
      0.3175,
      1.375,
      0.4225,
      1.48,
      0.53,
      1.585,
      0.635,
      1.6925,
      0.74,
      1.7975,
      0.845,
      1.9025,
      0.9525,
      0.0,
      1.0575,
      0.1075,
      1.1625,
      0.2125,
      1.27,
      0.3175,
      1.375,
      0.4225,
      1.48,
      0.53,
      1.585,
      0.635,
      1.6925,
      0.74,
      1.7975,
      0.845,
      1.9025,
      0.9525,
      0.0,
      1.0575,
      0.1075,
      1.1625,
      0.2125,
      1.27,
      0.3175,
      1.375,
      0.4225,
      1.48,
      0.53,
      1.585,
      0.635,
      1.6925,
      0.74,
      1.7975,
      0.845,
      1.9025,
      0.9525,
      0.0,
      1.0575,
      0.1075,
      1.1625,
      0.2125,
      1.27,
      0.3175,
      1.375,
      0.4225,
      1.48,
      0.53,
      1.585,
      0.635,
      1.6925,
      0.74,
      1.7975,
      0.845,
      1.9025,
      0.9525
    ],
    "TaskName": "training",
    "TotalReadoutTime": 0.07029788543960597,
    "dataset": "ds003661",
    "modality": "bold",
    "run_id": 4,
    "session_id": "training02",
    "subject_id": "04",
    "task_id": "training"
  },
  "dummy_trs": 0,
  "dvars_nstd": 42.55996486121848,
  "dvars_std": 1.2650106000840338,
  "dvars_vstd": 0.9932712416386558,
  "efc": 0.5767917162484537,
  "fber": 821.460205078125,
  "fd_mean": 0.08972073310308917,
  "fd_num": 21,
  "fd_perc": 8.786610878661088,
  "fwhm_avg": 1.8540583333333334,
  "fwhm_x": 1.743305,
  "fwhm_y": 2.046995,
  "fwhm_z": 1.771875,
  "gcor": 0.0180139,
  "gsr_x": -0.01579795591533184,
  "gsr_y": 0.03475835546851158,
  "provenance": {
    "md5sum": "13adc7a689de7942ccc364732a097d48",
    "settings": {
      "fd_thres": 0.2,
      "testing": false
    },
    "software": "mriqc",
    "version": "22.0.6",
    "webapi_port": null,
    "webapi_url": "https://mriqc.nimh.nih.gov/api/v1"
  },
  "size_t": 239,
  "size_x": 96,
  "size_y": 96,
  "size_z": 76,
  "snr": 4.632674008450441,
  "spacing_tr": 2.0,
  "spacing_x": 2.0,
  "spacing_y": 2.0,
  "spacing_z": 2.0,
  "summary_bg_k": 14.591708445069976,
  "summary_bg_mad": 16.79869037067918,
  "summary_bg_mean": 45.38389587402344,
  "summary_bg_median": 19.42259407043457,
  "summary_bg_n": 439166.0,
  "summary_bg_p05": 6.158995628356934,
  "summary_bg_p95": 176.635986328125,
  "summary_bg_stdv": 62.964134216308594,
  "summary_fg_k": 3.628670445709618,
  "summary_fg_mad": 94.62287424667721,
  "summary_fg_mean": 578.152099609375,
  "summary_fg_median": 568.4644165039062,
  "summary_fg_n": 162184.0,
  "summary_fg_p05": 408.5045883178711,
  "summary_fg_p95": 780.752490234375,
  "summary_fg_stdv": 122.70724487304688,
  "tsnr": 40.20444639772177
}