{
  "aor": 0.0014077653631284915,
  "aqi": 0.019304159776536312,
  "bids_meta": {
    "EchoTime": 0.043,
    "FlipAngle": 80.0,
    "MagneticFieldStrength": 3.0,
    "Manufacturer": "SIEMENS",
    "ManufacturersModelName": "Verio",
    "MultibandAccelerationFactor": 4,
    "PhaseEncodingDirection": "j-",
    "RepetitionTime": 2.0,
    "SliceTiming": [
      0.0,
      1.0575,
      0.105,
      1.1625,
      0.2125,
      1.2675,
      0.3175,
      1.3725,
      0.4225,
      1.48,
      0.5275,
      1.585,
      0.635,
      1.69,
      0.74,
      1.7975,
      0.845,
      1.9025,
      0.95,
      0.0,
      1.0575,
      0.105,
      1.1625,
      0.2125,
      1.2675,
      0.3175,
      1.3725,
      0.4225,
      1.48,
      0.5275,
      1.585,
      0.635,
      1.69,
      0.74,
      1.7975,
      0.845,
      1.9025,
      0.95,
      0.0,
      1.0575,
      0.105,
      1.1625,
      0.2125,
      1.2675,
      0.3175,
      1.3725,
      0.4225,
      1.48,
      0.5275,
      1.585,
      0.635,
      1.69,
      0.74,
      1.7975,
      0.845,
      1.9025,
      0.95,
      0.0,
      1.0575,
      0.105,
      1.1625,
      0.2125,
      1.2675,
      0.3175,
      1.3725,
      0.4225,
      1.48,
      0.5275,
      1.585,
      0.635,
      1.69,
      0.74,
      1.7975,
      0.845,
      1.9025,
      0.95
    ],
    "TaskName": "testCategory",
    "TotalReadoutTime": 0.07029788543960597,
    "dataset": "ds003661",
    "modality": "bold",
    "run_id": 1,
    "session_id": "testCategory01",
    "subject_id": "04",
    "task_id": "testCategory"
  },
  "dummy_trs": 0,
  "dvars_nstd": 46.60746610831461,
  "dvars_std": 1.2432059545505616,
  "dvars_vstd": 1.008724343370786,
  "efc": 0.5744517678248475,
  "fber": 782.4193725585938,
  "fd_mean": 0.14273831626131164,
  "fd_num": 32,
  "fd_perc": 17.877094972067038,
  "fwhm_avg": 1.8477516666666667,
  "fwhm_x": 1.73719,
  "fwhm_y": 2.0348,
  "fwhm_z": 1.771265,
  "gcor": 0.0129268,
  "gsr_x": -0.016286760568618774,
  "gsr_y": 0.02953275479376316,
  "provenance": {
    "md5sum": "190f9a26c3c7660b46050b89618f367a",
    "settings": {
      "fd_thres": 0.2,
      "testing": false
    },
    "software": "mriqc",
    "version": "22.0.6",
    "webapi_port": null,
    "webapi_url": "https://mriqc.nimh.nih.gov/api/v1"
  },
  "size_t": 179,
  "size_x": 96,
  "size_y": 96,
  "size_z": 76,
  "snr": 4.538144233301573,
  "spacing_tr": 2.0,
  "spacing_x": 2.0,
  "spacing_y": 2.0,
  "spacing_z": 2.0,
  "summary_bg_k": 17.18639625733035,
  "summary_bg_mad": 17.435070157847147,
  "summary_bg_mean": 44.31938934326172,
  "summary_bg_median": 20.139663696289062,
  "summary_bg_n": 439024.0,
  "summary_bg_p05": 6.229050159454346,
  "summary_bg_p95": 168.0486022949216,
  "summary_bg_stdv": 60.113075256347656,
  "summary_fg_k": 3.6345098235596653,
  "summary_fg_mad": 97.03180875646011,
  "summary_fg_mean": 580.4140625,
  "summary_fg_median": 570.22900390625,
  "summary_fg_n": 162317.0,
  "summary_fg_p05": 406.2446716308594,
  "summary_fg_p95": 786.1787475585933,
  "summary_fg_stdv": 125.6520767211914,
  "tsnr": 36.24179239757359
}