{
  "aor": 0.0012649790794979077,
  "aqi": 0.02425605481171548,
  "bids_meta": {
    "EchoTime": 0.043,
    "FlipAngle": 80.0,
    "MagneticFieldStrength": 3.0,
    "Manufacturer": "SIEMENS",
    "ManufacturersModelName": "Verio",
    "MultibandAccelerationFactor": 4,
    "PhaseEncodingDirection": "j-",
    "RepetitionTime": 2.0,
    "SliceTiming": [
      0.0,
      1.055,
      0.105,
      1.1625,
      0.21,
      1.2675,
      0.3175,
      1.3725,
      0.4225,
      1.4775,
      0.5275,
      1.585,
      0.6325,
      1.69,
      0.74,
      1.795,
      0.845,
      1.9025,
      0.95,
      0.0,
      1.055,
      0.105,
      1.1625,
      0.21,
      1.2675,
      0.3175,
      1.3725,
      0.4225,
      1.4775,
      0.5275,
      1.585,
      0.6325,
      1.69,
      0.74,
      1.795,
      0.845,
      1.9025,
      0.95,
      0.0,
      1.055,
      0.105,
      1.1625,
      0.21,
      1.2675,
      0.3175,
      1.3725,
      0.4225,
      1.4775,
      0.5275,
      1.585,
      0.6325,
      1.69,
      0.74,
      1.795,
      0.845,
      1.9025,
      0.95,
      0.0,
      1.055,
      0.105,
      1.1625,
      0.21,
      1.2675,
      0.3175,
      1.3725,
      0.4225,
      1.4775,
      0.5275,
      1.585,
      0.6325,
      1.69,
      0.74,
      1.795,
      0.845,
      1.9025,
      0.95
    ],
    "TaskName": "training",
    "TotalReadoutTime": 0.07029788543960597,
    "dataset": "ds003661",
    "modality": "bold",
    "run_id": 4,
    "session_id": "training02",
    "subject_id": "03",
    "task_id": "training"
  },
  "dummy_trs": 0,
  "dvars_nstd": 46.40652451394956,
  "dvars_std": 1.249938936008404,
  "dvars_vstd": 0.9929547712605044,
  "efc": 0.5668357192488238,
  "fber": 853.864990234375,
  "fd_mean": 0.13889881403447407,
  "fd_num": 49,
  "fd_perc": 20.502092050209207,
  "fwhm_avg": 1.8775383333333335,
  "fwhm_x": 1.763385,
  "fwhm_y": 2.08849,
  "fwhm_z": 1.78074,
  "gcor": 0.0251926,
  "gsr_x": -0.01754716970026493,
  "gsr_y": 0.0575927309691906,
  "provenance": {
    "md5sum": "356b6912a5509f85a9f7bc8d5d503632",
    "settings": {
      "fd_thres": 0.2,
      "testing": false
    },
    "software": "mriqc",
    "version": "22.0.6",
    "webapi_port": null,
    "webapi_url": "https://mriqc.nimh.nih.gov/api/v1"
  },
  "size_t": 239,
  "size_x": 96,
  "size_y": 96,
  "size_z": 76,
  "snr": 5.193976662260786,
  "spacing_tr": 2.0,
  "spacing_x": 2.0,
  "spacing_y": 2.0,
  "spacing_z": 2.0,
  "summary_bg_k": 28.429824625950754,
  "summary_bg_mad": 16.252792958056354,
  "summary_bg_mean": 44.27928161621094,
  "summary_bg_median": 18.748952865600586,
  "summary_bg_n": 454506.0,
  "summary_bg_p05": 6.313807487487793,
  "summary_bg_p95": 170.69454956054688,
  "summary_bg_stdv": 66.07259368896484,
  "summary_fg_k": 5.054112714820155,
  "summary_fg_mad": 81.60519874643938,
  "summary_fg_mean": 559.6044311523438,
  "summary_fg_median": 559.907958984375,
  "summary_fg_n": 150865.0,
  "summary_fg_p05": 392.38157348632814,
  "summary_fg_p95": 712.0736450195311,
  "summary_fg_stdv": 107.79911804199219,
  "tsnr": 33.82622371613979
}