{
  "aor": 0.0005156903765690376,
  "aqi": 0.039631079497907944,
  "bids_meta": {
    "EchoTime": 0.043,
    "FlipAngle": 80.0,
    "MagneticFieldStrength": 3.0,
    "Manufacturer": "SIEMENS",
    "ManufacturersModelName": "Verio",
    "MultibandAccelerationFactor": 4,
    "PhaseEncodingDirection": "j-",
    "RepetitionTime": 2.0,
    "SliceTiming": [
      0.0,
      1.0575,
      0.1075,
      1.1625,
      0.2125,
      1.27,
      0.3175,
      1.375,
      0.4225,
      1.48,
      0.53,
      1.585,
      0.635,
      1.6925,
      0.74,
      1.7975,
      0.845,
      1.9025,
      0.9525,
      0.0,
      1.0575,
      0.1075,
      1.1625,
      0.2125,
      1.27,
      0.3175,
      1.375,
      0.4225,
      1.48,
      0.53,
      1.585,
      0.635,
      1.6925,
      0.74,
      1.7975,
      0.845,
      1.9025,
      0.9525,
      0.0,
      1.0575,
      0.1075,
      1.1625,
      0.2125,
      1.27,
      0.3175,
      1.375,
      0.4225,
      1.48,
      0.53,
      1.585,
      0.635,
      1.6925,
      0.74,
      1.7975,
      0.845,
      1.9025,
      0.9525,
      0.0,
      1.0575,
      0.1075,
      1.1625,
      0.2125,
      1.27,
      0.3175,
      1.375,
      0.4225,
      1.48,
      0.53,
      1.585,
      0.635,
      1.6925,
      0.74,
      1.7975,
      0.845,
      1.9025,
      0.9525
    ],
    "TaskName": "training",
    "TotalReadoutTime": 0.07029788543960597,
    "dataset": "ds003661",
    "modality": "bold",
    "run_id": 6,
    "session_id": "training02",
    "subject_id": "03",
    "task_id": "training"
  },
  "dummy_trs": 0,
  "dvars_nstd": 46.225829052016785,
  "dvars_std": 1.1464523563445381,
  "dvars_vstd": 0.9437392723949579,
  "efc": 0.563041371138127,
  "fber": 921.5224609375,
  "fd_mean": 0.1939516742979739,
  "fd_num": 87,
  "fd_perc": 36.40167364016737,
  "fwhm_avg": 1.940125,
  "fwhm_x": 1.818845,
  "fwhm_y": 2.16063,
  "fwhm_z": 1.8409,
  "gcor": 0.0218702,
  "gsr_x": -0.014135904610157013,
  "gsr_y": 0.05841704457998276,
  "provenance": {
    "md5sum": "2e5bdf63b545d6e34f617bf07e31e263",
    "settings": {
      "fd_thres": 0.2,
      "testing": false
    },
    "software": "mriqc",
    "version": "22.0.6",
    "webapi_port": null,
    "webapi_url": "https://mriqc.nimh.nih.gov/api/v1"
  },
  "size_t": 239,
  "size_x": 96,
  "size_y": 96,
  "size_z": 76,
  "snr": 5.237247760302215,
  "spacing_tr": 2.0,
  "spacing_x": 2.0,
  "spacing_y": 2.0,
  "spacing_z": 2.0,
  "summary_bg_k": 29.166309920273356,
  "summary_bg_mad": 16.017065686721672,
  "summary_bg_mean": 43.13856506347656,
  "summary_bg_median": 18.338911056518555,
  "summary_bg_n": 455427.0,
  "summary_bg_p05": 6.138075351715088,
  "summary_bg_p95": 163.36819458007812,
  "summary_bg_stdv": 64.0329818725586,
  "summary_fg_k": 5.476903745281394,
  "summary_fg_mad": 81.90291366946694,
  "summary_fg_mean": 562.5872802734375,
  "summary_fg_median": 562.7489624023438,
  "summary_fg_n": 150328.0,
  "summary_fg_p05": 396.94058074951175,
  "summary_fg_p95": 713.69306640625,
  "summary_fg_stdv": 107.45092010498047,
  "tsnr": 26.482252651127055
}