{
  "aor": 0.0010679237288135596,
  "aqi": 0.015234943220338982,
  "bids_meta": {
    "EchoTime": 0.043,
    "FlipAngle": 80.0,
    "MagneticFieldStrength": 3.0,
    "Manufacturer": "SIEMENS",
    "ManufacturersModelName": "Verio",
    "MultibandAccelerationFactor": 4,
    "PhaseEncodingDirection": "j-",
    "RepetitionTime": 2.0,
    "SliceTiming": [
      0.0,
      1.055,
      0.105,
      1.16,
      0.21,
      1.2675,
      0.315,
      1.3725,
      0.4225,
      1.4775,
      0.5275,
      1.5825,
      0.6325,
      1.69,
      0.7375,
      1.795,
      0.845,
      1.9,
      0.95,
      0.0,
      1.055,
      0.105,
      1.16,
      0.21,
      1.2675,
      0.315,
      1.3725,
      0.4225,
      1.4775,
      0.5275,
      1.5825,
      0.6325,
      1.69,
      0.7375,
      1.795,
      0.845,
      1.9,
      0.95,
      0.0,
      1.055,
      0.105,
      1.16,
      0.21,
      1.2675,
      0.315,
      1.3725,
      0.4225,
      1.4775,
      0.5275,
      1.5825,
      0.6325,
      1.69,
      0.7375,
      1.795,
      0.845,
      1.9,
      0.95,
      0.0,
      1.055,
      0.105,
      1.16,
      0.21,
      1.2675,
      0.315,
      1.3725,
      0.4225,
      1.4775,
      0.5275,
      1.5825,
      0.6325,
      1.69,
      0.7375,
      1.795,
      0.845,
      1.9,
      0.95
    ],
    "TaskName": "training",
    "TotalReadoutTime": 0.07029788543960597,
    "dataset": "ds003661",
    "modality": "bold",
    "run_id": 1,
    "session_id": "training02",
    "subject_id": "03",
    "task_id": "training"
  },
  "dummy_trs": 3,
  "dvars_nstd": 43.944333405531914,
  "dvars_std": 1.2861527282127663,
  "dvars_vstd": 1.0068504919148933,
  "efc": 0.566164047719512,
  "fber": 839.745849609375,
  "fd_mean": 0.07890124782447185,
  "fd_num": 9,
  "fd_perc": 3.8135593220338984,
  "fwhm_avg": 1.8462733333333334,
  "fwhm_x": 1.740685,
  "fwhm_y": 2.055145,
  "fwhm_z": 1.74299,
  "gcor": 0.0109113,
  "gsr_x": -0.018835537135601044,
  "gsr_y": 0.05634085088968277,
  "provenance": {
    "md5sum": "a80b6215f92b271d637daa5ad82e89bc",
    "settings": {
      "fd_thres": 0.2,
      "testing": false
    },
    "software": "mriqc",
    "version": "22.0.6",
    "webapi_port": null,
    "webapi_url": "https://mriqc.nimh.nih.gov/api/v1"
  },
  "size_t": 236,
  "size_x": 96,
  "size_y": 96,
  "size_z": 76,
  "snr": 5.185740165158327,
  "spacing_tr": 2.0,
  "spacing_x": 2.0,
  "spacing_y": 2.0,
  "spacing_z": 2.0,
  "summary_bg_k": 28.34843127637482,
  "summary_bg_mad": 16.01964396921664,
  "summary_bg_mean": 43.56931686401367,
  "summary_bg_median": 18.792373657226562,
  "summary_bg_n": 454162.0,
  "summary_bg_p05": 6.419491767883301,
  "summary_bg_p95": 167.27499771118124,
  "summary_bg_stdv": 64.64620208740234,
  "summary_fg_k": 4.929097600033144,
  "summary_fg_mad": 81.57454496827052,
  "summary_fg_mean": 556.4326782226562,
  "summary_fg_median": 557.7076416015625,
  "summary_fg_n": 151196.0,
  "summary_fg_p05": 386.6927947998047,
  "summary_fg_p95": 707.4809417724609,
  "summary_fg_stdv": 107.54603576660156,
  "tsnr": 41.549032144248486
}