{
  "aor": 0.0020682426778242677,
  "aqi": 0.03319731213389122,
  "bids_meta": {
    "EchoTime": 0.043,
    "FlipAngle": 80.0,
    "MagneticFieldStrength": 3.0,
    "Manufacturer": "SIEMENS",
    "ManufacturersModelName": "Verio",
    "MultibandAccelerationFactor": 4,
    "PhaseEncodingDirection": "j-",
    "RepetitionTime": 2.0,
    "SliceTiming": [
      0.0,
      1.0575,
      0.105,
      1.1625,
      0.21,
      1.2675,
      0.3175,
      1.3725,
      0.4225,
      1.48,
      0.5275,
      1.585,
      0.635,
      1.69,
      0.74,
      1.795,
      0.845,
      1.9025,
      0.95,
      0.0,
      1.0575,
      0.105,
      1.1625,
      0.21,
      1.2675,
      0.3175,
      1.3725,
      0.4225,
      1.48,
      0.5275,
      1.585,
      0.635,
      1.69,
      0.74,
      1.795,
      0.845,
      1.9025,
      0.95,
      0.0,
      1.0575,
      0.105,
      1.1625,
      0.21,
      1.2675,
      0.3175,
      1.3725,
      0.4225,
      1.48,
      0.5275,
      1.585,
      0.635,
      1.69,
      0.74,
      1.795,
      0.845,
      1.9025,
      0.95,
      0.0,
      1.0575,
      0.105,
      1.1625,
      0.21,
      1.2675,
      0.3175,
      1.3725,
      0.4225,
      1.48,
      0.5275,
      1.585,
      0.635,
      1.69,
      0.74,
      1.795,
      0.845,
      1.9025,
      0.95
    ],
    "TaskName": "training",
    "TotalReadoutTime": 0.07029788543960597,
    "dataset": "ds003661",
    "modality": "bold",
    "run_id": 2,
    "session_id": "training02",
    "subject_id": "03",
    "task_id": "training"
  },
  "dummy_trs": 0,
  "dvars_nstd": 48.01833005344539,
  "dvars_std": 1.2108878789495787,
  "dvars_vstd": 0.9790563246638656,
  "efc": 0.5666501913917438,
  "fber": 856.0245361328125,
  "fd_mean": 0.19804840591522954,
  "fd_num": 85,
  "fd_perc": 35.56485355648535,
  "fwhm_avg": 1.9039333333333335,
  "fwhm_x": 1.782885,
  "fwhm_y": 2.125675,
  "fwhm_z": 1.80324,
  "gcor": 0.0254779,
  "gsr_x": -0.019065868109464645,
  "gsr_y": 0.058854736387729645,
  "provenance": {
    "md5sum": "ca49e84055f7aa46475715a3ce08cd44",
    "settings": {
      "fd_thres": 0.2,
      "testing": false
    },
    "software": "mriqc",
    "version": "22.0.6",
    "webapi_port": null,
    "webapi_url": "https://mriqc.nimh.nih.gov/api/v1"
  },
  "size_t": 239,
  "size_x": 96,
  "size_y": 96,
  "size_z": 76,
  "snr": 5.204795115368021,
  "spacing_tr": 2.0,
  "spacing_x": 2.0,
  "spacing_y": 2.0,
  "spacing_z": 2.0,
  "summary_bg_k": 29.21048025845535,
  "summary_bg_mad": 16.606384572018207,
  "summary_bg_mean": 43.86629104614258,
  "summary_bg_median": 18.84100341796875,
  "summary_bg_n": 454212.0,
  "summary_bg_p05": 6.1464433670043945,
  "summary_bg_p95": 165.4830520629881,
  "summary_bg_stdv": 64.5258560180664,
  "summary_fg_k": 5.07165416793962,
  "summary_fg_mad": 81.60519874643938,
  "summary_fg_mean": 557.4412231445312,
  "summary_fg_median": 557.6861572265625,
  "summary_fg_n": 151280.0,
  "summary_fg_p05": 390.6522918701172,
  "summary_fg_p95": 709.9499786376953,
  "summary_fg_stdv": 107.14817810058594,
  "tsnr": 28.751370486221276
}