{
  "aor": 0.002142510460251046,
  "aqi": 0.04419286820083681,
  "bids_meta": {
    "EchoTime": 0.043,
    "FlipAngle": 80.0,
    "MagneticFieldStrength": 3.0,
    "Manufacturer": "SIEMENS",
    "ManufacturersModelName": "Verio",
    "MultibandAccelerationFactor": 4,
    "PhaseEncodingDirection": "j-",
    "RepetitionTime": 2.0,
    "SliceTiming": [
      0.0,
      1.0575,
      0.1075,
      1.1625,
      0.2125,
      1.2675,
      0.3175,
      1.375,
      0.4225,
      1.48,
      0.53,
      1.585,
      0.635,
      1.69,
      0.74,
      1.7975,
      0.845,
      1.9025,
      0.9525,
      0.0,
      1.0575,
      0.1075,
      1.1625,
      0.2125,
      1.2675,
      0.3175,
      1.375,
      0.4225,
      1.48,
      0.53,
      1.585,
      0.635,
      1.69,
      0.74,
      1.7975,
      0.845,
      1.9025,
      0.9525,
      0.0,
      1.0575,
      0.1075,
      1.1625,
      0.2125,
      1.2675,
      0.3175,
      1.375,
      0.4225,
      1.48,
      0.53,
      1.585,
      0.635,
      1.69,
      0.74,
      1.7975,
      0.845,
      1.9025,
      0.9525,
      0.0,
      1.0575,
      0.1075,
      1.1625,
      0.2125,
      1.2675,
      0.3175,
      1.375,
      0.4225,
      1.48,
      0.53,
      1.585,
      0.635,
      1.69,
      0.74,
      1.7975,
      0.845,
      1.9025,
      0.9525
    ],
    "TaskName": "training",
    "TotalReadoutTime": 0.07029788543960597,
    "dataset": "ds003661",
    "modality": "bold",
    "run_id": 7,
    "session_id": "training02",
    "subject_id": "03",
    "task_id": "training"
  },
  "dummy_trs": 0,
  "dvars_nstd": 49.08701813315126,
  "dvars_std": 1.1423400039075633,
  "dvars_vstd": 0.9678070729831938,
  "efc": 0.5610454295074616,
  "fber": 960.7672729492188,
  "fd_mean": 0.23990107615646447,
  "fd_num": 114,
  "fd_perc": 47.69874476987448,
  "fwhm_avg": 1.9469466666666666,
  "fwhm_x": 1.82821,
  "fwhm_y": 2.184705,
  "fwhm_z": 1.827925,
  "gcor": 0.0201198,
  "gsr_x": -0.012614254839718342,
  "gsr_y": 0.056443292647600174,
  "provenance": {
    "md5sum": "8931cf14b95452355f5785f6856e6c60",
    "settings": {
      "fd_thres": 0.2,
      "testing": false
    },
    "software": "mriqc",
    "version": "22.0.6",
    "webapi_port": null,
    "webapi_url": "https://mriqc.nimh.nih.gov/api/v1"
  },
  "size_t": 239,
  "size_x": 96,
  "size_y": 96,
  "size_z": 76,
  "snr": 5.240450357603744,
  "spacing_tr": 2.0,
  "spacing_x": 2.0,
  "spacing_y": 2.0,
  "spacing_z": 2.0,
  "summary_bg_k": 28.95945861358383,
  "summary_bg_mad": 15.508391829955064,
  "summary_bg_mean": 42.403648376464844,
  "summary_bg_median": 17.899581909179688,
  "summary_bg_n": 456946.0,
  "summary_bg_p05": 6.184100151062012,
  "summary_bg_p95": 160.34727478027344,
  "summary_bg_stdv": 62.4563102722168,
  "summary_fg_k": 5.0524705668980925,
  "summary_fg_mad": 81.70437672687653,
  "summary_fg_mean": 559.1602172851562,
  "summary_fg_median": 560.6903686523438,
  "summary_fg_n": 148963.0,
  "summary_fg_p05": 390.0962249755859,
  "summary_fg_p95": 708.2338928222656,
  "summary_fg_stdv": 106.99242401123047,
  "tsnr": 25.238392485771328
}