{
  "aor": 0.004304581005586593,
  "aqi": 0.03283321005586592,
  "bids_meta": {
    "EchoTime": 0.043,
    "FlipAngle": 80.0,
    "MagneticFieldStrength": 3.0,
    "Manufacturer": "SIEMENS",
    "ManufacturersModelName": "Verio",
    "MultibandAccelerationFactor": 4,
    "PhaseEncodingDirection": "j-",
    "RepetitionTime": 2.0,
    "SliceTiming": [
      0.0,
      1.0575,
      0.105,
      1.1625,
      0.2125,
      1.2675,
      0.3175,
      1.3725,
      0.4225,
      1.48,
      0.5275,
      1.585,
      0.635,
      1.69,
      0.74,
      1.7975,
      0.845,
      1.9025,
      0.95,
      0.0,
      1.0575,
      0.105,
      1.1625,
      0.2125,
      1.2675,
      0.3175,
      1.3725,
      0.4225,
      1.48,
      0.5275,
      1.585,
      0.635,
      1.69,
      0.74,
      1.7975,
      0.845,
      1.9025,
      0.95,
      0.0,
      1.0575,
      0.105,
      1.1625,
      0.2125,
      1.2675,
      0.3175,
      1.3725,
      0.4225,
      1.48,
      0.5275,
      1.585,
      0.635,
      1.69,
      0.74,
      1.7975,
      0.845,
      1.9025,
      0.95,
      0.0,
      1.0575,
      0.105,
      1.1625,
      0.2125,
      1.2675,
      0.3175,
      1.3725,
      0.4225,
      1.48,
      0.5275,
      1.585,
      0.635,
      1.69,
      0.74,
      1.7975,
      0.845,
      1.9025,
      0.95
    ],
    "TaskName": "testNoCategory",
    "TotalReadoutTime": 0.07029788543960597,
    "dataset": "ds003661",
    "modality": "bold",
    "run_id": 1,
    "session_id": "testNoCategory01",
    "subject_id": "05",
    "task_id": "testNoCategory"
  },
  "dummy_trs": 0,
  "dvars_nstd": 66.6479822438764,
  "dvars_std": 1.337107090617978,
  "dvars_vstd": 1.033692691797753,
  "efc": 0.5701404125292459,
  "fber": 769.030029296875,
  "fd_mean": 0.36961394665649566,
  "fd_num": 131,
  "fd_perc": 73.18435754189944,
  "fwhm_avg": 1.9389066666666668,
  "fwhm_x": 1.801355,
  "fwhm_y": 2.16739,
  "fwhm_z": 1.847975,
  "gcor": 0.0139231,
  "gsr_x": -0.011739389970898628,
  "gsr_y": 0.049690112471580505,
  "provenance": {
    "md5sum": "b5dacb050218eb9e69046ead3d37a07c",
    "settings": {
      "fd_thres": 0.2,
      "testing": false
    },
    "software": "mriqc",
    "version": "22.0.6",
    "webapi_port": null,
    "webapi_url": "https://mriqc.nimh.nih.gov/api/v1"
  },
  "size_t": 179,
  "size_x": 96,
  "size_y": 96,
  "size_z": 76,
  "snr": 4.6477191857015105,
  "spacing_tr": 2.0,
  "spacing_x": 2.0,
  "spacing_y": 2.0,
  "spacing_z": 2.0,
  "summary_bg_k": 15.371847987115856,
  "summary_bg_mad": 17.393657865006368,
  "summary_bg_mean": 40.58791732788086,
  "summary_bg_median": 19.02234649658203,
  "summary_bg_n": 445111.0,
  "summary_bg_p05": 5.502793312072754,
  "summary_bg_p95": 155.1340789794922,
  "summary_bg_stdv": 54.31342315673828,
  "summary_fg_k": 3.379442571287642,
  "summary_fg_mad": 92.87386694203389,
  "summary_fg_mean": 543.3754272460938,
  "summary_fg_median": 533.81005859375,
  "summary_fg_n": 158760.0,
  "summary_fg_p05": 387.4634048461914,
  "summary_fg_p95": 726.5924407958984,
  "summary_fg_stdv": 114.85383605957031,
  "tsnr": 26.171027945005335
}