{
  "aor": 0.000796652719665272,
  "aqi": 0.018255395397489542,
  "bids_meta": {
    "EchoTime": 0.043,
    "FlipAngle": 80.0,
    "MagneticFieldStrength": 3.0,
    "Manufacturer": "SIEMENS",
    "ManufacturersModelName": "Verio",
    "MultibandAccelerationFactor": 4,
    "PhaseEncodingDirection": "j-",
    "RepetitionTime": 2.0,
    "SliceTiming": [
      0.0,
      1.0575,
      0.1075,
      1.1625,
      0.2125,
      1.27,
      0.3175,
      1.375,
      0.4225,
      1.48,
      0.53,
      1.585,
      0.635,
      1.6925,
      0.74,
      1.7975,
      0.8475,
      1.9025,
      0.9525,
      0.0,
      1.0575,
      0.1075,
      1.1625,
      0.2125,
      1.27,
      0.3175,
      1.375,
      0.4225,
      1.48,
      0.53,
      1.585,
      0.635,
      1.6925,
      0.74,
      1.7975,
      0.8475,
      1.9025,
      0.9525,
      0.0,
      1.0575,
      0.1075,
      1.1625,
      0.2125,
      1.27,
      0.3175,
      1.375,
      0.4225,
      1.48,
      0.53,
      1.585,
      0.635,
      1.6925,
      0.74,
      1.7975,
      0.8475,
      1.9025,
      0.9525,
      0.0,
      1.0575,
      0.1075,
      1.1625,
      0.2125,
      1.27,
      0.3175,
      1.375,
      0.4225,
      1.48,
      0.53,
      1.585,
      0.635,
      1.6925,
      0.74,
      1.7975,
      0.8475,
      1.9025,
      0.9525
    ],
    "TaskName": "training",
    "TotalReadoutTime": 0.07029788543960597,
    "dataset": "ds003661",
    "modality": "bold",
    "run_id": 4,
    "session_id": "training03",
    "subject_id": "04",
    "task_id": "training"
  },
  "dummy_trs": 0,
  "dvars_nstd": 40.490308865798355,
  "dvars_std": 1.2204244680252097,
  "dvars_vstd": 0.9968262547478998,
  "efc": 0.5755078894860384,
  "fber": 812.9003295898438,
  "fd_mean": 0.08779288288283464,
  "fd_num": 18,
  "fd_perc": 7.531380753138075,
  "fwhm_avg": 1.8479883333333333,
  "fwhm_x": 1.74151,
  "fwhm_y": 2.03778,
  "fwhm_z": 1.764675,
  "gcor": 0.0471192,
  "gsr_x": -0.014691313728690147,
  "gsr_y": 0.031007854267954826,
  "provenance": {
    "md5sum": "dded9ee017f23f9c8f08eb554375f857",
    "settings": {
      "fd_thres": 0.2,
      "testing": false
    },
    "software": "mriqc",
    "version": "22.0.6",
    "webapi_port": null,
    "webapi_url": "https://mriqc.nimh.nih.gov/api/v1"
  },
  "size_t": 239,
  "size_x": 96,
  "size_y": 96,
  "size_z": 76,
  "snr": 4.596199070644886,
  "spacing_tr": 2.0,
  "spacing_x": 2.0,
  "spacing_y": 2.0,
  "spacing_z": 2.0,
  "summary_bg_k": 14.416622118509263,
  "summary_bg_mad": 17.524480781292105,
  "summary_bg_mean": 45.35356903076172,
  "summary_bg_median": 20.158994674682617,
  "summary_bg_n": 437979.0,
  "summary_bg_p05": 6.117154598236084,
  "summary_bg_p95": 174.60292663574208,
  "summary_bg_stdv": 62.00539779663086,
  "summary_fg_k": 3.4968959122309826,
  "summary_fg_mad": 99.76237039851372,
  "summary_fg_mean": 596.22021484375,
  "summary_fg_median": 586.4811401367188,
  "summary_fg_n": 163136.0,
  "summary_fg_p05": 418.32112884521484,
  "summary_fg_p95": 805.6453857421875,
  "summary_fg_stdv": 127.60094451904297,
  "tsnr": 36.16925059375353
}