{
  "aor": 0.0006460669456066946,
  "aqi": 0.013783473054393307,
  "bids_meta": {
    "EchoTime": 0.043,
    "FlipAngle": 80.0,
    "MagneticFieldStrength": 3.0,
    "Manufacturer": "SIEMENS",
    "ManufacturersModelName": "Verio",
    "MultibandAccelerationFactor": 4,
    "PhaseEncodingDirection": "j-",
    "RepetitionTime": 2.0,
    "SliceTiming": [
      0.0,
      1.0575,
      0.105,
      1.1625,
      0.2125,
      1.2675,
      0.3175,
      1.375,
      0.4225,
      1.48,
      0.5275,
      1.585,
      0.635,
      1.69,
      0.74,
      1.7975,
      0.845,
      1.9025,
      0.9525,
      0.0,
      1.0575,
      0.105,
      1.1625,
      0.2125,
      1.2675,
      0.3175,
      1.375,
      0.4225,
      1.48,
      0.5275,
      1.585,
      0.635,
      1.69,
      0.74,
      1.7975,
      0.845,
      1.9025,
      0.9525,
      0.0,
      1.0575,
      0.105,
      1.1625,
      0.2125,
      1.2675,
      0.3175,
      1.375,
      0.4225,
      1.48,
      0.5275,
      1.585,
      0.635,
      1.69,
      0.74,
      1.7975,
      0.845,
      1.9025,
      0.9525,
      0.0,
      1.0575,
      0.105,
      1.1625,
      0.2125,
      1.2675,
      0.3175,
      1.375,
      0.4225,
      1.48,
      0.5275,
      1.585,
      0.635,
      1.69,
      0.74,
      1.7975,
      0.845,
      1.9025,
      0.9525
    ],
    "TaskName": "training",
    "TotalReadoutTime": 0.07029788543960597,
    "dataset": "ds003661",
    "modality": "bold",
    "run_id": 1,
    "session_id": "training03",
    "subject_id": "04",
    "task_id": "training"
  },
  "dummy_trs": 0,
  "dvars_nstd": 39.51112980428573,
  "dvars_std": 1.223350180462185,
  "dvars_vstd": 1.0016082972689087,
  "efc": 0.5739228833892791,
  "fber": 809.2138061523438,
  "fd_mean": 0.05649905309381255,
  "fd_num": 2,
  "fd_perc": 0.8368200836820083,
  "fwhm_avg": 1.8429666666666666,
  "fwhm_x": 1.73826,
  "fwhm_y": 2.035295,
  "fwhm_z": 1.755345,
  "gcor": 0.03025,
  "gsr_x": -0.014622903428971767,
  "gsr_y": 0.03241512179374695,
  "provenance": {
    "md5sum": "2e07a9bceae9241d79d1d179bc60b5fc",
    "settings": {
      "fd_thres": 0.2,
      "testing": false
    },
    "software": "mriqc",
    "version": "22.0.6",
    "webapi_port": null,
    "webapi_url": "https://mriqc.nimh.nih.gov/api/v1"
  },
  "size_t": 239,
  "size_x": 96,
  "size_y": 96,
  "size_z": 76,
  "snr": 4.594058024270437,
  "spacing_tr": 2.0,
  "spacing_x": 2.0,
  "spacing_y": 2.0,
  "spacing_z": 2.0,
  "summary_bg_k": 15.286392585902306,
  "summary_bg_mad": 17.425229277032784,
  "summary_bg_mean": 44.245277404785156,
  "summary_bg_median": 20.15481185913086,
  "summary_bg_n": 437932.0,
  "summary_bg_p05": 6.138075351715088,
  "summary_bg_p95": 168.21443099975488,
  "summary_bg_stdv": 60.484779357910156,
  "summary_fg_k": 3.433985473272312,
  "summary_fg_mad": 99.75621702016544,
  "summary_fg_mean": 595.0595092773438,
  "summary_fg_median": 585.4978637695312,
  "summary_fg_n": 162979.0,
  "summary_fg_p05": 417.0690155029297,
  "summary_fg_p95": 804.1882934570312,
  "summary_fg_stdv": 127.44638061523438,
  "tsnr": 41.7419741274789
}