{
  "aor": 0.0009874058577405858,
  "aqi": 0.014111121757322176,
  "bids_meta": {
    "EchoTime": 0.043,
    "FlipAngle": 80.0,
    "MagneticFieldStrength": 3.0,
    "Manufacturer": "SIEMENS",
    "ManufacturersModelName": "Verio",
    "MultibandAccelerationFactor": 4,
    "PhaseEncodingDirection": "j-",
    "RepetitionTime": 2.0,
    "SliceTiming": [
      0.0,
      1.0575,
      0.105,
      1.1625,
      0.2125,
      1.2675,
      0.3175,
      1.375,
      0.4225,
      1.48,
      0.53,
      1.585,
      0.635,
      1.69,
      0.74,
      1.7975,
      0.845,
      1.9025,
      0.9525,
      0.0,
      1.0575,
      0.105,
      1.1625,
      0.2125,
      1.2675,
      0.3175,
      1.375,
      0.4225,
      1.48,
      0.53,
      1.585,
      0.635,
      1.69,
      0.74,
      1.7975,
      0.845,
      1.9025,
      0.9525,
      0.0,
      1.0575,
      0.105,
      1.1625,
      0.2125,
      1.2675,
      0.3175,
      1.375,
      0.4225,
      1.48,
      0.53,
      1.585,
      0.635,
      1.69,
      0.74,
      1.7975,
      0.845,
      1.9025,
      0.9525,
      0.0,
      1.0575,
      0.105,
      1.1625,
      0.2125,
      1.2675,
      0.3175,
      1.375,
      0.4225,
      1.48,
      0.53,
      1.585,
      0.635,
      1.69,
      0.74,
      1.7975,
      0.845,
      1.9025,
      0.9525
    ],
    "TaskName": "training",
    "TotalReadoutTime": 0.07029788543960597,
    "dataset": "ds003661",
    "modality": "bold",
    "run_id": 2,
    "session_id": "training03",
    "subject_id": "04",
    "task_id": "training"
  },
  "dummy_trs": 0,
  "dvars_nstd": 37.325551008823545,
  "dvars_std": 1.2006893702100832,
  "dvars_vstd": 1.0054526514285718,
  "efc": 0.5738257846977233,
  "fber": 825.3297729492188,
  "fd_mean": 0.057589630069218425,
  "fd_num": 2,
  "fd_perc": 0.8368200836820083,
  "fwhm_avg": 1.8356000000000001,
  "fwhm_x": 1.73371,
  "fwhm_y": 2.025435,
  "fwhm_z": 1.747655,
  "gcor": 0.0340712,
  "gsr_x": -0.014880212023854256,
  "gsr_y": 0.030844222754240036,
  "provenance": {
    "md5sum": "e6bfa09c8fcb15804960ae31651d6236",
    "settings": {
      "fd_thres": 0.2,
      "testing": false
    },
    "software": "mriqc",
    "version": "22.0.6",
    "webapi_port": null,
    "webapi_url": "https://mriqc.nimh.nih.gov/api/v1"
  },
  "size_t": 239,
  "size_x": 96,
  "size_y": 96,
  "size_z": 76,
  "snr": 4.58328071464045,
  "spacing_tr": 2.0,
  "spacing_x": 2.0,
  "spacing_y": 2.0,
  "spacing_z": 2.0,
  "summary_bg_k": 15.216732447497176,
  "summary_bg_mad": 17.146076291265423,
  "summary_bg_mean": 44.80499267578125,
  "summary_bg_median": 20.029287338256836,
  "summary_bg_n": 438347.0,
  "summary_bg_p05": 6.225941181182861,
  "summary_bg_p95": 171.85522918701133,
  "summary_bg_stdv": 61.52454376220703,
  "summary_fg_k": 3.5472551973245867,
  "summary_fg_mad": 100.0291374480837,
  "summary_fg_mean": 597.605224609375,
  "summary_fg_median": 587.7154541015625,
  "summary_fg_n": 162599.0,
  "summary_fg_p05": 419.4635803222656,
  "summary_fg_p95": 807.3376464843752,
  "summary_fg_stdv": 128.2299041748047,
  "tsnr": 42.20385767938569
}