{
  "aor": 0.0009212970711297072,
  "aqi": 0.024865701673640165,
  "bids_meta": {
    "EchoTime": 0.043,
    "FlipAngle": 80.0,
    "MagneticFieldStrength": 3.0,
    "Manufacturer": "SIEMENS",
    "ManufacturersModelName": "Verio",
    "MultibandAccelerationFactor": 4,
    "PhaseEncodingDirection": "j-",
    "RepetitionTime": 2.0,
    "SliceTiming": [
      0.0,
      1.055,
      0.105,
      1.16,
      0.21,
      1.2675,
      0.315,
      1.3725,
      0.4225,
      1.4775,
      0.5275,
      1.585,
      0.6325,
      1.69,
      0.7375,
      1.795,
      0.845,
      1.9,
      0.95,
      0.0,
      1.055,
      0.105,
      1.16,
      0.21,
      1.2675,
      0.315,
      1.3725,
      0.4225,
      1.4775,
      0.5275,
      1.585,
      0.6325,
      1.69,
      0.7375,
      1.795,
      0.845,
      1.9,
      0.95,
      0.0,
      1.055,
      0.105,
      1.16,
      0.21,
      1.2675,
      0.315,
      1.3725,
      0.4225,
      1.4775,
      0.5275,
      1.585,
      0.6325,
      1.69,
      0.7375,
      1.795,
      0.845,
      1.9,
      0.95,
      0.0,
      1.055,
      0.105,
      1.16,
      0.21,
      1.2675,
      0.315,
      1.3725,
      0.4225,
      1.4775,
      0.5275,
      1.585,
      0.6325,
      1.69,
      0.7375,
      1.795,
      0.845,
      1.9,
      0.95
    ],
    "TaskName": "training",
    "TotalReadoutTime": 0.07029788543960597,
    "dataset": "ds003661",
    "modality": "bold",
    "run_id": 1,
    "session_id": "training03",
    "subject_id": "03",
    "task_id": "training"
  },
  "dummy_trs": 0,
  "dvars_nstd": 41.76635637184873,
  "dvars_std": 1.1750248940336128,
  "dvars_vstd": 0.9698184111344539,
  "efc": 0.5655099753280447,
  "fber": 810.887451171875,
  "fd_mean": 0.1121735695283598,
  "fd_num": 18,
  "fd_perc": 7.531380753138075,
  "fwhm_avg": 1.8625933333333335,
  "fwhm_x": 1.769115,
  "fwhm_y": 2.058045,
  "fwhm_z": 1.76062,
  "gcor": 0.0183915,
  "gsr_x": -0.018810223788022995,
  "gsr_y": 0.04585935175418854,
  "provenance": {
    "md5sum": "90245b825ccce130e6c2e89c10374812",
    "settings": {
      "fd_thres": 0.2,
      "testing": false
    },
    "software": "mriqc",
    "version": "22.0.6",
    "webapi_port": null,
    "webapi_url": "https://mriqc.nimh.nih.gov/api/v1"
  },
  "size_t": 239,
  "size_x": 96,
  "size_y": 96,
  "size_z": 76,
  "snr": 5.138156454172461,
  "spacing_tr": 2.0,
  "spacing_x": 2.0,
  "spacing_y": 2.0,
  "spacing_z": 2.0,
  "summary_bg_k": 27.47690678152455,
  "summary_bg_mad": 16.42028446673284,
  "summary_bg_mean": 42.882850646972656,
  "summary_bg_median": 18.920501708984375,
  "summary_bg_n": 454814.0,
  "summary_bg_p05": 6.125523090362549,
  "summary_bg_p95": 163.6531333923334,
  "summary_bg_stdv": 62.765750885009766,
  "summary_fg_k": 5.01773576842043,
  "summary_fg_mad": 80.67463600754763,
  "summary_fg_mean": 548.1663208007812,
  "summary_fg_median": 547.8953857421875,
  "summary_fg_n": 150452.0,
  "summary_fg_p05": 384.8326110839844,
  "summary_fg_p95": 699.688052368164,
  "summary_fg_stdv": 106.63232421875,
  "tsnr": 32.89084327593446
}