{
  "aor": 0.0008666108786610879,
  "aqi": 0.03341012677824267,
  "bids_meta": {
    "EchoTime": 0.043,
    "FlipAngle": 80.0,
    "MagneticFieldStrength": 3.0,
    "Manufacturer": "SIEMENS",
    "ManufacturersModelName": "Verio",
    "MultibandAccelerationFactor": 4,
    "PhaseEncodingDirection": "j-",
    "RepetitionTime": 2.0,
    "SliceTiming": [
      0.0,
      1.055,
      0.105,
      1.1625,
      0.21,
      1.2675,
      0.3175,
      1.3725,
      0.4225,
      1.4775,
      0.5275,
      1.585,
      0.6325,
      1.69,
      0.74,
      1.795,
      0.845,
      1.9025,
      0.95,
      0.0,
      1.055,
      0.105,
      1.1625,
      0.21,
      1.2675,
      0.3175,
      1.3725,
      0.4225,
      1.4775,
      0.5275,
      1.585,
      0.6325,
      1.69,
      0.74,
      1.795,
      0.845,
      1.9025,
      0.95,
      0.0,
      1.055,
      0.105,
      1.1625,
      0.21,
      1.2675,
      0.3175,
      1.3725,
      0.4225,
      1.4775,
      0.5275,
      1.585,
      0.6325,
      1.69,
      0.74,
      1.795,
      0.845,
      1.9025,
      0.95,
      0.0,
      1.055,
      0.105,
      1.1625,
      0.21,
      1.2675,
      0.3175,
      1.3725,
      0.4225,
      1.4775,
      0.5275,
      1.585,
      0.6325,
      1.69,
      0.74,
      1.795,
      0.845,
      1.9025,
      0.95
    ],
    "TaskName": "training",
    "TotalReadoutTime": 0.07029788543960597,
    "dataset": "ds003661",
    "modality": "bold",
    "run_id": 3,
    "session_id": "training03",
    "subject_id": "03",
    "task_id": "training"
  },
  "dummy_trs": 0,
  "dvars_nstd": 49.270651008067254,
  "dvars_std": 1.1895501186134452,
  "dvars_vstd": 0.9781136669747899,
  "efc": 0.5675351332614372,
  "fber": 792.712158203125,
  "fd_mean": 0.23927409843227265,
  "fd_num": 127,
  "fd_perc": 53.13807531380753,
  "fwhm_avg": 1.88752,
  "fwhm_x": 1.79224,
  "fwhm_y": 2.085615,
  "fwhm_z": 1.784705,
  "gcor": 0.0522895,
  "gsr_x": -0.018933601677417755,
  "gsr_y": 0.04875876381993294,
  "provenance": {
    "md5sum": "82f4c5b1281699319a86cb6d786450eb",
    "settings": {
      "fd_thres": 0.2,
      "testing": false
    },
    "software": "mriqc",
    "version": "22.0.6",
    "webapi_port": null,
    "webapi_url": "https://mriqc.nimh.nih.gov/api/v1"
  },
  "size_t": 239,
  "size_x": 96,
  "size_y": 96,
  "size_z": 76,
  "snr": 5.061277320197655,
  "spacing_tr": 2.0,
  "spacing_x": 2.0,
  "spacing_y": 2.0,
  "spacing_z": 2.0,
  "summary_bg_k": 27.295126369009264,
  "summary_bg_mad": 16.44509734279767,
  "summary_bg_mean": 43.172603607177734,
  "summary_bg_median": 18.878660202026367,
  "summary_bg_n": 454337.0,
  "summary_bg_p05": 6.1456065177917605,
  "summary_bg_p95": 165.26861267089825,
  "summary_bg_stdv": 63.347503662109375,
  "summary_fg_k": 5.163279417544583,
  "summary_fg_mad": 78.87572299468252,
  "summary_fg_mean": 539.859619140625,
  "summary_fg_median": 540.4602661132812,
  "summary_fg_n": 151076.0,
  "summary_fg_p05": 372.94142150878906,
  "summary_fg_p95": 690.8347320556641,
  "summary_fg_stdv": 106.78302001953125,
  "tsnr": 27.89611925254576
}