{
  "aor": 0.001530460251046025,
  "aqi": 0.04324034937238494,
  "bids_meta": {
    "EchoTime": 0.043,
    "FlipAngle": 80.0,
    "MagneticFieldStrength": 3.0,
    "Manufacturer": "SIEMENS",
    "ManufacturersModelName": "Verio",
    "MultibandAccelerationFactor": 4,
    "PhaseEncodingDirection": "j-",
    "RepetitionTime": 2.0,
    "SliceTiming": [
      0.0,
      1.0575,
      0.1075,
      1.1625,
      0.2125,
      1.27,
      0.3175,
      1.375,
      0.4225,
      1.48,
      0.53,
      1.585,
      0.635,
      1.6925,
      0.74,
      1.7975,
      0.8475,
      1.9025,
      0.9525,
      0.0,
      1.0575,
      0.1075,
      1.1625,
      0.2125,
      1.27,
      0.3175,
      1.375,
      0.4225,
      1.48,
      0.53,
      1.585,
      0.635,
      1.6925,
      0.74,
      1.7975,
      0.8475,
      1.9025,
      0.9525,
      0.0,
      1.0575,
      0.1075,
      1.1625,
      0.2125,
      1.27,
      0.3175,
      1.375,
      0.4225,
      1.48,
      0.53,
      1.585,
      0.635,
      1.6925,
      0.74,
      1.7975,
      0.8475,
      1.9025,
      0.9525,
      0.0,
      1.0575,
      0.1075,
      1.1625,
      0.2125,
      1.27,
      0.3175,
      1.375,
      0.4225,
      1.48,
      0.53,
      1.585,
      0.635,
      1.6925,
      0.74,
      1.7975,
      0.8475,
      1.9025,
      0.9525
    ],
    "TaskName": "training",
    "TotalReadoutTime": 0.07029788543960597,
    "dataset": "ds003661",
    "modality": "bold",
    "run_id": 4,
    "session_id": "training03",
    "subject_id": "03",
    "task_id": "training"
  },
  "dummy_trs": 0,
  "dvars_nstd": 50.359592453739516,
  "dvars_std": 1.1628981338655464,
  "dvars_vstd": 0.974359068235294,
  "efc": 0.5666734257215089,
  "fber": 803.8966674804688,
  "fd_mean": 0.29754669530563116,
  "fd_num": 129,
  "fd_perc": 53.97489539748954,
  "fwhm_avg": 1.9339033333333333,
  "fwhm_x": 1.82102,
  "fwhm_y": 2.139455,
  "fwhm_z": 1.841235,
  "gcor": 0.0142108,
  "gsr_x": -0.018666518852114677,
  "gsr_y": 0.04675985500216484,
  "provenance": {
    "md5sum": "b1cd0a78528a5355e4ba7fed617ab44f",
    "settings": {
      "fd_thres": 0.2,
      "testing": false
    },
    "software": "mriqc",
    "version": "22.0.6",
    "webapi_port": null,
    "webapi_url": "https://mriqc.nimh.nih.gov/api/v1"
  },
  "size_t": 239,
  "size_x": 96,
  "size_y": 96,
  "size_z": 76,
  "snr": 5.098894668478643,
  "spacing_tr": 2.0,
  "spacing_x": 2.0,
  "spacing_y": 2.0,
  "spacing_z": 2.0,
  "summary_bg_k": 27.347595409830642,
  "summary_bg_mad": 16.984790475964544,
  "summary_bg_mean": 42.99382781982422,
  "summary_bg_median": 18.98744773864746,
  "summary_bg_n": 454714.0,
  "summary_bg_p05": 5.803347110748291,
  "summary_bg_p95": 163.27615356445312,
  "summary_bg_stdv": 62.30223846435547,
  "summary_fg_k": 4.992219004191086,
  "summary_fg_mad": 79.4526022148347,
  "summary_fg_mean": 541.32373046875,
  "summary_fg_median": 542.0083618164062,
  "summary_fg_n": 150984.0,
  "summary_fg_p05": 374.2135925292969,
  "summary_fg_p95": 691.2497833251954,
  "summary_fg_stdv": 106.29883575439453,
  "tsnr": 24.540192038286477
}