{
  "aor": 0.0024137988826815645,
  "aqi": 0.028935382122905032,
  "bids_meta": {
    "EchoTime": 0.043,
    "FlipAngle": 80.0,
    "MagneticFieldStrength": 3.0,
    "Manufacturer": "SIEMENS",
    "ManufacturersModelName": "Verio",
    "MultibandAccelerationFactor": 4,
    "PhaseEncodingDirection": "j-",
    "RepetitionTime": 2.0,
    "SliceTiming": [
      0.0,
      1.0575,
      0.1075,
      1.1625,
      0.2125,
      1.27,
      0.3175,
      1.375,
      0.4225,
      1.48,
      0.53,
      1.585,
      0.635,
      1.6925,
      0.74,
      1.7975,
      0.845,
      1.9025,
      0.9525,
      0.0,
      1.0575,
      0.1075,
      1.1625,
      0.2125,
      1.27,
      0.3175,
      1.375,
      0.4225,
      1.48,
      0.53,
      1.585,
      0.635,
      1.6925,
      0.74,
      1.7975,
      0.845,
      1.9025,
      0.9525,
      0.0,
      1.0575,
      0.1075,
      1.1625,
      0.2125,
      1.27,
      0.3175,
      1.375,
      0.4225,
      1.48,
      0.53,
      1.585,
      0.635,
      1.6925,
      0.74,
      1.7975,
      0.845,
      1.9025,
      0.9525,
      0.0,
      1.0575,
      0.1075,
      1.1625,
      0.2125,
      1.27,
      0.3175,
      1.375,
      0.4225,
      1.48,
      0.53,
      1.585,
      0.635,
      1.6925,
      0.74,
      1.7975,
      0.845,
      1.9025,
      0.9525
    ],
    "TaskName": "testCategory",
    "TotalReadoutTime": 0.07029788543960597,
    "dataset": "ds003661",
    "modality": "bold",
    "run_id": 2,
    "session_id": "testCategory01",
    "subject_id": "04",
    "task_id": "testCategory"
  },
  "dummy_trs": 0,
  "dvars_nstd": 50.9446763025843,
  "dvars_std": 1.2031947800000002,
  "dvars_vstd": 1.0057562477528086,
  "efc": 0.574822129976925,
  "fber": 801.6738891601562,
  "fd_mean": 0.2514977978727733,
  "fd_num": 100,
  "fd_perc": 55.865921787709496,
  "fwhm_avg": 1.87855,
  "fwhm_x": 1.762805,
  "fwhm_y": 2.067965,
  "fwhm_z": 1.80488,
  "gcor": 0.0220086,
  "gsr_x": -0.016638178378343582,
  "gsr_y": 0.029173968359827995,
  "provenance": {
    "md5sum": "0d8c7ffb94f00913c507d6a85a30ad67",
    "settings": {
      "fd_thres": 0.2,
      "testing": false
    },
    "software": "mriqc",
    "version": "22.0.6",
    "webapi_port": null,
    "webapi_url": "https://mriqc.nimh.nih.gov/api/v1"
  },
  "size_t": 179,
  "size_x": 96,
  "size_y": 96,
  "size_z": 76,
  "snr": 4.5353040648701315,
  "spacing_tr": 2.0,
  "spacing_x": 2.0,
  "spacing_y": 2.0,
  "spacing_z": 2.0,
  "summary_bg_k": 17.182175300625154,
  "summary_bg_mad": 17.443352899199233,
  "summary_bg_mean": 44.62751007080078,
  "summary_bg_median": 19.960893630981445,
  "summary_bg_n": 439127.0,
  "summary_bg_p05": 6.184357166290283,
  "summary_bg_p95": 168.25697326660156,
  "summary_bg_stdv": 60.39424133300781,
  "summary_fg_k": 3.604796540550076,
  "summary_fg_mad": 97.48733973594967,
  "summary_fg_mean": 582.4515991210938,
  "summary_fg_median": 571.4860229492188,
  "summary_fg_n": 162383.0,
  "summary_fg_p05": 408.2854705810547,
  "summary_fg_p95": 790.2904663085938,
  "summary_fg_stdv": 126.00792694091797,
  "tsnr": 28.92945489299018
}