{
  "aor": 0.0013406703910614525,
  "aqi": 0.02376973016759777,
  "bids_meta": {
    "EchoTime": 0.043,
    "FlipAngle": 80.0,
    "MagneticFieldStrength": 3.0,
    "Manufacturer": "SIEMENS",
    "ManufacturersModelName": "Verio",
    "MultibandAccelerationFactor": 4,
    "PhaseEncodingDirection": "j-",
    "RepetitionTime": 2.0,
    "SliceTiming": [
      0.0,
      1.0575,
      0.1075,
      1.1625,
      0.2125,
      1.27,
      0.3175,
      1.375,
      0.4225,
      1.48,
      0.53,
      1.585,
      0.635,
      1.6925,
      0.74,
      1.7975,
      0.8475,
      1.9025,
      0.9525,
      0.0,
      1.0575,
      0.1075,
      1.1625,
      0.2125,
      1.27,
      0.3175,
      1.375,
      0.4225,
      1.48,
      0.53,
      1.585,
      0.635,
      1.6925,
      0.74,
      1.7975,
      0.8475,
      1.9025,
      0.9525,
      0.0,
      1.0575,
      0.1075,
      1.1625,
      0.2125,
      1.27,
      0.3175,
      1.375,
      0.4225,
      1.48,
      0.53,
      1.585,
      0.635,
      1.6925,
      0.74,
      1.7975,
      0.8475,
      1.9025,
      0.9525,
      0.0,
      1.0575,
      0.1075,
      1.1625,
      0.2125,
      1.27,
      0.3175,
      1.375,
      0.4225,
      1.48,
      0.53,
      1.585,
      0.635,
      1.6925,
      0.74,
      1.7975,
      0.8475,
      1.9025,
      0.9525
    ],
    "TaskName": "testNoCategory",
    "TotalReadoutTime": 0.07029788543960597,
    "dataset": "ds003661",
    "modality": "bold",
    "run_id": 2,
    "session_id": "testNoCategory01",
    "subject_id": "01",
    "task_id": "testNoCategory"
  },
  "dummy_trs": 0,
  "dvars_nstd": 48.98111264129213,
  "dvars_std": 1.3435924873595502,
  "dvars_vstd": 0.9978406020786514,
  "efc": 0.536459997457883,
  "fber": 1076.3701171875,
  "fd_mean": 0.18143046725278794,
  "fd_num": 55,
  "fd_perc": 30.726256983240223,
  "fwhm_avg": 1.8980383333333333,
  "fwhm_x": 1.776855,
  "fwhm_y": 2.101305,
  "fwhm_z": 1.815955,
  "gcor": 0.015943,
  "gsr_x": -0.028973005712032318,
  "gsr_y": 0.04151508957147598,
  "provenance": {
    "md5sum": "4196546dc58aebe7d7980def662ae0ff",
    "settings": {
      "fd_thres": 0.2,
      "testing": false
    },
    "software": "mriqc",
    "version": "22.0.6",
    "webapi_port": null,
    "webapi_url": "https://mriqc.nimh.nih.gov/api/v1"
  },
  "size_t": 179,
  "size_x": 96,
  "size_y": 96,
  "size_z": 76,
  "snr": 5.251261338803313,
  "spacing_tr": 2.0,
  "spacing_x": 2.0,
  "spacing_y": 2.0,
  "spacing_z": 2.0,
  "summary_bg_k": 18.756999889657568,
  "summary_bg_mad": 15.74540081945903,
  "summary_bg_mean": 43.830909729003906,
  "summary_bg_median": 18.759775161743164,
  "summary_bg_n": 476807.0,
  "summary_bg_p05": 6.0391058921813965,
  "summary_bg_p95": 174.88267517089844,
  "summary_bg_stdv": 63.18758010864258,
  "summary_fg_k": 5.201662717230562,
  "summary_fg_mad": 86.70318221713946,
  "summary_fg_mean": 626.9380493164062,
  "summary_fg_median": 621.3575439453125,
  "summary_fg_n": 132627.0,
  "summary_fg_p05": 459.95696716308595,
  "summary_fg_p95": 803.1977600097656,
  "summary_fg_stdv": 118.32494354248047,
  "tsnr": 37.21365686925128
}