{
  "aor": 0.001175195530726257,
  "aqi": 0.025828412849162017,
  "bids_meta": {
    "EchoTime": 0.043,
    "FlipAngle": 80.0,
    "MagneticFieldStrength": 3.0,
    "Manufacturer": "SIEMENS",
    "ManufacturersModelName": "Verio",
    "MultibandAccelerationFactor": 4,
    "PhaseEncodingDirection": "j-",
    "RepetitionTime": 2.0,
    "SliceTiming": [
      0.0,
      1.0575,
      0.105,
      1.1625,
      0.2125,
      1.2675,
      0.3175,
      1.375,
      0.4225,
      1.48,
      0.53,
      1.585,
      0.635,
      1.69,
      0.74,
      1.7975,
      0.845,
      1.9025,
      0.9525,
      0.0,
      1.0575,
      0.105,
      1.1625,
      0.2125,
      1.2675,
      0.3175,
      1.375,
      0.4225,
      1.48,
      0.53,
      1.585,
      0.635,
      1.69,
      0.74,
      1.7975,
      0.845,
      1.9025,
      0.9525,
      0.0,
      1.0575,
      0.105,
      1.1625,
      0.2125,
      1.2675,
      0.3175,
      1.375,
      0.4225,
      1.48,
      0.53,
      1.585,
      0.635,
      1.69,
      0.74,
      1.7975,
      0.845,
      1.9025,
      0.9525,
      0.0,
      1.0575,
      0.105,
      1.1625,
      0.2125,
      1.2675,
      0.3175,
      1.375,
      0.4225,
      1.48,
      0.53,
      1.585,
      0.635,
      1.69,
      0.74,
      1.7975,
      0.845,
      1.9025,
      0.9525
    ],
    "TaskName": "testNoCategory",
    "TotalReadoutTime": 0.07029788543960597,
    "dataset": "ds003661",
    "modality": "bold",
    "run_id": 1,
    "session_id": "testNoCategory01",
    "subject_id": "01",
    "task_id": "testNoCategory"
  },
  "dummy_trs": 0,
  "dvars_nstd": 52.190819922921385,
  "dvars_std": 1.364646886685393,
  "dvars_vstd": 0.99058636505618,
  "efc": 0.5369645205253021,
  "fber": 1051.5166015625,
  "fd_mean": 0.1926595032604531,
  "fd_num": 64,
  "fd_perc": 35.754189944134076,
  "fwhm_avg": 1.9039133333333333,
  "fwhm_x": 1.78645,
  "fwhm_y": 2.111615,
  "fwhm_z": 1.813675,
  "gcor": 0.00882464,
  "gsr_x": -0.02920634299516678,
  "gsr_y": 0.04200974106788635,
  "provenance": {
    "md5sum": "894b8481d87ba19635808de1e0574925",
    "settings": {
      "fd_thres": 0.2,
      "testing": false
    },
    "software": "mriqc",
    "version": "22.0.6",
    "webapi_port": null,
    "webapi_url": "https://mriqc.nimh.nih.gov/api/v1"
  },
  "size_t": 179,
  "size_x": 96,
  "size_y": 96,
  "size_z": 76,
  "snr": 5.259678720463219,
  "spacing_tr": 2.0,
  "spacing_x": 2.0,
  "spacing_y": 2.0,
  "spacing_z": 2.0,
  "summary_bg_k": 18.855674633549377,
  "summary_bg_mad": 16.11812276638328,
  "summary_bg_mean": 43.872867584228516,
  "summary_bg_median": 19.05027961730957,
  "summary_bg_n": 476323.0,
  "summary_bg_p05": 6.022346019744873,
  "summary_bg_p95": 173.905029296875,
  "summary_bg_stdv": 62.79692077636719,
  "summary_fg_k": 5.129855017582463,
  "summary_fg_mad": 87.16703835557084,
  "summary_fg_mean": 628.0626831054688,
  "summary_fg_median": 621.9273681640625,
  "summary_fg_n": 132799.0,
  "summary_fg_p05": 461.89215393066405,
  "summary_fg_p95": 804.5474853515625,
  "summary_fg_stdv": 118.2439193725586,
  "tsnr": 35.55843240232207
}