{
  "aor": 0.0023368715083798884,
  "aqi": 0.024845523463687152,
  "bids_meta": {
    "EchoTime": 0.043,
    "FlipAngle": 80.0,
    "MagneticFieldStrength": 3.0,
    "Manufacturer": "SIEMENS",
    "ManufacturersModelName": "Verio",
    "MultibandAccelerationFactor": 4,
    "PhaseEncodingDirection": "j-",
    "RepetitionTime": 2.0,
    "SliceTiming": [
      0.0,
      1.0575,
      0.105,
      1.1625,
      0.2125,
      1.2675,
      0.3175,
      1.375,
      0.4225,
      1.48,
      0.5275,
      1.585,
      0.635,
      1.69,
      0.74,
      1.7975,
      0.845,
      1.9025,
      0.95,
      0.0,
      1.0575,
      0.105,
      1.1625,
      0.2125,
      1.2675,
      0.3175,
      1.375,
      0.4225,
      1.48,
      0.5275,
      1.585,
      0.635,
      1.69,
      0.74,
      1.7975,
      0.845,
      1.9025,
      0.95,
      0.0,
      1.0575,
      0.105,
      1.1625,
      0.2125,
      1.2675,
      0.3175,
      1.375,
      0.4225,
      1.48,
      0.5275,
      1.585,
      0.635,
      1.69,
      0.74,
      1.7975,
      0.845,
      1.9025,
      0.95,
      0.0,
      1.0575,
      0.105,
      1.1625,
      0.2125,
      1.2675,
      0.3175,
      1.375,
      0.4225,
      1.48,
      0.5275,
      1.585,
      0.635,
      1.69,
      0.74,
      1.7975,
      0.845,
      1.9025,
      0.95
    ],
    "TaskName": "testNoCategory",
    "TotalReadoutTime": 0.07029788543960597,
    "dataset": "ds003661",
    "modality": "bold",
    "run_id": 1,
    "session_id": "testNoCategory01",
    "subject_id": "02",
    "task_id": "testNoCategory"
  },
  "dummy_trs": 0,
  "dvars_nstd": 54.67204372488765,
  "dvars_std": 1.2953463951123596,
  "dvars_vstd": 1.0083204819101121,
  "efc": 0.580576918009187,
  "fber": 619.3201904296875,
  "fd_mean": 0.190014116699128,
  "fd_num": 73,
  "fd_perc": 40.78212290502793,
  "fwhm_avg": 1.8954149999999998,
  "fwhm_x": 1.79063,
  "fwhm_y": 2.11447,
  "fwhm_z": 1.781145,
  "gcor": 0.00866814,
  "gsr_x": -0.015473879873752594,
  "gsr_y": 0.06073463708162308,
  "provenance": {
    "md5sum": "60c81c39d56706209bbc6ab88e71c1ae",
    "settings": {
      "fd_thres": 0.2,
      "testing": false
    },
    "software": "mriqc",
    "version": "22.0.6",
    "webapi_port": null,
    "webapi_url": "https://mriqc.nimh.nih.gov/api/v1"
  },
  "size_t": 179,
  "size_x": 96,
  "size_y": 96,
  "size_z": 76,
  "snr": 4.78960786519206,
  "spacing_tr": 2.0,
  "spacing_x": 2.0,
  "spacing_y": 2.0,
  "spacing_z": 2.0,
  "summary_bg_k": 17.1164267945615,
  "summary_bg_mad": 20.499666077163734,
  "summary_bg_mean": 48.77880859375,
  "summary_bg_median": 22.502792358398438,
  "summary_bg_n": 444381.0,
  "summary_bg_p05": 6.37988805770874,
  "summary_bg_p95": 190.97206115722656,
  "summary_bg_stdv": 67.50910186767578,
  "summary_fg_k": 3.7494246750962166,
  "summary_fg_mad": 95.83902613361604,
  "summary_fg_mean": 575.2952270507812,
  "summary_fg_median": 570.1954956054688,
  "summary_fg_n": 158380.0,
  "summary_fg_p05": 402.0779067993164,
  "summary_fg_p95": 755.4471801757812,
  "summary_fg_stdv": 119.048095703125,
  "tsnr": 32.18178138229996
}