{
  "aor": 0.004472625698324022,
  "aqi": 0.041157933519553075,
  "bids_meta": {
    "EchoTime": 0.043,
    "FlipAngle": 80.0,
    "MagneticFieldStrength": 3.0,
    "Manufacturer": "SIEMENS",
    "ManufacturersModelName": "Verio",
    "MultibandAccelerationFactor": 4,
    "PhaseEncodingDirection": "j-",
    "RepetitionTime": 2.0,
    "SliceTiming": [
      0.0,
      1.0575,
      0.1075,
      1.1625,
      0.2125,
      1.27,
      0.3175,
      1.375,
      0.425,
      1.48,
      0.53,
      1.585,
      0.635,
      1.6925,
      0.74,
      1.7975,
      0.8475,
      1.9025,
      0.9525,
      0.0,
      1.0575,
      0.1075,
      1.1625,
      0.2125,
      1.27,
      0.3175,
      1.375,
      0.425,
      1.48,
      0.53,
      1.585,
      0.635,
      1.6925,
      0.74,
      1.7975,
      0.8475,
      1.9025,
      0.9525,
      0.0,
      1.0575,
      0.1075,
      1.1625,
      0.2125,
      1.27,
      0.3175,
      1.375,
      0.425,
      1.48,
      0.53,
      1.585,
      0.635,
      1.6925,
      0.74,
      1.7975,
      0.8475,
      1.9025,
      0.9525,
      0.0,
      1.0575,
      0.1075,
      1.1625,
      0.2125,
      1.27,
      0.3175,
      1.375,
      0.425,
      1.48,
      0.53,
      1.585,
      0.635,
      1.6925,
      0.74,
      1.7975,
      0.8475,
      1.9025,
      0.9525
    ],
    "TaskName": "testCategory",
    "TotalReadoutTime": 0.07029788543960597,
    "dataset": "ds003661",
    "modality": "bold",
    "run_id": 1,
    "session_id": "testCategory01",
    "subject_id": "03",
    "task_id": "testCategory"
  },
  "dummy_trs": 0,
  "dvars_nstd": 56.071425405561804,
  "dvars_std": 1.1900234528089888,
  "dvars_vstd": 1.012032323707865,
  "efc": 0.5699426172928309,
  "fber": 667.1856689453125,
  "fd_mean": 0.30121434714187734,
  "fd_num": 118,
  "fd_perc": 65.92178770949721,
  "fwhm_avg": 1.947498333333333,
  "fwhm_x": 1.828735,
  "fwhm_y": 2.16358,
  "fwhm_z": 1.85018,
  "gcor": 0.0108201,
  "gsr_x": -0.023584451526403427,
  "gsr_y": 0.04498273879289627,
  "provenance": {
    "md5sum": "4fd818146cec335cea4487ffa20c19a5",
    "settings": {
      "fd_thres": 0.2,
      "testing": false
    },
    "software": "mriqc",
    "version": "22.0.6",
    "webapi_port": null,
    "webapi_url": "https://mriqc.nimh.nih.gov/api/v1"
  },
  "size_t": 179,
  "size_x": 96,
  "size_y": 96,
  "size_z": 76,
  "snr": 5.21546932813435,
  "spacing_tr": 2.0,
  "spacing_x": 2.0,
  "spacing_y": 2.0,
  "spacing_z": 2.0,
  "summary_bg_k": 20.67586440224183,
  "summary_bg_mad": 17.973445517893477,
  "summary_bg_mean": 43.59654235839844,
  "summary_bg_median": 20.603351593017578,
  "summary_bg_n": 455626.0,
  "summary_bg_p05": 6.391061305999756,
  "summary_bg_p95": 165.3184356689453,
  "summary_bg_stdv": 60.42581558227539,
  "summary_fg_k": 4.649475001821397,
  "summary_fg_mad": 79.0582883008248,
  "summary_fg_mean": 536.741943359375,
  "summary_fg_median": 538.1731567382812,
  "summary_fg_n": 149820.0,
  "summary_fg_p05": 372.8994445800781,
  "summary_fg_p95": 681.6539031982421,
  "summary_fg_stdv": 103.1875228881836,
  "tsnr": 25.44392264727503
}