{
  "aor": 0.007331229050279331,
  "aqi": 0.033294859217877094,
  "bids_meta": {
    "EchoTime": 0.043,
    "FlipAngle": 80.0,
    "MagneticFieldStrength": 3.0,
    "Manufacturer": "SIEMENS",
    "ManufacturersModelName": "Verio",
    "MultibandAccelerationFactor": 4,
    "PhaseEncodingDirection": "j-",
    "RepetitionTime": 2.0,
    "SliceTiming": [
      0.0,
      1.0575,
      0.1075,
      1.1625,
      0.2125,
      1.27,
      0.3175,
      1.375,
      0.425,
      1.48,
      0.53,
      1.585,
      0.635,
      1.6925,
      0.74,
      1.7975,
      0.8475,
      1.9025,
      0.9525,
      0.0,
      1.0575,
      0.1075,
      1.1625,
      0.2125,
      1.27,
      0.3175,
      1.375,
      0.425,
      1.48,
      0.53,
      1.585,
      0.635,
      1.6925,
      0.74,
      1.7975,
      0.8475,
      1.9025,
      0.9525,
      0.0,
      1.0575,
      0.1075,
      1.1625,
      0.2125,
      1.27,
      0.3175,
      1.375,
      0.425,
      1.48,
      0.53,
      1.585,
      0.635,
      1.6925,
      0.74,
      1.7975,
      0.8475,
      1.9025,
      0.9525,
      0.0,
      1.0575,
      0.1075,
      1.1625,
      0.2125,
      1.27,
      0.3175,
      1.375,
      0.425,
      1.48,
      0.53,
      1.585,
      0.635,
      1.6925,
      0.74,
      1.7975,
      0.8475,
      1.9025,
      0.9525
    ],
    "TaskName": "testCategory",
    "TotalReadoutTime": 0.07029788543960597,
    "dataset": "ds003661",
    "modality": "bold",
    "run_id": 1,
    "session_id": "testCategory01",
    "subject_id": "05",
    "task_id": "testCategory"
  },
  "dummy_trs": 0,
  "dvars_nstd": 65.3004070022472,
  "dvars_std": 1.3428906028651681,
  "dvars_vstd": 1.0756204539325838,
  "efc": 0.5737783190426993,
  "fber": 708.861083984375,
  "fd_mean": 0.31760197248537886,
  "fd_num": 118,
  "fd_perc": 65.92178770949721,
  "fwhm_avg": 1.8895683333333333,
  "fwhm_x": 1.75533,
  "fwhm_y": 2.117505,
  "fwhm_z": 1.79587,
  "gcor": 0.0138556,
  "gsr_x": -0.01500312052667141,
  "gsr_y": 0.06972544640302658,
  "provenance": {
    "md5sum": "01c5512418c22e236d94c2fdf662c119",
    "settings": {
      "fd_thres": 0.2,
      "testing": false
    },
    "software": "mriqc",
    "version": "22.0.6",
    "webapi_port": null,
    "webapi_url": "https://mriqc.nimh.nih.gov/api/v1"
  },
  "size_t": 179,
  "size_x": 96,
  "size_y": 96,
  "size_z": 76,
  "snr": 4.7021422118906395,
  "spacing_tr": 2.0,
  "spacing_x": 2.0,
  "spacing_y": 2.0,
  "spacing_z": 2.0,
  "summary_bg_k": 18.675135177722872,
  "summary_bg_mad": 16.192666024632405,
  "summary_bg_mean": 38.016239166259766,
  "summary_bg_median": 17.854747772216797,
  "summary_bg_n": 444989.0,
  "summary_bg_p05": 5.692737102508545,
  "summary_bg_p95": 141.69049987792957,
  "summary_bg_stdv": 50.970062255859375,
  "summary_fg_k": 3.502885305049489,
  "summary_fg_mad": 81.8661291356643,
  "summary_fg_mean": 484.4475402832031,
  "summary_fg_median": 476.044677734375,
  "summary_fg_n": 159069.0,
  "summary_fg_p05": 348.7173217773437,
  "summary_fg_p95": 644.7240112304688,
  "summary_fg_stdv": 101.23963928222656,
  "tsnr": 26.43763812701218
}