{
  "aor": 0.003935307262569833,
  "aqi": 0.03676497206703911,
  "bids_meta": {
    "EchoTime": 0.043,
    "FlipAngle": 80.0,
    "MagneticFieldStrength": 3.0,
    "Manufacturer": "SIEMENS",
    "ManufacturersModelName": "Verio",
    "MultibandAccelerationFactor": 4,
    "PhaseEncodingDirection": "j-",
    "RepetitionTime": 2.0,
    "SliceTiming": [
      0.0,
      1.0575,
      0.1075,
      1.1625,
      0.2125,
      1.27,
      0.3175,
      1.375,
      0.425,
      1.48,
      0.53,
      1.585,
      0.635,
      1.6925,
      0.74,
      1.7975,
      0.8475,
      1.9025,
      0.9525,
      0.0,
      1.0575,
      0.1075,
      1.1625,
      0.2125,
      1.27,
      0.3175,
      1.375,
      0.425,
      1.48,
      0.53,
      1.585,
      0.635,
      1.6925,
      0.74,
      1.7975,
      0.8475,
      1.9025,
      0.9525,
      0.0,
      1.0575,
      0.1075,
      1.1625,
      0.2125,
      1.27,
      0.3175,
      1.375,
      0.425,
      1.48,
      0.53,
      1.585,
      0.635,
      1.6925,
      0.74,
      1.7975,
      0.8475,
      1.9025,
      0.9525,
      0.0,
      1.0575,
      0.1075,
      1.1625,
      0.2125,
      1.27,
      0.3175,
      1.375,
      0.425,
      1.48,
      0.53,
      1.585,
      0.635,
      1.6925,
      0.74,
      1.7975,
      0.8475,
      1.9025,
      0.9525
    ],
    "TaskName": "testNoCategory",
    "TotalReadoutTime": 0.07029788543960597,
    "dataset": "ds003661",
    "modality": "bold",
    "run_id": 2,
    "session_id": "testNoCategory01",
    "subject_id": "03",
    "task_id": "testNoCategory"
  },
  "dummy_trs": 0,
  "dvars_nstd": 58.3095184711798,
  "dvars_std": 1.2211978440449436,
  "dvars_vstd": 1.0302091726966287,
  "efc": 0.5642177391253785,
  "fber": 796.9814453125,
  "fd_mean": 0.32909320631348554,
  "fd_num": 130,
  "fd_perc": 72.62569832402235,
  "fwhm_avg": 1.9602516666666665,
  "fwhm_x": 1.848825,
  "fwhm_y": 2.161695,
  "fwhm_z": 1.870235,
  "gcor": 0.0179259,
  "gsr_x": -0.016375677660107613,
  "gsr_y": 0.04600093513727188,
  "provenance": {
    "md5sum": "198e591ea6fa7b5e193ba94d76596318",
    "settings": {
      "fd_thres": 0.2,
      "testing": false
    },
    "software": "mriqc",
    "version": "22.0.6",
    "webapi_port": null,
    "webapi_url": "https://mriqc.nimh.nih.gov/api/v1"
  },
  "size_t": 179,
  "size_x": 96,
  "size_y": 96,
  "size_z": 76,
  "snr": 5.155021374674563,
  "spacing_tr": 2.0,
  "spacing_x": 2.0,
  "spacing_y": 2.0,
  "spacing_z": 2.0,
  "summary_bg_k": 22.518380767625832,
  "summary_bg_mad": 16.06842631827076,
  "summary_bg_mean": 42.78912353515625,
  "summary_bg_median": 18.966480255126953,
  "summary_bg_n": 457634.0,
  "summary_bg_p05": 6.3184356689453125,
  "summary_bg_p95": 165.38379211425755,
  "summary_bg_stdv": 61.44032669067383,
  "summary_fg_k": 5.046731908381794,
  "summary_fg_mad": 78.96716400675527,
  "summary_fg_mean": 545.5704956054688,
  "summary_fg_median": 546.5865478515625,
  "summary_fg_n": 148509.0,
  "summary_fg_p05": 377.73407592773435,
  "summary_fg_p95": 694.732958984375,
  "summary_fg_stdv": 106.02957153320312,
  "tsnr": 26.627552894991823
}