{
  "aor": 0.0007657740585774059,
  "aqi": 0.025736471548117156,
  "bids_meta": {
    "EchoTime": 0.043,
    "FlipAngle": 80.0,
    "MagneticFieldStrength": 3.0,
    "Manufacturer": "SIEMENS",
    "ManufacturersModelName": "Verio",
    "MultibandAccelerationFactor": 4,
    "PhaseEncodingDirection": "j-",
    "RepetitionTime": 2.0,
    "SliceTiming": [
      0.0,
      1.055,
      0.105,
      1.1625,
      0.21,
      1.2675,
      0.3175,
      1.3725,
      0.4225,
      1.48,
      0.5275,
      1.585,
      0.6325,
      1.69,
      0.74,
      1.795,
      0.845,
      1.9025,
      0.95,
      0.0,
      1.055,
      0.105,
      1.1625,
      0.21,
      1.2675,
      0.3175,
      1.3725,
      0.4225,
      1.48,
      0.5275,
      1.585,
      0.6325,
      1.69,
      0.74,
      1.795,
      0.845,
      1.9025,
      0.95,
      0.0,
      1.055,
      0.105,
      1.1625,
      0.21,
      1.2675,
      0.3175,
      1.3725,
      0.4225,
      1.48,
      0.5275,
      1.585,
      0.6325,
      1.69,
      0.74,
      1.795,
      0.845,
      1.9025,
      0.95,
      0.0,
      1.055,
      0.105,
      1.1625,
      0.21,
      1.2675,
      0.3175,
      1.3725,
      0.4225,
      1.48,
      0.5275,
      1.585,
      0.6325,
      1.69,
      0.74,
      1.795,
      0.845,
      1.9025,
      0.95
    ],
    "TaskName": "training",
    "TotalReadoutTime": 0.07029788543960597,
    "dataset": "ds003661",
    "modality": "bold",
    "run_id": 3,
    "session_id": "training03",
    "subject_id": "02",
    "task_id": "training"
  },
  "dummy_trs": 0,
  "dvars_nstd": 54.19838217705881,
  "dvars_std": 1.2595865163865547,
  "dvars_vstd": 0.983902259159664,
  "efc": 0.5760031795082337,
  "fber": 789.95263671875,
  "fd_mean": 0.24259069591281804,
  "fd_num": 138,
  "fd_perc": 57.74058577405858,
  "fwhm_avg": 1.8618516666666667,
  "fwhm_x": 1.7592,
  "fwhm_y": 2.085645,
  "fwhm_z": 1.74071,
  "gcor": 0.00982818,
  "gsr_x": -0.01072009652853012,
  "gsr_y": 0.07089589536190033,
  "provenance": {
    "md5sum": "9bbdd4a919b92b97fc961c74fd4df59c",
    "settings": {
      "fd_thres": 0.2,
      "testing": false
    },
    "software": "mriqc",
    "version": "22.0.6",
    "webapi_port": null,
    "webapi_url": "https://mriqc.nimh.nih.gov/api/v1"
  },
  "size_t": 239,
  "size_x": 96,
  "size_y": 96,
  "size_z": 76,
  "snr": 4.7656107245101715,
  "spacing_tr": 2.0,
  "spacing_x": 2.0,
  "spacing_y": 2.0,
  "spacing_z": 2.0,
  "summary_bg_k": 23.692643906837276,
  "summary_bg_mad": 17.239127757827763,
  "summary_bg_mean": 44.81304168701172,
  "summary_bg_median": 19.34937286376953,
  "summary_bg_n": 442776.0,
  "summary_bg_p05": 6.008368015289307,
  "summary_bg_p95": 171.7531280517578,
  "summary_bg_stdv": 64.52855682373047,
  "summary_fg_k": 3.927890674035817,
  "summary_fg_mad": 91.89029918303169,
  "summary_fg_mean": 561.5039672851562,
  "summary_fg_median": 556.4727783203125,
  "summary_fg_n": 160104.0,
  "summary_fg_p05": 390.17467498779297,
  "summary_fg_p95": 738.12548828125,
  "summary_fg_stdv": 116.7680435180664,
  "tsnr": 31.544796998728998
}