{
  "aor": 0.0010857322175732217,
  "aqi": 0.03608472175732218,
  "bids_meta": {
    "EchoTime": 0.043,
    "FlipAngle": 80.0,
    "MagneticFieldStrength": 3.0,
    "Manufacturer": "SIEMENS",
    "ManufacturersModelName": "Verio",
    "MultibandAccelerationFactor": 4,
    "PhaseEncodingDirection": "j-",
    "RepetitionTime": 2.0,
    "SliceTiming": [
      0.0,
      1.0575,
      0.1075,
      1.1625,
      0.2125,
      1.27,
      0.3175,
      1.375,
      0.4225,
      1.48,
      0.53,
      1.585,
      0.635,
      1.6925,
      0.74,
      1.7975,
      0.8475,
      1.9025,
      0.9525,
      0.0,
      1.0575,
      0.1075,
      1.1625,
      0.2125,
      1.27,
      0.3175,
      1.375,
      0.4225,
      1.48,
      0.53,
      1.585,
      0.635,
      1.6925,
      0.74,
      1.7975,
      0.8475,
      1.9025,
      0.9525,
      0.0,
      1.0575,
      0.1075,
      1.1625,
      0.2125,
      1.27,
      0.3175,
      1.375,
      0.4225,
      1.48,
      0.53,
      1.585,
      0.635,
      1.6925,
      0.74,
      1.7975,
      0.8475,
      1.9025,
      0.9525,
      0.0,
      1.0575,
      0.1075,
      1.1625,
      0.2125,
      1.27,
      0.3175,
      1.375,
      0.4225,
      1.48,
      0.53,
      1.585,
      0.635,
      1.6925,
      0.74,
      1.7975,
      0.8475,
      1.9025,
      0.9525
    ],
    "TaskName": "training",
    "TotalReadoutTime": 0.07029788543960597,
    "dataset": "ds003661",
    "modality": "bold",
    "run_id": 4,
    "session_id": "training03",
    "subject_id": "02",
    "task_id": "training"
  },
  "dummy_trs": 0,
  "dvars_nstd": 54.22941089289918,
  "dvars_std": 1.2140470853781515,
  "dvars_vstd": 0.9576210407983192,
  "efc": 0.5766259115630961,
  "fber": 799.4549560546875,
  "fd_mean": 0.22037829177820134,
  "fd_num": 117,
  "fd_perc": 48.95397489539749,
  "fwhm_avg": 1.8917933333333332,
  "fwhm_x": 1.782025,
  "fwhm_y": 2.11463,
  "fwhm_z": 1.778725,
  "gcor": 0.0382831,
  "gsr_x": -0.01070682518184185,
  "gsr_y": 0.07347830384969711,
  "provenance": {
    "md5sum": "06daa041e82992b6ae6923f5df9ceb77",
    "settings": {
      "fd_thres": 0.2,
      "testing": false
    },
    "software": "mriqc",
    "version": "22.0.6",
    "webapi_port": null,
    "webapi_url": "https://mriqc.nimh.nih.gov/api/v1"
  },
  "size_t": 239,
  "size_x": 96,
  "size_y": 96,
  "size_z": 76,
  "snr": 4.844708759627649,
  "spacing_tr": 2.0,
  "spacing_x": 2.0,
  "spacing_y": 2.0,
  "spacing_z": 2.0,
  "summary_bg_k": 24.78502071246885,
  "summary_bg_mad": 17.369397831527518,
  "summary_bg_mean": 44.821598052978516,
  "summary_bg_median": 19.355648040771484,
  "summary_bg_n": 442399.0,
  "summary_bg_p05": 5.979079246520996,
  "summary_bg_p95": 169.3556365966797,
  "summary_bg_stdv": 64.59187316894531,
  "summary_fg_k": 4.076399516251905,
  "summary_fg_mad": 91.00321730143925,
  "summary_fg_mean": 560.0772094726562,
  "summary_fg_median": 554.3974609375,
  "summary_fg_n": 160494.0,
  "summary_fg_p05": 391.04163055419923,
  "summary_fg_p95": 734.8763427734377,
  "summary_fg_stdv": 114.43324279785156,
  "tsnr": 27.320314936805516
}