{
  "aor": 0.0011616317991631796,
  "aqi": 0.033390135564853554,
  "bids_meta": {
    "EchoTime": 0.043,
    "FlipAngle": 80.0,
    "MagneticFieldStrength": 3.0,
    "Manufacturer": "SIEMENS",
    "ManufacturersModelName": "Verio",
    "MultibandAccelerationFactor": 4,
    "PhaseEncodingDirection": "j-",
    "RepetitionTime": 2.0,
    "SliceTiming": [
      0.0,
      1.0575,
      0.1075,
      1.1625,
      0.2125,
      1.27,
      0.3175,
      1.375,
      0.425,
      1.48,
      0.53,
      1.585,
      0.635,
      1.6925,
      0.74,
      1.7975,
      0.8475,
      1.9025,
      0.9525,
      0.0,
      1.0575,
      0.1075,
      1.1625,
      0.2125,
      1.27,
      0.3175,
      1.375,
      0.425,
      1.48,
      0.53,
      1.585,
      0.635,
      1.6925,
      0.74,
      1.7975,
      0.8475,
      1.9025,
      0.9525,
      0.0,
      1.0575,
      0.1075,
      1.1625,
      0.2125,
      1.27,
      0.3175,
      1.375,
      0.425,
      1.48,
      0.53,
      1.585,
      0.635,
      1.6925,
      0.74,
      1.7975,
      0.8475,
      1.9025,
      0.9525,
      0.0,
      1.0575,
      0.1075,
      1.1625,
      0.2125,
      1.27,
      0.3175,
      1.375,
      0.425,
      1.48,
      0.53,
      1.585,
      0.635,
      1.6925,
      0.74,
      1.7975,
      0.8475,
      1.9025,
      0.9525
    ],
    "TaskName": "training",
    "TotalReadoutTime": 0.07029788543960597,
    "dataset": "ds003661",
    "modality": "bold",
    "run_id": 2,
    "session_id": "training03",
    "subject_id": "02",
    "task_id": "training"
  },
  "dummy_trs": 0,
  "dvars_nstd": 56.51534771319328,
  "dvars_std": 1.2033178668907567,
  "dvars_vstd": 0.9733782888655459,
  "efc": 0.5769256170780145,
  "fber": 779.3809204101562,
  "fd_mean": 0.29722666632878963,
  "fd_num": 167,
  "fd_perc": 69.8744769874477,
  "fwhm_avg": 1.878523333333333,
  "fwhm_x": 1.770215,
  "fwhm_y": 2.113075,
  "fwhm_z": 1.75228,
  "gcor": 0.0243518,
  "gsr_x": -0.011744080111384392,
  "gsr_y": 0.07166512310504913,
  "provenance": {
    "md5sum": "1f9b4d5b58bdc744bb37d57b3769de5c",
    "settings": {
      "fd_thres": 0.2,
      "testing": false
    },
    "software": "mriqc",
    "version": "22.0.6",
    "webapi_port": null,
    "webapi_url": "https://mriqc.nimh.nih.gov/api/v1"
  },
  "size_t": 239,
  "size_x": 96,
  "size_y": 96,
  "size_z": 76,
  "snr": 4.7948414855823405,
  "spacing_tr": 2.0,
  "spacing_x": 2.0,
  "spacing_y": 2.0,
  "spacing_z": 2.0,
  "summary_bg_k": 23.66905051868455,
  "summary_bg_mad": 17.561702216268834,
  "summary_bg_mean": 44.851871490478516,
  "summary_bg_median": 19.56485366821289,
  "summary_bg_n": 442317.0,
  "summary_bg_p05": 6.004183769226074,
  "summary_bg_p95": 170.3782440185543,
  "summary_bg_stdv": 64.23712158203125,
  "summary_fg_k": 3.939354881165671,
  "summary_fg_mad": 91.22654873913895,
  "summary_fg_mean": 558.8365478515625,
  "summary_fg_median": 554.0083618164062,
  "summary_fg_n": 160406.0,
  "summary_fg_p05": 386.65794372558594,
  "summary_fg_p95": 733.9361572265625,
  "summary_fg_stdv": 115.54222106933594,
  "tsnr": 27.453146622283384
}