{
  "aor": 0.001079539748953975,
  "aqi": 0.0336168359832636,
  "bids_meta": {
    "EchoTime": 0.043,
    "FlipAngle": 80.0,
    "MagneticFieldStrength": 3.0,
    "Manufacturer": "SIEMENS",
    "ManufacturersModelName": "Verio",
    "MultibandAccelerationFactor": 4,
    "PhaseEncodingDirection": "j-",
    "RepetitionTime": 2.0,
    "SliceTiming": [
      0.0,
      1.0575,
      0.1075,
      1.1625,
      0.2125,
      1.27,
      0.3175,
      1.375,
      0.425,
      1.48,
      0.53,
      1.585,
      0.635,
      1.6925,
      0.74,
      1.7975,
      0.8475,
      1.9025,
      0.9525,
      0.0,
      1.0575,
      0.1075,
      1.1625,
      0.2125,
      1.27,
      0.3175,
      1.375,
      0.425,
      1.48,
      0.53,
      1.585,
      0.635,
      1.6925,
      0.74,
      1.7975,
      0.8475,
      1.9025,
      0.9525,
      0.0,
      1.0575,
      0.1075,
      1.1625,
      0.2125,
      1.27,
      0.3175,
      1.375,
      0.425,
      1.48,
      0.53,
      1.585,
      0.635,
      1.6925,
      0.74,
      1.7975,
      0.8475,
      1.9025,
      0.9525,
      0.0,
      1.0575,
      0.1075,
      1.1625,
      0.2125,
      1.27,
      0.3175,
      1.375,
      0.425,
      1.48,
      0.53,
      1.585,
      0.635,
      1.6925,
      0.74,
      1.7975,
      0.8475,
      1.9025,
      0.9525
    ],
    "TaskName": "training",
    "TotalReadoutTime": 0.07029788543960597,
    "dataset": "ds003661",
    "modality": "bold",
    "run_id": 1,
    "session_id": "training03",
    "subject_id": "02",
    "task_id": "training"
  },
  "dummy_trs": 0,
  "dvars_nstd": 53.53130468802519,
  "dvars_std": 1.2195542165546214,
  "dvars_vstd": 0.9705502785294117,
  "efc": 0.5766341476128263,
  "fber": 734.107421875,
  "fd_mean": 0.24523566518299822,
  "fd_num": 131,
  "fd_perc": 54.81171548117155,
  "fwhm_avg": 1.889405,
  "fwhm_x": 1.777765,
  "fwhm_y": 2.120685,
  "fwhm_z": 1.769765,
  "gcor": 0.0109669,
  "gsr_x": -0.012069175951182842,
  "gsr_y": 0.06823273748159409,
  "provenance": {
    "md5sum": "62ba8f4f7a860cbea26539d6b9bbad44",
    "settings": {
      "fd_thres": 0.2,
      "testing": false
    },
    "software": "mriqc",
    "version": "22.0.6",
    "webapi_port": null,
    "webapi_url": "https://mriqc.nimh.nih.gov/api/v1"
  },
  "size_t": 239,
  "size_x": 96,
  "size_y": 96,
  "size_z": 76,
  "snr": 4.806778283855327,
  "spacing_tr": 2.0,
  "spacing_x": 2.0,
  "spacing_y": 2.0,
  "spacing_z": 2.0,
  "summary_bg_k": 23.01302457605989,
  "summary_bg_mad": 18.268885444192538,
  "summary_bg_mean": 44.905540466308594,
  "summary_bg_median": 20.322175979614258,
  "summary_bg_n": 442617.0,
  "summary_bg_p05": 6.096234321594238,
  "summary_bg_p95": 170.4945526123045,
  "summary_bg_stdv": 63.49518966674805,
  "summary_fg_k": 3.8502312873699935,
  "summary_fg_mad": 91.92441423652147,
  "summary_fg_mean": 563.9943237304688,
  "summary_fg_median": 559.2154541015625,
  "summary_fg_n": 160328.0,
  "summary_fg_p05": 391.30270233154295,
  "summary_fg_p95": 739.8139862060546,
  "summary_fg_stdv": 116.33856964111328,
  "tsnr": 28.49832114065066
}