{
  "aor": 0.0024200418410041838,
  "aqi": 0.018622097489539746,
  "bids_meta": {
    "EchoTime": 0.043,
    "FlipAngle": 80.0,
    "MagneticFieldStrength": 3.0,
    "Manufacturer": "SIEMENS",
    "ManufacturersModelName": "Verio",
    "MultibandAccelerationFactor": 4,
    "PhaseEncodingDirection": "j-",
    "RepetitionTime": 2.0,
    "SliceTiming": [
      0.0,
      1.055,
      0.105,
      1.1625,
      0.21,
      1.2675,
      0.3175,
      1.3725,
      0.4225,
      1.4775,
      0.5275,
      1.585,
      0.6325,
      1.69,
      0.74,
      1.795,
      0.845,
      1.9,
      0.95,
      0.0,
      1.055,
      0.105,
      1.1625,
      0.21,
      1.2675,
      0.3175,
      1.3725,
      0.4225,
      1.4775,
      0.5275,
      1.585,
      0.6325,
      1.69,
      0.74,
      1.795,
      0.845,
      1.9,
      0.95,
      0.0,
      1.055,
      0.105,
      1.1625,
      0.21,
      1.2675,
      0.3175,
      1.3725,
      0.4225,
      1.4775,
      0.5275,
      1.585,
      0.6325,
      1.69,
      0.74,
      1.795,
      0.845,
      1.9,
      0.95,
      0.0,
      1.055,
      0.105,
      1.1625,
      0.21,
      1.2675,
      0.3175,
      1.3725,
      0.4225,
      1.4775,
      0.5275,
      1.585,
      0.6325,
      1.69,
      0.74,
      1.795,
      0.845,
      1.9,
      0.95
    ],
    "TaskName": "training",
    "TotalReadoutTime": 0.07029788543960597,
    "dataset": "ds003661",
    "modality": "bold",
    "run_id": 8,
    "session_id": "training01",
    "subject_id": "01",
    "task_id": "training"
  },
  "dummy_trs": 0,
  "dvars_nstd": 43.884893128907585,
  "dvars_std": 1.296370037605042,
  "dvars_vstd": 1.0278173386134448,
  "efc": 0.5324835893005189,
  "fber": 1453.1220703125,
  "fd_mean": 0.14543616772479923,
  "fd_num": 57,
  "fd_perc": 23.84937238493724,
  "fwhm_avg": 1.861341666666667,
  "fwhm_x": 1.760005,
  "fwhm_y": 2.02698,
  "fwhm_z": 1.79704,
  "gcor": 0.0302057,
  "gsr_x": -0.026247458532452583,
  "gsr_y": 0.04429857060313225,
  "provenance": {
    "md5sum": "66e8544cad4fb8cf89fb73bc5166055f",
    "settings": {
      "fd_thres": 0.2,
      "testing": false
    },
    "software": "mriqc",
    "version": "22.0.6",
    "webapi_port": null,
    "webapi_url": "https://mriqc.nimh.nih.gov/api/v1"
  },
  "size_t": 239,
  "size_x": 96,
  "size_y": 96,
  "size_z": 76,
  "snr": 5.202882415189664,
  "spacing_tr": 2.0,
  "spacing_x": 2.0,
  "spacing_y": 2.0,
  "spacing_z": 2.0,
  "summary_bg_k": 16.8659744258773,
  "summary_bg_mad": 9.99360746701641,
  "summary_bg_mean": 35.266578674316406,
  "summary_bg_median": 13.677824020385742,
  "summary_bg_n": 474986.0,
  "summary_bg_p05": 5.790794849395752,
  "summary_bg_p95": 145.08786010742188,
  "summary_bg_stdv": 52.853729248046875,
  "summary_fg_k": 5.315996751551859,
  "summary_fg_mad": 75.79260896961512,
  "summary_fg_mean": 533.9677734375,
  "summary_fg_median": 527.1296997070312,
  "summary_fg_n": 134650.0,
  "summary_fg_p05": 397.54957275390626,
  "summary_fg_p95": 687.2807220458983,
  "summary_fg_stdv": 101.31455993652344,
  "tsnr": 40.05570014636032
}