{
  "aor": 0.0007873529411764704,
  "aqi": 0.018877626050420166,
  "bids_meta": {
    "EchoTime": 0.043,
    "FlipAngle": 80.0,
    "MagneticFieldStrength": 3.0,
    "Manufacturer": "SIEMENS",
    "ManufacturersModelName": "Verio",
    "MultibandAccelerationFactor": 4,
    "PhaseEncodingDirection": "j-",
    "RepetitionTime": 2.0,
    "SliceTiming": [
      0.0,
      1.055,
      0.105,
      1.1625,
      0.21,
      1.2675,
      0.3175,
      1.3725,
      0.4225,
      1.48,
      0.5275,
      1.585,
      0.6325,
      1.69,
      0.74,
      1.795,
      0.845,
      1.9025,
      0.95,
      0.0,
      1.055,
      0.105,
      1.1625,
      0.21,
      1.2675,
      0.3175,
      1.3725,
      0.4225,
      1.48,
      0.5275,
      1.585,
      0.6325,
      1.69,
      0.74,
      1.795,
      0.845,
      1.9025,
      0.95,
      0.0,
      1.055,
      0.105,
      1.1625,
      0.21,
      1.2675,
      0.3175,
      1.3725,
      0.4225,
      1.48,
      0.5275,
      1.585,
      0.6325,
      1.69,
      0.74,
      1.795,
      0.845,
      1.9025,
      0.95,
      0.0,
      1.055,
      0.105,
      1.1625,
      0.21,
      1.2675,
      0.3175,
      1.3725,
      0.4225,
      1.48,
      0.5275,
      1.585,
      0.6325,
      1.69,
      0.74,
      1.795,
      0.845,
      1.9025,
      0.95
    ],
    "TaskName": "training",
    "TotalReadoutTime": 0.07029788543960597,
    "dataset": "ds003661",
    "modality": "bold",
    "run_id": 7,
    "session_id": "training01",
    "subject_id": "01",
    "task_id": "training"
  },
  "dummy_trs": 1,
  "dvars_nstd": 43.51672986181435,
  "dvars_std": 1.2787117441350215,
  "dvars_vstd": 1.0003003541350215,
  "efc": 0.5324464837291029,
  "fber": 1452.2960205078125,
  "fd_mean": 0.13177579224389915,
  "fd_num": 41,
  "fd_perc": 17.22689075630252,
  "fwhm_avg": 1.87411,
  "fwhm_x": 1.770415,
  "fwhm_y": 2.035945,
  "fwhm_z": 1.81597,
  "gcor": 0.0253036,
  "gsr_x": -0.02630913257598877,
  "gsr_y": 0.045478299260139465,
  "provenance": {
    "md5sum": "2e3128632d0d332a9dd8abb42044ea75",
    "settings": {
      "fd_thres": 0.2,
      "testing": false
    },
    "software": "mriqc",
    "version": "22.0.6",
    "webapi_port": null,
    "webapi_url": "https://mriqc.nimh.nih.gov/api/v1"
  },
  "size_t": 238,
  "size_x": 96,
  "size_y": 96,
  "size_z": 76,
  "snr": 5.197827572678447,
  "spacing_tr": 2.0,
  "spacing_x": 2.0,
  "spacing_y": 2.0,
  "spacing_z": 2.0,
  "summary_bg_k": 17.814845450173216,
  "summary_bg_mad": 9.954615097668993,
  "summary_bg_mean": 35.02787780761719,
  "summary_bg_median": 13.680672645568848,
  "summary_bg_n": 474557.0,
  "summary_bg_p05": 5.865546703338623,
  "summary_bg_p95": 142.97984313964824,
  "summary_bg_stdv": 52.33820343017578,
  "summary_fg_k": 5.161777039330335,
  "summary_fg_mad": 76.50350515055872,
  "summary_fg_mean": 534.9645385742188,
  "summary_fg_median": 528.4328002929688,
  "summary_fg_n": 134756.0,
  "summary_fg_p05": 397.8340530395508,
  "summary_fg_p95": 688.5746154785156,
  "summary_fg_stdv": 101.66378784179688,
  "tsnr": 40.962201515678316
}