{
  "aor": 0.0006248535564853558,
  "aqi": 0.018523804184100417,
  "bids_meta": {
    "EchoTime": 0.043,
    "FlipAngle": 80.0,
    "MagneticFieldStrength": 3.0,
    "Manufacturer": "SIEMENS",
    "ManufacturersModelName": "Verio",
    "MultibandAccelerationFactor": 4,
    "PhaseEncodingDirection": "j-",
    "RepetitionTime": 2.0,
    "SliceTiming": [
      0.0,
      1.0575,
      0.105,
      1.1625,
      0.2125,
      1.2675,
      0.3175,
      1.3725,
      0.4225,
      1.48,
      0.5275,
      1.585,
      0.635,
      1.69,
      0.74,
      1.7975,
      0.845,
      1.9025,
      0.95,
      0.0,
      1.0575,
      0.105,
      1.1625,
      0.2125,
      1.2675,
      0.3175,
      1.3725,
      0.4225,
      1.48,
      0.5275,
      1.585,
      0.635,
      1.69,
      0.74,
      1.7975,
      0.845,
      1.9025,
      0.95,
      0.0,
      1.0575,
      0.105,
      1.1625,
      0.2125,
      1.2675,
      0.3175,
      1.3725,
      0.4225,
      1.48,
      0.5275,
      1.585,
      0.635,
      1.69,
      0.74,
      1.7975,
      0.845,
      1.9025,
      0.95,
      0.0,
      1.0575,
      0.105,
      1.1625,
      0.2125,
      1.2675,
      0.3175,
      1.3725,
      0.4225,
      1.48,
      0.5275,
      1.585,
      0.635,
      1.69,
      0.74,
      1.7975,
      0.845,
      1.9025,
      0.95
    ],
    "TaskName": "training",
    "TotalReadoutTime": 0.07029788543960597,
    "dataset": "ds003661",
    "modality": "bold",
    "run_id": 4,
    "session_id": "training01",
    "subject_id": "01",
    "task_id": "training"
  },
  "dummy_trs": 0,
  "dvars_nstd": 42.03122081247897,
  "dvars_std": 1.2364626421848735,
  "dvars_vstd": 0.9924780328571424,
  "efc": 0.5308204274265832,
  "fber": 1498.48583984375,
  "fd_mean": 0.15037487696443685,
  "fd_num": 57,
  "fd_perc": 23.84937238493724,
  "fwhm_avg": 1.8666416666666665,
  "fwhm_x": 1.757895,
  "fwhm_y": 2.037225,
  "fwhm_z": 1.804805,
  "gcor": 0.02779,
  "gsr_x": -0.026029784232378006,
  "gsr_y": 0.047419797629117966,
  "provenance": {
    "md5sum": "d838859c1e477067797c2522ee23dcf1",
    "settings": {
      "fd_thres": 0.2,
      "testing": false
    },
    "software": "mriqc",
    "version": "22.0.6",
    "webapi_port": null,
    "webapi_url": "https://mriqc.nimh.nih.gov/api/v1"
  },
  "size_t": 239,
  "size_x": 96,
  "size_y": 96,
  "size_z": 76,
  "snr": 5.132004309890709,
  "spacing_tr": 2.0,
  "spacing_x": 2.0,
  "spacing_y": 2.0,
  "spacing_z": 2.0,
  "summary_bg_k": 18.581700708777884,
  "summary_bg_mad": 9.826116665299754,
  "summary_bg_mean": 35.10806655883789,
  "summary_bg_median": 13.573221206665039,
  "summary_bg_n": 475358.0,
  "summary_bg_p05": 5.824267864227295,
  "summary_bg_p95": 144.27195739746094,
  "summary_bg_stdv": 53.011627197265625,
  "summary_fg_k": 5.143427854141073,
  "summary_fg_mad": 77.318646799991,
  "summary_fg_mean": 538.1289672851562,
  "summary_fg_median": 531.4769897460938,
  "summary_fg_n": 134442.0,
  "summary_fg_p05": 399.21923370361327,
  "summary_fg_p95": 694.587872314453,
  "summary_fg_stdv": 103.56090545654297,
  "tsnr": 40.2496119691059
}