{
  "aor": 0.0020573221757322177,
  "aqi": 0.029498274058577405,
  "bids_meta": {
    "EchoTime": 0.043,
    "FlipAngle": 80.0,
    "MagneticFieldStrength": 3.0,
    "Manufacturer": "SIEMENS",
    "ManufacturersModelName": "Verio",
    "MultibandAccelerationFactor": 4,
    "PhaseEncodingDirection": "j-",
    "RepetitionTime": 2.0,
    "SliceTiming": [
      0.0,
      1.055,
      0.105,
      1.16,
      0.21,
      1.2675,
      0.315,
      1.3725,
      0.4225,
      1.4775,
      0.5275,
      1.5825,
      0.6325,
      1.69,
      0.7375,
      1.795,
      0.845,
      1.9,
      0.95,
      0.0,
      1.055,
      0.105,
      1.16,
      0.21,
      1.2675,
      0.315,
      1.3725,
      0.4225,
      1.4775,
      0.5275,
      1.5825,
      0.6325,
      1.69,
      0.7375,
      1.795,
      0.845,
      1.9,
      0.95,
      0.0,
      1.055,
      0.105,
      1.16,
      0.21,
      1.2675,
      0.315,
      1.3725,
      0.4225,
      1.4775,
      0.5275,
      1.5825,
      0.6325,
      1.69,
      0.7375,
      1.795,
      0.845,
      1.9,
      0.95,
      0.0,
      1.055,
      0.105,
      1.16,
      0.21,
      1.2675,
      0.315,
      1.3725,
      0.4225,
      1.4775,
      0.5275,
      1.5825,
      0.6325,
      1.69,
      0.7375,
      1.795,
      0.845,
      1.9,
      0.95
    ],
    "TaskName": "training",
    "TotalReadoutTime": 0.07029788543960597,
    "dataset": "ds003661",
    "modality": "bold",
    "run_id": 3,
    "session_id": "training02",
    "subject_id": "05",
    "task_id": "training"
  },
  "dummy_trs": 0,
  "dvars_nstd": 57.19702510684874,
  "dvars_std": 1.2620814422268911,
  "dvars_vstd": 0.9572531460084033,
  "efc": 0.5666494978296612,
  "fber": 800.69921875,
  "fd_mean": 0.21140212452308527,
  "fd_num": 103,
  "fd_perc": 43.09623430962343,
  "fwhm_avg": 1.9071433333333332,
  "fwhm_x": 1.77041,
  "fwhm_y": 2.136785,
  "fwhm_z": 1.814235,
  "gcor": 0.0172916,
  "gsr_x": -0.009919790551066399,
  "gsr_y": 0.05703556165099144,
  "provenance": {
    "md5sum": "85a8675163e263a120037777a6550737",
    "settings": {
      "fd_thres": 0.2,
      "testing": false
    },
    "software": "mriqc",
    "version": "22.0.6",
    "webapi_port": null,
    "webapi_url": "https://mriqc.nimh.nih.gov/api/v1"
  },
  "size_t": 239,
  "size_x": 96,
  "size_y": 96,
  "size_z": 76,
  "snr": 4.605236512733091,
  "spacing_tr": 2.0,
  "spacing_x": 2.0,
  "spacing_y": 2.0,
  "spacing_z": 2.0,
  "summary_bg_k": 18.884183970244344,
  "summary_bg_mad": 15.719305518265088,
  "summary_bg_mean": 38.92910385131836,
  "summary_bg_median": 17.9539737701416,
  "summary_bg_n": 447871.0,
  "summary_bg_p05": 5.765690326690674,
  "summary_bg_p95": 144.9853515625,
  "summary_bg_stdv": 53.05772018432617,
  "summary_fg_k": 3.504939385646904,
  "summary_fg_mad": 91.12728026784374,
  "summary_fg_mean": 525.8402099609375,
  "summary_fg_median": 516.2217407226562,
  "summary_fg_n": 156601.0,
  "summary_fg_p05": 375.0209045410156,
  "summary_fg_p95": 702.7698364257812,
  "summary_fg_stdv": 112.09415435791016,
  "tsnr": 28.45585535466671
}