{
  "aor": 0.004973640167364017,
  "aqi": 0.030405012970711298,
  "bids_meta": {
    "EchoTime": 0.043,
    "FlipAngle": 80.0,
    "MagneticFieldStrength": 3.0,
    "Manufacturer": "SIEMENS",
    "ManufacturersModelName": "Verio",
    "MultibandAccelerationFactor": 4,
    "PhaseEncodingDirection": "j-",
    "RepetitionTime": 2.0,
    "SliceTiming": [
      0.0,
      1.055,
      0.105,
      1.1625,
      0.21,
      1.2675,
      0.315,
      1.3725,
      0.4225,
      1.4775,
      0.5275,
      1.585,
      0.6325,
      1.69,
      0.7375,
      1.795,
      0.845,
      1.9,
      0.95,
      0.0,
      1.055,
      0.105,
      1.1625,
      0.21,
      1.2675,
      0.315,
      1.3725,
      0.4225,
      1.4775,
      0.5275,
      1.585,
      0.6325,
      1.69,
      0.7375,
      1.795,
      0.845,
      1.9,
      0.95,
      0.0,
      1.055,
      0.105,
      1.1625,
      0.21,
      1.2675,
      0.315,
      1.3725,
      0.4225,
      1.4775,
      0.5275,
      1.585,
      0.6325,
      1.69,
      0.7375,
      1.795,
      0.845,
      1.9,
      0.95,
      0.0,
      1.055,
      0.105,
      1.1625,
      0.21,
      1.2675,
      0.315,
      1.3725,
      0.4225,
      1.4775,
      0.5275,
      1.585,
      0.6325,
      1.69,
      0.7375,
      1.795,
      0.845,
      1.9,
      0.95
    ],
    "TaskName": "training",
    "TotalReadoutTime": 0.07029788543960597,
    "dataset": "ds003661",
    "modality": "bold",
    "run_id": 1,
    "session_id": "training02",
    "subject_id": "05",
    "task_id": "training"
  },
  "dummy_trs": 0,
  "dvars_nstd": 57.99924738256305,
  "dvars_std": 1.263278011218487,
  "dvars_vstd": 0.9747143632773109,
  "efc": 0.5677715512363237,
  "fber": 748.2465209960938,
  "fd_mean": 0.21548842328524326,
  "fd_num": 83,
  "fd_perc": 34.72803347280335,
  "fwhm_avg": 1.9253599999999997,
  "fwhm_x": 1.791555,
  "fwhm_y": 2.14755,
  "fwhm_z": 1.836975,
  "gcor": 0.0232542,
  "gsr_x": -0.010735283605754375,
  "gsr_y": 0.05258890241384506,
  "provenance": {
    "md5sum": "fdeb7298478aa8d94d84322447cc6231",
    "settings": {
      "fd_thres": 0.2,
      "testing": false
    },
    "software": "mriqc",
    "version": "22.0.6",
    "webapi_port": null,
    "webapi_url": "https://mriqc.nimh.nih.gov/api/v1"
  },
  "size_t": 239,
  "size_x": 96,
  "size_y": 96,
  "size_z": 76,
  "snr": 4.590878880930514,
  "spacing_tr": 2.0,
  "spacing_x": 2.0,
  "spacing_y": 2.0,
  "spacing_z": 2.0,
  "summary_bg_k": 17.641607871100025,
  "summary_bg_mad": 16.252794371976012,
  "summary_bg_mean": 39.13003921508789,
  "summary_bg_median": 18.68619155883789,
  "summary_bg_n": 446749.0,
  "summary_bg_p05": 6.016736030578613,
  "summary_bg_p95": 145.3389129638672,
  "summary_bg_stdv": 52.614627838134766,
  "summary_fg_k": 3.702228304086441,
  "summary_fg_mad": 91.03425566575488,
  "summary_fg_mean": 523.1917724609375,
  "summary_fg_median": 514.0,
  "summary_fg_n": 157468.0,
  "summary_fg_p05": 370.9512420654297,
  "summary_fg_p95": 699.8158569335938,
  "summary_fg_stdv": 111.96077728271484,
  "tsnr": 27.61179951648228
}