{
  "aor": 0.0023130125523012552,
  "aqi": 0.025948197489539748,
  "bids_meta": {
    "EchoTime": 0.043,
    "FlipAngle": 80.0,
    "MagneticFieldStrength": 3.0,
    "Manufacturer": "SIEMENS",
    "ManufacturersModelName": "Verio",
    "MultibandAccelerationFactor": 4,
    "PhaseEncodingDirection": "j-",
    "RepetitionTime": 2.0,
    "SliceTiming": [
      0.0,
      1.0575,
      0.105,
      1.1625,
      0.21,
      1.2675,
      0.3175,
      1.3725,
      0.4225,
      1.48,
      0.5275,
      1.585,
      0.635,
      1.69,
      0.74,
      1.795,
      0.845,
      1.9025,
      0.95,
      0.0,
      1.0575,
      0.105,
      1.1625,
      0.21,
      1.2675,
      0.3175,
      1.3725,
      0.4225,
      1.48,
      0.5275,
      1.585,
      0.635,
      1.69,
      0.74,
      1.795,
      0.845,
      1.9025,
      0.95,
      0.0,
      1.0575,
      0.105,
      1.1625,
      0.21,
      1.2675,
      0.3175,
      1.3725,
      0.4225,
      1.48,
      0.5275,
      1.585,
      0.635,
      1.69,
      0.74,
      1.795,
      0.845,
      1.9025,
      0.95,
      0.0,
      1.0575,
      0.105,
      1.1625,
      0.21,
      1.2675,
      0.3175,
      1.3725,
      0.4225,
      1.48,
      0.5275,
      1.585,
      0.635,
      1.69,
      0.74,
      1.795,
      0.845,
      1.9025,
      0.95
    ],
    "TaskName": "training",
    "TotalReadoutTime": 0.07029788543960597,
    "dataset": "ds003661",
    "modality": "bold",
    "run_id": 6,
    "session_id": "training02",
    "subject_id": "05",
    "task_id": "training"
  },
  "dummy_trs": 0,
  "dvars_nstd": 56.343915666806744,
  "dvars_std": 1.3127101438235298,
  "dvars_vstd": 1.0118481439915972,
  "efc": 0.5655942431210736,
  "fber": 886.8214111328125,
  "fd_mean": 0.2346039474582655,
  "fd_num": 139,
  "fd_perc": 58.15899581589958,
  "fwhm_avg": 1.8921283333333332,
  "fwhm_x": 1.76391,
  "fwhm_y": 2.107995,
  "fwhm_z": 1.80448,
  "gcor": 0.0174114,
  "gsr_x": -0.00766102597117424,
  "gsr_y": 0.06211463734507561,
  "provenance": {
    "md5sum": "8863a0dfd8fa0652d3c186b4b973c0b6",
    "settings": {
      "fd_thres": 0.2,
      "testing": false
    },
    "software": "mriqc",
    "version": "22.0.6",
    "webapi_port": null,
    "webapi_url": "https://mriqc.nimh.nih.gov/api/v1"
  },
  "size_t": 239,
  "size_x": 96,
  "size_y": 96,
  "size_z": 76,
  "snr": 4.630569504617428,
  "spacing_tr": 2.0,
  "spacing_x": 2.0,
  "spacing_y": 2.0,
  "spacing_z": 2.0,
  "summary_bg_k": 19.540954886253573,
  "summary_bg_mad": 14.81981719864024,
  "summary_bg_mean": 38.68955993652344,
  "summary_bg_median": 17.221755981445312,
  "summary_bg_n": 447958.0,
  "summary_bg_p05": 5.7866106033325195,
  "summary_bg_p95": 144.8242645263672,
  "summary_bg_stdv": 53.31460189819336,
  "summary_fg_k": 3.4792350025174663,
  "summary_fg_mad": 91.02498035280342,
  "summary_fg_mean": 525.739013671875,
  "summary_fg_median": 516.3619384765625,
  "summary_fg_n": 156738.0,
  "summary_fg_p05": 375.07887115478513,
  "summary_fg_p95": 701.9007995605468,
  "summary_fg_stdv": 111.51118469238281,
  "tsnr": 29.989913306664675
}