{
  "aor": 0.001856192468619247,
  "aqi": 0.03535425815899582,
  "bids_meta": {
    "EchoTime": 0.043,
    "FlipAngle": 80.0,
    "MagneticFieldStrength": 3.0,
    "Manufacturer": "SIEMENS",
    "ManufacturersModelName": "Verio",
    "MultibandAccelerationFactor": 4,
    "PhaseEncodingDirection": "j-",
    "RepetitionTime": 2.0,
    "SliceTiming": [
      0.0,
      1.055,
      0.105,
      1.1625,
      0.21,
      1.2675,
      0.3175,
      1.3725,
      0.4225,
      1.48,
      0.5275,
      1.585,
      0.6325,
      1.69,
      0.74,
      1.795,
      0.845,
      1.9025,
      0.95,
      0.0,
      1.055,
      0.105,
      1.1625,
      0.21,
      1.2675,
      0.3175,
      1.3725,
      0.4225,
      1.48,
      0.5275,
      1.585,
      0.6325,
      1.69,
      0.74,
      1.795,
      0.845,
      1.9025,
      0.95,
      0.0,
      1.055,
      0.105,
      1.1625,
      0.21,
      1.2675,
      0.3175,
      1.3725,
      0.4225,
      1.48,
      0.5275,
      1.585,
      0.6325,
      1.69,
      0.74,
      1.795,
      0.845,
      1.9025,
      0.95,
      0.0,
      1.055,
      0.105,
      1.1625,
      0.21,
      1.2675,
      0.3175,
      1.3725,
      0.4225,
      1.48,
      0.5275,
      1.585,
      0.6325,
      1.69,
      0.74,
      1.795,
      0.845,
      1.9025,
      0.95
    ],
    "TaskName": "training",
    "TotalReadoutTime": 0.07029788543960597,
    "dataset": "ds003661",
    "modality": "bold",
    "run_id": 5,
    "session_id": "training02",
    "subject_id": "05",
    "task_id": "training"
  },
  "dummy_trs": 0,
  "dvars_nstd": 58.42233181806723,
  "dvars_std": 1.2661650325630247,
  "dvars_vstd": 0.9719892975210078,
  "efc": 0.5659866258692717,
  "fber": 834.1103515625,
  "fd_mean": 0.23329899619790603,
  "fd_num": 134,
  "fd_perc": 56.06694560669456,
  "fwhm_avg": 1.9187333333333332,
  "fwhm_x": 1.787115,
  "fwhm_y": 2.133955,
  "fwhm_z": 1.83513,
  "gcor": 0.0134029,
  "gsr_x": -0.008312050253152847,
  "gsr_y": 0.05897650867700577,
  "provenance": {
    "md5sum": "1e2134a7a42f91924bdec47c61072f75",
    "settings": {
      "fd_thres": 0.2,
      "testing": false
    },
    "software": "mriqc",
    "version": "22.0.6",
    "webapi_port": null,
    "webapi_url": "https://mriqc.nimh.nih.gov/api/v1"
  },
  "size_t": 239,
  "size_x": 96,
  "size_y": 96,
  "size_z": 76,
  "snr": 4.6411337991782835,
  "spacing_tr": 2.0,
  "spacing_x": 2.0,
  "spacing_y": 2.0,
  "spacing_z": 2.0,
  "summary_bg_k": 19.057456386437487,
  "summary_bg_mad": 15.446357518913505,
  "summary_bg_mean": 38.692169189453125,
  "summary_bg_median": 17.7280330657959,
  "summary_bg_n": 447929.0,
  "summary_bg_p05": 5.7866106033325195,
  "summary_bg_p95": 143.7205017089842,
  "summary_bg_stdv": 52.50288772583008,
  "summary_fg_k": 3.5757492006962535,
  "summary_fg_mad": 90.36742853268801,
  "summary_fg_mean": 524.7725830078125,
  "summary_fg_median": 515.8890991210938,
  "summary_fg_n": 156656.0,
  "summary_fg_p05": 374.66943359375,
  "summary_fg_p95": 699.3524932861328,
  "summary_fg_stdv": 111.15547943115234,
  "tsnr": 26.503930292325094
}