{
  "aor": 0.002012594142259414,
  "aqi": 0.026909990376569038,
  "bids_meta": {
    "EchoTime": 0.043,
    "FlipAngle": 80.0,
    "MagneticFieldStrength": 3.0,
    "Manufacturer": "SIEMENS",
    "ManufacturersModelName": "Verio",
    "MultibandAccelerationFactor": 4,
    "PhaseEncodingDirection": "j-",
    "RepetitionTime": 2.0,
    "SliceTiming": [
      0.0,
      1.0575,
      0.105,
      1.1625,
      0.2125,
      1.2675,
      0.3175,
      1.375,
      0.4225,
      1.48,
      0.5275,
      1.585,
      0.635,
      1.69,
      0.74,
      1.7975,
      0.845,
      1.9025,
      0.9525,
      0.0,
      1.0575,
      0.105,
      1.1625,
      0.2125,
      1.2675,
      0.3175,
      1.375,
      0.4225,
      1.48,
      0.5275,
      1.585,
      0.635,
      1.69,
      0.74,
      1.7975,
      0.845,
      1.9025,
      0.9525,
      0.0,
      1.0575,
      0.105,
      1.1625,
      0.2125,
      1.2675,
      0.3175,
      1.375,
      0.4225,
      1.48,
      0.5275,
      1.585,
      0.635,
      1.69,
      0.74,
      1.7975,
      0.845,
      1.9025,
      0.9525,
      0.0,
      1.0575,
      0.105,
      1.1625,
      0.2125,
      1.2675,
      0.3175,
      1.375,
      0.4225,
      1.48,
      0.5275,
      1.585,
      0.635,
      1.69,
      0.74,
      1.7975,
      0.845,
      1.9025,
      0.9525
    ],
    "TaskName": "training",
    "TotalReadoutTime": 0.07029788543960597,
    "dataset": "ds003661",
    "modality": "bold",
    "run_id": 7,
    "session_id": "training02",
    "subject_id": "05",
    "task_id": "training"
  },
  "dummy_trs": 0,
  "dvars_nstd": 58.20542745840336,
  "dvars_std": 1.3088143582773102,
  "dvars_vstd": 1.0001228357983194,
  "efc": 0.5648624917763616,
  "fber": 906.392822265625,
  "fd_mean": 0.25100722249428775,
  "fd_num": 155,
  "fd_perc": 64.85355648535565,
  "fwhm_avg": 1.9045833333333333,
  "fwhm_x": 1.774075,
  "fwhm_y": 2.11478,
  "fwhm_z": 1.824895,
  "gcor": 0.0107381,
  "gsr_x": -0.006348473485559225,
  "gsr_y": 0.06253668665885925,
  "provenance": {
    "md5sum": "65271acb5fe5e1ed7ff70a935c97b508",
    "settings": {
      "fd_thres": 0.2,
      "testing": false
    },
    "software": "mriqc",
    "version": "22.0.6",
    "webapi_port": null,
    "webapi_url": "https://mriqc.nimh.nih.gov/api/v1"
  },
  "size_t": 239,
  "size_x": 96,
  "size_y": 96,
  "size_z": 76,
  "snr": 4.633194732446574,
  "spacing_tr": 2.0,
  "spacing_x": 2.0,
  "spacing_y": 2.0,
  "spacing_z": 2.0,
  "summary_bg_k": 18.541826468897675,
  "summary_bg_mad": 14.664734248875655,
  "summary_bg_mean": 38.09394836425781,
  "summary_bg_median": 17.071128845214844,
  "summary_bg_n": 447774.0,
  "summary_bg_p05": 5.694560527801514,
  "summary_bg_p95": 141.92886352539062,
  "summary_bg_stdv": 51.9361572265625,
  "summary_fg_k": 3.296758017956556,
  "summary_fg_mad": 91.35685557474979,
  "summary_fg_mean": 523.9176025390625,
  "summary_fg_median": 514.8117065429688,
  "summary_fg_n": 157317.0,
  "summary_fg_p05": 373.67364501953125,
  "summary_fg_p95": 697.3497924804685,
  "summary_fg_stdv": 111.11341094970703,
  "tsnr": 29.553675362840295
}