{
  "aor": 0.0025939330543933055,
  "aqi": 0.0228611539748954,
  "bids_meta": {
    "EchoTime": 0.043,
    "FlipAngle": 80.0,
    "MagneticFieldStrength": 3.0,
    "Manufacturer": "SIEMENS",
    "ManufacturersModelName": "Verio",
    "MultibandAccelerationFactor": 4,
    "PhaseEncodingDirection": "j-",
    "RepetitionTime": 2.0,
    "SliceTiming": [
      0.0,
      1.0575,
      0.105,
      1.1625,
      0.21,
      1.2675,
      0.3175,
      1.3725,
      0.4225,
      1.48,
      0.5275,
      1.585,
      0.6325,
      1.69,
      0.74,
      1.795,
      0.845,
      1.9025,
      0.95,
      0.0,
      1.0575,
      0.105,
      1.1625,
      0.21,
      1.2675,
      0.3175,
      1.3725,
      0.4225,
      1.48,
      0.5275,
      1.585,
      0.6325,
      1.69,
      0.74,
      1.795,
      0.845,
      1.9025,
      0.95,
      0.0,
      1.0575,
      0.105,
      1.1625,
      0.21,
      1.2675,
      0.3175,
      1.3725,
      0.4225,
      1.48,
      0.5275,
      1.585,
      0.6325,
      1.69,
      0.74,
      1.795,
      0.845,
      1.9025,
      0.95,
      0.0,
      1.0575,
      0.105,
      1.1625,
      0.21,
      1.2675,
      0.3175,
      1.3725,
      0.4225,
      1.48,
      0.5275,
      1.585,
      0.6325,
      1.69,
      0.74,
      1.795,
      0.845,
      1.9025,
      0.95
    ],
    "TaskName": "training",
    "TotalReadoutTime": 0.07029788543960597,
    "dataset": "ds003661",
    "modality": "bold",
    "run_id": 2,
    "session_id": "training02",
    "subject_id": "05",
    "task_id": "training"
  },
  "dummy_trs": 0,
  "dvars_nstd": 56.38138455319331,
  "dvars_std": 1.3487862620588225,
  "dvars_vstd": 1.0182215997899156,
  "efc": 0.5667920248376236,
  "fber": 804.081298828125,
  "fd_mean": 0.20108034432646701,
  "fd_num": 109,
  "fd_perc": 45.60669456066945,
  "fwhm_avg": 1.891895,
  "fwhm_x": 1.766735,
  "fwhm_y": 2.11011,
  "fwhm_z": 1.79884,
  "gcor": 0.0175379,
  "gsr_x": -0.009909605607390404,
  "gsr_y": 0.056413643062114716,
  "provenance": {
    "md5sum": "b01fbfd9d3f499cd35a881a8279c99d4",
    "settings": {
      "fd_thres": 0.2,
      "testing": false
    },
    "software": "mriqc",
    "version": "22.0.6",
    "webapi_port": null,
    "webapi_url": "https://mriqc.nimh.nih.gov/api/v1"
  },
  "size_t": 239,
  "size_x": 96,
  "size_y": 96,
  "size_z": 76,
  "snr": 4.584286966327638,
  "spacing_tr": 2.0,
  "spacing_x": 2.0,
  "spacing_y": 2.0,
  "spacing_z": 2.0,
  "summary_bg_k": 18.651775552243873,
  "summary_bg_mad": 15.861983443916916,
  "summary_bg_mean": 38.81658172607422,
  "summary_bg_median": 17.937238693237305,
  "summary_bg_n": 447492.0,
  "summary_bg_p05": 5.527196407318115,
  "summary_bg_p95": 145.09162979125938,
  "summary_bg_stdv": 53.104190826416016,
  "summary_fg_k": 3.3484414975652728,
  "summary_fg_mad": 91.40648981039739,
  "summary_fg_mean": 525.2107543945312,
  "summary_fg_median": 516.0836791992188,
  "summary_fg_n": 157137.0,
  "summary_fg_p05": 372.37572021484374,
  "summary_fg_p95": 703.2803344726562,
  "summary_fg_stdv": 112.5762939453125,
  "tsnr": 31.61742304987274
}