{
  "aor": 0.0006628033472803347,
  "aqi": 0.032795002510460254,
  "bids_meta": {
    "EchoTime": 0.043,
    "FlipAngle": 80.0,
    "MagneticFieldStrength": 3.0,
    "Manufacturer": "SIEMENS",
    "ManufacturersModelName": "Verio",
    "MultibandAccelerationFactor": 4,
    "PhaseEncodingDirection": "j-",
    "RepetitionTime": 2.0,
    "SliceTiming": [
      0.0,
      1.0575,
      0.105,
      1.1625,
      0.21,
      1.2675,
      0.3175,
      1.3725,
      0.4225,
      1.48,
      0.5275,
      1.585,
      0.635,
      1.69,
      0.74,
      1.795,
      0.845,
      1.9025,
      0.95,
      0.0,
      1.0575,
      0.105,
      1.1625,
      0.21,
      1.2675,
      0.3175,
      1.3725,
      0.4225,
      1.48,
      0.5275,
      1.585,
      0.635,
      1.69,
      0.74,
      1.795,
      0.845,
      1.9025,
      0.95,
      0.0,
      1.0575,
      0.105,
      1.1625,
      0.21,
      1.2675,
      0.3175,
      1.3725,
      0.4225,
      1.48,
      0.5275,
      1.585,
      0.635,
      1.69,
      0.74,
      1.795,
      0.845,
      1.9025,
      0.95,
      0.0,
      1.0575,
      0.105,
      1.1625,
      0.21,
      1.2675,
      0.3175,
      1.3725,
      0.4225,
      1.48,
      0.5275,
      1.585,
      0.635,
      1.69,
      0.74,
      1.795,
      0.845,
      1.9025,
      0.95
    ],
    "TaskName": "training",
    "TotalReadoutTime": 0.07029788543960597,
    "dataset": "ds003661",
    "modality": "bold",
    "run_id": 8,
    "session_id": "training02",
    "subject_id": "05",
    "task_id": "training"
  },
  "dummy_trs": 0,
  "dvars_nstd": 58.44528223915968,
  "dvars_std": 1.2405174372689072,
  "dvars_vstd": 0.9586287225630252,
  "efc": 0.566114111249569,
  "fber": 871.288330078125,
  "fd_mean": 0.2511654997928199,
  "fd_num": 145,
  "fd_perc": 60.66945606694561,
  "fwhm_avg": 1.9180933333333332,
  "fwhm_x": 1.78179,
  "fwhm_y": 2.127135,
  "fwhm_z": 1.845355,
  "gcor": 0.0106285,
  "gsr_x": -0.0071398355066776276,
  "gsr_y": 0.06266672164201736,
  "provenance": {
    "md5sum": "9ffeef1a3ca9cb029aa631011915920f",
    "settings": {
      "fd_thres": 0.2,
      "testing": false
    },
    "software": "mriqc",
    "version": "22.0.6",
    "webapi_port": null,
    "webapi_url": "https://mriqc.nimh.nih.gov/api/v1"
  },
  "size_t": 239,
  "size_x": 96,
  "size_y": 96,
  "size_z": 76,
  "snr": 4.6534900431711295,
  "spacing_tr": 2.0,
  "spacing_x": 2.0,
  "spacing_y": 2.0,
  "spacing_z": 2.0,
  "summary_bg_k": 18.379540129706353,
  "summary_bg_mad": 14.956292258755775,
  "summary_bg_mean": 38.55290985107422,
  "summary_bg_median": 17.27614974975586,
  "summary_bg_n": 447961.0,
  "summary_bg_p05": 5.694560527801514,
  "summary_bg_p95": 143.970703125,
  "summary_bg_stdv": 52.49770736694336,
  "summary_fg_k": 3.362619051210629,
  "summary_fg_mad": 90.65582289733506,
  "summary_fg_mean": 524.9660034179688,
  "summary_fg_median": 515.8911743164062,
  "summary_fg_n": 156906.0,
  "summary_fg_p05": 375.0575180053711,
  "summary_fg_p95": 699.3137817382812,
  "summary_fg_stdv": 110.86077880859375,
  "tsnr": 27.154371567070484
}