{
  "aor": 0.0038977824267782428,
  "aqi": 0.023126171548117157,
  "bids_meta": {
    "EchoTime": 0.043,
    "FlipAngle": 80.0,
    "MagneticFieldStrength": 3.0,
    "Manufacturer": "SIEMENS",
    "ManufacturersModelName": "Verio",
    "MultibandAccelerationFactor": 4,
    "PhaseEncodingDirection": "j-",
    "RepetitionTime": 2.0,
    "SliceTiming": [
      0.0,
      1.055,
      0.105,
      1.1625,
      0.21,
      1.2675,
      0.3175,
      1.3725,
      0.4225,
      1.4775,
      0.5275,
      1.585,
      0.6325,
      1.69,
      0.74,
      1.795,
      0.845,
      1.9025,
      0.95,
      0.0,
      1.055,
      0.105,
      1.1625,
      0.21,
      1.2675,
      0.3175,
      1.3725,
      0.4225,
      1.4775,
      0.5275,
      1.585,
      0.6325,
      1.69,
      0.74,
      1.795,
      0.845,
      1.9025,
      0.95,
      0.0,
      1.055,
      0.105,
      1.1625,
      0.21,
      1.2675,
      0.3175,
      1.3725,
      0.4225,
      1.4775,
      0.5275,
      1.585,
      0.6325,
      1.69,
      0.74,
      1.795,
      0.845,
      1.9025,
      0.95,
      0.0,
      1.055,
      0.105,
      1.1625,
      0.21,
      1.2675,
      0.3175,
      1.3725,
      0.4225,
      1.4775,
      0.5275,
      1.585,
      0.6325,
      1.69,
      0.74,
      1.795,
      0.845,
      1.9025,
      0.95
    ],
    "TaskName": "training",
    "TotalReadoutTime": 0.07029788543960597,
    "dataset": "ds003661",
    "modality": "bold",
    "run_id": 4,
    "session_id": "training02",
    "subject_id": "05",
    "task_id": "training"
  },
  "dummy_trs": 0,
  "dvars_nstd": 57.26057935756304,
  "dvars_std": 1.3868095504201678,
  "dvars_vstd": 1.0414941588235296,
  "efc": 0.5655231096599829,
  "fber": 844.3768920898438,
  "fd_mean": 0.1899021139131448,
  "fd_num": 99,
  "fd_perc": 41.42259414225941,
  "fwhm_avg": 1.8906566666666667,
  "fwhm_x": 1.762065,
  "fwhm_y": 2.10229,
  "fwhm_z": 1.807615,
  "gcor": 0.0176503,
  "gsr_x": -0.009418472647666931,
  "gsr_y": 0.05564809963107109,
  "provenance": {
    "md5sum": "3fb7c53b071dd858f3fe277a6cb73167",
    "settings": {
      "fd_thres": 0.2,
      "testing": false
    },
    "software": "mriqc",
    "version": "22.0.6",
    "webapi_port": null,
    "webapi_url": "https://mriqc.nimh.nih.gov/api/v1"
  },
  "size_t": 239,
  "size_x": 96,
  "size_y": 96,
  "size_z": 76,
  "snr": 4.6282756256665465,
  "spacing_tr": 2.0,
  "spacing_x": 2.0,
  "spacing_y": 2.0,
  "spacing_z": 2.0,
  "summary_bg_k": 19.284163652347026,
  "summary_bg_mad": 15.21063095453865,
  "summary_bg_mean": 38.88996124267578,
  "summary_bg_median": 17.502092361450195,
  "summary_bg_n": 448943.0,
  "summary_bg_p05": 5.615062713623047,
  "summary_bg_p95": 146.35145568847656,
  "summary_bg_stdv": 53.645687103271484,
  "summary_fg_k": 3.114967666730249,
  "summary_fg_mad": 91.70415948799591,
  "summary_fg_mean": 525.8486938476562,
  "summary_fg_median": 517.179931640625,
  "summary_fg_n": 155483.0,
  "summary_fg_p05": 373.03598632812503,
  "summary_fg_p95": 702.204180908203,
  "summary_fg_stdv": 111.7431869506836,
  "tsnr": 31.51524853205774
}