{
  "aor": 0.000678702928870293,
  "aqi": 0.025575948117154818,
  "bids_meta": {
    "EchoTime": 0.043,
    "FlipAngle": 80.0,
    "MagneticFieldStrength": 3.0,
    "Manufacturer": "SIEMENS",
    "ManufacturersModelName": "Verio",
    "MultibandAccelerationFactor": 4,
    "PhaseEncodingDirection": "j-",
    "RepetitionTime": 2.0,
    "SliceTiming": [
      0.0,
      1.055,
      0.105,
      1.1625,
      0.21,
      1.2675,
      0.3175,
      1.3725,
      0.4225,
      1.4775,
      0.5275,
      1.585,
      0.6325,
      1.69,
      0.74,
      1.795,
      0.845,
      1.9,
      0.95,
      0.0,
      1.055,
      0.105,
      1.1625,
      0.21,
      1.2675,
      0.3175,
      1.3725,
      0.4225,
      1.4775,
      0.5275,
      1.585,
      0.6325,
      1.69,
      0.74,
      1.795,
      0.845,
      1.9,
      0.95,
      0.0,
      1.055,
      0.105,
      1.1625,
      0.21,
      1.2675,
      0.3175,
      1.3725,
      0.4225,
      1.4775,
      0.5275,
      1.585,
      0.6325,
      1.69,
      0.74,
      1.795,
      0.845,
      1.9,
      0.95,
      0.0,
      1.055,
      0.105,
      1.1625,
      0.21,
      1.2675,
      0.3175,
      1.3725,
      0.4225,
      1.4775,
      0.5275,
      1.585,
      0.6325,
      1.69,
      0.74,
      1.795,
      0.845,
      1.9,
      0.95
    ],
    "TaskName": "training",
    "TotalReadoutTime": 0.07029788543960597,
    "dataset": "ds003661",
    "modality": "bold",
    "run_id": 3,
    "session_id": "training01",
    "subject_id": "05",
    "task_id": "training"
  },
  "dummy_trs": 0,
  "dvars_nstd": 60.44084318142856,
  "dvars_std": 1.3440729142857133,
  "dvars_vstd": 0.9790739830672266,
  "efc": 0.5676301079191153,
  "fber": 784.0880737304688,
  "fd_mean": 0.2234446546715349,
  "fd_num": 129,
  "fd_perc": 53.97489539748954,
  "fwhm_avg": 1.8892616666666668,
  "fwhm_x": 1.766075,
  "fwhm_y": 2.098905,
  "fwhm_z": 1.802805,
  "gcor": 0.0204294,
  "gsr_x": -0.011550303548574448,
  "gsr_y": 0.05536867305636406,
  "provenance": {
    "md5sum": "61ba9243cc46ed2f67bde0131238d216",
    "settings": {
      "fd_thres": 0.2,
      "testing": false
    },
    "software": "mriqc",
    "version": "22.0.6",
    "webapi_port": null,
    "webapi_url": "https://mriqc.nimh.nih.gov/api/v1"
  },
  "size_t": 239,
  "size_x": 96,
  "size_y": 96,
  "size_z": 76,
  "snr": 4.555230091497265,
  "spacing_tr": 2.0,
  "spacing_x": 2.0,
  "spacing_y": 2.0,
  "spacing_z": 2.0,
  "summary_bg_k": 19.499204476200717,
  "summary_bg_mad": 16.401673749244477,
  "summary_bg_mean": 40.973419189453125,
  "summary_bg_median": 18.518827438354492,
  "summary_bg_n": 448430.0,
  "summary_bg_p05": 6.075313568115234,
  "summary_bg_p95": 156.80752563476562,
  "summary_bg_stdv": 56.806636810302734,
  "summary_fg_k": 3.6447412104793395,
  "summary_fg_mad": 91.2141514915843,
  "summary_fg_mean": 539.0711669921875,
  "summary_fg_median": 529.1589965820312,
  "summary_fg_n": 155939.0,
  "summary_fg_p05": 383.0962219238281,
  "summary_fg_p95": 724.4405822753907,
  "summary_fg_stdv": 116.16477966308594,
  "tsnr": 30.815900577930734
}