{
  "aor": 0.0031763598326359833,
  "aqi": 0.0377781539748954,
  "bids_meta": {
    "EchoTime": 0.043,
    "FlipAngle": 80.0,
    "MagneticFieldStrength": 3.0,
    "Manufacturer": "SIEMENS",
    "ManufacturersModelName": "Verio",
    "MultibandAccelerationFactor": 4,
    "PhaseEncodingDirection": "j-",
    "RepetitionTime": 2.0,
    "SliceTiming": [
      0.0,
      1.0575,
      0.105,
      1.1625,
      0.21,
      1.2675,
      0.3175,
      1.3725,
      0.4225,
      1.48,
      0.5275,
      1.585,
      0.6325,
      1.69,
      0.74,
      1.795,
      0.845,
      1.9025,
      0.95,
      0.0,
      1.0575,
      0.105,
      1.1625,
      0.21,
      1.2675,
      0.3175,
      1.3725,
      0.4225,
      1.48,
      0.5275,
      1.585,
      0.6325,
      1.69,
      0.74,
      1.795,
      0.845,
      1.9025,
      0.95,
      0.0,
      1.0575,
      0.105,
      1.1625,
      0.21,
      1.2675,
      0.3175,
      1.3725,
      0.4225,
      1.48,
      0.5275,
      1.585,
      0.6325,
      1.69,
      0.74,
      1.795,
      0.845,
      1.9025,
      0.95,
      0.0,
      1.0575,
      0.105,
      1.1625,
      0.21,
      1.2675,
      0.3175,
      1.3725,
      0.4225,
      1.48,
      0.5275,
      1.585,
      0.6325,
      1.69,
      0.74,
      1.795,
      0.845,
      1.9025,
      0.95
    ],
    "TaskName": "training",
    "TotalReadoutTime": 0.07029788543960597,
    "dataset": "ds003661",
    "modality": "bold",
    "run_id": 8,
    "session_id": "training01",
    "subject_id": "05",
    "task_id": "training"
  },
  "dummy_trs": 0,
  "dvars_nstd": 60.720054802521005,
  "dvars_std": 1.2904855139495792,
  "dvars_vstd": 0.9890881751260507,
  "efc": 0.5653086255859567,
  "fber": 844.2471923828125,
  "fd_mean": 0.2590858585286409,
  "fd_num": 129,
  "fd_perc": 53.97489539748954,
  "fwhm_avg": 1.9249433333333332,
  "fwhm_x": 1.7873,
  "fwhm_y": 2.13322,
  "fwhm_z": 1.85431,
  "gcor": 0.0173438,
  "gsr_x": -0.006735083181411028,
  "gsr_y": 0.05734049156308174,
  "provenance": {
    "md5sum": "14172250fae806d895caa53f1eb0390b",
    "settings": {
      "fd_thres": 0.2,
      "testing": false
    },
    "software": "mriqc",
    "version": "22.0.6",
    "webapi_port": null,
    "webapi_url": "https://mriqc.nimh.nih.gov/api/v1"
  },
  "size_t": 239,
  "size_x": 96,
  "size_y": 96,
  "size_z": 76,
  "snr": 4.690972894933299,
  "spacing_tr": 2.0,
  "spacing_x": 2.0,
  "spacing_y": 2.0,
  "spacing_z": 2.0,
  "summary_bg_k": 18.979258087981908,
  "summary_bg_mad": 16.17835291594221,
  "summary_bg_mean": 40.133033752441406,
  "summary_bg_median": 18.41840934753418,
  "summary_bg_n": 448709.0,
  "summary_bg_p05": 6.117154598236084,
  "summary_bg_p95": 151.35816040039052,
  "summary_bg_stdv": 54.83552169799805,
  "summary_fg_k": 3.403136876810824,
  "summary_fg_mad": 89.04915771242497,
  "summary_fg_mean": 535.21923828125,
  "summary_fg_median": 526.21337890625,
  "summary_fg_n": 155626.0,
  "summary_fg_p05": 383.35669708251953,
  "summary_fg_p95": 714.1704711914062,
  "summary_fg_stdv": 112.17538452148438,
  "tsnr": 25.16694633528823
}