{
  "aor": 0.002019217877094972,
  "aqi": 0.017000751396648042,
  "bids_meta": {
    "EchoTime": 0.043,
    "FlipAngle": 80.0,
    "MagneticFieldStrength": 3.0,
    "Manufacturer": "SIEMENS",
    "ManufacturersModelName": "Verio",
    "MultibandAccelerationFactor": 4,
    "PhaseEncodingDirection": "j-",
    "RepetitionTime": 2.0,
    "SliceTiming": [
      0.0,
      1.055,
      0.105,
      1.16,
      0.21,
      1.2675,
      0.315,
      1.3725,
      0.4225,
      1.4775,
      0.5275,
      1.585,
      0.6325,
      1.69,
      0.7375,
      1.795,
      0.845,
      1.9,
      0.95,
      0.0,
      1.055,
      0.105,
      1.16,
      0.21,
      1.2675,
      0.315,
      1.3725,
      0.4225,
      1.4775,
      0.5275,
      1.585,
      0.6325,
      1.69,
      0.7375,
      1.795,
      0.845,
      1.9,
      0.95,
      0.0,
      1.055,
      0.105,
      1.16,
      0.21,
      1.2675,
      0.315,
      1.3725,
      0.4225,
      1.4775,
      0.5275,
      1.585,
      0.6325,
      1.69,
      0.7375,
      1.795,
      0.845,
      1.9,
      0.95,
      0.0,
      1.055,
      0.105,
      1.16,
      0.21,
      1.2675,
      0.315,
      1.3725,
      0.4225,
      1.4775,
      0.5275,
      1.585,
      0.6325,
      1.69,
      0.7375,
      1.795,
      0.845,
      1.9,
      0.95
    ],
    "TaskName": "testNoCategory",
    "TotalReadoutTime": 0.07029788543960597,
    "dataset": "ds003661",
    "modality": "bold",
    "run_id": 2,
    "session_id": "testNoCategory01",
    "subject_id": "04",
    "task_id": "testNoCategory"
  },
  "dummy_trs": 0,
  "dvars_nstd": 46.90811159370787,
  "dvars_std": 1.3083858571910119,
  "dvars_vstd": 1.0167152301123594,
  "efc": 0.5737366186224864,
  "fber": 834.9034423828125,
  "fd_mean": 0.1448989781561888,
  "fd_num": 23,
  "fd_perc": 12.849162011173185,
  "fwhm_avg": 1.879945,
  "fwhm_x": 1.76727,
  "fwhm_y": 2.074525,
  "fwhm_z": 1.79804,
  "gcor": 0.0407488,
  "gsr_x": -0.01866687647998333,
  "gsr_y": 0.035921745002269745,
  "provenance": {
    "md5sum": "5f2172a81c0601015aac1ef290160152",
    "settings": {
      "fd_thres": 0.2,
      "testing": false
    },
    "software": "mriqc",
    "version": "22.0.6",
    "webapi_port": null,
    "webapi_url": "https://mriqc.nimh.nih.gov/api/v1"
  },
  "size_t": 179,
  "size_x": 96,
  "size_y": 96,
  "size_z": 76,
  "snr": 4.579196189396756,
  "spacing_tr": 2.0,
  "spacing_x": 2.0,
  "spacing_y": 2.0,
  "spacing_z": 2.0,
  "summary_bg_k": 17.776196823331865,
  "summary_bg_mad": 18.246774568592684,
  "summary_bg_mean": 46.03794860839844,
  "summary_bg_median": 20.888267517089844,
  "summary_bg_n": 436904.0,
  "summary_bg_p05": 6.312849044799805,
  "summary_bg_p95": 172.12205657958972,
  "summary_bg_stdv": 62.87361526489258,
  "summary_fg_k": 3.367839512083517,
  "summary_fg_mad": 104.16312180783773,
  "summary_fg_mean": 625.13134765625,
  "summary_fg_median": 614.5809936523438,
  "summary_fg_n": 164175.0,
  "summary_fg_p05": 437.07483520507816,
  "summary_fg_p95": 848.1301452636718,
  "summary_fg_stdv": 134.2111358642578,
  "tsnr": 38.86663494259119
}