{
  "aor": 0.005303072625698324,
  "aqi": 0.026246362569832406,
  "bids_meta": {
    "EchoTime": 0.043,
    "FlipAngle": 80.0,
    "MagneticFieldStrength": 3.0,
    "Manufacturer": "SIEMENS",
    "ManufacturersModelName": "Verio",
    "MultibandAccelerationFactor": 4,
    "PhaseEncodingDirection": "j-",
    "RepetitionTime": 2.0,
    "SliceTiming": [
      0.0,
      1.055,
      0.105,
      1.1625,
      0.21,
      1.2675,
      0.3175,
      1.3725,
      0.4225,
      1.4775,
      0.5275,
      1.585,
      0.6325,
      1.69,
      0.74,
      1.795,
      0.845,
      1.9,
      0.95,
      0.0,
      1.055,
      0.105,
      1.1625,
      0.21,
      1.2675,
      0.3175,
      1.3725,
      0.4225,
      1.4775,
      0.5275,
      1.585,
      0.6325,
      1.69,
      0.74,
      1.795,
      0.845,
      1.9,
      0.95,
      0.0,
      1.055,
      0.105,
      1.1625,
      0.21,
      1.2675,
      0.3175,
      1.3725,
      0.4225,
      1.4775,
      0.5275,
      1.585,
      0.6325,
      1.69,
      0.74,
      1.795,
      0.845,
      1.9,
      0.95,
      0.0,
      1.055,
      0.105,
      1.1625,
      0.21,
      1.2675,
      0.3175,
      1.3725,
      0.4225,
      1.4775,
      0.5275,
      1.585,
      0.6325,
      1.69,
      0.74,
      1.795,
      0.845,
      1.9,
      0.95
    ],
    "TaskName": "testNoCategory",
    "TotalReadoutTime": 0.07029788543960597,
    "dataset": "ds003661",
    "modality": "bold",
    "run_id": 1,
    "session_id": "testNoCategory01",
    "subject_id": "04",
    "task_id": "testNoCategory"
  },
  "dummy_trs": 0,
  "dvars_nstd": 47.63649226848315,
  "dvars_std": 1.2970357897191012,
  "dvars_vstd": 1.040194958651685,
  "efc": 0.5754208040970492,
  "fber": 788.7291870117188,
  "fd_mean": 0.16746371869548798,
  "fd_num": 42,
  "fd_perc": 23.463687150837988,
  "fwhm_avg": 1.9077483333333332,
  "fwhm_x": 1.792235,
  "fwhm_y": 2.1151,
  "fwhm_z": 1.81591,
  "gcor": 0.0179339,
  "gsr_x": -0.019020309671759605,
  "gsr_y": 0.03625059127807617,
  "provenance": {
    "md5sum": "a0c5b2a14783aceb7ec2adc6b824e373",
    "settings": {
      "fd_thres": 0.2,
      "testing": false
    },
    "software": "mriqc",
    "version": "22.0.6",
    "webapi_port": null,
    "webapi_url": "https://mriqc.nimh.nih.gov/api/v1"
  },
  "size_t": 179,
  "size_x": 96,
  "size_y": 96,
  "size_z": 76,
  "snr": 4.596193645506044,
  "spacing_tr": 2.0,
  "spacing_x": 2.0,
  "spacing_y": 2.0,
  "spacing_z": 2.0,
  "summary_bg_k": 16.782822679345887,
  "summary_bg_mad": 19.547157891272033,
  "summary_bg_mean": 47.103477478027344,
  "summary_bg_median": 21.92178726196289,
  "summary_bg_n": 436379.0,
  "summary_bg_p05": 6.357541561126709,
  "summary_bg_p95": 173.9558654785155,
  "summary_bg_stdv": 63.12981033325195,
  "summary_fg_k": 3.6757363353968895,
  "summary_fg_mad": 103.4425883505104,
  "summary_fg_mean": 625.3812866210938,
  "summary_fg_median": 614.7877197265625,
  "summary_fg_n": 164840.0,
  "summary_fg_p05": 437.11144561767577,
  "summary_fg_p95": 846.1463226318357,
  "summary_fg_stdv": 133.75978088378906,
  "tsnr": 31.87965888530016
}