{
  "aor": 0.0006203765690376569,
  "aqi": 0.018322982845188282,
  "bids_meta": {
    "EchoTime": 0.043,
    "FlipAngle": 80.0,
    "MagneticFieldStrength": 3.0,
    "Manufacturer": "SIEMENS",
    "ManufacturersModelName": "Verio",
    "MultibandAccelerationFactor": 4,
    "PhaseEncodingDirection": "j-",
    "RepetitionTime": 2.0,
    "SliceTiming": [
      0.0,
      1.055,
      0.105,
      1.1625,
      0.21,
      1.2675,
      0.3175,
      1.3725,
      0.4225,
      1.48,
      0.5275,
      1.585,
      0.6325,
      1.69,
      0.74,
      1.795,
      0.845,
      1.9025,
      0.95,
      0.0,
      1.055,
      0.105,
      1.1625,
      0.21,
      1.2675,
      0.3175,
      1.3725,
      0.4225,
      1.48,
      0.5275,
      1.585,
      0.6325,
      1.69,
      0.74,
      1.795,
      0.845,
      1.9025,
      0.95,
      0.0,
      1.055,
      0.105,
      1.1625,
      0.21,
      1.2675,
      0.3175,
      1.3725,
      0.4225,
      1.48,
      0.5275,
      1.585,
      0.6325,
      1.69,
      0.74,
      1.795,
      0.845,
      1.9025,
      0.95,
      0.0,
      1.055,
      0.105,
      1.1625,
      0.21,
      1.2675,
      0.3175,
      1.3725,
      0.4225,
      1.48,
      0.5275,
      1.585,
      0.6325,
      1.69,
      0.74,
      1.795,
      0.845,
      1.9025,
      0.95
    ],
    "TaskName": "training",
    "TotalReadoutTime": 0.07029788543960597,
    "dataset": "ds003661",
    "modality": "bold",
    "run_id": 3,
    "session_id": "training03",
    "subject_id": "01",
    "task_id": "training"
  },
  "dummy_trs": 0,
  "dvars_nstd": 43.58690829252104,
  "dvars_std": 1.2764867961764703,
  "dvars_vstd": 0.9951897469327725,
  "efc": 0.5395736577321949,
  "fber": 1139.901123046875,
  "fd_mean": 0.13354210044660597,
  "fd_num": 31,
  "fd_perc": 12.97071129707113,
  "fwhm_avg": 1.8552816666666665,
  "fwhm_x": 1.742405,
  "fwhm_y": 2.038265,
  "fwhm_z": 1.785175,
  "gcor": 0.023557,
  "gsr_x": -0.03334428369998932,
  "gsr_y": 0.045895643532276154,
  "provenance": {
    "md5sum": "e1d0df440dbea5d21236dc0f0cbfe00a",
    "settings": {
      "fd_thres": 0.2,
      "testing": false
    },
    "software": "mriqc",
    "version": "22.0.6",
    "webapi_port": null,
    "webapi_url": "https://mriqc.nimh.nih.gov/api/v1"
  },
  "size_t": 239,
  "size_x": 96,
  "size_y": 96,
  "size_z": 76,
  "snr": 5.140893840835027,
  "spacing_tr": 2.0,
  "spacing_x": 2.0,
  "spacing_y": 2.0,
  "spacing_z": 2.0,
  "summary_bg_k": 16.112108513152084,
  "summary_bg_mad": 11.984884956208278,
  "summary_bg_mean": 37.510536193847656,
  "summary_bg_median": 15.384937286376953,
  "summary_bg_n": 474265.0,
  "summary_bg_p05": 6.108786582946777,
  "summary_bg_p95": 150.36234130859364,
  "summary_bg_stdv": 53.76581954956055,
  "summary_fg_k": 5.03966231301623,
  "summary_fg_mad": 76.43156491839856,
  "summary_fg_mean": 532.1747436523438,
  "summary_fg_median": 525.8410034179688,
  "summary_fg_n": 134709.0,
  "summary_fg_p05": 392.7338806152344,
  "summary_fg_p95": 686.318798828125,
  "summary_fg_stdv": 102.28553009033203,
  "tsnr": 41.14541746303439
}