{
  "aor": 0.0004707234042553192,
  "aqi": 0.015025403829787233,
  "bids_meta": {
    "EchoTime": 0.043,
    "FlipAngle": 80.0,
    "MagneticFieldStrength": 3.0,
    "Manufacturer": "SIEMENS",
    "ManufacturersModelName": "Verio",
    "MultibandAccelerationFactor": 4,
    "PhaseEncodingDirection": "j-",
    "RepetitionTime": 2.0,
    "SliceTiming": [
      0.0,
      1.0575,
      0.105,
      1.1625,
      0.2125,
      1.2675,
      0.3175,
      1.375,
      0.4225,
      1.48,
      0.5275,
      1.585,
      0.635,
      1.69,
      0.74,
      1.7975,
      0.845,
      1.9025,
      0.9525,
      0.0,
      1.0575,
      0.105,
      1.1625,
      0.2125,
      1.2675,
      0.3175,
      1.375,
      0.4225,
      1.48,
      0.5275,
      1.585,
      0.635,
      1.69,
      0.74,
      1.7975,
      0.845,
      1.9025,
      0.9525,
      0.0,
      1.0575,
      0.105,
      1.1625,
      0.2125,
      1.2675,
      0.3175,
      1.375,
      0.4225,
      1.48,
      0.5275,
      1.585,
      0.635,
      1.69,
      0.74,
      1.7975,
      0.845,
      1.9025,
      0.9525,
      0.0,
      1.0575,
      0.105,
      1.1625,
      0.2125,
      1.2675,
      0.3175,
      1.375,
      0.4225,
      1.48,
      0.5275,
      1.585,
      0.635,
      1.69,
      0.74,
      1.7975,
      0.845,
      1.9025,
      0.9525
    ],
    "TaskName": "training",
    "TotalReadoutTime": 0.07029788543960597,
    "dataset": "ds003661",
    "modality": "bold",
    "run_id": 2,
    "session_id": "training03",
    "subject_id": "01",
    "task_id": "training"
  },
  "dummy_trs": 4,
  "dvars_nstd": 46.110094396495704,
  "dvars_std": 1.3409512290598289,
  "dvars_vstd": 1.0004881816239315,
  "efc": 0.5389020295505133,
  "fber": 1134.7421875,
  "fd_mean": 0.1245563954493657,
  "fd_num": 30,
  "fd_perc": 12.76595744680851,
  "fwhm_avg": 1.8509583333333335,
  "fwhm_x": 1.74544,
  "fwhm_y": 2.03396,
  "fwhm_z": 1.773475,
  "gcor": 0.0216992,
  "gsr_x": -0.03286800533533096,
  "gsr_y": 0.04566305875778198,
  "provenance": {
    "md5sum": "a3e856f00789ea0237a26feb7670ee7d",
    "settings": {
      "fd_thres": 0.2,
      "testing": false
    },
    "software": "mriqc",
    "version": "22.0.6",
    "webapi_port": null,
    "webapi_url": "https://mriqc.nimh.nih.gov/api/v1"
  },
  "size_t": 235,
  "size_x": 96,
  "size_y": 96,
  "size_z": 76,
  "snr": 5.105597823798599,
  "spacing_tr": 2.0,
  "spacing_x": 2.0,
  "spacing_y": 2.0,
  "spacing_z": 2.0,
  "summary_bg_k": 16.519177360678096,
  "summary_bg_mad": 12.01854119276929,
  "summary_bg_mean": 37.27577209472656,
  "summary_bg_median": 15.429786682128906,
  "summary_bg_n": 474006.0,
  "summary_bg_p05": 6.025531768798828,
  "summary_bg_p95": 149.0,
  "summary_bg_stdv": 53.50464630126953,
  "summary_fg_k": 5.0229763513417645,
  "summary_fg_mad": 77.5748264191676,
  "summary_fg_mean": 532.6864624023438,
  "summary_fg_median": 526.3616943359375,
  "summary_fg_n": 134952.0,
  "summary_fg_p05": 392.1459457397461,
  "summary_fg_p95": 688.2567779541015,
  "summary_fg_stdv": 103.09463500976562,
  "tsnr": 43.67738833464682
}