{
  "aor": 0.0014613966480446928,
  "aqi": 0.030743039106145256,
  "bids_meta": {
    "EchoTime": 0.043,
    "FlipAngle": 80.0,
    "MagneticFieldStrength": 3.0,
    "Manufacturer": "SIEMENS",
    "ManufacturersModelName": "Verio",
    "MultibandAccelerationFactor": 4,
    "PhaseEncodingDirection": "j-",
    "RepetitionTime": 2.0,
    "SliceTiming": [
      0.0,
      1.0575,
      0.105,
      1.1625,
      0.2125,
      1.2675,
      0.3175,
      1.375,
      0.4225,
      1.48,
      0.5275,
      1.585,
      0.635,
      1.69,
      0.74,
      1.7975,
      0.845,
      1.9025,
      0.95,
      0.0,
      1.0575,
      0.105,
      1.1625,
      0.2125,
      1.2675,
      0.3175,
      1.375,
      0.4225,
      1.48,
      0.5275,
      1.585,
      0.635,
      1.69,
      0.74,
      1.7975,
      0.845,
      1.9025,
      0.95,
      0.0,
      1.0575,
      0.105,
      1.1625,
      0.2125,
      1.2675,
      0.3175,
      1.375,
      0.4225,
      1.48,
      0.5275,
      1.585,
      0.635,
      1.69,
      0.74,
      1.7975,
      0.845,
      1.9025,
      0.95,
      0.0,
      1.0575,
      0.105,
      1.1625,
      0.2125,
      1.2675,
      0.3175,
      1.375,
      0.4225,
      1.48,
      0.5275,
      1.585,
      0.635,
      1.69,
      0.74,
      1.7975,
      0.845,
      1.9025,
      0.95
    ],
    "TaskName": "testCategory",
    "TotalReadoutTime": 0.07029788543960597,
    "dataset": "ds003661",
    "modality": "bold",
    "run_id": 2,
    "session_id": "testCategory01",
    "subject_id": "05",
    "task_id": "testCategory"
  },
  "dummy_trs": 0,
  "dvars_nstd": 66.2742568883146,
  "dvars_std": 1.2987480991573037,
  "dvars_vstd": 1.0014120079775284,
  "efc": 0.5748639604400283,
  "fber": 724.2613525390625,
  "fd_mean": 0.2860966670804415,
  "fd_num": 119,
  "fd_perc": 66.4804469273743,
  "fwhm_avg": 1.8805800000000001,
  "fwhm_x": 1.743485,
  "fwhm_y": 2.09893,
  "fwhm_z": 1.799325,
  "gcor": 0.0139897,
  "gsr_x": -0.01538008451461792,
  "gsr_y": 0.07572577893733978,
  "provenance": {
    "md5sum": "3c0717f4b41698f3d9457f4074f7fa3d",
    "settings": {
      "fd_thres": 0.2,
      "testing": false
    },
    "software": "mriqc",
    "version": "22.0.6",
    "webapi_port": null,
    "webapi_url": "https://mriqc.nimh.nih.gov/api/v1"
  },
  "size_t": 179,
  "size_x": 96,
  "size_y": 96,
  "size_z": 76,
  "snr": 4.678255081416434,
  "spacing_tr": 2.0,
  "spacing_x": 2.0,
  "spacing_y": 2.0,
  "spacing_z": 2.0,
  "summary_bg_k": 19.977341760866935,
  "summary_bg_mad": 15.25672190752522,
  "summary_bg_mean": 37.771820068359375,
  "summary_bg_median": 17.11731719970703,
  "summary_bg_n": 444896.0,
  "summary_bg_p05": 5.7039103507995605,
  "summary_bg_p95": 142.4916229248047,
  "summary_bg_stdv": 51.78487777709961,
  "summary_fg_k": 3.3932376345319843,
  "summary_fg_mad": 81.2242322339938,
  "summary_fg_mean": 481.0306701660156,
  "summary_fg_median": 473.0279235839844,
  "summary_fg_n": 159484.0,
  "summary_fg_p05": 346.5315689086914,
  "summary_fg_p95": 640.3910522460938,
  "summary_fg_stdv": 101.11172485351562,
  "tsnr": 28.41104770882521
}