{
  "aor": 0.00104109243697479,
  "aqi": 0.015431388655462187,
  "bids_meta": {
    "EchoTime": 0.043,
    "FlipAngle": 80.0,
    "MagneticFieldStrength": 3.0,
    "Manufacturer": "SIEMENS",
    "ManufacturersModelName": "Verio",
    "MultibandAccelerationFactor": 4,
    "PhaseEncodingDirection": "j-",
    "RepetitionTime": 2.0,
    "SliceTiming": [
      0.0,
      1.055,
      0.105,
      1.1625,
      0.21,
      1.2675,
      0.315,
      1.3725,
      0.4225,
      1.4775,
      0.5275,
      1.585,
      0.6325,
      1.69,
      0.7375,
      1.795,
      0.845,
      1.9,
      0.95,
      0.0,
      1.055,
      0.105,
      1.1625,
      0.21,
      1.2675,
      0.315,
      1.3725,
      0.4225,
      1.4775,
      0.5275,
      1.585,
      0.6325,
      1.69,
      0.7375,
      1.795,
      0.845,
      1.9,
      0.95,
      0.0,
      1.055,
      0.105,
      1.1625,
      0.21,
      1.2675,
      0.315,
      1.3725,
      0.4225,
      1.4775,
      0.5275,
      1.585,
      0.6325,
      1.69,
      0.7375,
      1.795,
      0.845,
      1.9,
      0.95,
      0.0,
      1.055,
      0.105,
      1.1625,
      0.21,
      1.2675,
      0.315,
      1.3725,
      0.4225,
      1.4775,
      0.5275,
      1.585,
      0.6325,
      1.69,
      0.7375,
      1.795,
      0.845,
      1.9,
      0.95
    ],
    "TaskName": "training",
    "TotalReadoutTime": 0.07029788543960597,
    "dataset": "ds003661",
    "modality": "bold",
    "run_id": 4,
    "session_id": "training01",
    "subject_id": "04",
    "task_id": "training"
  },
  "dummy_trs": 1,
  "dvars_nstd": 40.97012914181436,
  "dvars_std": 1.2170162578902952,
  "dvars_vstd": 1.0092723374261596,
  "efc": 0.5748689454174966,
  "fber": 826.8548583984375,
  "fd_mean": 0.096230155657806,
  "fd_num": 18,
  "fd_perc": 7.563025210084033,
  "fwhm_avg": 1.8312066666666666,
  "fwhm_x": 1.72962,
  "fwhm_y": 2.01894,
  "fwhm_z": 1.74506,
  "gcor": 0.0260065,
  "gsr_x": -0.015145525336265564,
  "gsr_y": 0.03601626306772232,
  "provenance": {
    "md5sum": "a3bd8507720bd34fe7c5347bffeba303",
    "settings": {
      "fd_thres": 0.2,
      "testing": false
    },
    "software": "mriqc",
    "version": "22.0.6",
    "webapi_port": null,
    "webapi_url": "https://mriqc.nimh.nih.gov/api/v1"
  },
  "size_t": 238,
  "size_x": 96,
  "size_y": 96,
  "size_z": 76,
  "snr": 4.6601682630420065,
  "spacing_tr": 2.0,
  "spacing_x": 2.0,
  "spacing_y": 2.0,
  "spacing_z": 2.0,
  "summary_bg_k": 16.068203191625475,
  "summary_bg_mad": 16.034530422327848,
  "summary_bg_mean": 43.38186264038086,
  "summary_bg_median": 18.98319435119629,
  "summary_bg_n": 439255.0,
  "summary_bg_p05": 6.189075946807861,
  "summary_bg_p95": 166.63026428222656,
  "summary_bg_stdv": 59.991233825683594,
  "summary_fg_k": 3.505152754178151,
  "summary_fg_mad": 93.07998249398707,
  "summary_fg_mean": 567.5372314453125,
  "summary_fg_median": 558.2941284179688,
  "summary_fg_n": 161794.0,
  "summary_fg_p05": 400.7815246582031,
  "summary_fg_p95": 764.5210571289062,
  "summary_fg_stdv": 119.80091094970703,
  "tsnr": 39.90315677365288
}