{
  "aor": 0.0031117573221757316,
  "aqi": 0.019421653974895394,
  "bids_meta": {
    "EchoTime": 0.043,
    "FlipAngle": 80.0,
    "MagneticFieldStrength": 3.0,
    "Manufacturer": "SIEMENS",
    "ManufacturersModelName": "Verio",
    "MultibandAccelerationFactor": 4,
    "PhaseEncodingDirection": "j-",
    "RepetitionTime": 2.0,
    "SliceTiming": [
      0.0,
      1.0575,
      0.1075,
      1.1625,
      0.2125,
      1.27,
      0.3175,
      1.375,
      0.4225,
      1.48,
      0.53,
      1.585,
      0.635,
      1.6925,
      0.74,
      1.7975,
      0.8475,
      1.9025,
      0.9525,
      0.0,
      1.0575,
      0.1075,
      1.1625,
      0.2125,
      1.27,
      0.3175,
      1.375,
      0.4225,
      1.48,
      0.53,
      1.585,
      0.635,
      1.6925,
      0.74,
      1.7975,
      0.8475,
      1.9025,
      0.9525,
      0.0,
      1.0575,
      0.1075,
      1.1625,
      0.2125,
      1.27,
      0.3175,
      1.375,
      0.4225,
      1.48,
      0.53,
      1.585,
      0.635,
      1.6925,
      0.74,
      1.7975,
      0.8475,
      1.9025,
      0.9525,
      0.0,
      1.0575,
      0.1075,
      1.1625,
      0.2125,
      1.27,
      0.3175,
      1.375,
      0.4225,
      1.48,
      0.53,
      1.585,
      0.635,
      1.6925,
      0.74,
      1.7975,
      0.8475,
      1.9025,
      0.9525
    ],
    "TaskName": "training",
    "TotalReadoutTime": 0.07029788543960597,
    "dataset": "ds003661",
    "modality": "bold",
    "run_id": 1,
    "session_id": "training01",
    "subject_id": "04",
    "task_id": "training"
  },
  "dummy_trs": 0,
  "dvars_nstd": 39.36980258735294,
  "dvars_std": 1.2275679163445379,
  "dvars_vstd": 1.041308832647059,
  "efc": 0.5738264782598058,
  "fber": 818.2897338867188,
  "fd_mean": 0.08833330407459307,
  "fd_num": 16,
  "fd_perc": 6.694560669456067,
  "fwhm_avg": 1.8608500000000001,
  "fwhm_x": 1.751205,
  "fwhm_y": 2.05493,
  "fwhm_z": 1.776415,
  "gcor": 0.0202546,
  "gsr_x": -0.014240393415093422,
  "gsr_y": 0.03614504635334015,
  "provenance": {
    "md5sum": "f448bbf13083ef6cafecc1889b34978d",
    "settings": {
      "fd_thres": 0.2,
      "testing": false
    },
    "software": "mriqc",
    "version": "22.0.6",
    "webapi_port": null,
    "webapi_url": "https://mriqc.nimh.nih.gov/api/v1"
  },
  "size_t": 239,
  "size_x": 96,
  "size_y": 96,
  "size_z": 76,
  "snr": 4.674875993523945,
  "spacing_tr": 2.0,
  "spacing_x": 2.0,
  "spacing_y": 2.0,
  "spacing_z": 2.0,
  "summary_bg_k": 15.965936345231206,
  "summary_bg_mad": 16.457504487789915,
  "summary_bg_mean": 42.355308532714844,
  "summary_bg_median": 19.10878562927246,
  "summary_bg_n": 438823.0,
  "summary_bg_p05": 6.008368015289307,
  "summary_bg_p95": 161.1836791992186,
  "summary_bg_stdv": 57.95953369140625,
  "summary_fg_k": 3.4385629169588245,
  "summary_fg_mad": 93.25503705891012,
  "summary_fg_mean": 567.0308227539062,
  "summary_fg_median": 557.9497680664062,
  "summary_fg_n": 162159.0,
  "summary_fg_p05": 398.9401519775391,
  "summary_fg_p95": 763.5401489257813,
  "summary_fg_stdv": 119.350341796875,
  "tsnr": 35.62949442770332
}