{
  "aor": 0.0007107531380753139,
  "aqi": 0.0138239050209205,
  "bids_meta": {
    "EchoTime": 0.043,
    "FlipAngle": 80.0,
    "MagneticFieldStrength": 3.0,
    "Manufacturer": "SIEMENS",
    "ManufacturersModelName": "Verio",
    "MultibandAccelerationFactor": 4,
    "PhaseEncodingDirection": "j-",
    "RepetitionTime": 2.0,
    "SliceTiming": [
      0.0,
      1.055,
      0.105,
      1.1625,
      0.21,
      1.2675,
      0.315,
      1.3725,
      0.4225,
      1.4775,
      0.5275,
      1.585,
      0.6325,
      1.69,
      0.74,
      1.795,
      0.845,
      1.9,
      0.95,
      0.0,
      1.055,
      0.105,
      1.1625,
      0.21,
      1.2675,
      0.315,
      1.3725,
      0.4225,
      1.4775,
      0.5275,
      1.585,
      0.6325,
      1.69,
      0.74,
      1.795,
      0.845,
      1.9,
      0.95,
      0.0,
      1.055,
      0.105,
      1.1625,
      0.21,
      1.2675,
      0.315,
      1.3725,
      0.4225,
      1.4775,
      0.5275,
      1.585,
      0.6325,
      1.69,
      0.74,
      1.795,
      0.845,
      1.9,
      0.95,
      0.0,
      1.055,
      0.105,
      1.1625,
      0.21,
      1.2675,
      0.315,
      1.3725,
      0.4225,
      1.4775,
      0.5275,
      1.585,
      0.6325,
      1.69,
      0.74,
      1.795,
      0.845,
      1.9,
      0.95
    ],
    "TaskName": "training",
    "TotalReadoutTime": 0.07029788543960597,
    "dataset": "ds003661",
    "modality": "bold",
    "run_id": 2,
    "session_id": "training01",
    "subject_id": "04",
    "task_id": "training"
  },
  "dummy_trs": 0,
  "dvars_nstd": 38.617698661596634,
  "dvars_std": 1.2035256204621843,
  "dvars_vstd": 1.0004457746638653,
  "efc": 0.5735122079411539,
  "fber": 843.9031372070312,
  "fd_mean": 0.06710158208539177,
  "fd_num": 7,
  "fd_perc": 2.928870292887029,
  "fwhm_avg": 1.83295,
  "fwhm_x": 1.731685,
  "fwhm_y": 2.022435,
  "fwhm_z": 1.74473,
  "gcor": 0.0354054,
  "gsr_x": -0.014834449626505375,
  "gsr_y": 0.035707857459783554,
  "provenance": {
    "md5sum": "17e524bacdc5ac955048f316ed57b9b9",
    "settings": {
      "fd_thres": 0.2,
      "testing": false
    },
    "software": "mriqc",
    "version": "22.0.6",
    "webapi_port": null,
    "webapi_url": "https://mriqc.nimh.nih.gov/api/v1"
  },
  "size_t": 239,
  "size_x": 96,
  "size_y": 96,
  "size_z": 76,
  "snr": 4.637642128233799,
  "spacing_tr": 2.0,
  "spacing_x": 2.0,
  "spacing_y": 2.0,
  "spacing_z": 2.0,
  "summary_bg_k": 16.197018572106728,
  "summary_bg_mad": 15.92401563407899,
  "summary_bg_mean": 42.902183532714844,
  "summary_bg_median": 18.895397186279297,
  "summary_bg_n": 439065.0,
  "summary_bg_p05": 6.150627613067627,
  "summary_bg_p95": 165.50877990722645,
  "summary_bg_stdv": 59.58060073852539,
  "summary_fg_k": 3.486819771320204,
  "summary_fg_mad": 94.09560663945813,
  "summary_fg_mean": 569.4469604492188,
  "summary_fg_median": 560.19873046875,
  "summary_fg_n": 162056.0,
  "summary_fg_p05": 401.1610870361328,
  "summary_fg_p95": 768.996826171875,
  "summary_fg_stdv": 120.79349517822266,
  "tsnr": 41.68806667206809
}