{
  "aor": 0.0015451046025104604,
  "aqi": 0.02778871380753138,
  "bids_meta": {
    "EchoTime": 0.043,
    "FlipAngle": 80.0,
    "MagneticFieldStrength": 3.0,
    "Manufacturer": "SIEMENS",
    "ManufacturersModelName": "Verio",
    "MultibandAccelerationFactor": 4,
    "PhaseEncodingDirection": "j-",
    "RepetitionTime": 2.0,
    "SliceTiming": [
      0.0,
      1.0575,
      0.105,
      1.1625,
      0.2125,
      1.2675,
      0.3175,
      1.375,
      0.4225,
      1.48,
      0.53,
      1.585,
      0.635,
      1.69,
      0.74,
      1.7975,
      0.845,
      1.9025,
      0.9525,
      0.0,
      1.0575,
      0.105,
      1.1625,
      0.2125,
      1.2675,
      0.3175,
      1.375,
      0.4225,
      1.48,
      0.53,
      1.585,
      0.635,
      1.69,
      0.74,
      1.7975,
      0.845,
      1.9025,
      0.9525,
      0.0,
      1.0575,
      0.105,
      1.1625,
      0.2125,
      1.2675,
      0.3175,
      1.375,
      0.4225,
      1.48,
      0.53,
      1.585,
      0.635,
      1.69,
      0.74,
      1.7975,
      0.845,
      1.9025,
      0.9525,
      0.0,
      1.0575,
      0.105,
      1.1625,
      0.2125,
      1.2675,
      0.3175,
      1.375,
      0.4225,
      1.48,
      0.53,
      1.585,
      0.635,
      1.69,
      0.74,
      1.7975,
      0.845,
      1.9025,
      0.9525
    ],
    "TaskName": "training",
    "TotalReadoutTime": 0.07029788543960597,
    "dataset": "ds003661",
    "modality": "bold",
    "run_id": 8,
    "session_id": "training01",
    "subject_id": "04",
    "task_id": "training"
  },
  "dummy_trs": 0,
  "dvars_nstd": 43.533329442689066,
  "dvars_std": 1.1779483274369755,
  "dvars_vstd": 0.9919225881512606,
  "efc": 0.5767761544492267,
  "fber": 799.8801879882812,
  "fd_mean": 0.1753477005009516,
  "fd_num": 74,
  "fd_perc": 30.96234309623431,
  "fwhm_avg": 1.8792916666666668,
  "fwhm_x": 1.76566,
  "fwhm_y": 2.073635,
  "fwhm_z": 1.79858,
  "gcor": 0.0191638,
  "gsr_x": -0.015336716547608376,
  "gsr_y": 0.03629425913095474,
  "provenance": {
    "md5sum": "e2bd011256eef9f6dfe03ac13d040811",
    "settings": {
      "fd_thres": 0.2,
      "testing": false
    },
    "software": "mriqc",
    "version": "22.0.6",
    "webapi_port": null,
    "webapi_url": "https://mriqc.nimh.nih.gov/api/v1"
  },
  "size_t": 239,
  "size_x": 96,
  "size_y": 96,
  "size_z": 76,
  "snr": 4.67629998954359,
  "spacing_tr": 2.0,
  "spacing_x": 2.0,
  "spacing_y": 2.0,
  "spacing_z": 2.0,
  "summary_bg_k": 15.592595000148318,
  "summary_bg_mad": 16.87312829191384,
  "summary_bg_mean": 44.038795471191406,
  "summary_bg_median": 19.326358795166016,
  "summary_bg_n": 439278.0,
  "summary_bg_p05": 5.979079246520996,
  "summary_bg_p95": 167.7502037048337,
  "summary_bg_stdv": 60.120235443115234,
  "summary_fg_k": 3.4994998974986755,
  "summary_fg_mad": 92.26253332767419,
  "summary_fg_mean": 566.5115356445312,
  "summary_fg_median": 556.8703002929688,
  "summary_fg_n": 162017.0,
  "summary_fg_p05": 399.84434814453124,
  "summary_fg_p95": 763.0167236328125,
  "summary_fg_stdv": 119.08316040039062,
  "tsnr": 29.830333048012108
}