{
  "aor": 0.0008227196652719666,
  "aqi": 0.02700503472803347,
  "bids_meta": {
    "EchoTime": 0.043,
    "FlipAngle": 80.0,
    "MagneticFieldStrength": 3.0,
    "Manufacturer": "SIEMENS",
    "ManufacturersModelName": "Verio",
    "MultibandAccelerationFactor": 4,
    "PhaseEncodingDirection": "j-",
    "RepetitionTime": 2.0,
    "SliceTiming": [
      0.0,
      1.0575,
      0.1075,
      1.1625,
      0.2125,
      1.27,
      0.3175,
      1.375,
      0.4225,
      1.48,
      0.53,
      1.585,
      0.635,
      1.6925,
      0.74,
      1.7975,
      0.845,
      1.9025,
      0.9525,
      0.0,
      1.0575,
      0.1075,
      1.1625,
      0.2125,
      1.27,
      0.3175,
      1.375,
      0.4225,
      1.48,
      0.53,
      1.585,
      0.635,
      1.6925,
      0.74,
      1.7975,
      0.845,
      1.9025,
      0.9525,
      0.0,
      1.0575,
      0.1075,
      1.1625,
      0.2125,
      1.27,
      0.3175,
      1.375,
      0.4225,
      1.48,
      0.53,
      1.585,
      0.635,
      1.6925,
      0.74,
      1.7975,
      0.845,
      1.9025,
      0.9525,
      0.0,
      1.0575,
      0.1075,
      1.1625,
      0.2125,
      1.27,
      0.3175,
      1.375,
      0.4225,
      1.48,
      0.53,
      1.585,
      0.635,
      1.6925,
      0.74,
      1.7975,
      0.845,
      1.9025,
      0.9525
    ],
    "TaskName": "training",
    "TotalReadoutTime": 0.07029788543960597,
    "dataset": "ds003661",
    "modality": "bold",
    "run_id": 2,
    "session_id": "training03",
    "subject_id": "03",
    "task_id": "training"
  },
  "dummy_trs": 0,
  "dvars_nstd": 45.927868210126086,
  "dvars_std": 1.2127223898739496,
  "dvars_vstd": 0.9727767678571424,
  "efc": 0.5661404232610754,
  "fber": 821.03515625,
  "fd_mean": 0.14410929232996678,
  "fd_num": 56,
  "fd_perc": 23.430962343096233,
  "fwhm_avg": 1.872185,
  "fwhm_x": 1.766415,
  "fwhm_y": 2.062955,
  "fwhm_z": 1.787185,
  "gcor": 0.0371387,
  "gsr_x": -0.018571576103568077,
  "gsr_y": 0.047130975872278214,
  "provenance": {
    "md5sum": "1e9b03ce40b2eac50951116018ff7e9f",
    "settings": {
      "fd_thres": 0.2,
      "testing": false
    },
    "software": "mriqc",
    "version": "22.0.6",
    "webapi_port": null,
    "webapi_url": "https://mriqc.nimh.nih.gov/api/v1"
  },
  "size_t": 239,
  "size_x": 96,
  "size_y": 96,
  "size_z": 76,
  "snr": 5.153396080251418,
  "spacing_tr": 2.0,
  "spacing_x": 2.0,
  "spacing_y": 2.0,
  "spacing_z": 2.0,
  "summary_bg_k": 27.319965284729005,
  "summary_bg_mad": 16.110115739364357,
  "summary_bg_mean": 43.048587799072266,
  "summary_bg_median": 18.723848342895508,
  "summary_bg_n": 454481.0,
  "summary_bg_p05": 6.2510457038879395,
  "summary_bg_p95": 165.85354614257812,
  "summary_bg_stdv": 63.63031768798828,
  "summary_fg_k": 5.214788126421638,
  "summary_fg_mad": 80.11019928037913,
  "summary_fg_mean": 547.71533203125,
  "summary_fg_median": 546.7238159179688,
  "summary_fg_n": 150703.0,
  "summary_fg_p05": 386.56150512695314,
  "summary_fg_p95": 699.8355407714843,
  "summary_fg_stdv": 106.08965301513672,
  "tsnr": 32.966475264402106
}