{
  "aor": 0.0015702510460251045,
  "aqi": 0.017168038075313807,
  "bids_meta": {
    "EchoTime": 0.043,
    "FlipAngle": 80.0,
    "MagneticFieldStrength": 3.0,
    "Manufacturer": "SIEMENS",
    "ManufacturersModelName": "Verio",
    "MultibandAccelerationFactor": 4,
    "PhaseEncodingDirection": "j-",
    "RepetitionTime": 2.0,
    "SliceTiming": [
      0.0,
      1.0575,
      0.1075,
      1.1625,
      0.2125,
      1.2675,
      0.3175,
      1.375,
      0.4225,
      1.48,
      0.53,
      1.585,
      0.635,
      1.6925,
      0.74,
      1.7975,
      0.845,
      1.9025,
      0.9525,
      0.0,
      1.0575,
      0.1075,
      1.1625,
      0.2125,
      1.2675,
      0.3175,
      1.375,
      0.4225,
      1.48,
      0.53,
      1.585,
      0.635,
      1.6925,
      0.74,
      1.7975,
      0.845,
      1.9025,
      0.9525,
      0.0,
      1.0575,
      0.1075,
      1.1625,
      0.2125,
      1.2675,
      0.3175,
      1.375,
      0.4225,
      1.48,
      0.53,
      1.585,
      0.635,
      1.6925,
      0.74,
      1.7975,
      0.845,
      1.9025,
      0.9525,
      0.0,
      1.0575,
      0.1075,
      1.1625,
      0.2125,
      1.2675,
      0.3175,
      1.375,
      0.4225,
      1.48,
      0.53,
      1.585,
      0.635,
      1.6925,
      0.74,
      1.7975,
      0.845,
      1.9025,
      0.9525
    ],
    "TaskName": "training",
    "TotalReadoutTime": 0.07029788543960597,
    "dataset": "ds003661",
    "modality": "bold",
    "run_id": 3,
    "session_id": "training01",
    "subject_id": "03",
    "task_id": "training"
  },
  "dummy_trs": 0,
  "dvars_nstd": 43.29274158310921,
  "dvars_std": 1.2818423747478995,
  "dvars_vstd": 1.0121896175210086,
  "efc": 0.5656889576929708,
  "fber": 805.520751953125,
  "fd_mean": 0.08825298001576579,
  "fd_num": 10,
  "fd_perc": 4.184100418410042,
  "fwhm_avg": 1.8667716666666667,
  "fwhm_x": 1.767505,
  "fwhm_y": 2.062145,
  "fwhm_z": 1.770665,
  "gcor": 0.029153,
  "gsr_x": -0.020327413454651833,
  "gsr_y": 0.044776834547519684,
  "provenance": {
    "md5sum": "c03553e0aeadd13cc2f170c558449f22",
    "settings": {
      "fd_thres": 0.2,
      "testing": false
    },
    "software": "mriqc",
    "version": "22.0.6",
    "webapi_port": null,
    "webapi_url": "https://mriqc.nimh.nih.gov/api/v1"
  },
  "size_t": 239,
  "size_x": 96,
  "size_y": 96,
  "size_z": 76,
  "snr": 5.075777402318818,
  "spacing_tr": 2.0,
  "spacing_x": 2.0,
  "spacing_y": 2.0,
  "spacing_z": 2.0,
  "summary_bg_k": 25.543213982337647,
  "summary_bg_mad": 16.780077532311328,
  "summary_bg_mean": 44.8724479675293,
  "summary_bg_median": 19.799161911010742,
  "summary_bg_n": 454862.0,
  "summary_bg_p05": 6.627614974975586,
  "summary_bg_p95": 172.65250091552716,
  "summary_bg_stdv": 65.55803680419922,
  "summary_fg_k": 4.986760449551904,
  "summary_fg_mad": 84.31603338143525,
  "summary_fg_mean": 569.4188232421875,
  "summary_fg_median": 570.548095703125,
  "summary_fg_n": 150425.0,
  "summary_fg_p05": 393.76568603515625,
  "summary_fg_p95": 727.9983276367186,
  "summary_fg_stdv": 112.40567779541016,
  "tsnr": 39.79789611231536
}