{
  "aor": 0.0008917991631799163,
  "aqi": 0.022698301255230126,
  "bids_meta": {
    "EchoTime": 0.043,
    "FlipAngle": 80.0,
    "MagneticFieldStrength": 3.0,
    "Manufacturer": "SIEMENS",
    "ManufacturersModelName": "Verio",
    "MultibandAccelerationFactor": 4,
    "PhaseEncodingDirection": "j-",
    "RepetitionTime": 2.0,
    "SliceTiming": [
      0.0,
      1.0575,
      0.105,
      1.1625,
      0.21,
      1.2675,
      0.3175,
      1.3725,
      0.4225,
      1.48,
      0.5275,
      1.585,
      0.6325,
      1.69,
      0.74,
      1.795,
      0.845,
      1.9025,
      0.95,
      0.0,
      1.0575,
      0.105,
      1.1625,
      0.21,
      1.2675,
      0.3175,
      1.3725,
      0.4225,
      1.48,
      0.5275,
      1.585,
      0.6325,
      1.69,
      0.74,
      1.795,
      0.845,
      1.9025,
      0.95,
      0.0,
      1.0575,
      0.105,
      1.1625,
      0.21,
      1.2675,
      0.3175,
      1.3725,
      0.4225,
      1.48,
      0.5275,
      1.585,
      0.6325,
      1.69,
      0.74,
      1.795,
      0.845,
      1.9025,
      0.95,
      0.0,
      1.0575,
      0.105,
      1.1625,
      0.21,
      1.2675,
      0.3175,
      1.3725,
      0.4225,
      1.48,
      0.5275,
      1.585,
      0.6325,
      1.69,
      0.74,
      1.795,
      0.845,
      1.9025,
      0.95
    ],
    "TaskName": "training",
    "TotalReadoutTime": 0.07029788543960597,
    "dataset": "ds003661",
    "modality": "bold",
    "run_id": 1,
    "session_id": "training01",
    "subject_id": "03",
    "task_id": "training"
  },
  "dummy_trs": 0,
  "dvars_nstd": 38.75906178121849,
  "dvars_std": 1.1722211617226883,
  "dvars_vstd": 0.97285047802521,
  "efc": 0.5661953013608565,
  "fber": 783.965087890625,
  "fd_mean": 0.07657768316035059,
  "fd_num": 0,
  "fd_perc": 0.0,
  "fwhm_avg": 1.884015,
  "fwhm_x": 1.781855,
  "fwhm_y": 2.083375,
  "fwhm_z": 1.786815,
  "gcor": 0.0154775,
  "gsr_x": -0.020591603592038155,
  "gsr_y": 0.04399033263325691,
  "provenance": {
    "md5sum": "092466fe19efbd1d425966e85df94d44",
    "settings": {
      "fd_thres": 0.2,
      "testing": false
    },
    "software": "mriqc",
    "version": "22.0.6",
    "webapi_port": null,
    "webapi_url": "https://mriqc.nimh.nih.gov/api/v1"
  },
  "size_t": 239,
  "size_x": 96,
  "size_y": 96,
  "size_z": 76,
  "snr": 5.115300967266814,
  "spacing_tr": 2.0,
  "spacing_x": 2.0,
  "spacing_y": 2.0,
  "spacing_z": 2.0,
  "summary_bg_k": 24.12695095538304,
  "summary_bg_mad": 17.468652163626153,
  "summary_bg_mean": 45.304443359375,
  "summary_bg_median": 20.255229949951172,
  "summary_bg_n": 455042.0,
  "summary_bg_p05": 6.510459899902344,
  "summary_bg_p95": 173.57719802856425,
  "summary_bg_stdv": 65.42182922363281,
  "summary_fg_k": 4.993243875673563,
  "summary_fg_mad": 84.86811810647814,
  "summary_fg_mean": 571.9781494140625,
  "summary_fg_median": 572.8326416015625,
  "summary_fg_n": 150435.0,
  "summary_fg_p05": 396.8033447265625,
  "summary_fg_p95": 730.3694274902343,
  "summary_fg_stdv": 111.98377990722656,
  "tsnr": 35.449008107185364
}