{
  "aor": 0.0017926470588235292,
  "aqi": 0.041502455462184874,
  "bids_meta": {
    "EchoTime": 0.043,
    "FlipAngle": 80.0,
    "MagneticFieldStrength": 3.0,
    "Manufacturer": "SIEMENS",
    "ManufacturersModelName": "Verio",
    "MultibandAccelerationFactor": 4,
    "PhaseEncodingDirection": "j-",
    "RepetitionTime": 2.0,
    "SliceTiming": [
      0.0,
      1.055,
      0.105,
      1.16,
      0.21,
      1.2675,
      0.315,
      1.3725,
      0.4225,
      1.4775,
      0.5275,
      1.585,
      0.6325,
      1.69,
      0.7375,
      1.795,
      0.845,
      1.9,
      0.95,
      0.0,
      1.055,
      0.105,
      1.16,
      0.21,
      1.2675,
      0.315,
      1.3725,
      0.4225,
      1.4775,
      0.5275,
      1.585,
      0.6325,
      1.69,
      0.7375,
      1.795,
      0.845,
      1.9,
      0.95,
      0.0,
      1.055,
      0.105,
      1.16,
      0.21,
      1.2675,
      0.315,
      1.3725,
      0.4225,
      1.4775,
      0.5275,
      1.585,
      0.6325,
      1.69,
      0.7375,
      1.795,
      0.845,
      1.9,
      0.95,
      0.0,
      1.055,
      0.105,
      1.16,
      0.21,
      1.2675,
      0.315,
      1.3725,
      0.4225,
      1.4775,
      0.5275,
      1.585,
      0.6325,
      1.69,
      0.7375,
      1.795,
      0.845,
      1.9,
      0.95
    ],
    "TaskName": "training",
    "TotalReadoutTime": 0.07029788543960597,
    "dataset": "ds003661",
    "modality": "bold",
    "run_id": 4,
    "session_id": "training02",
    "subject_id": "02",
    "task_id": "training"
  },
  "dummy_trs": 1,
  "dvars_nstd": 57.644895995780594,
  "dvars_std": 1.1817816597890303,
  "dvars_vstd": 0.9988259719409284,
  "efc": 0.5741454301225147,
  "fber": 746.5780639648438,
  "fd_mean": 0.3287033167969127,
  "fd_num": 188,
  "fd_perc": 78.99159663865547,
  "fwhm_avg": 1.8747466666666666,
  "fwhm_x": 1.761,
  "fwhm_y": 2.115675,
  "fwhm_z": 1.747565,
  "gcor": 0.010103,
  "gsr_x": -0.008279840461909771,
  "gsr_y": 0.0771249458193779,
  "provenance": {
    "md5sum": "c5a9cd547335d598000b766e993530e8",
    "settings": {
      "fd_thres": 0.2,
      "testing": false
    },
    "software": "mriqc",
    "version": "22.0.6",
    "webapi_port": null,
    "webapi_url": "https://mriqc.nimh.nih.gov/api/v1"
  },
  "size_t": 238,
  "size_x": 96,
  "size_y": 96,
  "size_z": 76,
  "snr": 4.819810569744966,
  "spacing_tr": 2.0,
  "spacing_x": 2.0,
  "spacing_y": 2.0,
  "spacing_z": 2.0,
  "summary_bg_k": 24.506023409802996,
  "summary_bg_mad": 18.364336332413206,
  "summary_bg_mean": 43.66527557373047,
  "summary_bg_median": 20.390756607055664,
  "summary_bg_n": 443537.0,
  "summary_bg_p05": 6.008403778076172,
  "summary_bg_p95": 161.88656616210938,
  "summary_bg_stdv": 61.05966567993164,
  "summary_fg_k": 3.931542360602835,
  "summary_fg_mad": 87.42679236364093,
  "summary_fg_mean": 546.9358520507812,
  "summary_fg_median": 544.586181640625,
  "summary_fg_n": 158680.0,
  "summary_fg_p05": 375.65966796875,
  "summary_fg_p95": 714.4033813476562,
  "summary_fg_stdv": 112.98876953125,
  "tsnr": 24.08363080554409
}