{
  "aor": 0.0007030962343096234,
  "aqi": 0.04608884225941422,
  "bids_meta": {
    "EchoTime": 0.043,
    "FlipAngle": 80.0,
    "MagneticFieldStrength": 3.0,
    "Manufacturer": "SIEMENS",
    "ManufacturersModelName": "Verio",
    "MultibandAccelerationFactor": 4,
    "PhaseEncodingDirection": "j-",
    "RepetitionTime": 2.0,
    "SliceTiming": [
      0.0,
      1.0575,
      0.105,
      1.1625,
      0.21,
      1.2675,
      0.3175,
      1.3725,
      0.4225,
      1.48,
      0.5275,
      1.585,
      0.6325,
      1.69,
      0.74,
      1.795,
      0.845,
      1.9025,
      0.95,
      0.0,
      1.0575,
      0.105,
      1.1625,
      0.21,
      1.2675,
      0.3175,
      1.3725,
      0.4225,
      1.48,
      0.5275,
      1.585,
      0.6325,
      1.69,
      0.74,
      1.795,
      0.845,
      1.9025,
      0.95,
      0.0,
      1.0575,
      0.105,
      1.1625,
      0.21,
      1.2675,
      0.3175,
      1.3725,
      0.4225,
      1.48,
      0.5275,
      1.585,
      0.6325,
      1.69,
      0.74,
      1.795,
      0.845,
      1.9025,
      0.95,
      0.0,
      1.0575,
      0.105,
      1.1625,
      0.21,
      1.2675,
      0.3175,
      1.3725,
      0.4225,
      1.48,
      0.5275,
      1.585,
      0.6325,
      1.69,
      0.74,
      1.795,
      0.845,
      1.9025,
      0.95
    ],
    "TaskName": "training",
    "TotalReadoutTime": 0.07029788543960597,
    "dataset": "ds003661",
    "modality": "bold",
    "run_id": 3,
    "session_id": "training02",
    "subject_id": "02",
    "task_id": "training"
  },
  "dummy_trs": 0,
  "dvars_nstd": 61.26708112457988,
  "dvars_std": 1.1243792757142863,
  "dvars_vstd": 0.9572725043277311,
  "efc": 0.5767909359911109,
  "fber": 712.0255126953125,
  "fd_mean": 0.40347318586064246,
  "fd_num": 209,
  "fd_perc": 87.44769874476988,
  "fwhm_avg": 1.8951733333333334,
  "fwhm_x": 1.780115,
  "fwhm_y": 2.13774,
  "fwhm_z": 1.767665,
  "gcor": 0.00456702,
  "gsr_x": -0.009252187795937061,
  "gsr_y": 0.07540454715490341,
  "provenance": {
    "md5sum": "eca13c99dd9f07fc0eb493cf2e99e38b",
    "settings": {
      "fd_thres": 0.2,
      "testing": false
    },
    "software": "mriqc",
    "version": "22.0.6",
    "webapi_port": null,
    "webapi_url": "https://mriqc.nimh.nih.gov/api/v1"
  },
  "size_t": 239,
  "size_x": 96,
  "size_y": 96,
  "size_z": 76,
  "snr": 4.7591836653893695,
  "spacing_tr": 2.0,
  "spacing_x": 2.0,
  "spacing_y": 2.0,
  "spacing_z": 2.0,
  "summary_bg_k": 23.166753128344883,
  "summary_bg_mad": 19.124948049384706,
  "summary_bg_mean": 44.534236907958984,
  "summary_bg_median": 20.652719497680664,
  "summary_bg_n": 442567.0,
  "summary_bg_p05": 5.941422462463379,
  "summary_bg_p95": 167.1493652343748,
  "summary_bg_stdv": 62.19895553588867,
  "summary_fg_k": 4.036696199037612,
  "summary_fg_mad": 87.55415824636472,
  "summary_fg_mean": 545.9413452148438,
  "summary_fg_median": 543.5857543945312,
  "summary_fg_n": 159609.0,
  "summary_fg_p05": 371.35479736328125,
  "summary_fg_p95": 715.2510375976562,
  "summary_fg_stdv": 114.2179183959961,
  "tsnr": 22.384740521665663
}