{
  "aor": 0.0008287815126050421,
  "aqi": 0.025932705462184878,
  "bids_meta": {
    "EchoTime": 0.043,
    "FlipAngle": 80.0,
    "MagneticFieldStrength": 3.0,
    "Manufacturer": "SIEMENS",
    "ManufacturersModelName": "Verio",
    "MultibandAccelerationFactor": 4,
    "PhaseEncodingDirection": "j-",
    "RepetitionTime": 2.0,
    "SliceTiming": [
      0.0,
      1.055,
      0.105,
      1.1625,
      0.21,
      1.2675,
      0.3175,
      1.3725,
      0.4225,
      1.4775,
      0.5275,
      1.585,
      0.6325,
      1.69,
      0.74,
      1.795,
      0.845,
      1.9,
      0.95,
      0.0,
      1.055,
      0.105,
      1.1625,
      0.21,
      1.2675,
      0.3175,
      1.3725,
      0.4225,
      1.4775,
      0.5275,
      1.585,
      0.6325,
      1.69,
      0.74,
      1.795,
      0.845,
      1.9,
      0.95,
      0.0,
      1.055,
      0.105,
      1.1625,
      0.21,
      1.2675,
      0.3175,
      1.3725,
      0.4225,
      1.4775,
      0.5275,
      1.585,
      0.6325,
      1.69,
      0.74,
      1.795,
      0.845,
      1.9,
      0.95,
      0.0,
      1.055,
      0.105,
      1.1625,
      0.21,
      1.2675,
      0.3175,
      1.3725,
      0.4225,
      1.4775,
      0.5275,
      1.585,
      0.6325,
      1.69,
      0.74,
      1.795,
      0.845,
      1.9,
      0.95
    ],
    "TaskName": "training",
    "TotalReadoutTime": 0.07029788543960597,
    "dataset": "ds003661",
    "modality": "bold",
    "run_id": 1,
    "session_id": "training03",
    "subject_id": "01",
    "task_id": "training"
  },
  "dummy_trs": 1,
  "dvars_nstd": 48.884866609957776,
  "dvars_std": 1.3261591175949372,
  "dvars_vstd": 0.977701130421941,
  "efc": 0.5385975124486472,
  "fber": 1134.3438720703125,
  "fd_mean": 0.1383689299219418,
  "fd_num": 40,
  "fd_perc": 16.80672268907563,
  "fwhm_avg": 1.891005,
  "fwhm_x": 1.770035,
  "fwhm_y": 2.072105,
  "fwhm_z": 1.830875,
  "gcor": 0.00963274,
  "gsr_x": -0.03252898156642914,
  "gsr_y": 0.04619632661342621,
  "provenance": {
    "md5sum": "0fa1c5af4c03f7dc6e44a0bd5bef9bc0",
    "settings": {
      "fd_thres": 0.2,
      "testing": false
    },
    "software": "mriqc",
    "version": "22.0.6",
    "webapi_port": null,
    "webapi_url": "https://mriqc.nimh.nih.gov/api/v1"
  },
  "size_t": 238,
  "size_x": 96,
  "size_y": 96,
  "size_z": 76,
  "snr": 5.13616057388555,
  "spacing_tr": 2.0,
  "spacing_x": 2.0,
  "spacing_y": 2.0,
  "spacing_z": 2.0,
  "summary_bg_k": 16.274405373209206,
  "summary_bg_mad": 12.141142166248198,
  "summary_bg_mean": 36.842037200927734,
  "summary_bg_median": 15.42016887664795,
  "summary_bg_n": 473953.0,
  "summary_bg_p05": 5.953781604766846,
  "summary_bg_p95": 145.33193969726562,
  "summary_bg_stdv": 52.334110260009766,
  "summary_fg_k": 5.037760777975736,
  "summary_fg_mad": 76.77450264774315,
  "summary_fg_mean": 531.63671875,
  "summary_fg_median": 524.9832153320312,
  "summary_fg_n": 134960.0,
  "summary_fg_p05": 392.0504455566406,
  "summary_fg_p95": 685.9038024902343,
  "summary_fg_stdv": 102.21278381347656,
  "tsnr": 35.525660095736384
}