{
  "aor": 0.000638786610878661,
  "aqi": 0.0156934,
  "bids_meta": {
    "EchoTime": 0.043,
    "FlipAngle": 80.0,
    "MagneticFieldStrength": 3.0,
    "Manufacturer": "SIEMENS",
    "ManufacturersModelName": "Verio",
    "MultibandAccelerationFactor": 4,
    "PhaseEncodingDirection": "j-",
    "RepetitionTime": 2.0,
    "SliceTiming": [
      0.0,
      1.0575,
      0.1075,
      1.1625,
      0.2125,
      1.27,
      0.3175,
      1.375,
      0.425,
      1.48,
      0.53,
      1.585,
      0.635,
      1.6925,
      0.74,
      1.7975,
      0.8475,
      1.9025,
      0.9525,
      0.0,
      1.0575,
      0.1075,
      1.1625,
      0.2125,
      1.27,
      0.3175,
      1.375,
      0.425,
      1.48,
      0.53,
      1.585,
      0.635,
      1.6925,
      0.74,
      1.7975,
      0.8475,
      1.9025,
      0.9525,
      0.0,
      1.0575,
      0.1075,
      1.1625,
      0.2125,
      1.27,
      0.3175,
      1.375,
      0.425,
      1.48,
      0.53,
      1.585,
      0.635,
      1.6925,
      0.74,
      1.7975,
      0.8475,
      1.9025,
      0.9525,
      0.0,
      1.0575,
      0.1075,
      1.1625,
      0.2125,
      1.27,
      0.3175,
      1.375,
      0.425,
      1.48,
      0.53,
      1.585,
      0.635,
      1.6925,
      0.74,
      1.7975,
      0.8475,
      1.9025,
      0.9525
    ],
    "TaskName": "training",
    "TotalReadoutTime": 0.07029788543960597,
    "dataset": "ds003661",
    "modality": "bold",
    "run_id": 4,
    "session_id": "training03",
    "subject_id": "01",
    "task_id": "training"
  },
  "dummy_trs": 0,
  "dvars_nstd": 42.51070214915965,
  "dvars_std": 1.2684603836974788,
  "dvars_vstd": 1.0043162070168072,
  "efc": 0.5405292995866774,
  "fber": 1115.968017578125,
  "fd_mean": 0.1350377734258235,
  "fd_num": 29,
  "fd_perc": 12.133891213389122,
  "fwhm_avg": 1.8466699999999998,
  "fwhm_x": 1.7401,
  "fwhm_y": 2.033575,
  "fwhm_z": 1.766335,
  "gcor": 0.02681,
  "gsr_x": -0.0330856516957283,
  "gsr_y": 0.04626335948705673,
  "provenance": {
    "md5sum": "92a206c2ede19ed6beba113697fb4ba8",
    "settings": {
      "fd_thres": 0.2,
      "testing": false
    },
    "software": "mriqc",
    "version": "22.0.6",
    "webapi_port": null,
    "webapi_url": "https://mriqc.nimh.nih.gov/api/v1"
  },
  "size_t": 239,
  "size_x": 96,
  "size_y": 96,
  "size_z": 76,
  "snr": 5.132683922849518,
  "spacing_tr": 2.0,
  "spacing_x": 2.0,
  "spacing_y": 2.0,
  "spacing_z": 2.0,
  "summary_bg_k": 15.77784224796839,
  "summary_bg_mad": 12.053121425826303,
  "summary_bg_mean": 37.75050354003906,
  "summary_bg_median": 15.497907638549805,
  "summary_bg_n": 473861.0,
  "summary_bg_p05": 6.163179874420166,
  "summary_bg_p95": 150.89120483398438,
  "summary_bg_stdv": 53.96614074707031,
  "summary_fg_k": 5.063922120669233,
  "summary_fg_mad": 76.6238127463536,
  "summary_fg_mean": 531.1459350585938,
  "summary_fg_median": 525.0418090820312,
  "summary_fg_n": 135025.0,
  "summary_fg_p05": 391.6401672363281,
  "summary_fg_p95": 684.4828369140623,
  "summary_fg_stdv": 102.2934341430664,
  "tsnr": 42.72034867480397
}