{
  "aor": 0.002520627615062762,
  "aqi": 0.022314156903765685,
  "bids_meta": {
    "EchoTime": 0.043,
    "FlipAngle": 80.0,
    "MagneticFieldStrength": 3.0,
    "Manufacturer": "SIEMENS",
    "ManufacturersModelName": "Verio",
    "MultibandAccelerationFactor": 4,
    "PhaseEncodingDirection": "j-",
    "RepetitionTime": 2.0,
    "SliceTiming": [
      0.0,
      1.0575,
      0.1075,
      1.1625,
      0.2125,
      1.2675,
      0.3175,
      1.375,
      0.4225,
      1.48,
      0.53,
      1.585,
      0.635,
      1.69,
      0.74,
      1.7975,
      0.845,
      1.9025,
      0.9525,
      0.0,
      1.0575,
      0.1075,
      1.1625,
      0.2125,
      1.2675,
      0.3175,
      1.375,
      0.4225,
      1.48,
      0.53,
      1.585,
      0.635,
      1.69,
      0.74,
      1.7975,
      0.845,
      1.9025,
      0.9525,
      0.0,
      1.0575,
      0.1075,
      1.1625,
      0.2125,
      1.2675,
      0.3175,
      1.375,
      0.4225,
      1.48,
      0.53,
      1.585,
      0.635,
      1.69,
      0.74,
      1.7975,
      0.845,
      1.9025,
      0.9525,
      0.0,
      1.0575,
      0.1075,
      1.1625,
      0.2125,
      1.2675,
      0.3175,
      1.375,
      0.4225,
      1.48,
      0.53,
      1.585,
      0.635,
      1.69,
      0.74,
      1.7975,
      0.845,
      1.9025,
      0.9525
    ],
    "TaskName": "training",
    "TotalReadoutTime": 0.07029788543960597,
    "dataset": "ds003661",
    "modality": "bold",
    "run_id": 1,
    "session_id": "training03",
    "subject_id": "05",
    "task_id": "training"
  },
  "dummy_trs": 0,
  "dvars_nstd": 60.504549956260504,
  "dvars_std": 1.3401414202941186,
  "dvars_vstd": 1.0131954104201677,
  "efc": 0.5704592343490644,
  "fber": 705.5679321289062,
  "fd_mean": 0.22850275056194858,
  "fd_num": 132,
  "fd_perc": 55.23012552301255,
  "fwhm_avg": 1.8795950000000001,
  "fwhm_x": 1.74741,
  "fwhm_y": 2.083305,
  "fwhm_z": 1.80807,
  "gcor": 0.0228402,
  "gsr_x": -0.014138981699943542,
  "gsr_y": 0.06502402573823929,
  "provenance": {
    "md5sum": "3191724668ca632a9f21e07945d9358d",
    "settings": {
      "fd_thres": 0.2,
      "testing": false
    },
    "software": "mriqc",
    "version": "22.0.6",
    "webapi_port": null,
    "webapi_url": "https://mriqc.nimh.nih.gov/api/v1"
  },
  "size_t": 239,
  "size_x": 96,
  "size_y": 96,
  "size_z": 76,
  "snr": 4.7072382453041275,
  "spacing_tr": 2.0,
  "spacing_x": 2.0,
  "spacing_y": 2.0,
  "spacing_z": 2.0,
  "summary_bg_k": 19.56440610039615,
  "summary_bg_mad": 15.6944912282806,
  "summary_bg_mean": 37.42778015136719,
  "summary_bg_median": 17.924686431884766,
  "summary_bg_n": 447032.0,
  "summary_bg_p05": 5.979079246520996,
  "summary_bg_p95": 135.05857849121094,
  "summary_bg_stdv": 49.80562973022461,
  "summary_fg_k": 3.472318366055987,
  "summary_fg_mad": 84.99218107288263,
  "summary_fg_mean": 493.0218505859375,
  "summary_fg_median": 484.20501708984375,
  "summary_fg_n": 157497.0,
  "summary_fg_p05": 355.0292663574219,
  "summary_fg_p95": 656.8660888671875,
  "summary_fg_stdv": 102.86360168457031,
  "tsnr": 32.43990943254903
}