{
  "aor": 0.0006223012552301255,
  "aqi": 0.0216804460251046,
  "bids_meta": {
    "EchoTime": 0.043,
    "FlipAngle": 80.0,
    "MagneticFieldStrength": 3.0,
    "Manufacturer": "SIEMENS",
    "ManufacturersModelName": "Verio",
    "MultibandAccelerationFactor": 4,
    "PhaseEncodingDirection": "j-",
    "RepetitionTime": 2.0,
    "SliceTiming": [
      0.0,
      1.0575,
      0.1075,
      1.1625,
      0.2125,
      1.2675,
      0.3175,
      1.375,
      0.4225,
      1.48,
      0.53,
      1.585,
      0.635,
      1.6925,
      0.74,
      1.7975,
      0.845,
      1.9025,
      0.9525,
      0.0,
      1.0575,
      0.1075,
      1.1625,
      0.2125,
      1.2675,
      0.3175,
      1.375,
      0.4225,
      1.48,
      0.53,
      1.585,
      0.635,
      1.6925,
      0.74,
      1.7975,
      0.845,
      1.9025,
      0.9525,
      0.0,
      1.0575,
      0.1075,
      1.1625,
      0.2125,
      1.2675,
      0.3175,
      1.375,
      0.4225,
      1.48,
      0.53,
      1.585,
      0.635,
      1.6925,
      0.74,
      1.7975,
      0.845,
      1.9025,
      0.9525,
      0.0,
      1.0575,
      0.1075,
      1.1625,
      0.2125,
      1.2675,
      0.3175,
      1.375,
      0.4225,
      1.48,
      0.53,
      1.585,
      0.635,
      1.6925,
      0.74,
      1.7975,
      0.845,
      1.9025,
      0.9525
    ],
    "TaskName": "training",
    "TotalReadoutTime": 0.07029788543960597,
    "dataset": "ds003661",
    "modality": "bold",
    "run_id": 4,
    "session_id": "training03",
    "subject_id": "05",
    "task_id": "training"
  },
  "dummy_trs": 0,
  "dvars_nstd": 57.9172419059244,
  "dvars_std": 1.3386731134453784,
  "dvars_vstd": 0.9969074561344533,
  "efc": 0.5705678635102426,
  "fber": 700.64794921875,
  "fd_mean": 0.20953264291240778,
  "fd_num": 133,
  "fd_perc": 55.64853556485355,
  "fwhm_avg": 1.8846583333333333,
  "fwhm_x": 1.755265,
  "fwhm_y": 2.080965,
  "fwhm_z": 1.817745,
  "gcor": 0.0277556,
  "gsr_x": -0.013539121486246586,
  "gsr_y": 0.0637856274843216,
  "provenance": {
    "md5sum": "9f7b6f001fa828c9f9ad254986c22fe2",
    "settings": {
      "fd_thres": 0.2,
      "testing": false
    },
    "software": "mriqc",
    "version": "22.0.6",
    "webapi_port": null,
    "webapi_url": "https://mriqc.nimh.nih.gov/api/v1"
  },
  "size_t": 239,
  "size_x": 96,
  "size_y": 96,
  "size_z": 76,
  "snr": 4.692837924295551,
  "spacing_tr": 2.0,
  "spacing_x": 2.0,
  "spacing_y": 2.0,
  "spacing_z": 2.0,
  "summary_bg_k": 20.543974196950984,
  "summary_bg_mad": 15.57042331315731,
  "summary_bg_mean": 37.763397216796875,
  "summary_bg_median": 17.786609649658203,
  "summary_bg_n": 447851.0,
  "summary_bg_p05": 6.012552261352539,
  "summary_bg_p95": 138.03346252441406,
  "summary_bg_stdv": 51.00175857543945,
  "summary_fg_k": 3.212574735432388,
  "summary_fg_mad": 85.52566992659355,
  "summary_fg_mean": 492.8032531738281,
  "summary_fg_median": 483.9455871582031,
  "summary_fg_n": 156567.0,
  "summary_fg_p05": 356.26609802246094,
  "summary_fg_p95": 657.228857421875,
  "summary_fg_stdv": 103.12396240234375,
  "tsnr": 33.991205994039774
}