{
  "aor": 0.004037071129707113,
  "aqi": 0.0250483309623431,
  "bids_meta": {
    "EchoTime": 0.043,
    "FlipAngle": 80.0,
    "MagneticFieldStrength": 3.0,
    "Manufacturer": "SIEMENS",
    "ManufacturersModelName": "Verio",
    "MultibandAccelerationFactor": 4,
    "PhaseEncodingDirection": "j-",
    "RepetitionTime": 2.0,
    "SliceTiming": [
      0.0,
      1.0575,
      0.1075,
      1.1625,
      0.2125,
      1.2675,
      0.3175,
      1.375,
      0.4225,
      1.48,
      0.53,
      1.585,
      0.635,
      1.6925,
      0.74,
      1.7975,
      0.845,
      1.9025,
      0.9525,
      0.0,
      1.0575,
      0.1075,
      1.1625,
      0.2125,
      1.2675,
      0.3175,
      1.375,
      0.4225,
      1.48,
      0.53,
      1.585,
      0.635,
      1.6925,
      0.74,
      1.7975,
      0.845,
      1.9025,
      0.9525,
      0.0,
      1.0575,
      0.1075,
      1.1625,
      0.2125,
      1.2675,
      0.3175,
      1.375,
      0.4225,
      1.48,
      0.53,
      1.585,
      0.635,
      1.6925,
      0.74,
      1.7975,
      0.845,
      1.9025,
      0.9525,
      0.0,
      1.0575,
      0.1075,
      1.1625,
      0.2125,
      1.2675,
      0.3175,
      1.375,
      0.4225,
      1.48,
      0.53,
      1.585,
      0.635,
      1.6925,
      0.74,
      1.7975,
      0.845,
      1.9025,
      0.9525
    ],
    "TaskName": "training",
    "TotalReadoutTime": 0.07029788543960597,
    "dataset": "ds003661",
    "modality": "bold",
    "run_id": 3,
    "session_id": "training03",
    "subject_id": "05",
    "task_id": "training"
  },
  "dummy_trs": 0,
  "dvars_nstd": 60.28148256831928,
  "dvars_std": 1.3582372495798314,
  "dvars_vstd": 1.0283806674369744,
  "efc": 0.5707394334304113,
  "fber": 717.7772216796875,
  "fd_mean": 0.22637147100235408,
  "fd_num": 115,
  "fd_perc": 48.11715481171548,
  "fwhm_avg": 1.8898000000000001,
  "fwhm_x": 1.751705,
  "fwhm_y": 2.092525,
  "fwhm_z": 1.82517,
  "gcor": 0.033482,
  "gsr_x": -0.012863016687333584,
  "gsr_y": 0.06558521091938019,
  "provenance": {
    "md5sum": "6e866530147e047cad1509aef5dfbc66",
    "settings": {
      "fd_thres": 0.2,
      "testing": false
    },
    "software": "mriqc",
    "version": "22.0.6",
    "webapi_port": null,
    "webapi_url": "https://mriqc.nimh.nih.gov/api/v1"
  },
  "size_t": 239,
  "size_x": 96,
  "size_y": 96,
  "size_z": 76,
  "snr": 4.728513319088406,
  "spacing_tr": 2.0,
  "spacing_x": 2.0,
  "spacing_y": 2.0,
  "spacing_z": 2.0,
  "summary_bg_k": 20.664739431165792,
  "summary_bg_mad": 15.725507676841552,
  "summary_bg_mean": 37.638221740722656,
  "summary_bg_median": 17.661087036132812,
  "summary_bg_n": 447368.0,
  "summary_bg_p05": 5.732217311859131,
  "summary_bg_p95": 137.25523376464844,
  "summary_bg_stdv": 51.00927734375,
  "summary_fg_k": 3.23420416003718,
  "summary_fg_mad": 84.8060866232759,
  "summary_fg_mean": 492.7288818359375,
  "summary_fg_median": 483.9581604003906,
  "summary_fg_n": 157182.0,
  "summary_fg_p05": 356.03828582763674,
  "summary_fg_p95": 656.1211273193359,
  "summary_fg_stdv": 102.34857940673828,
  "tsnr": 30.853801511693746
}