{
  "aor": 0.0035696234309623427,
  "aqi": 0.053865562761506273,
  "bids_meta": {
    "EchoTime": 0.043,
    "FlipAngle": 80.0,
    "MagneticFieldStrength": 3.0,
    "Manufacturer": "SIEMENS",
    "ManufacturersModelName": "Verio",
    "MultibandAccelerationFactor": 4,
    "PhaseEncodingDirection": "j-",
    "RepetitionTime": 2.0,
    "SliceTiming": [
      0.0,
      1.0575,
      0.105,
      1.1625,
      0.21,
      1.2675,
      0.3175,
      1.3725,
      0.4225,
      1.48,
      0.5275,
      1.585,
      0.6325,
      1.69,
      0.74,
      1.795,
      0.845,
      1.9025,
      0.95,
      0.0,
      1.0575,
      0.105,
      1.1625,
      0.21,
      1.2675,
      0.3175,
      1.3725,
      0.4225,
      1.48,
      0.5275,
      1.585,
      0.6325,
      1.69,
      0.74,
      1.795,
      0.845,
      1.9025,
      0.95,
      0.0,
      1.0575,
      0.105,
      1.1625,
      0.21,
      1.2675,
      0.3175,
      1.3725,
      0.4225,
      1.48,
      0.5275,
      1.585,
      0.6325,
      1.69,
      0.74,
      1.795,
      0.845,
      1.9025,
      0.95,
      0.0,
      1.0575,
      0.105,
      1.1625,
      0.21,
      1.2675,
      0.3175,
      1.3725,
      0.4225,
      1.48,
      0.5275,
      1.585,
      0.6325,
      1.69,
      0.74,
      1.795,
      0.845,
      1.9025,
      0.95
    ],
    "TaskName": "training",
    "TotalReadoutTime": 0.07029788543960597,
    "dataset": "ds003661",
    "modality": "bold",
    "run_id": 4,
    "session_id": "training01",
    "subject_id": "02",
    "task_id": "training"
  },
  "dummy_trs": 0,
  "dvars_nstd": 82.49191518201681,
  "dvars_std": 1.1490408637394958,
  "dvars_vstd": 1.0102593718487394,
  "efc": 0.5811857354747684,
  "fber": 675.9771728515625,
  "fd_mean": 0.5453993262442848,
  "fd_num": 212,
  "fd_perc": 88.7029288702929,
  "fwhm_avg": 1.8830583333333333,
  "fwhm_x": 1.76203,
  "fwhm_y": 2.122355,
  "fwhm_z": 1.76479,
  "gcor": 0.0314873,
  "gsr_x": -0.014002387411892414,
  "gsr_y": 0.07478633522987366,
  "provenance": {
    "md5sum": "088ab0cd4b6234594c73f9ae3c4b4dff",
    "settings": {
      "fd_thres": 0.2,
      "testing": false
    },
    "software": "mriqc",
    "version": "22.0.6",
    "webapi_port": null,
    "webapi_url": "https://mriqc.nimh.nih.gov/api/v1"
  },
  "size_t": 239,
  "size_x": 96,
  "size_y": 96,
  "size_z": 76,
  "snr": 4.902461557193267,
  "spacing_tr": 2.0,
  "spacing_x": 2.0,
  "spacing_y": 2.0,
  "spacing_z": 2.0,
  "summary_bg_k": 23.37572761869587,
  "summary_bg_mad": 16.649808872531228,
  "summary_bg_mean": 41.046958923339844,
  "summary_bg_median": 18.84518814086914,
  "summary_bg_n": 441101.0,
  "summary_bg_p05": 6.117154598236084,
  "summary_bg_p95": 154.4309539794922,
  "summary_bg_stdv": 57.40966796875,
  "summary_fg_k": 3.7690296564205203,
  "summary_fg_mad": 79.4835953337213,
  "summary_fg_mean": 501.7825927734375,
  "summary_fg_median": 500.4518737792969,
  "summary_fg_n": 160678.0,
  "summary_fg_p05": 343.9903793334961,
  "summary_fg_p95": 651.4859741210937,
  "summary_fg_stdv": 102.08143615722656,
  "tsnr": 20.31789542932529
}