{
  "aor": 0.003361338912133891,
  "aqi": 0.058686573640167355,
  "bids_meta": {
    "EchoTime": 0.043,
    "FlipAngle": 80.0,
    "MagneticFieldStrength": 3.0,
    "Manufacturer": "SIEMENS",
    "ManufacturersModelName": "Verio",
    "MultibandAccelerationFactor": 4,
    "PhaseEncodingDirection": "j-",
    "RepetitionTime": 2.0,
    "SliceTiming": [
      0.0,
      1.055,
      0.105,
      1.1625,
      0.21,
      1.2675,
      0.315,
      1.3725,
      0.4225,
      1.4775,
      0.5275,
      1.585,
      0.6325,
      1.69,
      0.7375,
      1.795,
      0.845,
      1.9,
      0.95,
      0.0,
      1.055,
      0.105,
      1.1625,
      0.21,
      1.2675,
      0.315,
      1.3725,
      0.4225,
      1.4775,
      0.5275,
      1.585,
      0.6325,
      1.69,
      0.7375,
      1.795,
      0.845,
      1.9,
      0.95,
      0.0,
      1.055,
      0.105,
      1.1625,
      0.21,
      1.2675,
      0.315,
      1.3725,
      0.4225,
      1.4775,
      0.5275,
      1.585,
      0.6325,
      1.69,
      0.7375,
      1.795,
      0.845,
      1.9,
      0.95,
      0.0,
      1.055,
      0.105,
      1.1625,
      0.21,
      1.2675,
      0.315,
      1.3725,
      0.4225,
      1.4775,
      0.5275,
      1.585,
      0.6325,
      1.69,
      0.7375,
      1.795,
      0.845,
      1.9,
      0.95
    ],
    "TaskName": "training",
    "TotalReadoutTime": 0.07029788543960597,
    "dataset": "ds003661",
    "modality": "bold",
    "run_id": 2,
    "session_id": "training01",
    "subject_id": "02",
    "task_id": "training"
  },
  "dummy_trs": 0,
  "dvars_nstd": 83.28841021861344,
  "dvars_std": 1.1309461089495796,
  "dvars_vstd": 0.9974735702521004,
  "efc": 0.5806712858000428,
  "fber": 667.0673217773438,
  "fd_mean": 0.5720728478451864,
  "fd_num": 217,
  "fd_perc": 90.7949790794979,
  "fwhm_avg": 1.9077616666666668,
  "fwhm_x": 1.784765,
  "fwhm_y": 2.159815,
  "fwhm_z": 1.778705,
  "gcor": 0.032652,
  "gsr_x": -0.014531410299241543,
  "gsr_y": 0.0753106102347374,
  "provenance": {
    "md5sum": "fd394d522f1aa98cdd14300530a7e4f0",
    "settings": {
      "fd_thres": 0.2,
      "testing": false
    },
    "software": "mriqc",
    "version": "22.0.6",
    "webapi_port": null,
    "webapi_url": "https://mriqc.nimh.nih.gov/api/v1"
  },
  "size_t": 239,
  "size_x": 96,
  "size_y": 96,
  "size_z": 76,
  "snr": 4.891990387682858,
  "spacing_tr": 2.0,
  "spacing_x": 2.0,
  "spacing_y": 2.0,
  "spacing_z": 2.0,
  "summary_bg_k": 22.408187196557318,
  "summary_bg_mad": 17.325973531014494,
  "summary_bg_mean": 41.917728424072266,
  "summary_bg_median": 19.70292854309082,
  "summary_bg_n": 441349.0,
  "summary_bg_p05": 6.3305439949035645,
  "summary_bg_p95": 157.31212463378895,
  "summary_bg_stdv": 57.62175750732422,
  "summary_fg_k": 3.996203750425817,
  "summary_fg_mad": 79.91163971507422,
  "summary_fg_mean": 505.5163269042969,
  "summary_fg_median": 503.55645751953125,
  "summary_fg_n": 160746.0,
  "summary_fg_p05": 348.16422271728516,
  "summary_fg_p95": 657.7573089599609,
  "summary_fg_stdv": 102.93456268310547,
  "tsnr": 19.307754962705076
}