{
  "aor": 0.003945523012552301,
  "aqi": 0.050267025941422606,
  "bids_meta": {
    "EchoTime": 0.043,
    "FlipAngle": 80.0,
    "MagneticFieldStrength": 3.0,
    "Manufacturer": "SIEMENS",
    "ManufacturersModelName": "Verio",
    "MultibandAccelerationFactor": 4,
    "PhaseEncodingDirection": "j-",
    "RepetitionTime": 2.0,
    "SliceTiming": [
      0.0,
      1.0575,
      0.105,
      1.1625,
      0.2125,
      1.2675,
      0.3175,
      1.375,
      0.4225,
      1.48,
      0.53,
      1.585,
      0.635,
      1.69,
      0.74,
      1.7975,
      0.845,
      1.9025,
      0.9525,
      0.0,
      1.0575,
      0.105,
      1.1625,
      0.2125,
      1.2675,
      0.3175,
      1.375,
      0.4225,
      1.48,
      0.53,
      1.585,
      0.635,
      1.69,
      0.74,
      1.7975,
      0.845,
      1.9025,
      0.9525,
      0.0,
      1.0575,
      0.105,
      1.1625,
      0.2125,
      1.2675,
      0.3175,
      1.375,
      0.4225,
      1.48,
      0.53,
      1.585,
      0.635,
      1.69,
      0.74,
      1.7975,
      0.845,
      1.9025,
      0.9525,
      0.0,
      1.0575,
      0.105,
      1.1625,
      0.2125,
      1.2675,
      0.3175,
      1.375,
      0.4225,
      1.48,
      0.53,
      1.585,
      0.635,
      1.69,
      0.74,
      1.7975,
      0.845,
      1.9025,
      0.9525
    ],
    "TaskName": "training",
    "TotalReadoutTime": 0.07029788543960597,
    "dataset": "ds003661",
    "modality": "bold",
    "run_id": 5,
    "session_id": "training01",
    "subject_id": "02",
    "task_id": "training"
  },
  "dummy_trs": 0,
  "dvars_nstd": 73.79451886357148,
  "dvars_std": 1.1652186780672262,
  "dvars_vstd": 1.0035585277731092,
  "efc": 0.581884932749231,
  "fber": 658.7889404296875,
  "fd_mean": 0.4516877358019738,
  "fd_num": 201,
  "fd_perc": 84.10041841004184,
  "fwhm_avg": 1.8711033333333333,
  "fwhm_x": 1.754635,
  "fwhm_y": 2.11924,
  "fwhm_z": 1.739435,
  "gcor": 0.0335734,
  "gsr_x": -0.012513858266174793,
  "gsr_y": 0.07642772048711777,
  "provenance": {
    "md5sum": "98f6134911d406668d208975d0f079a3",
    "settings": {
      "fd_thres": 0.2,
      "testing": false
    },
    "software": "mriqc",
    "version": "22.0.6",
    "webapi_port": null,
    "webapi_url": "https://mriqc.nimh.nih.gov/api/v1"
  },
  "size_t": 239,
  "size_x": 96,
  "size_y": 96,
  "size_z": 76,
  "snr": 4.912906048276628,
  "spacing_tr": 2.0,
  "spacing_x": 2.0,
  "spacing_y": 2.0,
  "spacing_z": 2.0,
  "summary_bg_k": 23.14022578017966,
  "summary_bg_mad": 16.978585489548767,
  "summary_bg_mean": 41.7149543762207,
  "summary_bg_median": 19.23430824279785,
  "summary_bg_n": 440855.0,
  "summary_bg_p05": 6.205020904541016,
  "summary_bg_p95": 157.03346252441406,
  "summary_bg_stdv": 58.07298278808594,
  "summary_fg_k": 3.8716196825568616,
  "summary_fg_mad": 78.90051748979181,
  "summary_fg_mean": 502.3226318359375,
  "summary_fg_median": 501.14642333984375,
  "summary_fg_n": 160913.0,
  "summary_fg_p05": 344.534716796875,
  "summary_fg_p95": 652.1188110351562,
  "summary_fg_stdv": 102.00579071044922,
  "tsnr": 21.182221621857025
}