{
  "aor": 0.0028682845188284516,
  "aqi": 0.053441192468619246,
  "bids_meta": {
    "EchoTime": 0.043,
    "FlipAngle": 80.0,
    "MagneticFieldStrength": 3.0,
    "Manufacturer": "SIEMENS",
    "ManufacturersModelName": "Verio",
    "MultibandAccelerationFactor": 4,
    "PhaseEncodingDirection": "j-",
    "RepetitionTime": 2.0,
    "SliceTiming": [
      0.0,
      1.0575,
      0.1075,
      1.1625,
      0.2125,
      1.2675,
      0.3175,
      1.375,
      0.4225,
      1.48,
      0.53,
      1.585,
      0.635,
      1.6925,
      0.74,
      1.7975,
      0.845,
      1.9025,
      0.9525,
      0.0,
      1.0575,
      0.1075,
      1.1625,
      0.2125,
      1.2675,
      0.3175,
      1.375,
      0.4225,
      1.48,
      0.53,
      1.585,
      0.635,
      1.6925,
      0.74,
      1.7975,
      0.845,
      1.9025,
      0.9525,
      0.0,
      1.0575,
      0.1075,
      1.1625,
      0.2125,
      1.2675,
      0.3175,
      1.375,
      0.4225,
      1.48,
      0.53,
      1.585,
      0.635,
      1.6925,
      0.74,
      1.7975,
      0.845,
      1.9025,
      0.9525,
      0.0,
      1.0575,
      0.1075,
      1.1625,
      0.2125,
      1.2675,
      0.3175,
      1.375,
      0.4225,
      1.48,
      0.53,
      1.585,
      0.635,
      1.6925,
      0.74,
      1.7975,
      0.845,
      1.9025,
      0.9525
    ],
    "TaskName": "training",
    "TotalReadoutTime": 0.07029788543960597,
    "dataset": "ds003661",
    "modality": "bold",
    "run_id": 1,
    "session_id": "training01",
    "subject_id": "02",
    "task_id": "training"
  },
  "dummy_trs": 0,
  "dvars_nstd": 78.99420274991597,
  "dvars_std": 1.1343002812605045,
  "dvars_vstd": 0.9854297353361344,
  "efc": 0.5815205525701155,
  "fber": 628.4805297851562,
  "fd_mean": 0.5016629291289968,
  "fd_num": 219,
  "fd_perc": 91.63179916317992,
  "fwhm_avg": 1.8844450000000001,
  "fwhm_x": 1.76009,
  "fwhm_y": 2.12457,
  "fwhm_z": 1.768675,
  "gcor": 0.028589,
  "gsr_x": -0.01587880216538906,
  "gsr_y": 0.07138799875974655,
  "provenance": {
    "md5sum": "9325c66e6dff8f9fbdce15737cf01fd4",
    "settings": {
      "fd_thres": 0.2,
      "testing": false
    },
    "software": "mriqc",
    "version": "22.0.6",
    "webapi_port": null,
    "webapi_url": "https://mriqc.nimh.nih.gov/api/v1"
  },
  "size_t": 239,
  "size_x": 96,
  "size_y": 96,
  "size_z": 76,
  "snr": 4.868317783196419,
  "spacing_tr": 2.0,
  "spacing_x": 2.0,
  "spacing_y": 2.0,
  "spacing_z": 2.0,
  "summary_bg_k": 21.048875188389683,
  "summary_bg_mad": 17.481059308618395,
  "summary_bg_mean": 42.55677795410156,
  "summary_bg_median": 20.01255226135254,
  "summary_bg_n": 441791.0,
  "summary_bg_p05": 6.485355377197266,
  "summary_bg_p95": 160.92886352539062,
  "summary_bg_stdv": 58.38716125488281,
  "summary_fg_k": 3.944041806426652,
  "summary_fg_mad": 80.9165633165793,
  "summary_fg_mean": 509.4337463378906,
  "summary_fg_median": 507.276123046875,
  "summary_fg_n": 160041.0,
  "summary_fg_p05": 350.8702697753906,
  "summary_fg_p95": 663.4016723632812,
  "summary_fg_stdv": 104.19914245605469,
  "tsnr": 20.683873645961285
}