{
  "aor": 0.0027582426778242682,
  "aqi": 0.026965170711297066,
  "bids_meta": {
    "EchoTime": 0.043,
    "FlipAngle": 80.0,
    "MagneticFieldStrength": 3.0,
    "Manufacturer": "SIEMENS",
    "ManufacturersModelName": "Verio",
    "MultibandAccelerationFactor": 4,
    "PhaseEncodingDirection": "j-",
    "RepetitionTime": 2.0,
    "SliceTiming": [
      0.0,
      1.055,
      0.105,
      1.1625,
      0.21,
      1.2675,
      0.3175,
      1.3725,
      0.4225,
      1.4775,
      0.5275,
      1.585,
      0.6325,
      1.69,
      0.74,
      1.795,
      0.845,
      1.9,
      0.95,
      0.0,
      1.055,
      0.105,
      1.1625,
      0.21,
      1.2675,
      0.3175,
      1.3725,
      0.4225,
      1.4775,
      0.5275,
      1.585,
      0.6325,
      1.69,
      0.74,
      1.795,
      0.845,
      1.9,
      0.95,
      0.0,
      1.055,
      0.105,
      1.1625,
      0.21,
      1.2675,
      0.3175,
      1.3725,
      0.4225,
      1.4775,
      0.5275,
      1.585,
      0.6325,
      1.69,
      0.74,
      1.795,
      0.845,
      1.9,
      0.95,
      0.0,
      1.055,
      0.105,
      1.1625,
      0.21,
      1.2675,
      0.3175,
      1.3725,
      0.4225,
      1.4775,
      0.5275,
      1.585,
      0.6325,
      1.69,
      0.74,
      1.795,
      0.845,
      1.9,
      0.95
    ],
    "TaskName": "training",
    "TotalReadoutTime": 0.07029788543960597,
    "dataset": "ds003661",
    "modality": "bold",
    "run_id": 6,
    "session_id": "training01",
    "subject_id": "02",
    "task_id": "training"
  },
  "dummy_trs": 0,
  "dvars_nstd": 58.11825239361344,
  "dvars_std": 1.2489216055042018,
  "dvars_vstd": 1.022057206932773,
  "efc": 0.5799547494735167,
  "fber": 734.72119140625,
  "fd_mean": 0.2697743678345805,
  "fd_num": 154,
  "fd_perc": 64.43514644351464,
  "fwhm_avg": 1.813165,
  "fwhm_x": 1.7124,
  "fwhm_y": 2.0501,
  "fwhm_z": 1.676995,
  "gcor": 0.0158089,
  "gsr_x": -0.010981231927871704,
  "gsr_y": 0.0787382647395134,
  "provenance": {
    "md5sum": "5200b4ad2d42991e691f1927c3b1fc43",
    "settings": {
      "fd_thres": 0.2,
      "testing": false
    },
    "software": "mriqc",
    "version": "22.0.6",
    "webapi_port": null,
    "webapi_url": "https://mriqc.nimh.nih.gov/api/v1"
  },
  "size_t": 239,
  "size_x": 96,
  "size_y": 96,
  "size_z": 76,
  "snr": 4.885029557475925,
  "spacing_tr": 2.0,
  "spacing_x": 2.0,
  "spacing_y": 2.0,
  "spacing_z": 2.0,
  "summary_bg_k": 23.757964253018,
  "summary_bg_mad": 15.68828694882465,
  "summary_bg_mean": 41.29547882080078,
  "summary_bg_median": 18.171546936035156,
  "summary_bg_n": 441268.0,
  "summary_bg_p05": 6.184100151062012,
  "summary_bg_p95": 158.85188369750918,
  "summary_bg_stdv": 59.1032600402832,
  "summary_fg_k": 3.826823041049539,
  "summary_fg_mad": 80.71807161941793,
  "summary_fg_mean": 505.7018127441406,
  "summary_fg_median": 503.7949523925781,
  "summary_fg_n": 160507.0,
  "summary_fg_p05": 348.170703125,
  "summary_fg_p95": 657.9405822753903,
  "summary_fg_stdv": 103.13005828857422,
  "tsnr": 29.440984019078314
}