{
  "aor": 0.0018338912133891215,
  "aqi": 0.04907975564853556,
  "bids_meta": {
    "EchoTime": 0.043,
    "FlipAngle": 80.0,
    "MagneticFieldStrength": 3.0,
    "Manufacturer": "SIEMENS",
    "ManufacturersModelName": "Verio",
    "MultibandAccelerationFactor": 4,
    "PhaseEncodingDirection": "j-",
    "RepetitionTime": 2.0,
    "SliceTiming": [
      0.0,
      1.0575,
      0.1075,
      1.1625,
      0.2125,
      1.27,
      0.3175,
      1.375,
      0.4225,
      1.48,
      0.53,
      1.585,
      0.635,
      1.6925,
      0.74,
      1.7975,
      0.8475,
      1.9025,
      0.9525,
      0.0,
      1.0575,
      0.1075,
      1.1625,
      0.2125,
      1.27,
      0.3175,
      1.375,
      0.4225,
      1.48,
      0.53,
      1.585,
      0.635,
      1.6925,
      0.74,
      1.7975,
      0.8475,
      1.9025,
      0.9525,
      0.0,
      1.0575,
      0.1075,
      1.1625,
      0.2125,
      1.27,
      0.3175,
      1.375,
      0.4225,
      1.48,
      0.53,
      1.585,
      0.635,
      1.6925,
      0.74,
      1.7975,
      0.8475,
      1.9025,
      0.9525,
      0.0,
      1.0575,
      0.1075,
      1.1625,
      0.2125,
      1.27,
      0.3175,
      1.375,
      0.4225,
      1.48,
      0.53,
      1.585,
      0.635,
      1.6925,
      0.74,
      1.7975,
      0.8475,
      1.9025,
      0.9525
    ],
    "TaskName": "training",
    "TotalReadoutTime": 0.07029788543960597,
    "dataset": "ds003661",
    "modality": "bold",
    "run_id": 3,
    "session_id": "training01",
    "subject_id": "02",
    "task_id": "training"
  },
  "dummy_trs": 0,
  "dvars_nstd": 79.8426228531092,
  "dvars_std": 1.1444024343697472,
  "dvars_vstd": 0.9991190205882355,
  "efc": 0.5803610034633656,
  "fber": 700.6094970703125,
  "fd_mean": 0.5357118404120338,
  "fd_num": 225,
  "fd_perc": 94.14225941422595,
  "fwhm_avg": 1.8725083333333334,
  "fwhm_x": 1.755965,
  "fwhm_y": 2.11448,
  "fwhm_z": 1.74708,
  "gcor": 0.019414,
  "gsr_x": -0.013632319867610931,
  "gsr_y": 0.07691317796707153,
  "provenance": {
    "md5sum": "78be50dc0e063a4ad28d1a76c4d0d719",
    "settings": {
      "fd_thres": 0.2,
      "testing": false
    },
    "software": "mriqc",
    "version": "22.0.6",
    "webapi_port": null,
    "webapi_url": "https://mriqc.nimh.nih.gov/api/v1"
  },
  "size_t": 239,
  "size_x": 96,
  "size_y": 96,
  "size_z": 76,
  "snr": 4.899345393929156,
  "spacing_tr": 2.0,
  "spacing_x": 2.0,
  "spacing_y": 2.0,
  "spacing_z": 2.0,
  "summary_bg_k": 22.564563451319465,
  "summary_bg_mad": 16.401674456204304,
  "summary_bg_mean": 41.26852798461914,
  "summary_bg_median": 18.610877990722656,
  "summary_bg_n": 441497.0,
  "summary_bg_p05": 6.163179874420166,
  "summary_bg_p95": 156.68618774414062,
  "summary_bg_stdv": 57.937286376953125,
  "summary_fg_k": 3.925872619202038,
  "summary_fg_mad": 79.9302582091207,
  "summary_fg_mean": 505.48773193359375,
  "summary_fg_median": 503.3472595214844,
  "summary_fg_n": 160353.0,
  "summary_fg_p05": 349.02508544921875,
  "summary_fg_p95": 658.3731933593749,
  "summary_fg_stdv": 102.73733520507812,
  "tsnr": 21.440615231113043
}