{
  "aor": 0.0011607949790794977,
  "aqi": 0.018093918410041838,
  "bids_meta": {
    "EchoTime": 0.043,
    "FlipAngle": 80.0,
    "MagneticFieldStrength": 3.0,
    "Manufacturer": "SIEMENS",
    "ManufacturersModelName": "Verio",
    "MultibandAccelerationFactor": 4,
    "PhaseEncodingDirection": "j-",
    "RepetitionTime": 2.0,
    "SliceTiming": [
      0.0,
      1.0575,
      0.105,
      1.1625,
      0.2125,
      1.2675,
      0.3175,
      1.3725,
      0.4225,
      1.48,
      0.5275,
      1.585,
      0.635,
      1.69,
      0.74,
      1.7975,
      0.845,
      1.9025,
      0.95,
      0.0,
      1.0575,
      0.105,
      1.1625,
      0.2125,
      1.2675,
      0.3175,
      1.3725,
      0.4225,
      1.48,
      0.5275,
      1.585,
      0.635,
      1.69,
      0.74,
      1.7975,
      0.845,
      1.9025,
      0.95,
      0.0,
      1.0575,
      0.105,
      1.1625,
      0.2125,
      1.2675,
      0.3175,
      1.3725,
      0.4225,
      1.48,
      0.5275,
      1.585,
      0.635,
      1.69,
      0.74,
      1.7975,
      0.845,
      1.9025,
      0.95,
      0.0,
      1.0575,
      0.105,
      1.1625,
      0.2125,
      1.2675,
      0.3175,
      1.3725,
      0.4225,
      1.48,
      0.5275,
      1.585,
      0.635,
      1.69,
      0.74,
      1.7975,
      0.845,
      1.9025,
      0.95
    ],
    "TaskName": "training",
    "TotalReadoutTime": 0.07029788543960597,
    "dataset": "ds003661",
    "modality": "bold",
    "run_id": 3,
    "session_id": "training02",
    "subject_id": "01",
    "task_id": "training"
  },
  "dummy_trs": 0,
  "dvars_nstd": 43.335776914537824,
  "dvars_std": 1.2720090842857128,
  "dvars_vstd": 1.0112793027310927,
  "efc": 0.5382597477144493,
  "fber": 1197.12158203125,
  "fd_mean": 0.14906900208152143,
  "fd_num": 59,
  "fd_perc": 24.686192468619247,
  "fwhm_avg": 1.8770883333333332,
  "fwhm_x": 1.765385,
  "fwhm_y": 2.050895,
  "fwhm_z": 1.814985,
  "gcor": 0.0249761,
  "gsr_x": -0.030124913901090622,
  "gsr_y": 0.04215550050139427,
  "provenance": {
    "md5sum": "06beedf6a93f8e1db9ab9256ff095fd1",
    "settings": {
      "fd_thres": 0.2,
      "testing": false
    },
    "software": "mriqc",
    "version": "22.0.6",
    "webapi_port": null,
    "webapi_url": "https://mriqc.nimh.nih.gov/api/v1"
  },
  "size_t": 239,
  "size_x": 96,
  "size_y": 96,
  "size_z": 76,
  "snr": 5.181370639144649,
  "spacing_tr": 2.0,
  "spacing_x": 2.0,
  "spacing_y": 2.0,
  "spacing_z": 2.0,
  "summary_bg_k": 15.787624215627442,
  "summary_bg_mad": 11.426583226432525,
  "summary_bg_mean": 37.24142074584961,
  "summary_bg_median": 15.037656784057617,
  "summary_bg_n": 474884.0,
  "summary_bg_p05": 6.171547889709473,
  "summary_bg_p95": 150.80752563476562,
  "summary_bg_stdv": 53.94147872924805,
  "summary_fg_k": 5.119529252217854,
  "summary_fg_mad": 76.46258065999969,
  "summary_fg_mean": 532.208984375,
  "summary_fg_median": 525.8660888671875,
  "summary_fg_n": 134496.0,
  "summary_fg_p05": 396.3932800292969,
  "summary_fg_p95": 685.4738311767578,
  "summary_fg_stdv": 101.49131774902344,
  "tsnr": 41.07324046175927
}