{
  "aor": 0.0005727196652719665,
  "aqi": 0.016667374895397487,
  "bids_meta": {
    "EchoTime": 0.043,
    "FlipAngle": 80.0,
    "MagneticFieldStrength": 3.0,
    "Manufacturer": "SIEMENS",
    "ManufacturersModelName": "Verio",
    "MultibandAccelerationFactor": 4,
    "PhaseEncodingDirection": "j-",
    "RepetitionTime": 2.0,
    "SliceTiming": [
      0.0,
      1.0575,
      0.1075,
      1.1625,
      0.2125,
      1.27,
      0.3175,
      1.375,
      0.4225,
      1.48,
      0.53,
      1.585,
      0.635,
      1.6925,
      0.74,
      1.7975,
      0.8475,
      1.9025,
      0.9525,
      0.0,
      1.0575,
      0.1075,
      1.1625,
      0.2125,
      1.27,
      0.3175,
      1.375,
      0.4225,
      1.48,
      0.53,
      1.585,
      0.635,
      1.6925,
      0.74,
      1.7975,
      0.8475,
      1.9025,
      0.9525,
      0.0,
      1.0575,
      0.1075,
      1.1625,
      0.2125,
      1.27,
      0.3175,
      1.375,
      0.4225,
      1.48,
      0.53,
      1.585,
      0.635,
      1.6925,
      0.74,
      1.7975,
      0.8475,
      1.9025,
      0.9525,
      0.0,
      1.0575,
      0.1075,
      1.1625,
      0.2125,
      1.27,
      0.3175,
      1.375,
      0.4225,
      1.48,
      0.53,
      1.585,
      0.635,
      1.6925,
      0.74,
      1.7975,
      0.8475,
      1.9025,
      0.9525
    ],
    "TaskName": "training",
    "TotalReadoutTime": 0.07029788543960597,
    "dataset": "ds003661",
    "modality": "bold",
    "run_id": 8,
    "session_id": "training02",
    "subject_id": "01",
    "task_id": "training"
  },
  "dummy_trs": 0,
  "dvars_nstd": 41.381248794915955,
  "dvars_std": 1.2319349218067228,
  "dvars_vstd": 1.001774852184874,
  "efc": 0.5395791195335949,
  "fber": 1173.014892578125,
  "fd_mean": 0.16147260234106814,
  "fd_num": 85,
  "fd_perc": 35.56485355648535,
  "fwhm_avg": 1.8652233333333335,
  "fwhm_x": 1.756615,
  "fwhm_y": 2.03854,
  "fwhm_z": 1.800515,
  "gcor": 0.0130682,
  "gsr_x": -0.030085841193795204,
  "gsr_y": 0.04061859846115112,
  "provenance": {
    "md5sum": "dbe2cbde43a97692ec64b7f1ff30bedb",
    "settings": {
      "fd_thres": 0.2,
      "testing": false
    },
    "software": "mriqc",
    "version": "22.0.6",
    "webapi_port": null,
    "webapi_url": "https://mriqc.nimh.nih.gov/api/v1"
  },
  "size_t": 239,
  "size_x": 96,
  "size_y": 96,
  "size_z": 76,
  "snr": 5.1732062270463635,
  "spacing_tr": 2.0,
  "spacing_x": 2.0,
  "spacing_y": 2.0,
  "spacing_z": 2.0,
  "summary_bg_k": 15.29346441517724,
  "summary_bg_mad": 11.606479759221768,
  "summary_bg_mean": 37.5688591003418,
  "summary_bg_median": 15.12552261352539,
  "summary_bg_n": 474877.0,
  "summary_bg_p05": 6.16736364364624,
  "summary_bg_p95": 151.85857849121075,
  "summary_bg_stdv": 54.06945037841797,
  "summary_fg_k": 5.162966930133534,
  "summary_fg_mad": 75.80500621716976,
  "summary_fg_mean": 528.8035278320312,
  "summary_fg_median": 522.577392578125,
  "summary_fg_n": 134482.0,
  "summary_fg_p05": 392.23912200927737,
  "summary_fg_p95": 680.5932800292968,
  "summary_fg_stdv": 101.01577758789062,
  "tsnr": 42.277498956536874
}