{
  "aor": 0.0006304184100418411,
  "aqi": 0.015552946443514647,
  "bids_meta": {
    "EchoTime": 0.043,
    "FlipAngle": 80.0,
    "MagneticFieldStrength": 3.0,
    "Manufacturer": "SIEMENS",
    "ManufacturersModelName": "Verio",
    "MultibandAccelerationFactor": 4,
    "PhaseEncodingDirection": "j-",
    "RepetitionTime": 2.0,
    "SliceTiming": [
      0.0,
      1.055,
      0.105,
      1.1625,
      0.21,
      1.2675,
      0.315,
      1.3725,
      0.4225,
      1.4775,
      0.5275,
      1.585,
      0.6325,
      1.69,
      0.74,
      1.795,
      0.845,
      1.9,
      0.95,
      0.0,
      1.055,
      0.105,
      1.1625,
      0.21,
      1.2675,
      0.315,
      1.3725,
      0.4225,
      1.4775,
      0.5275,
      1.585,
      0.6325,
      1.69,
      0.74,
      1.795,
      0.845,
      1.9,
      0.95,
      0.0,
      1.055,
      0.105,
      1.1625,
      0.21,
      1.2675,
      0.315,
      1.3725,
      0.4225,
      1.4775,
      0.5275,
      1.585,
      0.6325,
      1.69,
      0.74,
      1.795,
      0.845,
      1.9,
      0.95,
      0.0,
      1.055,
      0.105,
      1.1625,
      0.21,
      1.2675,
      0.315,
      1.3725,
      0.4225,
      1.4775,
      0.5275,
      1.585,
      0.6325,
      1.69,
      0.74,
      1.795,
      0.845,
      1.9,
      0.95
    ],
    "TaskName": "training",
    "TotalReadoutTime": 0.07029788543960597,
    "dataset": "ds003661",
    "modality": "bold",
    "run_id": 6,
    "session_id": "training01",
    "subject_id": "04",
    "task_id": "training"
  },
  "dummy_trs": 0,
  "dvars_nstd": 39.428513807521014,
  "dvars_std": 1.2039605459663865,
  "dvars_vstd": 1.0026298317647055,
  "efc": 0.5754315976569587,
  "fber": 822.995361328125,
  "fd_mean": 0.08922338360477299,
  "fd_num": 19,
  "fd_perc": 7.949790794979079,
  "fwhm_avg": 1.83436,
  "fwhm_x": 1.733125,
  "fwhm_y": 2.020825,
  "fwhm_z": 1.74913,
  "gcor": 0.0236574,
  "gsr_x": -0.015087462030351162,
  "gsr_y": 0.0363769493997097,
  "provenance": {
    "md5sum": "b2231dca519f82bb9a5ac33591b66e46",
    "settings": {
      "fd_thres": 0.2,
      "testing": false
    },
    "software": "mriqc",
    "version": "22.0.6",
    "webapi_port": null,
    "webapi_url": "https://mriqc.nimh.nih.gov/api/v1"
  },
  "size_t": 239,
  "size_x": 96,
  "size_y": 96,
  "size_z": 76,
  "snr": 4.677483521206983,
  "spacing_tr": 2.0,
  "spacing_x": 2.0,
  "spacing_y": 2.0,
  "spacing_z": 2.0,
  "summary_bg_k": 15.741096116760115,
  "summary_bg_mad": 16.09771000829177,
  "summary_bg_mean": 43.62697219848633,
  "summary_bg_median": 19.020919799804688,
  "summary_bg_n": 439243.0,
  "summary_bg_p05": 6.205020904541016,
  "summary_bg_p95": 167.95816040039062,
  "summary_bg_stdv": 60.20976257324219,
  "summary_fg_k": 3.5205962978726637,
  "summary_fg_mad": 92.82706054570075,
  "summary_fg_mean": 567.2593383789062,
  "summary_fg_median": 558.0585327148438,
  "summary_fg_n": 161806.0,
  "summary_fg_p05": 400.97906494140625,
  "summary_fg_p95": 763.0083465576172,
  "summary_fg_stdv": 119.30706024169922,
  "tsnr": 39.851422146195546
}