{
  "aor": 0.0010358995815899583,
  "aqi": 0.018325837656903765,
  "bids_meta": {
    "EchoTime": 0.043,
    "FlipAngle": 80.0,
    "MagneticFieldStrength": 3.0,
    "Manufacturer": "SIEMENS",
    "ManufacturersModelName": "Verio",
    "MultibandAccelerationFactor": 4,
    "PhaseEncodingDirection": "j-",
    "RepetitionTime": 2.0,
    "SliceTiming": [
      0.0,
      1.0575,
      0.105,
      1.1625,
      0.21,
      1.2675,
      0.3175,
      1.3725,
      0.4225,
      1.48,
      0.5275,
      1.585,
      0.635,
      1.69,
      0.74,
      1.795,
      0.845,
      1.9025,
      0.95,
      0.0,
      1.0575,
      0.105,
      1.1625,
      0.21,
      1.2675,
      0.3175,
      1.3725,
      0.4225,
      1.48,
      0.5275,
      1.585,
      0.635,
      1.69,
      0.74,
      1.795,
      0.845,
      1.9025,
      0.95,
      0.0,
      1.0575,
      0.105,
      1.1625,
      0.21,
      1.2675,
      0.3175,
      1.3725,
      0.4225,
      1.48,
      0.5275,
      1.585,
      0.635,
      1.69,
      0.74,
      1.795,
      0.845,
      1.9025,
      0.95,
      0.0,
      1.0575,
      0.105,
      1.1625,
      0.21,
      1.2675,
      0.3175,
      1.3725,
      0.4225,
      1.48,
      0.5275,
      1.585,
      0.635,
      1.69,
      0.74,
      1.795,
      0.845,
      1.9025,
      0.95
    ],
    "TaskName": "training",
    "TotalReadoutTime": 0.07029788543960597,
    "dataset": "ds003661",
    "modality": "bold",
    "run_id": 5,
    "session_id": "training01",
    "subject_id": "04",
    "task_id": "training"
  },
  "dummy_trs": 0,
  "dvars_nstd": 39.52318557781513,
  "dvars_std": 1.2011088322268906,
  "dvars_vstd": 1.0007790723529408,
  "efc": 0.574966477585354,
  "fber": 819.6234130859375,
  "fd_mean": 0.08733236088711288,
  "fd_num": 17,
  "fd_perc": 7.112970711297071,
  "fwhm_avg": 1.8413483333333334,
  "fwhm_x": 1.737995,
  "fwhm_y": 2.028965,
  "fwhm_z": 1.757085,
  "gcor": 0.0167648,
  "gsr_x": -0.014940918423235416,
  "gsr_y": 0.03594929352402687,
  "provenance": {
    "md5sum": "a820f94341d463e438c8d546e106142d",
    "settings": {
      "fd_thres": 0.2,
      "testing": false
    },
    "software": "mriqc",
    "version": "22.0.6",
    "webapi_port": null,
    "webapi_url": "https://mriqc.nimh.nih.gov/api/v1"
  },
  "size_t": 239,
  "size_x": 96,
  "size_y": 96,
  "size_z": 76,
  "snr": 4.691475716907829,
  "spacing_tr": 2.0,
  "spacing_x": 2.0,
  "spacing_y": 2.0,
  "spacing_z": 2.0,
  "summary_bg_k": 15.896672828459664,
  "summary_bg_mad": 16.159744319333328,
  "summary_bg_mean": 43.34265899658203,
  "summary_bg_median": 19.071128845214844,
  "summary_bg_n": 439471.0,
  "summary_bg_p05": 6.205020904541016,
  "summary_bg_p95": 165.9979019165039,
  "summary_bg_stdv": 59.57290267944336,
  "summary_fg_k": 3.52078606073278,
  "summary_fg_mad": 92.49201814372218,
  "summary_fg_mean": 567.0037841796875,
  "summary_fg_median": 557.9288330078125,
  "summary_fg_n": 161571.0,
  "summary_fg_p05": 400.71337890625,
  "summary_fg_p95": 762.3305358886719,
  "summary_fg_stdv": 118.923583984375,
  "tsnr": 37.09236207604408
}