{
  "aor": 0.0006406694560669456,
  "aqi": 0.019145456066945607,
  "bids_meta": {
    "EchoTime": 0.043,
    "FlipAngle": 80.0,
    "MagneticFieldStrength": 3.0,
    "Manufacturer": "SIEMENS",
    "ManufacturersModelName": "Verio",
    "MultibandAccelerationFactor": 4,
    "PhaseEncodingDirection": "j-",
    "RepetitionTime": 2.0,
    "SliceTiming": [
      0.0,
      1.0575,
      0.1075,
      1.1625,
      0.2125,
      1.27,
      0.3175,
      1.375,
      0.4225,
      1.48,
      0.53,
      1.585,
      0.635,
      1.6925,
      0.74,
      1.7975,
      0.8475,
      1.9025,
      0.9525,
      0.0,
      1.0575,
      0.1075,
      1.1625,
      0.2125,
      1.27,
      0.3175,
      1.375,
      0.4225,
      1.48,
      0.53,
      1.585,
      0.635,
      1.6925,
      0.74,
      1.7975,
      0.8475,
      1.9025,
      0.9525,
      0.0,
      1.0575,
      0.1075,
      1.1625,
      0.2125,
      1.27,
      0.3175,
      1.375,
      0.4225,
      1.48,
      0.53,
      1.585,
      0.635,
      1.6925,
      0.74,
      1.7975,
      0.8475,
      1.9025,
      0.9525,
      0.0,
      1.0575,
      0.1075,
      1.1625,
      0.2125,
      1.27,
      0.3175,
      1.375,
      0.4225,
      1.48,
      0.53,
      1.585,
      0.635,
      1.6925,
      0.74,
      1.7975,
      0.8475,
      1.9025,
      0.9525
    ],
    "TaskName": "training",
    "TotalReadoutTime": 0.07029788543960597,
    "dataset": "ds003661",
    "modality": "bold",
    "run_id": 7,
    "session_id": "training01",
    "subject_id": "04",
    "task_id": "training"
  },
  "dummy_trs": 0,
  "dvars_nstd": 41.886226285546236,
  "dvars_std": 1.203360494327732,
  "dvars_vstd": 0.9891919022689085,
  "efc": 0.5756189461145054,
  "fber": 816.0146484375,
  "fd_mean": 0.1125295273330844,
  "fd_num": 30,
  "fd_perc": 12.552301255230125,
  "fwhm_avg": 1.8451833333333332,
  "fwhm_x": 1.740575,
  "fwhm_y": 2.03085,
  "fwhm_z": 1.764125,
  "gcor": 0.0222528,
  "gsr_x": -0.014994436874985695,
  "gsr_y": 0.03574652597308159,
  "provenance": {
    "md5sum": "2528cdd21cd67024dc1fea095e05565b",
    "settings": {
      "fd_thres": 0.2,
      "testing": false
    },
    "software": "mriqc",
    "version": "22.0.6",
    "webapi_port": null,
    "webapi_url": "https://mriqc.nimh.nih.gov/api/v1"
  },
  "size_t": 239,
  "size_x": 96,
  "size_y": 96,
  "size_z": 76,
  "snr": 4.692286808082423,
  "spacing_tr": 2.0,
  "spacing_x": 2.0,
  "spacing_y": 2.0,
  "spacing_z": 2.0,
  "summary_bg_k": 15.76023768107746,
  "summary_bg_mad": 16.314827269097915,
  "summary_bg_mean": 43.518821716308594,
  "summary_bg_median": 19.083681106567383,
  "summary_bg_n": 439567.0,
  "summary_bg_p05": 6.117154598236084,
  "summary_bg_p95": 166.51882934570312,
  "summary_bg_stdv": 59.736419677734375,
  "summary_fg_k": 3.5104062729463825,
  "summary_fg_mad": 92.30592369411544,
  "summary_fg_mean": 565.2029418945312,
  "summary_fg_median": 556.3807373046875,
  "summary_fg_n": 161590.0,
  "summary_fg_p05": 398.6522918701172,
  "summary_fg_p95": 758.925518798828,
  "summary_fg_stdv": 118.57310485839844,
  "tsnr": 36.197296410100535
}