{
  "aor": 0.0007082426778242678,
  "aqi": 0.02075262468619247,
  "bids_meta": {
    "EchoTime": 0.043,
    "FlipAngle": 80.0,
    "MagneticFieldStrength": 3.0,
    "Manufacturer": "SIEMENS",
    "ManufacturersModelName": "Verio",
    "MultibandAccelerationFactor": 4,
    "PhaseEncodingDirection": "j-",
    "RepetitionTime": 2.0,
    "SliceTiming": [
      0.0,
      1.055,
      0.105,
      1.1625,
      0.21,
      1.2675,
      0.315,
      1.3725,
      0.4225,
      1.4775,
      0.5275,
      1.585,
      0.6325,
      1.69,
      0.7375,
      1.795,
      0.845,
      1.9,
      0.95,
      0.0,
      1.055,
      0.105,
      1.1625,
      0.21,
      1.2675,
      0.315,
      1.3725,
      0.4225,
      1.4775,
      0.5275,
      1.585,
      0.6325,
      1.69,
      0.7375,
      1.795,
      0.845,
      1.9,
      0.95,
      0.0,
      1.055,
      0.105,
      1.1625,
      0.21,
      1.2675,
      0.315,
      1.3725,
      0.4225,
      1.4775,
      0.5275,
      1.585,
      0.6325,
      1.69,
      0.7375,
      1.795,
      0.845,
      1.9,
      0.95,
      0.0,
      1.055,
      0.105,
      1.1625,
      0.21,
      1.2675,
      0.315,
      1.3725,
      0.4225,
      1.4775,
      0.5275,
      1.585,
      0.6325,
      1.69,
      0.7375,
      1.795,
      0.845,
      1.9,
      0.95
    ],
    "TaskName": "training",
    "TotalReadoutTime": 0.07029788543960597,
    "dataset": "ds003661",
    "modality": "bold",
    "run_id": 3,
    "session_id": "training01",
    "subject_id": "04",
    "task_id": "training"
  },
  "dummy_trs": 0,
  "dvars_nstd": 38.60936107159664,
  "dvars_std": 1.1689720267226889,
  "dvars_vstd": 0.98177818394958,
  "efc": 0.5744520279106284,
  "fber": 839.439208984375,
  "fd_mean": 0.08062347629368574,
  "fd_num": 10,
  "fd_perc": 4.184100418410042,
  "fwhm_avg": 1.864,
  "fwhm_x": 1.75238,
  "fwhm_y": 2.053325,
  "fwhm_z": 1.786295,
  "gcor": 0.0134674,
  "gsr_x": -0.014656433835625648,
  "gsr_y": 0.036091502755880356,
  "provenance": {
    "md5sum": "8e969cc392186fb14141c82a54f6d1c1",
    "settings": {
      "fd_thres": 0.2,
      "testing": false
    },
    "software": "mriqc",
    "version": "22.0.6",
    "webapi_port": null,
    "webapi_url": "https://mriqc.nimh.nih.gov/api/v1"
  },
  "size_t": 239,
  "size_x": 96,
  "size_y": 96,
  "size_z": 76,
  "snr": 4.6455444359940685,
  "spacing_tr": 2.0,
  "spacing_x": 2.0,
  "spacing_y": 2.0,
  "spacing_z": 2.0,
  "summary_bg_k": 15.805565943612912,
  "summary_bg_mad": 16.153541453797036,
  "summary_bg_mean": 43.153038024902344,
  "summary_bg_median": 18.912134170532227,
  "summary_bg_n": 439123.0,
  "summary_bg_p05": 6.066945552825928,
  "summary_bg_p95": 165.96652221679688,
  "summary_bg_stdv": 59.63990020751953,
  "summary_fg_k": 3.4779206548846977,
  "summary_fg_mad": 93.43493288473952,
  "summary_fg_mean": 568.9273071289062,
  "summary_fg_median": 559.6777954101562,
  "summary_fg_n": 162205.0,
  "summary_fg_p05": 400.0292663574219,
  "summary_fg_p95": 767.1991333007811,
  "summary_fg_stdv": 120.47588348388672,
  "tsnr": 35.05297556705773
}