{
  "aor": 0.001008786610878661,
  "aqi": 0.02146890125523013,
  "bids_meta": {
    "EchoTime": 0.043,
    "FlipAngle": 80.0,
    "MagneticFieldStrength": 3.0,
    "Manufacturer": "SIEMENS",
    "ManufacturersModelName": "Verio",
    "MultibandAccelerationFactor": 4,
    "PhaseEncodingDirection": "j-",
    "RepetitionTime": 2.0,
    "SliceTiming": [
      0.0,
      1.055,
      0.105,
      1.1625,
      0.21,
      1.2675,
      0.315,
      1.3725,
      0.4225,
      1.4775,
      0.5275,
      1.585,
      0.6325,
      1.69,
      0.7375,
      1.795,
      0.845,
      1.9,
      0.95,
      0.0,
      1.055,
      0.105,
      1.1625,
      0.21,
      1.2675,
      0.315,
      1.3725,
      0.4225,
      1.4775,
      0.5275,
      1.585,
      0.6325,
      1.69,
      0.7375,
      1.795,
      0.845,
      1.9,
      0.95,
      0.0,
      1.055,
      0.105,
      1.1625,
      0.21,
      1.2675,
      0.315,
      1.3725,
      0.4225,
      1.4775,
      0.5275,
      1.585,
      0.6325,
      1.69,
      0.7375,
      1.795,
      0.845,
      1.9,
      0.95,
      0.0,
      1.055,
      0.105,
      1.1625,
      0.21,
      1.2675,
      0.315,
      1.3725,
      0.4225,
      1.4775,
      0.5275,
      1.585,
      0.6325,
      1.69,
      0.7375,
      1.795,
      0.845,
      1.9,
      0.95
    ],
    "TaskName": "training",
    "TotalReadoutTime": 0.07029788543960597,
    "dataset": "ds003661",
    "modality": "bold",
    "run_id": 2,
    "session_id": "training03",
    "subject_id": "05",
    "task_id": "training"
  },
  "dummy_trs": 0,
  "dvars_nstd": 59.47089158432777,
  "dvars_std": 1.337707033109243,
  "dvars_vstd": 0.9996924668907563,
  "efc": 0.5703629159148513,
  "fber": 729.0254516601562,
  "fd_mean": 0.2215774287567947,
  "fd_num": 125,
  "fd_perc": 52.30125523012552,
  "fwhm_avg": 1.8795783333333336,
  "fwhm_x": 1.74354,
  "fwhm_y": 2.08737,
  "fwhm_z": 1.807825,
  "gcor": 0.0308615,
  "gsr_x": -0.013222542591392994,
  "gsr_y": 0.06587883830070496,
  "provenance": {
    "md5sum": "8929bf18f62caf1aa1421cb9b5224561",
    "settings": {
      "fd_thres": 0.2,
      "testing": false
    },
    "software": "mriqc",
    "version": "22.0.6",
    "webapi_port": null,
    "webapi_url": "https://mriqc.nimh.nih.gov/api/v1"
  },
  "size_t": 239,
  "size_x": 96,
  "size_y": 96,
  "size_z": 76,
  "snr": 4.717163722261078,
  "spacing_tr": 2.0,
  "spacing_x": 2.0,
  "spacing_y": 2.0,
  "spacing_z": 2.0,
  "summary_bg_k": 20.381855297836324,
  "summary_bg_mad": 15.613846906710505,
  "summary_bg_mean": 37.43206024169922,
  "summary_bg_median": 17.535564422607422,
  "summary_bg_n": 447479.0,
  "summary_bg_p05": 5.686192512512207,
  "summary_bg_p95": 136.2430938720702,
  "summary_bg_stdv": 50.63092803955078,
  "summary_fg_k": 3.147122489030095,
  "summary_fg_mad": 85.05731186797354,
  "summary_fg_mean": 492.5533447265625,
  "summary_fg_median": 483.49163818359375,
  "summary_fg_n": 157096.0,
  "summary_fg_p05": 355.78870391845703,
  "summary_fg_p95": 656.6830444335938,
  "summary_fg_stdv": 102.49593353271484,
  "tsnr": 33.25198982388247
}