{
  "aor": 0.002074748603351955,
  "aqi": 0.026019946927374304,
  "bids_meta": {
    "EchoTime": 0.043,
    "FlipAngle": 80.0,
    "MagneticFieldStrength": 3.0,
    "Manufacturer": "SIEMENS",
    "ManufacturersModelName": "Verio",
    "MultibandAccelerationFactor": 4,
    "PhaseEncodingDirection": "j-",
    "RepetitionTime": 2.0,
    "SliceTiming": [
      0.0,
      1.0575,
      0.1075,
      1.1625,
      0.2125,
      1.27,
      0.3175,
      1.375,
      0.425,
      1.48,
      0.53,
      1.585,
      0.635,
      1.6925,
      0.74,
      1.7975,
      0.8475,
      1.9025,
      0.9525,
      0.0,
      1.0575,
      0.1075,
      1.1625,
      0.2125,
      1.27,
      0.3175,
      1.375,
      0.425,
      1.48,
      0.53,
      1.585,
      0.635,
      1.6925,
      0.74,
      1.7975,
      0.8475,
      1.9025,
      0.9525,
      0.0,
      1.0575,
      0.1075,
      1.1625,
      0.2125,
      1.27,
      0.3175,
      1.375,
      0.425,
      1.48,
      0.53,
      1.585,
      0.635,
      1.6925,
      0.74,
      1.7975,
      0.8475,
      1.9025,
      0.9525,
      0.0,
      1.0575,
      0.1075,
      1.1625,
      0.2125,
      1.27,
      0.3175,
      1.375,
      0.425,
      1.48,
      0.53,
      1.585,
      0.635,
      1.6925,
      0.74,
      1.7975,
      0.8475,
      1.9025,
      0.9525
    ],
    "TaskName": "testNoCategory",
    "TotalReadoutTime": 0.07029788543960597,
    "dataset": "ds003661",
    "modality": "bold",
    "run_id": 2,
    "session_id": "testNoCategory01",
    "subject_id": "05",
    "task_id": "testNoCategory"
  },
  "dummy_trs": 0,
  "dvars_nstd": 60.98707169134831,
  "dvars_std": 1.3190098275842699,
  "dvars_vstd": 1.007316335786517,
  "efc": 0.5695587740277741,
  "fber": 779.9349975585938,
  "fd_mean": 0.2590976444084672,
  "fd_num": 99,
  "fd_perc": 55.3072625698324,
  "fwhm_avg": 1.899776666666667,
  "fwhm_x": 1.773465,
  "fwhm_y": 2.11743,
  "fwhm_z": 1.808435,
  "gcor": 0.00819733,
  "gsr_x": -0.011970640160143375,
  "gsr_y": 0.05044849216938019,
  "provenance": {
    "md5sum": "9a621a59606165fb3caed274f3cc079c",
    "settings": {
      "fd_thres": 0.2,
      "testing": false
    },
    "software": "mriqc",
    "version": "22.0.6",
    "webapi_port": null,
    "webapi_url": "https://mriqc.nimh.nih.gov/api/v1"
  },
  "size_t": 179,
  "size_x": 96,
  "size_y": 96,
  "size_z": 76,
  "snr": 4.673972650232711,
  "spacing_tr": 2.0,
  "spacing_x": 2.0,
  "spacing_y": 2.0,
  "spacing_z": 2.0,
  "summary_bg_k": 16.055406566619517,
  "summary_bg_mad": 16.631649195413523,
  "summary_bg_mean": 39.96528244018555,
  "summary_bg_median": 18.558658599853516,
  "summary_bg_n": 445676.0,
  "summary_bg_p05": 5.681563854217529,
  "summary_bg_p95": 153.16758728027344,
  "summary_bg_stdv": 53.94085693359375,
  "summary_fg_k": 3.172599930769807,
  "summary_fg_mad": 92.12838063059566,
  "summary_fg_mean": 539.2944946289062,
  "summary_fg_median": 530.8267822265625,
  "summary_fg_n": 158251.0,
  "summary_fg_p05": 383.63128662109375,
  "summary_fg_p95": 718.7206726074219,
  "summary_fg_stdv": 113.5704345703125,
  "tsnr": 30.153827203437686
}