{
  "aor": 0.002498659217877095,
  "aqi": 0.05316798435754191,
  "bids_meta": {
    "EchoTime": 0.043,
    "FlipAngle": 80.0,
    "MagneticFieldStrength": 3.0,
    "Manufacturer": "SIEMENS",
    "ManufacturersModelName": "Verio",
    "MultibandAccelerationFactor": 4,
    "PhaseEncodingDirection": "j-",
    "RepetitionTime": 2.0,
    "SliceTiming": [
      0.0,
      1.0575,
      0.1075,
      1.1625,
      0.2125,
      1.27,
      0.3175,
      1.375,
      0.4225,
      1.48,
      0.53,
      1.585,
      0.635,
      1.6925,
      0.74,
      1.7975,
      0.845,
      1.9025,
      0.9525,
      0.0,
      1.0575,
      0.1075,
      1.1625,
      0.2125,
      1.27,
      0.3175,
      1.375,
      0.4225,
      1.48,
      0.53,
      1.585,
      0.635,
      1.6925,
      0.74,
      1.7975,
      0.845,
      1.9025,
      0.9525,
      0.0,
      1.0575,
      0.1075,
      1.1625,
      0.2125,
      1.27,
      0.3175,
      1.375,
      0.4225,
      1.48,
      0.53,
      1.585,
      0.635,
      1.6925,
      0.74,
      1.7975,
      0.845,
      1.9025,
      0.9525,
      0.0,
      1.0575,
      0.1075,
      1.1625,
      0.2125,
      1.27,
      0.3175,
      1.375,
      0.4225,
      1.48,
      0.53,
      1.585,
      0.635,
      1.6925,
      0.74,
      1.7975,
      0.845,
      1.9025,
      0.9525
    ],
    "TaskName": "testNoCategory",
    "TotalReadoutTime": 0.07029788543960597,
    "dataset": "ds003661",
    "modality": "bold",
    "run_id": 1,
    "session_id": "testNoCategory01",
    "subject_id": "03",
    "task_id": "testNoCategory"
  },
  "dummy_trs": 0,
  "dvars_nstd": 61.67298621297752,
  "dvars_std": 1.1480932375280901,
  "dvars_vstd": 0.9859040752247191,
  "efc": 0.565887663229619,
  "fber": 727.1021728515625,
  "fd_mean": 0.39346036253245764,
  "fd_num": 154,
  "fd_perc": 86.03351955307262,
  "fwhm_avg": 1.9995183333333333,
  "fwhm_x": 1.88275,
  "fwhm_y": 2.210325,
  "fwhm_z": 1.90548,
  "gcor": 0.020067,
  "gsr_x": -0.016926784068346024,
  "gsr_y": 0.04653887823224068,
  "provenance": {
    "md5sum": "b1a9c5cfc56a3b6d05fec860ab9b1763",
    "settings": {
      "fd_thres": 0.2,
      "testing": false
    },
    "software": "mriqc",
    "version": "22.0.6",
    "webapi_port": null,
    "webapi_url": "https://mriqc.nimh.nih.gov/api/v1"
  },
  "size_t": 179,
  "size_x": 96,
  "size_y": 96,
  "size_z": 76,
  "snr": 5.21659272369453,
  "spacing_tr": 2.0,
  "spacing_x": 2.0,
  "spacing_y": 2.0,
  "spacing_z": 2.0,
  "summary_bg_k": 21.647965376305816,
  "summary_bg_mad": 17.940315966404786,
  "summary_bg_mean": 43.96651840209961,
  "summary_bg_median": 20.357542037963867,
  "summary_bg_n": 458093.0,
  "summary_bg_p05": 6.301675796508789,
  "summary_bg_p95": 166.00558471679688,
  "summary_bg_stdv": 61.124210357666016,
  "summary_fg_k": 5.331284174580922,
  "summary_fg_mad": 78.39155165861598,
  "summary_fg_mean": 548.3435668945312,
  "summary_fg_median": 548.7737426757812,
  "summary_fg_n": 147896.0,
  "summary_fg_p05": 383.2625732421875,
  "summary_fg_p95": 696.7067108154297,
  "summary_fg_stdv": 105.19738006591797,
  "tsnr": 22.297083004843444
}