{
  "aor": 0.0008540585774058577,
  "aqi": 0.016815572384937236,
  "bids_meta": {
    "EchoTime": 0.043,
    "FlipAngle": 80.0,
    "MagneticFieldStrength": 3.0,
    "Manufacturer": "SIEMENS",
    "ManufacturersModelName": "Verio",
    "MultibandAccelerationFactor": 4,
    "PhaseEncodingDirection": "j-",
    "RepetitionTime": 2.0,
    "SliceTiming": [
      0.0,
      1.0575,
      0.105,
      1.1625,
      0.2125,
      1.2675,
      0.3175,
      1.3725,
      0.4225,
      1.48,
      0.5275,
      1.585,
      0.635,
      1.69,
      0.74,
      1.7975,
      0.845,
      1.9025,
      0.95,
      0.0,
      1.0575,
      0.105,
      1.1625,
      0.2125,
      1.2675,
      0.3175,
      1.3725,
      0.4225,
      1.48,
      0.5275,
      1.585,
      0.635,
      1.69,
      0.74,
      1.7975,
      0.845,
      1.9025,
      0.95,
      0.0,
      1.0575,
      0.105,
      1.1625,
      0.2125,
      1.2675,
      0.3175,
      1.3725,
      0.4225,
      1.48,
      0.5275,
      1.585,
      0.635,
      1.69,
      0.74,
      1.7975,
      0.845,
      1.9025,
      0.95,
      0.0,
      1.0575,
      0.105,
      1.1625,
      0.2125,
      1.2675,
      0.3175,
      1.3725,
      0.4225,
      1.48,
      0.5275,
      1.585,
      0.635,
      1.69,
      0.74,
      1.7975,
      0.845,
      1.9025,
      0.95
    ],
    "TaskName": "training",
    "TotalReadoutTime": 0.07029788543960597,
    "dataset": "ds003661",
    "modality": "bold",
    "run_id": 6,
    "session_id": "training03",
    "subject_id": "02",
    "task_id": "training"
  },
  "dummy_trs": 0,
  "dvars_nstd": 51.55616361168068,
  "dvars_std": 1.3205522249159662,
  "dvars_vstd": 1.008553060672269,
  "efc": 0.5757288323569582,
  "fber": 805.932373046875,
  "fd_mean": 0.1445444268427971,
  "fd_num": 55,
  "fd_perc": 23.01255230125523,
  "fwhm_avg": 1.8573666666666666,
  "fwhm_x": 1.75603,
  "fwhm_y": 2.07553,
  "fwhm_z": 1.74054,
  "gcor": 0.0124419,
  "gsr_x": -0.008838068693876266,
  "gsr_y": 0.07139994949102402,
  "provenance": {
    "md5sum": "d68503617b87ad088d180ec9390447e2",
    "settings": {
      "fd_thres": 0.2,
      "testing": false
    },
    "software": "mriqc",
    "version": "22.0.6",
    "webapi_port": null,
    "webapi_url": "https://mriqc.nimh.nih.gov/api/v1"
  },
  "size_t": 239,
  "size_x": 96,
  "size_y": 96,
  "size_z": 76,
  "snr": 4.81035214047467,
  "spacing_tr": 2.0,
  "spacing_x": 2.0,
  "spacing_y": 2.0,
  "spacing_z": 2.0,
  "summary_bg_k": 23.281720653106106,
  "summary_bg_mad": 17.065432676655156,
  "summary_bg_mean": 44.75424575805664,
  "summary_bg_median": 19.184099197387695,
  "summary_bg_n": 442991.0,
  "summary_bg_p05": 5.9497904777526855,
  "summary_bg_p95": 171.76986694335938,
  "summary_bg_stdv": 64.48906707763672,
  "summary_fg_k": 3.7817258430353284,
  "summary_fg_mad": 92.1881045969173,
  "summary_fg_mean": 563.4755859375,
  "summary_fg_median": 558.6192626953125,
  "summary_fg_n": 160242.0,
  "summary_fg_p05": 392.50667572021484,
  "summary_fg_p95": 739.31357421875,
  "summary_fg_stdv": 116.1281967163086,
  "tsnr": 38.01672609895468
}