{
  "aor": 0.0009799163179916319,
  "aqi": 0.020127659832635984,
  "bids_meta": {
    "EchoTime": 0.043,
    "FlipAngle": 80.0,
    "MagneticFieldStrength": 3.0,
    "Manufacturer": "SIEMENS",
    "ManufacturersModelName": "Verio",
    "MultibandAccelerationFactor": 4,
    "PhaseEncodingDirection": "j-",
    "RepetitionTime": 2.0,
    "SliceTiming": [
      0.0,
      1.0575,
      0.105,
      1.1625,
      0.2125,
      1.2675,
      0.3175,
      1.375,
      0.4225,
      1.48,
      0.53,
      1.585,
      0.635,
      1.69,
      0.74,
      1.7975,
      0.845,
      1.9025,
      0.9525,
      0.0,
      1.0575,
      0.105,
      1.1625,
      0.2125,
      1.2675,
      0.3175,
      1.375,
      0.4225,
      1.48,
      0.53,
      1.585,
      0.635,
      1.69,
      0.74,
      1.7975,
      0.845,
      1.9025,
      0.9525,
      0.0,
      1.0575,
      0.105,
      1.1625,
      0.2125,
      1.2675,
      0.3175,
      1.375,
      0.4225,
      1.48,
      0.53,
      1.585,
      0.635,
      1.69,
      0.74,
      1.7975,
      0.845,
      1.9025,
      0.9525,
      0.0,
      1.0575,
      0.105,
      1.1625,
      0.2125,
      1.2675,
      0.3175,
      1.375,
      0.4225,
      1.48,
      0.53,
      1.585,
      0.635,
      1.69,
      0.74,
      1.7975,
      0.845,
      1.9025,
      0.9525
    ],
    "TaskName": "training",
    "TotalReadoutTime": 0.07029788543960597,
    "dataset": "ds003661",
    "modality": "bold",
    "run_id": 5,
    "session_id": "training03",
    "subject_id": "02",
    "task_id": "training"
  },
  "dummy_trs": 0,
  "dvars_nstd": 53.04267027420168,
  "dvars_std": 1.3200974830252097,
  "dvars_vstd": 1.0122619123529415,
  "efc": 0.5767516196905568,
  "fber": 798.6451416015625,
  "fd_mean": 0.1628309915265109,
  "fd_num": 68,
  "fd_perc": 28.451882845188283,
  "fwhm_avg": 1.85389,
  "fwhm_x": 1.74845,
  "fwhm_y": 2.076115,
  "fwhm_z": 1.737105,
  "gcor": 0.0220373,
  "gsr_x": -0.0095773134380579,
  "gsr_y": 0.07297588139772415,
  "provenance": {
    "md5sum": "47eb6bcc8cbc9a7c295334e4c5befaaa",
    "settings": {
      "fd_thres": 0.2,
      "testing": false
    },
    "software": "mriqc",
    "version": "22.0.6",
    "webapi_port": null,
    "webapi_url": "https://mriqc.nimh.nih.gov/api/v1"
  },
  "size_t": 239,
  "size_x": 96,
  "size_y": 96,
  "size_z": 76,
  "snr": 4.887098719368064,
  "spacing_tr": 2.0,
  "spacing_x": 2.0,
  "spacing_y": 2.0,
  "spacing_z": 2.0,
  "summary_bg_k": 24.261383810326546,
  "summary_bg_mad": 17.121263415200595,
  "summary_bg_mean": 44.94778060913086,
  "summary_bg_median": 19.238492965698242,
  "summary_bg_n": 442592.0,
  "summary_bg_p05": 6.046024799346924,
  "summary_bg_p95": 172.70062713623028,
  "summary_bg_stdv": 65.31654357910156,
  "summary_fg_k": 3.888016818401412,
  "summary_fg_mad": 91.01253785981976,
  "summary_fg_mean": 561.8843994140625,
  "summary_fg_median": 556.7489624023438,
  "summary_fg_n": 160290.0,
  "summary_fg_p05": 395.0299072265625,
  "summary_fg_p95": 735.1183837890622,
  "summary_fg_stdv": 113.92182922363281,
  "tsnr": 35.59219797607511
}