{
  "aor": 0.0013644692737430169,
  "aqi": 0.02661612513966481,
  "bids_meta": {
    "EchoTime": 0.043,
    "FlipAngle": 80.0,
    "MagneticFieldStrength": 3.0,
    "Manufacturer": "SIEMENS",
    "ManufacturersModelName": "Verio",
    "MultibandAccelerationFactor": 4,
    "PhaseEncodingDirection": "j-",
    "RepetitionTime": 2.0,
    "SliceTiming": [
      0.0,
      1.055,
      0.105,
      1.1625,
      0.21,
      1.2675,
      0.315,
      1.3725,
      0.4225,
      1.4775,
      0.5275,
      1.585,
      0.6325,
      1.69,
      0.74,
      1.795,
      0.845,
      1.9,
      0.95,
      0.0,
      1.055,
      0.105,
      1.1625,
      0.21,
      1.2675,
      0.315,
      1.3725,
      0.4225,
      1.4775,
      0.5275,
      1.585,
      0.6325,
      1.69,
      0.74,
      1.795,
      0.845,
      1.9,
      0.95,
      0.0,
      1.055,
      0.105,
      1.1625,
      0.21,
      1.2675,
      0.315,
      1.3725,
      0.4225,
      1.4775,
      0.5275,
      1.585,
      0.6325,
      1.69,
      0.74,
      1.795,
      0.845,
      1.9,
      0.95,
      0.0,
      1.055,
      0.105,
      1.1625,
      0.21,
      1.2675,
      0.315,
      1.3725,
      0.4225,
      1.4775,
      0.5275,
      1.585,
      0.6325,
      1.69,
      0.74,
      1.795,
      0.845,
      1.9,
      0.95
    ],
    "TaskName": "testCategory",
    "TotalReadoutTime": 0.07029788543960597,
    "dataset": "ds003661",
    "modality": "bold",
    "run_id": 2,
    "session_id": "testCategory01",
    "subject_id": "03",
    "task_id": "testCategory"
  },
  "dummy_trs": 0,
  "dvars_nstd": 50.59292373241575,
  "dvars_std": 1.206735723764045,
  "dvars_vstd": 0.9931342214606743,
  "efc": 0.5700837571766282,
  "fber": 685.11083984375,
  "fd_mean": 0.22456693357646693,
  "fd_num": 92,
  "fd_perc": 51.39664804469274,
  "fwhm_avg": 1.8863316666666667,
  "fwhm_x": 1.77807,
  "fwhm_y": 2.09371,
  "fwhm_z": 1.787215,
  "gcor": 0.0113851,
  "gsr_x": -0.023540696129202843,
  "gsr_y": 0.0447571724653244,
  "provenance": {
    "md5sum": "7659782851a630e4504e28bc7fbf1160",
    "settings": {
      "fd_thres": 0.2,
      "testing": false
    },
    "software": "mriqc",
    "version": "22.0.6",
    "webapi_port": null,
    "webapi_url": "https://mriqc.nimh.nih.gov/api/v1"
  },
  "size_t": 179,
  "size_x": 96,
  "size_y": 96,
  "size_z": 76,
  "snr": 5.200051737949079,
  "spacing_tr": 2.0,
  "spacing_x": 2.0,
  "spacing_y": 2.0,
  "spacing_z": 2.0,
  "summary_bg_k": 20.467410269104448,
  "summary_bg_mad": 17.658704174353492,
  "summary_bg_mean": 43.80478286743164,
  "summary_bg_median": 20.290502548217773,
  "summary_bg_n": 455399.0,
  "summary_bg_p05": 6.312849044799805,
  "summary_bg_p95": 167.27430114746082,
  "summary_bg_stdv": 61.20854187011719,
  "summary_fg_k": 4.693336648243593,
  "summary_fg_mad": 79.56354400682004,
  "summary_fg_mean": 536.208251953125,
  "summary_fg_median": 537.2234497070312,
  "summary_fg_n": 149814.0,
  "summary_fg_p05": 373.81731872558595,
  "summary_fg_p95": 681.9516510009765,
  "summary_fg_stdv": 103.31082916259766,
  "tsnr": 31.822654808405787
}