{
  "aor": 0.004275648535564853,
  "aqi": 0.041403490794979084,
  "bids_meta": {
    "EchoTime": 0.043,
    "FlipAngle": 80.0,
    "MagneticFieldStrength": 3.0,
    "Manufacturer": "SIEMENS",
    "ManufacturersModelName": "Verio",
    "MultibandAccelerationFactor": 4,
    "PhaseEncodingDirection": "j-",
    "RepetitionTime": 2.0,
    "SliceTiming": [
      0.0,
      1.055,
      0.105,
      1.16,
      0.21,
      1.2675,
      0.315,
      1.3725,
      0.4225,
      1.4775,
      0.5275,
      1.585,
      0.6325,
      1.69,
      0.7375,
      1.795,
      0.845,
      1.9,
      0.95,
      0.0,
      1.055,
      0.105,
      1.16,
      0.21,
      1.2675,
      0.315,
      1.3725,
      0.4225,
      1.4775,
      0.5275,
      1.585,
      0.6325,
      1.69,
      0.7375,
      1.795,
      0.845,
      1.9,
      0.95,
      0.0,
      1.055,
      0.105,
      1.16,
      0.21,
      1.2675,
      0.315,
      1.3725,
      0.4225,
      1.4775,
      0.5275,
      1.585,
      0.6325,
      1.69,
      0.7375,
      1.795,
      0.845,
      1.9,
      0.95,
      0.0,
      1.055,
      0.105,
      1.16,
      0.21,
      1.2675,
      0.315,
      1.3725,
      0.4225,
      1.4775,
      0.5275,
      1.585,
      0.6325,
      1.69,
      0.7375,
      1.795,
      0.845,
      1.9,
      0.95
    ],
    "TaskName": "training",
    "TotalReadoutTime": 0.07029788543960597,
    "dataset": "ds003661",
    "modality": "bold",
    "run_id": 5,
    "session_id": "training02",
    "subject_id": "03",
    "task_id": "training"
  },
  "dummy_trs": 0,
  "dvars_nstd": 52.25242699705881,
  "dvars_std": 1.1589465714705882,
  "dvars_vstd": 0.9852017171008398,
  "efc": 0.5640952820701797,
  "fber": 885.2669067382812,
  "fd_mean": 0.3033085674593288,
  "fd_num": 116,
  "fd_perc": 48.53556485355649,
  "fwhm_avg": 1.9240300000000001,
  "fwhm_x": 1.80418,
  "fwhm_y": 2.140855,
  "fwhm_z": 1.827055,
  "gcor": 0.0220578,
  "gsr_x": -0.015817057341337204,
  "gsr_y": 0.05870179459452629,
  "provenance": {
    "md5sum": "1083a576a219f139f6be1889720ea7d5",
    "settings": {
      "fd_thres": 0.2,
      "testing": false
    },
    "software": "mriqc",
    "version": "22.0.6",
    "webapi_port": null,
    "webapi_url": "https://mriqc.nimh.nih.gov/api/v1"
  },
  "size_t": 239,
  "size_x": 96,
  "size_y": 96,
  "size_z": 76,
  "snr": 5.250514610333403,
  "spacing_tr": 2.0,
  "spacing_x": 2.0,
  "spacing_y": 2.0,
  "spacing_z": 2.0,
  "summary_bg_k": 30.381914499317162,
  "summary_bg_mad": 16.18455719539816,
  "summary_bg_mean": 42.84531784057617,
  "summary_bg_median": 18.472803115844727,
  "summary_bg_n": 455432.0,
  "summary_bg_p05": 6.108786582946777,
  "summary_bg_p95": 161.44121246337872,
  "summary_bg_stdv": 63.265541076660156,
  "summary_fg_k": 5.045587108022312,
  "summary_fg_mad": 80.62504701732907,
  "summary_fg_mean": 558.68505859375,
  "summary_fg_median": 559.6903686523438,
  "summary_fg_n": 150215.0,
  "summary_fg_p05": 391.356478881836,
  "summary_fg_p95": 707.9979003906247,
  "summary_fg_stdv": 106.59688568115234,
  "tsnr": 25.425869659520686
}