{
  "aor": 0.0011079497907949792,
  "aqi": 0.05292652677824268,
  "bids_meta": {
    "EchoTime": 0.043,
    "FlipAngle": 80.0,
    "MagneticFieldStrength": 3.0,
    "Manufacturer": "SIEMENS",
    "ManufacturersModelName": "Verio",
    "MultibandAccelerationFactor": 4,
    "PhaseEncodingDirection": "j-",
    "RepetitionTime": 2.0,
    "SliceTiming": [
      0.0,
      1.0575,
      0.105,
      1.1625,
      0.2125,
      1.2675,
      0.3175,
      1.375,
      0.4225,
      1.48,
      0.53,
      1.585,
      0.635,
      1.69,
      0.74,
      1.7975,
      0.845,
      1.9025,
      0.9525,
      0.0,
      1.0575,
      0.105,
      1.1625,
      0.2125,
      1.2675,
      0.3175,
      1.375,
      0.4225,
      1.48,
      0.53,
      1.585,
      0.635,
      1.69,
      0.74,
      1.7975,
      0.845,
      1.9025,
      0.9525,
      0.0,
      1.0575,
      0.105,
      1.1625,
      0.2125,
      1.2675,
      0.3175,
      1.375,
      0.4225,
      1.48,
      0.53,
      1.585,
      0.635,
      1.69,
      0.74,
      1.7975,
      0.845,
      1.9025,
      0.9525,
      0.0,
      1.0575,
      0.105,
      1.1625,
      0.2125,
      1.2675,
      0.3175,
      1.375,
      0.4225,
      1.48,
      0.53,
      1.585,
      0.635,
      1.69,
      0.74,
      1.7975,
      0.845,
      1.9025,
      0.9525
    ],
    "TaskName": "training",
    "TotalReadoutTime": 0.07029788543960597,
    "dataset": "ds003661",
    "modality": "bold",
    "run_id": 8,
    "session_id": "training02",
    "subject_id": "03",
    "task_id": "training"
  },
  "dummy_trs": 0,
  "dvars_nstd": 48.91859756600843,
  "dvars_std": 1.105272538529411,
  "dvars_vstd": 0.9298267604201677,
  "efc": 0.5602671661555891,
  "fber": 959.2084350585938,
  "fd_mean": 0.23506411429123938,
  "fd_num": 108,
  "fd_perc": 45.18828451882845,
  "fwhm_avg": 1.9924999999999997,
  "fwhm_x": 1.86415,
  "fwhm_y": 2.230735,
  "fwhm_z": 1.882615,
  "gcor": 0.0371215,
  "gsr_x": -0.012480597011744976,
  "gsr_y": 0.05635960027575493,
  "provenance": {
    "md5sum": "7d3ffa48f296c58946778f3525e08801",
    "settings": {
      "fd_thres": 0.2,
      "testing": false
    },
    "software": "mriqc",
    "version": "22.0.6",
    "webapi_port": null,
    "webapi_url": "https://mriqc.nimh.nih.gov/api/v1"
  },
  "size_t": 239,
  "size_x": 96,
  "size_y": 96,
  "size_z": 76,
  "snr": 5.240314897085898,
  "spacing_tr": 2.0,
  "spacing_x": 2.0,
  "spacing_y": 2.0,
  "spacing_z": 2.0,
  "summary_bg_k": 28.371729685896476,
  "summary_bg_mad": 15.892999892477867,
  "summary_bg_mean": 42.86761474609375,
  "summary_bg_median": 18.347280502319336,
  "summary_bg_n": 457154.0,
  "summary_bg_p05": 6.217573165893555,
  "summary_bg_p95": 162.32217407226562,
  "summary_bg_stdv": 62.80025100708008,
  "summary_fg_k": 4.873954450386997,
  "summary_fg_mad": 82.02082325752313,
  "summary_fg_mean": 561.8047485351562,
  "summary_fg_median": 563.3179931640625,
  "summary_fg_n": 148787.0,
  "summary_fg_p05": 391.7137908935547,
  "summary_fg_p95": 711.3397460937496,
  "summary_fg_stdv": 107.49661254882812,
  "tsnr": 22.99248674302362
}