{
  "aor": 0.00218907949790795,
  "aqi": 0.0205252410041841,
  "bids_meta": {
    "EchoTime": 0.043,
    "FlipAngle": 80.0,
    "MagneticFieldStrength": 3.0,
    "Manufacturer": "SIEMENS",
    "ManufacturersModelName": "Verio",
    "MultibandAccelerationFactor": 4,
    "PhaseEncodingDirection": "j-",
    "RepetitionTime": 2.0,
    "SliceTiming": [
      0.0,
      1.055,
      0.105,
      1.16,
      0.21,
      1.2675,
      0.315,
      1.3725,
      0.4225,
      1.4775,
      0.5275,
      1.585,
      0.6325,
      1.69,
      0.7375,
      1.795,
      0.845,
      1.9,
      0.95,
      0.0,
      1.055,
      0.105,
      1.16,
      0.21,
      1.2675,
      0.315,
      1.3725,
      0.4225,
      1.4775,
      0.5275,
      1.585,
      0.6325,
      1.69,
      0.7375,
      1.795,
      0.845,
      1.9,
      0.95,
      0.0,
      1.055,
      0.105,
      1.16,
      0.21,
      1.2675,
      0.315,
      1.3725,
      0.4225,
      1.4775,
      0.5275,
      1.585,
      0.6325,
      1.69,
      0.7375,
      1.795,
      0.845,
      1.9,
      0.95,
      0.0,
      1.055,
      0.105,
      1.16,
      0.21,
      1.2675,
      0.315,
      1.3725,
      0.4225,
      1.4775,
      0.5275,
      1.585,
      0.6325,
      1.69,
      0.7375,
      1.795,
      0.845,
      1.9,
      0.95
    ],
    "TaskName": "training",
    "TotalReadoutTime": 0.07029788543960597,
    "dataset": "ds003661",
    "modality": "bold",
    "run_id": 3,
    "session_id": "training02",
    "subject_id": "03",
    "task_id": "training"
  },
  "dummy_trs": 0,
  "dvars_nstd": 46.978637711092425,
  "dvars_std": 1.276843206218487,
  "dvars_vstd": 1.0133253216806717,
  "efc": 0.5663166313776712,
  "fber": 853.3045654296875,
  "fd_mean": 0.15766373033380862,
  "fd_num": 63,
  "fd_perc": 26.359832635983263,
  "fwhm_avg": 1.8556166666666665,
  "fwhm_x": 1.750925,
  "fwhm_y": 2.06445,
  "fwhm_z": 1.751475,
  "gcor": 0.0414002,
  "gsr_x": -0.0183925312012434,
  "gsr_y": 0.058456748723983765,
  "provenance": {
    "md5sum": "bd4f9cf7726023f1612bfb65595e14cc",
    "settings": {
      "fd_thres": 0.2,
      "testing": false
    },
    "software": "mriqc",
    "version": "22.0.6",
    "webapi_port": null,
    "webapi_url": "https://mriqc.nimh.nih.gov/api/v1"
  },
  "size_t": 239,
  "size_x": 96,
  "size_y": 96,
  "size_z": 76,
  "snr": 5.189287420458777,
  "spacing_tr": 2.0,
  "spacing_x": 2.0,
  "spacing_y": 2.0,
  "spacing_z": 2.0,
  "summary_bg_k": 29.530630300536103,
  "summary_bg_mad": 16.085302156339697,
  "summary_bg_mean": 43.92171859741211,
  "summary_bg_median": 18.71129608154297,
  "summary_bg_n": 454747.0,
  "summary_bg_p05": 6.355648517608643,
  "summary_bg_p95": 168.07823944091777,
  "summary_bg_stdv": 65.26021575927734,
  "summary_fg_k": 5.012324563920446,
  "summary_fg_mad": 81.69817810309921,
  "summary_fg_mean": 558.9468994140625,
  "summary_fg_median": 559.4727783203125,
  "summary_fg_n": 150615.0,
  "summary_fg_p05": 391.3681945800781,
  "summary_fg_p95": 710.8506103515624,
  "summary_fg_stdv": 107.81266784667969,
  "tsnr": 35.90669676451944
}