{
  "aor": 0.0031538493723849374,
  "aqi": 0.03475043556485355,
  "bids_meta": {
    "EchoTime": 0.043,
    "FlipAngle": 80.0,
    "MagneticFieldStrength": 3.0,
    "Manufacturer": "SIEMENS",
    "ManufacturersModelName": "Verio",
    "MultibandAccelerationFactor": 4,
    "PhaseEncodingDirection": "j-",
    "RepetitionTime": 2.0,
    "SliceTiming": [
      0.0,
      1.0575,
      0.1075,
      1.1625,
      0.2125,
      1.2675,
      0.3175,
      1.375,
      0.4225,
      1.48,
      0.53,
      1.585,
      0.635,
      1.69,
      0.74,
      1.7975,
      0.845,
      1.9025,
      0.9525,
      0.0,
      1.0575,
      0.1075,
      1.1625,
      0.2125,
      1.2675,
      0.3175,
      1.375,
      0.4225,
      1.48,
      0.53,
      1.585,
      0.635,
      1.69,
      0.74,
      1.7975,
      0.845,
      1.9025,
      0.9525,
      0.0,
      1.0575,
      0.1075,
      1.1625,
      0.2125,
      1.2675,
      0.3175,
      1.375,
      0.4225,
      1.48,
      0.53,
      1.585,
      0.635,
      1.69,
      0.74,
      1.7975,
      0.845,
      1.9025,
      0.9525,
      0.0,
      1.0575,
      0.1075,
      1.1625,
      0.2125,
      1.2675,
      0.3175,
      1.375,
      0.4225,
      1.48,
      0.53,
      1.585,
      0.635,
      1.69,
      0.74,
      1.7975,
      0.845,
      1.9025,
      0.9525
    ],
    "TaskName": "training",
    "TotalReadoutTime": 0.07029788543960597,
    "dataset": "ds003661",
    "modality": "bold",
    "run_id": 5,
    "session_id": "training01",
    "subject_id": "03",
    "task_id": "training"
  },
  "dummy_trs": 0,
  "dvars_nstd": 48.18644675873948,
  "dvars_std": 1.1827039418067238,
  "dvars_vstd": 0.9739601204201677,
  "efc": 0.5649041921965745,
  "fber": 824.0549926757812,
  "fd_mean": 0.21879727936528456,
  "fd_num": 64,
  "fd_perc": 26.778242677824267,
  "fwhm_avg": 1.9027983333333331,
  "fwhm_x": 1.789275,
  "fwhm_y": 2.10635,
  "fwhm_z": 1.81277,
  "gcor": 0.014206,
  "gsr_x": -0.018748639151453972,
  "gsr_y": 0.04306119680404663,
  "provenance": {
    "md5sum": "3a18f565d4180a4b26297078f74cf24e",
    "settings": {
      "fd_thres": 0.2,
      "testing": false
    },
    "software": "mriqc",
    "version": "22.0.6",
    "webapi_port": null,
    "webapi_url": "https://mriqc.nimh.nih.gov/api/v1"
  },
  "size_t": 239,
  "size_x": 96,
  "size_y": 96,
  "size_z": 76,
  "snr": 5.150162879530274,
  "spacing_tr": 2.0,
  "spacing_x": 2.0,
  "spacing_y": 2.0,
  "spacing_z": 2.0,
  "summary_bg_k": 24.463290395156584,
  "summary_bg_mad": 17.028211948638255,
  "summary_bg_mean": 45.03074264526367,
  "summary_bg_median": 19.71129608154297,
  "summary_bg_n": 456298.0,
  "summary_bg_p05": 6.497280073165903,
  "summary_bg_p95": 173.7029266357422,
  "summary_bg_stdv": 65.21000671386719,
  "summary_fg_k": 5.037752150181603,
  "summary_fg_mad": 83.6957185494128,
  "summary_fg_mean": 572.5548706054688,
  "summary_fg_median": 572.4769897460938,
  "summary_fg_n": 149223.0,
  "summary_fg_p05": 400.32342834472655,
  "summary_fg_p95": 730.9279968261718,
  "summary_fg_stdv": 111.15669250488281,
  "tsnr": 28.196114738471806
}