{
  "aor": 0.0014636820083682007,
  "aqi": 0.05154460418410042,
  "bids_meta": {
    "EchoTime": 0.043,
    "FlipAngle": 80.0,
    "MagneticFieldStrength": 3.0,
    "Manufacturer": "SIEMENS",
    "ManufacturersModelName": "Verio",
    "MultibandAccelerationFactor": 4,
    "PhaseEncodingDirection": "j-",
    "RepetitionTime": 2.0,
    "SliceTiming": [
      0.0,
      1.0575,
      0.105,
      1.1625,
      0.2125,
      1.2675,
      0.3175,
      1.375,
      0.4225,
      1.48,
      0.5275,
      1.585,
      0.635,
      1.69,
      0.74,
      1.7975,
      0.845,
      1.9025,
      0.9525,
      0.0,
      1.0575,
      0.105,
      1.1625,
      0.2125,
      1.2675,
      0.3175,
      1.375,
      0.4225,
      1.48,
      0.5275,
      1.585,
      0.635,
      1.69,
      0.74,
      1.7975,
      0.845,
      1.9025,
      0.9525,
      0.0,
      1.0575,
      0.105,
      1.1625,
      0.2125,
      1.2675,
      0.3175,
      1.375,
      0.4225,
      1.48,
      0.5275,
      1.585,
      0.635,
      1.69,
      0.74,
      1.7975,
      0.845,
      1.9025,
      0.9525,
      0.0,
      1.0575,
      0.105,
      1.1625,
      0.2125,
      1.2675,
      0.3175,
      1.375,
      0.4225,
      1.48,
      0.5275,
      1.585,
      0.635,
      1.69,
      0.74,
      1.7975,
      0.845,
      1.9025,
      0.9525
    ],
    "TaskName": "training",
    "TotalReadoutTime": 0.07029788543960597,
    "dataset": "ds003661",
    "modality": "bold",
    "run_id": 8,
    "session_id": "training01",
    "subject_id": "03",
    "task_id": "training"
  },
  "dummy_trs": 0,
  "dvars_nstd": 54.30783494592432,
  "dvars_std": 1.112009879159664,
  "dvars_vstd": 0.9427219061764711,
  "efc": 0.5653750775029903,
  "fber": 790.0513305664062,
  "fd_mean": 0.3576147759810933,
  "fd_num": 150,
  "fd_perc": 62.76150627615063,
  "fwhm_avg": 1.9367466666666668,
  "fwhm_x": 1.817225,
  "fwhm_y": 2.14282,
  "fwhm_z": 1.850195,
  "gcor": 0.0217533,
  "gsr_x": -0.017955081537365913,
  "gsr_y": 0.046288032084703445,
  "provenance": {
    "md5sum": "78ba5b3a05daf58b218b6c721b8a5a46",
    "settings": {
      "fd_thres": 0.2,
      "testing": false
    },
    "software": "mriqc",
    "version": "22.0.6",
    "webapi_port": null,
    "webapi_url": "https://mriqc.nimh.nih.gov/api/v1"
  },
  "size_t": 239,
  "size_x": 96,
  "size_y": 96,
  "size_z": 76,
  "snr": 5.176830460655241,
  "spacing_tr": 2.0,
  "spacing_x": 2.0,
  "spacing_y": 2.0,
  "spacing_z": 2.0,
  "summary_bg_k": 26.767941426007102,
  "summary_bg_mad": 17.57410936126108,
  "summary_bg_mean": 44.384944915771484,
  "summary_bg_median": 19.949790954589844,
  "summary_bg_n": 456775.0,
  "summary_bg_p05": 6.2970709800720215,
  "summary_bg_p95": 165.86192321777344,
  "summary_bg_stdv": 62.84576416015625,
  "summary_fg_k": 4.791183427213639,
  "summary_fg_mad": 82.15726084876775,
  "summary_fg_mean": 562.6259155273438,
  "summary_fg_median": 564.4644165039062,
  "summary_fg_n": 148940.0,
  "summary_fg_p05": 388.7865905761719,
  "summary_fg_p95": 714.4060333251953,
  "summary_fg_stdv": 109.03631591796875,
  "tsnr": 22.645938315661624
}