{
  "aor": 0.003908075313807532,
  "aqi": 0.03621287740585774,
  "bids_meta": {
    "EchoTime": 0.043,
    "FlipAngle": 80.0,
    "MagneticFieldStrength": 3.0,
    "Manufacturer": "SIEMENS",
    "ManufacturersModelName": "Verio",
    "MultibandAccelerationFactor": 4,
    "PhaseEncodingDirection": "j-",
    "RepetitionTime": 2.0,
    "SliceTiming": [
      0.0,
      1.0575,
      0.105,
      1.1625,
      0.2125,
      1.2675,
      0.3175,
      1.375,
      0.4225,
      1.48,
      0.5275,
      1.585,
      0.635,
      1.69,
      0.74,
      1.7975,
      0.845,
      1.9025,
      0.9525,
      0.0,
      1.0575,
      0.105,
      1.1625,
      0.2125,
      1.2675,
      0.3175,
      1.375,
      0.4225,
      1.48,
      0.5275,
      1.585,
      0.635,
      1.69,
      0.74,
      1.7975,
      0.845,
      1.9025,
      0.9525,
      0.0,
      1.0575,
      0.105,
      1.1625,
      0.2125,
      1.2675,
      0.3175,
      1.375,
      0.4225,
      1.48,
      0.5275,
      1.585,
      0.635,
      1.69,
      0.74,
      1.7975,
      0.845,
      1.9025,
      0.9525,
      0.0,
      1.0575,
      0.105,
      1.1625,
      0.2125,
      1.2675,
      0.3175,
      1.375,
      0.4225,
      1.48,
      0.5275,
      1.585,
      0.635,
      1.69,
      0.74,
      1.7975,
      0.845,
      1.9025,
      0.9525
    ],
    "TaskName": "training",
    "TotalReadoutTime": 0.07029788543960597,
    "dataset": "ds003661",
    "modality": "bold",
    "run_id": 7,
    "session_id": "training01",
    "subject_id": "03",
    "task_id": "training"
  },
  "dummy_trs": 0,
  "dvars_nstd": 52.71733612600841,
  "dvars_std": 1.18804053117647,
  "dvars_vstd": 0.9860585254621842,
  "efc": 0.5658017048790139,
  "fber": 796.5283813476562,
  "fd_mean": 0.3133055241127672,
  "fd_num": 114,
  "fd_perc": 47.69874476987448,
  "fwhm_avg": 1.9005166666666666,
  "fwhm_x": 1.79697,
  "fwhm_y": 2.100935,
  "fwhm_z": 1.803645,
  "gcor": 0.0309041,
  "gsr_x": -0.01794995553791523,
  "gsr_y": 0.04594483599066734,
  "provenance": {
    "md5sum": "4fa2d4cb784d5f6d17c49b84cfbffd39",
    "settings": {
      "fd_thres": 0.2,
      "testing": false
    },
    "software": "mriqc",
    "version": "22.0.6",
    "webapi_port": null,
    "webapi_url": "https://mriqc.nimh.nih.gov/api/v1"
  },
  "size_t": 239,
  "size_x": 96,
  "size_y": 96,
  "size_z": 76,
  "snr": 5.1256188239628315,
  "spacing_tr": 2.0,
  "spacing_x": 2.0,
  "spacing_y": 2.0,
  "spacing_z": 2.0,
  "summary_bg_k": 25.611395678282896,
  "summary_bg_mad": 17.555497936812884,
  "summary_bg_mean": 44.67485427856445,
  "summary_bg_median": 19.866107940673828,
  "summary_bg_n": 456121.0,
  "summary_bg_p05": 6.205020904541016,
  "summary_bg_p95": 169.90794372558594,
  "summary_bg_stdv": 64.16413116455078,
  "summary_fg_k": 4.803119279222896,
  "summary_fg_mad": 82.3805244183239,
  "summary_fg_mean": 564.2962646484375,
  "summary_fg_median": 566.0669555664062,
  "summary_fg_n": 149716.0,
  "summary_fg_p05": 386.88074493408203,
  "summary_fg_p95": 719.5627593994141,
  "summary_fg_stdv": 110.43838500976562,
  "tsnr": 26.801896762102842
}