{
  "aor": 0.0023761506276150633,
  "aqi": 0.03795556527196652,
  "bids_meta": {
    "EchoTime": 0.043,
    "FlipAngle": 80.0,
    "MagneticFieldStrength": 3.0,
    "Manufacturer": "SIEMENS",
    "ManufacturersModelName": "Verio",
    "MultibandAccelerationFactor": 4,
    "PhaseEncodingDirection": "j-",
    "RepetitionTime": 2.0,
    "SliceTiming": [
      0.0,
      1.055,
      0.105,
      1.1625,
      0.21,
      1.2675,
      0.3175,
      1.3725,
      0.4225,
      1.48,
      0.5275,
      1.585,
      0.6325,
      1.69,
      0.74,
      1.795,
      0.845,
      1.9025,
      0.95,
      0.0,
      1.055,
      0.105,
      1.1625,
      0.21,
      1.2675,
      0.3175,
      1.3725,
      0.4225,
      1.48,
      0.5275,
      1.585,
      0.6325,
      1.69,
      0.74,
      1.795,
      0.845,
      1.9025,
      0.95,
      0.0,
      1.055,
      0.105,
      1.1625,
      0.21,
      1.2675,
      0.3175,
      1.3725,
      0.4225,
      1.48,
      0.5275,
      1.585,
      0.6325,
      1.69,
      0.74,
      1.795,
      0.845,
      1.9025,
      0.95,
      0.0,
      1.055,
      0.105,
      1.1625,
      0.21,
      1.2675,
      0.3175,
      1.3725,
      0.4225,
      1.48,
      0.5275,
      1.585,
      0.6325,
      1.69,
      0.74,
      1.795,
      0.845,
      1.9025,
      0.95
    ],
    "TaskName": "training",
    "TotalReadoutTime": 0.07029788543960597,
    "dataset": "ds003661",
    "modality": "bold",
    "run_id": 6,
    "session_id": "training01",
    "subject_id": "03",
    "task_id": "training"
  },
  "dummy_trs": 0,
  "dvars_nstd": 50.64388533189076,
  "dvars_std": 1.1807577823949575,
  "dvars_vstd": 0.9685760126050417,
  "efc": 0.5665828291744769,
  "fber": 808.5200805664062,
  "fd_mean": 0.26956000289299786,
  "fd_num": 93,
  "fd_perc": 38.91213389121339,
  "fwhm_avg": 1.9184116666666666,
  "fwhm_x": 1.812415,
  "fwhm_y": 2.115825,
  "fwhm_z": 1.826995,
  "gcor": 0.0174962,
  "gsr_x": -0.019049182534217834,
  "gsr_y": 0.046291448175907135,
  "provenance": {
    "md5sum": "0c675bf21f7bc6b5c6b7c1204c85c4f5",
    "settings": {
      "fd_thres": 0.2,
      "testing": false
    },
    "software": "mriqc",
    "version": "22.0.6",
    "webapi_port": null,
    "webapi_url": "https://mriqc.nimh.nih.gov/api/v1"
  },
  "size_t": 239,
  "size_x": 96,
  "size_y": 96,
  "size_z": 76,
  "snr": 5.125755381893407,
  "spacing_tr": 2.0,
  "spacing_x": 2.0,
  "spacing_y": 2.0,
  "spacing_z": 2.0,
  "summary_bg_k": 25.54234947447177,
  "summary_bg_mad": 17.412822132040542,
  "summary_bg_mean": 45.099552154541016,
  "summary_bg_median": 19.807531356811523,
  "summary_bg_n": 455418.0,
  "summary_bg_p05": 6.288702964782715,
  "summary_bg_p95": 172.15061950683594,
  "summary_bg_stdv": 65.0589370727539,
  "summary_fg_k": 4.8719798098663425,
  "summary_fg_mad": 83.15603107192456,
  "summary_fg_mean": 567.154052734375,
  "summary_fg_median": 567.7781982421875,
  "summary_fg_n": 150239.0,
  "summary_fg_p05": 392.9899353027344,
  "summary_fg_p95": 724.0840942382813,
  "summary_fg_stdv": 110.76929473876953,
  "tsnr": 26.46677321929019
}