{
  "aor": 0.0005056903765690376,
  "aqi": 0.017932823849372385,
  "bids_meta": {
    "EchoTime": 0.043,
    "FlipAngle": 80.0,
    "MagneticFieldStrength": 3.0,
    "Manufacturer": "SIEMENS",
    "ManufacturersModelName": "Verio",
    "MultibandAccelerationFactor": 4,
    "PhaseEncodingDirection": "j-",
    "RepetitionTime": 2.0,
    "SliceTiming": [
      0.0,
      1.0575,
      0.1075,
      1.1625,
      0.2125,
      1.27,
      0.3175,
      1.375,
      0.4225,
      1.48,
      0.53,
      1.585,
      0.635,
      1.6925,
      0.74,
      1.7975,
      0.8475,
      1.9025,
      0.9525,
      0.0,
      1.0575,
      0.1075,
      1.1625,
      0.2125,
      1.27,
      0.3175,
      1.375,
      0.4225,
      1.48,
      0.53,
      1.585,
      0.635,
      1.6925,
      0.74,
      1.7975,
      0.8475,
      1.9025,
      0.9525,
      0.0,
      1.0575,
      0.1075,
      1.1625,
      0.2125,
      1.27,
      0.3175,
      1.375,
      0.4225,
      1.48,
      0.53,
      1.585,
      0.635,
      1.6925,
      0.74,
      1.7975,
      0.8475,
      1.9025,
      0.9525,
      0.0,
      1.0575,
      0.1075,
      1.1625,
      0.2125,
      1.27,
      0.3175,
      1.375,
      0.4225,
      1.48,
      0.53,
      1.585,
      0.635,
      1.6925,
      0.74,
      1.7975,
      0.8475,
      1.9025,
      0.9525
    ],
    "TaskName": "training",
    "TotalReadoutTime": 0.07029788543960597,
    "dataset": "ds003661",
    "modality": "bold",
    "run_id": 2,
    "session_id": "training01",
    "subject_id": "03",
    "task_id": "training"
  },
  "dummy_trs": 0,
  "dvars_nstd": 40.71566988878151,
  "dvars_std": 1.2174014251260505,
  "dvars_vstd": 0.9802332111764706,
  "efc": 0.5656291379633515,
  "fber": 809.85986328125,
  "fd_mean": 0.07474516916432475,
  "fd_num": 2,
  "fd_perc": 0.8368200836820083,
  "fwhm_avg": 1.8634466666666667,
  "fwhm_x": 1.76196,
  "fwhm_y": 2.05574,
  "fwhm_z": 1.77264,
  "gcor": 0.0317625,
  "gsr_x": -0.020826170220971107,
  "gsr_y": 0.04387941583991051,
  "provenance": {
    "md5sum": "837e590c91517f8bc155dfb48994b0a2",
    "settings": {
      "fd_thres": 0.2,
      "testing": false
    },
    "software": "mriqc",
    "version": "22.0.6",
    "webapi_port": null,
    "webapi_url": "https://mriqc.nimh.nih.gov/api/v1"
  },
  "size_t": 239,
  "size_x": 96,
  "size_y": 96,
  "size_z": 76,
  "snr": 5.111767893471696,
  "spacing_tr": 2.0,
  "spacing_x": 2.0,
  "spacing_y": 2.0,
  "spacing_z": 2.0,
  "summary_bg_k": 25.421334221783937,
  "summary_bg_mad": 16.829706112280302,
  "summary_bg_mean": 44.74922561645508,
  "summary_bg_median": 19.778242111206055,
  "summary_bg_n": 454624.0,
  "summary_bg_p05": 6.594141960144043,
  "summary_bg_p95": 170.64309387207012,
  "summary_bg_stdv": 65.11097717285156,
  "summary_fg_k": 4.9692753963136145,
  "summary_fg_mad": 84.63858804500111,
  "summary_fg_mean": 571.3056030273438,
  "summary_fg_median": 572.0878295898438,
  "summary_fg_n": 150302.0,
  "summary_fg_p05": 397.36422271728514,
  "summary_fg_p95": 728.9865905761716,
  "summary_fg_stdv": 111.91547393798828,
  "tsnr": 39.58615406090394
}