{
  "aor": 0.0013831799163179915,
  "aqi": 0.03923566276150627,
  "bids_meta": {
    "EchoTime": 0.043,
    "FlipAngle": 80.0,
    "MagneticFieldStrength": 3.0,
    "Manufacturer": "SIEMENS",
    "ManufacturersModelName": "Verio",
    "MultibandAccelerationFactor": 4,
    "PhaseEncodingDirection": "j-",
    "RepetitionTime": 2.0,
    "SliceTiming": [
      0.0,
      1.0575,
      0.105,
      1.1625,
      0.2125,
      1.2675,
      0.3175,
      1.3725,
      0.4225,
      1.48,
      0.5275,
      1.585,
      0.635,
      1.69,
      0.74,
      1.795,
      0.845,
      1.9025,
      0.95,
      0.0,
      1.0575,
      0.105,
      1.1625,
      0.2125,
      1.2675,
      0.3175,
      1.3725,
      0.4225,
      1.48,
      0.5275,
      1.585,
      0.635,
      1.69,
      0.74,
      1.795,
      0.845,
      1.9025,
      0.95,
      0.0,
      1.0575,
      0.105,
      1.1625,
      0.2125,
      1.2675,
      0.3175,
      1.3725,
      0.4225,
      1.48,
      0.5275,
      1.585,
      0.635,
      1.69,
      0.74,
      1.795,
      0.845,
      1.9025,
      0.95,
      0.0,
      1.0575,
      0.105,
      1.1625,
      0.2125,
      1.2675,
      0.3175,
      1.3725,
      0.4225,
      1.48,
      0.5275,
      1.585,
      0.635,
      1.69,
      0.74,
      1.795,
      0.845,
      1.9025,
      0.95
    ],
    "TaskName": "training",
    "TotalReadoutTime": 0.07029788543960597,
    "dataset": "ds003661",
    "modality": "bold",
    "run_id": 4,
    "session_id": "training01",
    "subject_id": "03",
    "task_id": "training"
  },
  "dummy_trs": 0,
  "dvars_nstd": 46.90103684739499,
  "dvars_std": 1.1205031858403358,
  "dvars_vstd": 0.9414011789075628,
  "efc": 0.5639027752446442,
  "fber": 820.723388671875,
  "fd_mean": 0.21368014905025287,
  "fd_num": 58,
  "fd_perc": 24.267782426778243,
  "fwhm_avg": 1.9396016666666667,
  "fwhm_x": 1.82363,
  "fwhm_y": 2.137465,
  "fwhm_z": 1.85771,
  "gcor": 0.0238487,
  "gsr_x": -0.018514707684516907,
  "gsr_y": 0.04283043369650841,
  "provenance": {
    "md5sum": "3f27a96dc96ccedd7bc3bab04917ee58",
    "settings": {
      "fd_thres": 0.2,
      "testing": false
    },
    "software": "mriqc",
    "version": "22.0.6",
    "webapi_port": null,
    "webapi_url": "https://mriqc.nimh.nih.gov/api/v1"
  },
  "size_t": 239,
  "size_x": 96,
  "size_y": 96,
  "size_z": 76,
  "snr": 5.133877399214756,
  "spacing_tr": 2.0,
  "spacing_x": 2.0,
  "spacing_y": 2.0,
  "spacing_z": 2.0,
  "summary_bg_k": 24.350274203829777,
  "summary_bg_mad": 17.279449918612812,
  "summary_bg_mean": 44.79975509643555,
  "summary_bg_median": 19.943513870239258,
  "summary_bg_n": 456334.0,
  "summary_bg_p05": 6.523012161254883,
  "summary_bg_p95": 171.72384643554688,
  "summary_bg_stdv": 64.4145736694336,
  "summary_fg_k": 4.897622563360065,
  "summary_fg_mad": 84.32218675978355,
  "summary_fg_mean": 571.3731689453125,
  "summary_fg_median": 572.3890991210938,
  "summary_fg_n": 149317.0,
  "summary_fg_p05": 395.66859741210936,
  "summary_fg_p95": 728.6961914062499,
  "summary_fg_stdv": 111.49217987060547,
  "tsnr": 26.68378026294522
}