{
  "aor": 0.001218870292887029,
  "aqi": 0.031033026778242677,
  "bids_meta": {
    "EchoTime": 0.043,
    "FlipAngle": 80.0,
    "MagneticFieldStrength": 3.0,
    "Manufacturer": "SIEMENS",
    "ManufacturersModelName": "Verio",
    "MultibandAccelerationFactor": 4,
    "PhaseEncodingDirection": "j-",
    "RepetitionTime": 2.0,
    "SliceTiming": [
      0.0,
      1.0575,
      0.1075,
      1.1625,
      0.2125,
      1.27,
      0.3175,
      1.375,
      0.4225,
      1.48,
      0.53,
      1.585,
      0.635,
      1.6925,
      0.74,
      1.7975,
      0.8475,
      1.9025,
      0.9525,
      0.0,
      1.0575,
      0.1075,
      1.1625,
      0.2125,
      1.27,
      0.3175,
      1.375,
      0.4225,
      1.48,
      0.53,
      1.585,
      0.635,
      1.6925,
      0.74,
      1.7975,
      0.8475,
      1.9025,
      0.9525,
      0.0,
      1.0575,
      0.1075,
      1.1625,
      0.2125,
      1.27,
      0.3175,
      1.375,
      0.4225,
      1.48,
      0.53,
      1.585,
      0.635,
      1.6925,
      0.74,
      1.7975,
      0.8475,
      1.9025,
      0.9525,
      0.0,
      1.0575,
      0.1075,
      1.1625,
      0.2125,
      1.27,
      0.3175,
      1.375,
      0.4225,
      1.48,
      0.53,
      1.585,
      0.635,
      1.6925,
      0.74,
      1.7975,
      0.8475,
      1.9025,
      0.9525
    ],
    "TaskName": "training",
    "TotalReadoutTime": 0.07029788543960597,
    "dataset": "ds003661",
    "modality": "bold",
    "run_id": 1,
    "session_id": "training01",
    "subject_id": "05",
    "task_id": "training"
  },
  "dummy_trs": 0,
  "dvars_nstd": 59.34797835147057,
  "dvars_std": 1.3293053407983197,
  "dvars_vstd": 0.9633141268487393,
  "efc": 0.5673271513319349,
  "fber": 751.182861328125,
  "fd_mean": 0.20733751035362896,
  "fd_num": 116,
  "fd_perc": 48.53556485355649,
  "fwhm_avg": 1.916038333333333,
  "fwhm_x": 1.78415,
  "fwhm_y": 2.1348,
  "fwhm_z": 1.829165,
  "gcor": 0.00907552,
  "gsr_x": -0.012843136675655842,
  "gsr_y": 0.05130327492952347,
  "provenance": {
    "md5sum": "68957c2ea83bd550f7ba2ee9202f8b5c",
    "settings": {
      "fd_thres": 0.2,
      "testing": false
    },
    "software": "mriqc",
    "version": "22.0.6",
    "webapi_port": null,
    "webapi_url": "https://mriqc.nimh.nih.gov/api/v1"
  },
  "size_t": 239,
  "size_x": 96,
  "size_y": 96,
  "size_z": 76,
  "snr": 4.550242803072232,
  "spacing_tr": 2.0,
  "spacing_x": 2.0,
  "spacing_y": 2.0,
  "spacing_z": 2.0,
  "summary_bg_k": 19.357310498879222,
  "summary_bg_mad": 16.990993341500836,
  "summary_bg_mean": 40.6676025390625,
  "summary_bg_median": 19.13807487487793,
  "summary_bg_n": 448008.0,
  "summary_bg_p05": 6.112970352172852,
  "summary_bg_p95": 152.28033447265625,
  "summary_bg_stdv": 55.205631256103516,
  "summary_fg_k": 3.5326691027142685,
  "summary_fg_mad": 92.62852360311034,
  "summary_fg_mean": 540.4847412109375,
  "summary_fg_median": 530.3096313476562,
  "summary_fg_n": 156310.0,
  "summary_fg_p05": 382.44035949707035,
  "summary_fg_p95": 726.2681823730468,
  "summary_fg_stdv": 116.54497528076172,
  "tsnr": 27.83259764383547
}