{
  "aor": 0.0015617991631799162,
  "aqi": 0.032222973221757316,
  "bids_meta": {
    "EchoTime": 0.043,
    "FlipAngle": 80.0,
    "MagneticFieldStrength": 3.0,
    "Manufacturer": "SIEMENS",
    "ManufacturersModelName": "Verio",
    "MultibandAccelerationFactor": 4,
    "PhaseEncodingDirection": "j-",
    "RepetitionTime": 2.0,
    "SliceTiming": [
      0.0,
      1.055,
      0.105,
      1.1625,
      0.21,
      1.2675,
      0.3175,
      1.3725,
      0.4225,
      1.4775,
      0.5275,
      1.585,
      0.6325,
      1.69,
      0.74,
      1.795,
      0.845,
      1.9025,
      0.95,
      0.0,
      1.055,
      0.105,
      1.1625,
      0.21,
      1.2675,
      0.3175,
      1.3725,
      0.4225,
      1.4775,
      0.5275,
      1.585,
      0.6325,
      1.69,
      0.74,
      1.795,
      0.845,
      1.9025,
      0.95,
      0.0,
      1.055,
      0.105,
      1.1625,
      0.21,
      1.2675,
      0.3175,
      1.3725,
      0.4225,
      1.4775,
      0.5275,
      1.585,
      0.6325,
      1.69,
      0.74,
      1.795,
      0.845,
      1.9025,
      0.95,
      0.0,
      1.055,
      0.105,
      1.1625,
      0.21,
      1.2675,
      0.3175,
      1.3725,
      0.4225,
      1.4775,
      0.5275,
      1.585,
      0.6325,
      1.69,
      0.74,
      1.795,
      0.845,
      1.9025,
      0.95
    ],
    "TaskName": "training",
    "TotalReadoutTime": 0.07029788543960597,
    "dataset": "ds003661",
    "modality": "bold",
    "run_id": 4,
    "session_id": "training01",
    "subject_id": "05",
    "task_id": "training"
  },
  "dummy_trs": 0,
  "dvars_nstd": 62.65691035941177,
  "dvars_std": 1.3084660994957988,
  "dvars_vstd": 0.978794474537815,
  "efc": 0.5671389359217851,
  "fber": 793.5416259765625,
  "fd_mean": 0.25685306498975524,
  "fd_num": 143,
  "fd_perc": 59.8326359832636,
  "fwhm_avg": 1.9065233333333333,
  "fwhm_x": 1.777385,
  "fwhm_y": 2.114675,
  "fwhm_z": 1.82751,
  "gcor": 0.0180523,
  "gsr_x": -0.011026079766452312,
  "gsr_y": 0.053631894290447235,
  "provenance": {
    "md5sum": "22dca4e1312b78e2eeb8deafef267eb7",
    "settings": {
      "fd_thres": 0.2,
      "testing": false
    },
    "software": "mriqc",
    "version": "22.0.6",
    "webapi_port": null,
    "webapi_url": "https://mriqc.nimh.nih.gov/api/v1"
  },
  "size_t": 239,
  "size_x": 96,
  "size_y": 96,
  "size_z": 76,
  "snr": 4.564374535782242,
  "spacing_tr": 2.0,
  "spacing_x": 2.0,
  "spacing_y": 2.0,
  "spacing_z": 2.0,
  "summary_bg_k": 19.355136345929335,
  "summary_bg_mad": 16.448199482525645,
  "summary_bg_mean": 40.89459228515625,
  "summary_bg_median": 18.50418472290039,
  "summary_bg_n": 448822.0,
  "summary_bg_p05": 6.025104522705078,
  "summary_bg_p95": 155.67782592773438,
  "summary_bg_stdv": 56.41363525390625,
  "summary_fg_k": 3.7451714861294985,
  "summary_fg_mad": 90.67134207949289,
  "summary_fg_mean": 537.8583374023438,
  "summary_fg_median": 528.3284301757812,
  "summary_fg_n": 155886.0,
  "summary_fg_p05": 381.2761535644531,
  "summary_fg_p95": 722.8817749023438,
  "summary_fg_stdv": 115.75008392333984,
  "tsnr": 27.53103254805319
}