{
  "aor": 0.0017469037656903765,
  "aqi": 0.03721953179916317,
  "bids_meta": {
    "EchoTime": 0.043,
    "FlipAngle": 80.0,
    "MagneticFieldStrength": 3.0,
    "Manufacturer": "SIEMENS",
    "ManufacturersModelName": "Verio",
    "MultibandAccelerationFactor": 4,
    "PhaseEncodingDirection": "j-",
    "RepetitionTime": 2.0,
    "SliceTiming": [
      0.0,
      1.0575,
      0.105,
      1.1625,
      0.2125,
      1.2675,
      0.3175,
      1.3725,
      0.4225,
      1.48,
      0.5275,
      1.585,
      0.635,
      1.69,
      0.74,
      1.7975,
      0.845,
      1.9025,
      0.95,
      0.0,
      1.0575,
      0.105,
      1.1625,
      0.2125,
      1.2675,
      0.3175,
      1.3725,
      0.4225,
      1.48,
      0.5275,
      1.585,
      0.635,
      1.69,
      0.74,
      1.7975,
      0.845,
      1.9025,
      0.95,
      0.0,
      1.0575,
      0.105,
      1.1625,
      0.2125,
      1.2675,
      0.3175,
      1.3725,
      0.4225,
      1.48,
      0.5275,
      1.585,
      0.635,
      1.69,
      0.74,
      1.7975,
      0.845,
      1.9025,
      0.95,
      0.0,
      1.0575,
      0.105,
      1.1625,
      0.2125,
      1.2675,
      0.3175,
      1.3725,
      0.4225,
      1.48,
      0.5275,
      1.585,
      0.635,
      1.69,
      0.74,
      1.7975,
      0.845,
      1.9025,
      0.95
    ],
    "TaskName": "training",
    "TotalReadoutTime": 0.07029788543960597,
    "dataset": "ds003661",
    "modality": "bold",
    "run_id": 6,
    "session_id": "training01",
    "subject_id": "05",
    "task_id": "training"
  },
  "dummy_trs": 0,
  "dvars_nstd": 61.4238407072269,
  "dvars_std": 1.2770682892436962,
  "dvars_vstd": 0.9747022241596638,
  "efc": 0.5660058722170622,
  "fber": 834.0221557617188,
  "fd_mean": 0.27391163265063984,
  "fd_num": 147,
  "fd_perc": 61.50627615062761,
  "fwhm_avg": 1.9230266666666667,
  "fwhm_x": 1.78533,
  "fwhm_y": 2.135865,
  "fwhm_z": 1.847885,
  "gcor": 0.0179375,
  "gsr_x": -0.007848256267607212,
  "gsr_y": 0.05671905726194382,
  "provenance": {
    "md5sum": "d24071169f7f036428de2bfcf1a1e05a",
    "settings": {
      "fd_thres": 0.2,
      "testing": false
    },
    "software": "mriqc",
    "version": "22.0.6",
    "webapi_port": null,
    "webapi_url": "https://mriqc.nimh.nih.gov/api/v1"
  },
  "size_t": 239,
  "size_x": 96,
  "size_y": 96,
  "size_z": 76,
  "snr": 4.649379247622698,
  "spacing_tr": 2.0,
  "spacing_x": 2.0,
  "spacing_y": 2.0,
  "spacing_z": 2.0,
  "summary_bg_k": 18.8371553955449,
  "summary_bg_mad": 16.43889306334172,
  "summary_bg_mean": 40.17367935180664,
  "summary_bg_median": 18.041839599609375,
  "summary_bg_n": 449003.0,
  "summary_bg_p05": 5.589958190917969,
  "summary_bg_p95": 152.1167373657225,
  "summary_bg_stdv": 55.25732421875,
  "summary_fg_k": 3.5690791800619515,
  "summary_fg_mad": 89.59508905911957,
  "summary_fg_mean": 536.7968139648438,
  "summary_fg_median": 527.2593994140625,
  "summary_fg_n": 155539.0,
  "summary_fg_p05": 383.0029235839844,
  "summary_fg_p95": 718.3991333007814,
  "summary_fg_stdv": 113.40389251708984,
  "tsnr": 25.3960554827936
}