{
  "aor": 0.0019856066945606694,
  "aqi": 0.03955696527196652,
  "bids_meta": {
    "EchoTime": 0.043,
    "FlipAngle": 80.0,
    "MagneticFieldStrength": 3.0,
    "Manufacturer": "SIEMENS",
    "ManufacturersModelName": "Verio",
    "MultibandAccelerationFactor": 4,
    "PhaseEncodingDirection": "j-",
    "RepetitionTime": 2.0,
    "SliceTiming": [
      0.0,
      1.0575,
      0.105,
      1.1625,
      0.2125,
      1.2675,
      0.3175,
      1.375,
      0.4225,
      1.48,
      0.53,
      1.585,
      0.635,
      1.69,
      0.74,
      1.7975,
      0.845,
      1.9025,
      0.9525,
      0.0,
      1.0575,
      0.105,
      1.1625,
      0.2125,
      1.2675,
      0.3175,
      1.375,
      0.4225,
      1.48,
      0.53,
      1.585,
      0.635,
      1.69,
      0.74,
      1.7975,
      0.845,
      1.9025,
      0.9525,
      0.0,
      1.0575,
      0.105,
      1.1625,
      0.2125,
      1.2675,
      0.3175,
      1.375,
      0.4225,
      1.48,
      0.53,
      1.585,
      0.635,
      1.69,
      0.74,
      1.7975,
      0.845,
      1.9025,
      0.9525,
      0.0,
      1.0575,
      0.105,
      1.1625,
      0.2125,
      1.2675,
      0.3175,
      1.375,
      0.4225,
      1.48,
      0.53,
      1.585,
      0.635,
      1.69,
      0.74,
      1.7975,
      0.845,
      1.9025,
      0.9525
    ],
    "TaskName": "training",
    "TotalReadoutTime": 0.07029788543960597,
    "dataset": "ds003661",
    "modality": "bold",
    "run_id": 5,
    "session_id": "training01",
    "subject_id": "05",
    "task_id": "training"
  },
  "dummy_trs": 0,
  "dvars_nstd": 64.10517622025213,
  "dvars_std": 1.2697897421848736,
  "dvars_vstd": 0.9608475384033611,
  "efc": 0.5662913597092886,
  "fber": 769.1298828125,
  "fd_mean": 0.2929537360103556,
  "fd_num": 136,
  "fd_perc": 56.90376569037657,
  "fwhm_avg": 1.929385,
  "fwhm_x": 1.79269,
  "fwhm_y": 2.133935,
  "fwhm_z": 1.86153,
  "gcor": 0.0206912,
  "gsr_x": -0.010450509376823902,
  "gsr_y": 0.052149511873722076,
  "provenance": {
    "md5sum": "42060e5d630079cb0ac4ac3f0b770db1",
    "settings": {
      "fd_thres": 0.2,
      "testing": false
    },
    "software": "mriqc",
    "version": "22.0.6",
    "webapi_port": null,
    "webapi_url": "https://mriqc.nimh.nih.gov/api/v1"
  },
  "size_t": 239,
  "size_x": 96,
  "size_y": 96,
  "size_z": 76,
  "snr": 4.5912002581261495,
  "spacing_tr": 2.0,
  "spacing_x": 2.0,
  "spacing_y": 2.0,
  "spacing_z": 2.0,
  "summary_bg_k": 18.6796352498236,
  "summary_bg_mad": 16.513333812415695,
  "summary_bg_mean": 40.6688346862793,
  "summary_bg_median": 18.723848342895508,
  "summary_bg_n": 449879.0,
  "summary_bg_p05": 6.129706859588623,
  "summary_bg_p95": 154.11338043212882,
  "summary_bg_stdv": 55.54122543334961,
  "summary_fg_k": 3.5889103192891527,
  "summary_fg_mad": 90.06652380691372,
  "summary_fg_mean": 538.4627685546875,
  "summary_fg_median": 528.3137817382812,
  "summary_fg_n": 154722.0,
  "summary_fg_p05": 383.1677764892578,
  "summary_fg_p95": 723.1001922607421,
  "summary_fg_stdv": 115.0705795288086,
  "tsnr": 24.699579061940312
}