{
  "aor": 0.0006247280334728034,
  "aqi": 0.02697400669456067,
  "bids_meta": {
    "EchoTime": 0.043,
    "FlipAngle": 80.0,
    "MagneticFieldStrength": 3.0,
    "Manufacturer": "SIEMENS",
    "ManufacturersModelName": "Verio",
    "MultibandAccelerationFactor": 4,
    "PhaseEncodingDirection": "j-",
    "RepetitionTime": 2.0,
    "SliceTiming": [
      0.0,
      1.0575,
      0.1075,
      1.1625,
      0.2125,
      1.27,
      0.3175,
      1.375,
      0.4225,
      1.48,
      0.53,
      1.585,
      0.635,
      1.6925,
      0.74,
      1.7975,
      0.8475,
      1.9025,
      0.9525,
      0.0,
      1.0575,
      0.1075,
      1.1625,
      0.2125,
      1.27,
      0.3175,
      1.375,
      0.4225,
      1.48,
      0.53,
      1.585,
      0.635,
      1.6925,
      0.74,
      1.7975,
      0.8475,
      1.9025,
      0.9525,
      0.0,
      1.0575,
      0.1075,
      1.1625,
      0.2125,
      1.27,
      0.3175,
      1.375,
      0.4225,
      1.48,
      0.53,
      1.585,
      0.635,
      1.6925,
      0.74,
      1.7975,
      0.8475,
      1.9025,
      0.9525,
      0.0,
      1.0575,
      0.1075,
      1.1625,
      0.2125,
      1.27,
      0.3175,
      1.375,
      0.4225,
      1.48,
      0.53,
      1.585,
      0.635,
      1.6925,
      0.74,
      1.7975,
      0.8475,
      1.9025,
      0.9525
    ],
    "TaskName": "training",
    "TotalReadoutTime": 0.07029788543960597,
    "dataset": "ds003661",
    "modality": "bold",
    "run_id": 2,
    "session_id": "training01",
    "subject_id": "05",
    "task_id": "training"
  },
  "dummy_trs": 0,
  "dvars_nstd": 59.93257803016809,
  "dvars_std": 1.3424482406722695,
  "dvars_vstd": 0.9717704098739488,
  "efc": 0.5688799934871163,
  "fber": 747.9373168945312,
  "fd_mean": 0.20769058613952188,
  "fd_num": 129,
  "fd_perc": 53.97489539748954,
  "fwhm_avg": 1.8942949999999998,
  "fwhm_x": 1.76776,
  "fwhm_y": 2.10418,
  "fwhm_z": 1.810945,
  "gcor": 0.0202739,
  "gsr_x": -0.013214091770350933,
  "gsr_y": 0.052495311945676804,
  "provenance": {
    "md5sum": "00e613c0fb8fdddd0284e4b1d7b6e7c5",
    "settings": {
      "fd_thres": 0.2,
      "testing": false
    },
    "software": "mriqc",
    "version": "22.0.6",
    "webapi_port": null,
    "webapi_url": "https://mriqc.nimh.nih.gov/api/v1"
  },
  "size_t": 239,
  "size_x": 96,
  "size_y": 96,
  "size_z": 76,
  "snr": 4.541825097904633,
  "spacing_tr": 2.0,
  "spacing_x": 2.0,
  "spacing_y": 2.0,
  "spacing_z": 2.0,
  "summary_bg_k": 18.94174445629098,
  "summary_bg_mad": 17.028214069517738,
  "summary_bg_mean": 41.46575164794922,
  "summary_bg_median": 19.050209045410156,
  "summary_bg_n": 448366.0,
  "summary_bg_p05": 6.046024799346924,
  "summary_bg_p95": 157.55543899536133,
  "summary_bg_stdv": 56.88825607299805,
  "summary_fg_k": 3.6293107687041823,
  "summary_fg_mad": 92.12295117911188,
  "summary_fg_mean": 539.5887451171875,
  "summary_fg_median": 529.4602661132812,
  "summary_fg_n": 155988.0,
  "summary_fg_p05": 382.87594451904295,
  "summary_fg_p95": 725.3886810302733,
  "summary_fg_stdv": 116.57396697998047,
  "tsnr": 30.035655471961945
}