{
  "aor": 0.004960167364016737,
  "aqi": 0.03461989456066946,
  "bids_meta": {
    "EchoTime": 0.043,
    "FlipAngle": 80.0,
    "MagneticFieldStrength": 3.0,
    "Manufacturer": "SIEMENS",
    "ManufacturersModelName": "Verio",
    "MultibandAccelerationFactor": 4,
    "PhaseEncodingDirection": "j-",
    "RepetitionTime": 2.0,
    "SliceTiming": [
      0.0,
      1.055,
      0.105,
      1.1625,
      0.21,
      1.2675,
      0.315,
      1.3725,
      0.4225,
      1.4775,
      0.5275,
      1.585,
      0.6325,
      1.69,
      0.7375,
      1.795,
      0.845,
      1.9,
      0.95,
      0.0,
      1.055,
      0.105,
      1.1625,
      0.21,
      1.2675,
      0.315,
      1.3725,
      0.4225,
      1.4775,
      0.5275,
      1.585,
      0.6325,
      1.69,
      0.7375,
      1.795,
      0.845,
      1.9,
      0.95,
      0.0,
      1.055,
      0.105,
      1.1625,
      0.21,
      1.2675,
      0.315,
      1.3725,
      0.4225,
      1.4775,
      0.5275,
      1.585,
      0.6325,
      1.69,
      0.7375,
      1.795,
      0.845,
      1.9,
      0.95,
      0.0,
      1.055,
      0.105,
      1.1625,
      0.21,
      1.2675,
      0.315,
      1.3725,
      0.4225,
      1.4775,
      0.5275,
      1.585,
      0.6325,
      1.69,
      0.7375,
      1.795,
      0.845,
      1.9,
      0.95
    ],
    "TaskName": "training",
    "TotalReadoutTime": 0.07029788543960597,
    "dataset": "ds003661",
    "modality": "bold",
    "run_id": 7,
    "session_id": "training01",
    "subject_id": "05",
    "task_id": "training"
  },
  "dummy_trs": 0,
  "dvars_nstd": 62.6040036657143,
  "dvars_std": 1.296071165714285,
  "dvars_vstd": 1.0076640481092434,
  "efc": 0.5650622810037639,
  "fber": 874.4631958007812,
  "fd_mean": 0.30254157690710076,
  "fd_num": 143,
  "fd_perc": 59.8326359832636,
  "fwhm_avg": 1.921586666666667,
  "fwhm_x": 1.79194,
  "fwhm_y": 2.136965,
  "fwhm_z": 1.835855,
  "gcor": 0.0245017,
  "gsr_x": -0.007504317443817854,
  "gsr_y": 0.05531194806098938,
  "provenance": {
    "md5sum": "ee513218d38693b15711926111e75fe5",
    "settings": {
      "fd_thres": 0.2,
      "testing": false
    },
    "software": "mriqc",
    "version": "22.0.6",
    "webapi_port": null,
    "webapi_url": "https://mriqc.nimh.nih.gov/api/v1"
  },
  "size_t": 239,
  "size_x": 96,
  "size_y": 96,
  "size_z": 76,
  "snr": 4.619234273314738,
  "spacing_tr": 2.0,
  "spacing_x": 2.0,
  "spacing_y": 2.0,
  "spacing_z": 2.0,
  "summary_bg_k": 19.397101053823295,
  "summary_bg_mad": 15.260255292748653,
  "summary_bg_mean": 39.50822448730469,
  "summary_bg_median": 17.41422462463379,
  "summary_bg_n": 449161.0,
  "summary_bg_p05": 5.845188140869141,
  "summary_bg_p95": 150.5397491455078,
  "summary_bg_stdv": 54.75936508178711,
  "summary_fg_k": 3.4685263471875523,
  "summary_fg_mad": 89.29108502145662,
  "summary_fg_mean": 534.3713989257812,
  "summary_fg_median": 524.7991333007812,
  "summary_fg_n": 155555.0,
  "summary_fg_p05": 380.020068359375,
  "summary_fg_p95": 717.8547790527343,
  "summary_fg_stdv": 113.6113510131836,
  "tsnr": 25.67819861951284
}