{
  "aor": 0.0009762761506276152,
  "aqi": 0.018169685774058576,
  "bids_meta": {
    "EchoTime": 0.043,
    "FlipAngle": 80.0,
    "MagneticFieldStrength": 3.0,
    "Manufacturer": "SIEMENS",
    "ManufacturersModelName": "Verio",
    "MultibandAccelerationFactor": 4,
    "PhaseEncodingDirection": "j-",
    "RepetitionTime": 2.0,
    "SliceTiming": [
      0.0,
      1.055,
      0.105,
      1.1625,
      0.21,
      1.2675,
      0.3175,
      1.3725,
      0.4225,
      1.48,
      0.5275,
      1.585,
      0.6325,
      1.69,
      0.74,
      1.795,
      0.845,
      1.9025,
      0.95,
      0.0,
      1.055,
      0.105,
      1.1625,
      0.21,
      1.2675,
      0.3175,
      1.3725,
      0.4225,
      1.48,
      0.5275,
      1.585,
      0.6325,
      1.69,
      0.74,
      1.795,
      0.845,
      1.9025,
      0.95,
      0.0,
      1.055,
      0.105,
      1.1625,
      0.21,
      1.2675,
      0.3175,
      1.3725,
      0.4225,
      1.48,
      0.5275,
      1.585,
      0.6325,
      1.69,
      0.74,
      1.795,
      0.845,
      1.9025,
      0.95,
      0.0,
      1.055,
      0.105,
      1.1625,
      0.21,
      1.2675,
      0.3175,
      1.3725,
      0.4225,
      1.48,
      0.5275,
      1.585,
      0.6325,
      1.69,
      0.74,
      1.795,
      0.845,
      1.9025,
      0.95
    ],
    "TaskName": "training",
    "TotalReadoutTime": 0.07029788543960597,
    "dataset": "ds003661",
    "modality": "bold",
    "run_id": 4,
    "session_id": "training02",
    "subject_id": "01",
    "task_id": "training"
  },
  "dummy_trs": 0,
  "dvars_nstd": 41.92113438794117,
  "dvars_std": 1.2319689652521006,
  "dvars_vstd": 1.003354508445378,
  "efc": 0.5390875574075933,
  "fber": 1198.6927490234375,
  "fd_mean": 0.14869922979605718,
  "fd_num": 50,
  "fd_perc": 20.92050209205021,
  "fwhm_avg": 1.8747416666666668,
  "fwhm_x": 1.762695,
  "fwhm_y": 2.049205,
  "fwhm_z": 1.812325,
  "gcor": 0.0270426,
  "gsr_x": -0.030654557049274445,
  "gsr_y": 0.04197983071208,
  "provenance": {
    "md5sum": "d04534d03c70e68809486fa8985ee357",
    "settings": {
      "fd_thres": 0.2,
      "testing": false
    },
    "software": "mriqc",
    "version": "22.0.6",
    "webapi_port": null,
    "webapi_url": "https://mriqc.nimh.nih.gov/api/v1"
  },
  "size_t": 239,
  "size_x": 96,
  "size_y": 96,
  "size_z": 76,
  "snr": 5.1689745071111535,
  "spacing_tr": 2.0,
  "spacing_x": 2.0,
  "spacing_y": 2.0,
  "spacing_z": 2.0,
  "summary_bg_k": 15.84135628041729,
  "summary_bg_mad": 11.432786091968818,
  "summary_bg_mean": 37.422325134277344,
  "summary_bg_median": 15.012552261352539,
  "summary_bg_n": 474570.0,
  "summary_bg_p05": 6.158995628356934,
  "summary_bg_p95": 151.15061950683594,
  "summary_bg_stdv": 54.27228927612305,
  "summary_fg_k": 5.072468523925307,
  "summary_fg_mad": 76.0903691380717,
  "summary_fg_mean": 531.06640625,
  "summary_fg_median": 524.8284301757812,
  "summary_fg_n": 134711.0,
  "summary_fg_p05": 394.22801208496094,
  "summary_fg_p95": 684.5355224609375,
  "summary_fg_stdv": 101.53396606445312,
  "tsnr": 40.900099746650085
}