{
  "aor": 0.0018973640167364019,
  "aqi": 0.021870504184100414,
  "bids_meta": {
    "EchoTime": 0.043,
    "FlipAngle": 80.0,
    "MagneticFieldStrength": 3.0,
    "Manufacturer": "SIEMENS",
    "ManufacturersModelName": "Verio",
    "MultibandAccelerationFactor": 4,
    "PhaseEncodingDirection": "j-",
    "RepetitionTime": 2.0,
    "SliceTiming": [
      0.0,
      1.0575,
      0.105,
      1.1625,
      0.2125,
      1.2675,
      0.3175,
      1.375,
      0.4225,
      1.48,
      0.53,
      1.585,
      0.635,
      1.69,
      0.74,
      1.7975,
      0.845,
      1.9025,
      0.9525,
      0.0,
      1.0575,
      0.105,
      1.1625,
      0.2125,
      1.2675,
      0.3175,
      1.375,
      0.4225,
      1.48,
      0.53,
      1.585,
      0.635,
      1.69,
      0.74,
      1.7975,
      0.845,
      1.9025,
      0.9525,
      0.0,
      1.0575,
      0.105,
      1.1625,
      0.2125,
      1.2675,
      0.3175,
      1.375,
      0.4225,
      1.48,
      0.53,
      1.585,
      0.635,
      1.69,
      0.74,
      1.7975,
      0.845,
      1.9025,
      0.9525,
      0.0,
      1.0575,
      0.105,
      1.1625,
      0.2125,
      1.2675,
      0.3175,
      1.375,
      0.4225,
      1.48,
      0.53,
      1.585,
      0.635,
      1.69,
      0.74,
      1.7975,
      0.845,
      1.9025,
      0.9525
    ],
    "TaskName": "training",
    "TotalReadoutTime": 0.07029788543960597,
    "dataset": "ds003661",
    "modality": "bold",
    "run_id": 6,
    "session_id": "training02",
    "subject_id": "01",
    "task_id": "training"
  },
  "dummy_trs": 0,
  "dvars_nstd": 42.68236394285712,
  "dvars_std": 1.2443983513865546,
  "dvars_vstd": 1.0094190165546217,
  "efc": 0.5397469182099399,
  "fber": 1192.279052734375,
  "fd_mean": 0.15113131623036297,
  "fd_num": 60,
  "fd_perc": 25.10460251046025,
  "fwhm_avg": 1.8773266666666668,
  "fwhm_x": 1.76611,
  "fwhm_y": 2.046745,
  "fwhm_z": 1.819125,
  "gcor": 0.0304269,
  "gsr_x": -0.03034192882478237,
  "gsr_y": 0.04150410741567612,
  "provenance": {
    "md5sum": "97a1ece1ce710473ebff0c9dcea99b5a",
    "settings": {
      "fd_thres": 0.2,
      "testing": false
    },
    "software": "mriqc",
    "version": "22.0.6",
    "webapi_port": null,
    "webapi_url": "https://mriqc.nimh.nih.gov/api/v1"
  },
  "size_t": 239,
  "size_x": 96,
  "size_y": 96,
  "size_z": 76,
  "snr": 5.216051154716567,
  "spacing_tr": 2.0,
  "spacing_x": 2.0,
  "spacing_y": 2.0,
  "spacing_z": 2.0,
  "summary_bg_k": 15.308524051244785,
  "summary_bg_mad": 11.507226134082964,
  "summary_bg_mean": 37.49702072143555,
  "summary_bg_median": 15.041840553283691,
  "summary_bg_n": 474526.0,
  "summary_bg_p05": 6.1464433670043945,
  "summary_bg_p95": 151.28033447265625,
  "summary_bg_stdv": 53.94692611694336,
  "summary_fg_k": 5.1068922921803,
  "summary_fg_mad": 75.8360445814854,
  "summary_fg_mean": 530.454345703125,
  "summary_fg_median": 523.970703125,
  "summary_fg_n": 134691.0,
  "summary_fg_p05": 394.52301025390625,
  "summary_fg_p95": 682.9623107910156,
  "summary_fg_stdv": 100.4531478881836,
  "tsnr": 37.583833021926694
}