{
  "aor": 0.0011302092050209207,
  "aqi": 0.019671061924686192,
  "bids_meta": {
    "EchoTime": 0.043,
    "FlipAngle": 80.0,
    "MagneticFieldStrength": 3.0,
    "Manufacturer": "SIEMENS",
    "ManufacturersModelName": "Verio",
    "MultibandAccelerationFactor": 4,
    "PhaseEncodingDirection": "j-",
    "RepetitionTime": 2.0,
    "SliceTiming": [
      0.0,
      1.0575,
      0.1075,
      1.1625,
      0.2125,
      1.27,
      0.3175,
      1.375,
      0.4225,
      1.48,
      0.53,
      1.585,
      0.635,
      1.6925,
      0.74,
      1.7975,
      0.845,
      1.9025,
      0.9525,
      0.0,
      1.0575,
      0.1075,
      1.1625,
      0.2125,
      1.27,
      0.3175,
      1.375,
      0.4225,
      1.48,
      0.53,
      1.585,
      0.635,
      1.6925,
      0.74,
      1.7975,
      0.845,
      1.9025,
      0.9525,
      0.0,
      1.0575,
      0.1075,
      1.1625,
      0.2125,
      1.27,
      0.3175,
      1.375,
      0.4225,
      1.48,
      0.53,
      1.585,
      0.635,
      1.6925,
      0.74,
      1.7975,
      0.845,
      1.9025,
      0.9525,
      0.0,
      1.0575,
      0.1075,
      1.1625,
      0.2125,
      1.27,
      0.3175,
      1.375,
      0.4225,
      1.48,
      0.53,
      1.585,
      0.635,
      1.6925,
      0.74,
      1.7975,
      0.845,
      1.9025,
      0.9525
    ],
    "TaskName": "training",
    "TotalReadoutTime": 0.07029788543960597,
    "dataset": "ds003661",
    "modality": "bold",
    "run_id": 7,
    "session_id": "training02",
    "subject_id": "01",
    "task_id": "training"
  },
  "dummy_trs": 0,
  "dvars_nstd": 42.96732705386552,
  "dvars_std": 1.2386776948319322,
  "dvars_vstd": 0.9989420251260501,
  "efc": 0.5397177886024731,
  "fber": 1176.756103515625,
  "fd_mean": 0.1574103896088983,
  "fd_num": 69,
  "fd_perc": 28.87029288702929,
  "fwhm_avg": 1.8613550000000003,
  "fwhm_x": 1.755165,
  "fwhm_y": 2.036865,
  "fwhm_z": 1.792035,
  "gcor": 0.0258129,
  "gsr_x": -0.030203040689229965,
  "gsr_y": 0.04074473679065704,
  "provenance": {
    "md5sum": "a58ce97eef3015137221030d09a440ec",
    "settings": {
      "fd_thres": 0.2,
      "testing": false
    },
    "software": "mriqc",
    "version": "22.0.6",
    "webapi_port": null,
    "webapi_url": "https://mriqc.nimh.nih.gov/api/v1"
  },
  "size_t": 239,
  "size_x": 96,
  "size_y": 96,
  "size_z": 76,
  "snr": 5.2301431112575525,
  "spacing_tr": 2.0,
  "spacing_x": 2.0,
  "spacing_y": 2.0,
  "spacing_z": 2.0,
  "summary_bg_k": 15.174295510595908,
  "summary_bg_mad": 11.600276893685475,
  "summary_bg_mean": 37.576576232910156,
  "summary_bg_median": 15.133891105651855,
  "summary_bg_n": 474935.0,
  "summary_bg_p05": 6.171547889709473,
  "summary_bg_p95": 151.35983276367188,
  "summary_bg_stdv": 53.79961013793945,
  "summary_fg_k": 5.1624605305113604,
  "summary_fg_mad": 75.65610351022696,
  "summary_fg_mean": 530.0939331054688,
  "summary_fg_median": 523.8074951171875,
  "summary_fg_n": 134250.0,
  "summary_fg_p05": 395.5083602905274,
  "summary_fg_p95": 681.3202758789062,
  "summary_fg_stdv": 100.15128326416016,
  "tsnr": 39.49611336167436
}