{
  "aor": 0.0010730543933054394,
  "aqi": 0.017380793305439332,
  "bids_meta": {
    "EchoTime": 0.043,
    "FlipAngle": 80.0,
    "MagneticFieldStrength": 3.0,
    "Manufacturer": "SIEMENS",
    "ManufacturersModelName": "Verio",
    "MultibandAccelerationFactor": 4,
    "PhaseEncodingDirection": "j-",
    "RepetitionTime": 2.0,
    "SliceTiming": [
      0.0,
      1.0575,
      0.105,
      1.1625,
      0.2125,
      1.2675,
      0.3175,
      1.375,
      0.4225,
      1.48,
      0.5275,
      1.585,
      0.635,
      1.69,
      0.74,
      1.7975,
      0.845,
      1.9025,
      0.95,
      0.0,
      1.0575,
      0.105,
      1.1625,
      0.2125,
      1.2675,
      0.3175,
      1.375,
      0.4225,
      1.48,
      0.5275,
      1.585,
      0.635,
      1.69,
      0.74,
      1.7975,
      0.845,
      1.9025,
      0.95,
      0.0,
      1.0575,
      0.105,
      1.1625,
      0.2125,
      1.2675,
      0.3175,
      1.375,
      0.4225,
      1.48,
      0.5275,
      1.585,
      0.635,
      1.69,
      0.74,
      1.7975,
      0.845,
      1.9025,
      0.95,
      0.0,
      1.0575,
      0.105,
      1.1625,
      0.2125,
      1.2675,
      0.3175,
      1.375,
      0.4225,
      1.48,
      0.5275,
      1.585,
      0.635,
      1.69,
      0.74,
      1.7975,
      0.845,
      1.9025,
      0.95
    ],
    "TaskName": "training",
    "TotalReadoutTime": 0.07029788543960597,
    "dataset": "ds003661",
    "modality": "bold",
    "run_id": 5,
    "session_id": "training02",
    "subject_id": "01",
    "task_id": "training"
  },
  "dummy_trs": 0,
  "dvars_nstd": 42.48228719046216,
  "dvars_std": 1.2551488858823527,
  "dvars_vstd": 1.0151075136134442,
  "efc": 0.5394720075394723,
  "fber": 1164.90283203125,
  "fd_mean": 0.14693598054116516,
  "fd_num": 47,
  "fd_perc": 19.665271966527197,
  "fwhm_avg": 1.8627533333333333,
  "fwhm_x": 1.75211,
  "fwhm_y": 2.04002,
  "fwhm_z": 1.79613,
  "gcor": 0.0256555,
  "gsr_x": -0.030359521508216858,
  "gsr_y": 0.042326733469963074,
  "provenance": {
    "md5sum": "fcc7f02ba5b1383d95e4e42b803e18ea",
    "settings": {
      "fd_thres": 0.2,
      "testing": false
    },
    "software": "mriqc",
    "version": "22.0.6",
    "webapi_port": null,
    "webapi_url": "https://mriqc.nimh.nih.gov/api/v1"
  },
  "size_t": 239,
  "size_x": 96,
  "size_y": 96,
  "size_z": 76,
  "snr": 5.207244126352823,
  "spacing_tr": 2.0,
  "spacing_x": 2.0,
  "spacing_y": 2.0,
  "spacing_z": 2.0,
  "summary_bg_k": 15.496329141738784,
  "summary_bg_mad": 11.58166617619711,
  "summary_bg_mean": 37.59408950805664,
  "summary_bg_median": 15.188283920288086,
  "summary_bg_n": 474849.0,
  "summary_bg_p05": 6.213388919830322,
  "summary_bg_p95": 151.9104522705077,
  "summary_bg_stdv": 54.18817138671875,
  "summary_fg_k": 5.104874400685217,
  "summary_fg_mad": 75.78636510040876,
  "summary_fg_mean": 530.7939453125,
  "summary_fg_median": 524.6024780273438,
  "summary_fg_n": 134400.0,
  "summary_fg_p05": 395.85772705078125,
  "summary_fg_p95": 682.8133789062496,
  "summary_fg_stdv": 100.74436950683594,
  "tsnr": 41.79383397800848
}