{
  "aor": 0.0005949372384937238,
  "aqi": 0.016510026359832636,
  "bids_meta": {
    "EchoTime": 0.043,
    "FlipAngle": 80.0,
    "MagneticFieldStrength": 3.0,
    "Manufacturer": "SIEMENS",
    "ManufacturersModelName": "Verio",
    "MultibandAccelerationFactor": 4,
    "PhaseEncodingDirection": "j-",
    "RepetitionTime": 2.0,
    "SliceTiming": [
      0.0,
      1.055,
      0.105,
      1.16,
      0.21,
      1.2675,
      0.315,
      1.3725,
      0.4225,
      1.4775,
      0.5275,
      1.585,
      0.6325,
      1.69,
      0.7375,
      1.795,
      0.845,
      1.9,
      0.95,
      0.0,
      1.055,
      0.105,
      1.16,
      0.21,
      1.2675,
      0.315,
      1.3725,
      0.4225,
      1.4775,
      0.5275,
      1.585,
      0.6325,
      1.69,
      0.7375,
      1.795,
      0.845,
      1.9,
      0.95,
      0.0,
      1.055,
      0.105,
      1.16,
      0.21,
      1.2675,
      0.315,
      1.3725,
      0.4225,
      1.4775,
      0.5275,
      1.585,
      0.6325,
      1.69,
      0.7375,
      1.795,
      0.845,
      1.9,
      0.95,
      0.0,
      1.055,
      0.105,
      1.16,
      0.21,
      1.2675,
      0.315,
      1.3725,
      0.4225,
      1.4775,
      0.5275,
      1.585,
      0.6325,
      1.69,
      0.7375,
      1.795,
      0.845,
      1.9,
      0.95
    ],
    "TaskName": "training",
    "TotalReadoutTime": 0.07029788543960597,
    "dataset": "ds003661",
    "modality": "bold",
    "run_id": 2,
    "session_id": "training02",
    "subject_id": "01",
    "task_id": "training"
  },
  "dummy_trs": 0,
  "dvars_nstd": 44.70299473915968,
  "dvars_std": 1.2956017365966384,
  "dvars_vstd": 1.0040271473109244,
  "efc": 0.5373255195892652,
  "fber": 1229.08740234375,
  "fd_mean": 0.14048932199761408,
  "fd_num": 42,
  "fd_perc": 17.573221757322177,
  "fwhm_avg": 1.86283,
  "fwhm_x": 1.752715,
  "fwhm_y": 2.03584,
  "fwhm_z": 1.799935,
  "gcor": 0.019802,
  "gsr_x": -0.029786504805088043,
  "gsr_y": 0.043336573988199234,
  "provenance": {
    "md5sum": "6338a5f9e20dd97aa011384ff343e130",
    "settings": {
      "fd_thres": 0.2,
      "testing": false
    },
    "software": "mriqc",
    "version": "22.0.6",
    "webapi_port": null,
    "webapi_url": "https://mriqc.nimh.nih.gov/api/v1"
  },
  "size_t": 239,
  "size_x": 96,
  "size_y": 96,
  "size_z": 76,
  "snr": 5.195154837621899,
  "spacing_tr": 2.0,
  "spacing_x": 2.0,
  "spacing_y": 2.0,
  "spacing_z": 2.0,
  "summary_bg_k": 16.313517603028057,
  "summary_bg_mad": 11.178447396185943,
  "summary_bg_mean": 36.82939910888672,
  "summary_bg_median": 14.84100341796875,
  "summary_bg_n": 474731.0,
  "summary_bg_p05": 6.150627613067627,
  "summary_bg_p95": 149.05020141601562,
  "summary_bg_stdv": 53.76224136352539,
  "summary_fg_k": 5.1131742468487875,
  "summary_fg_mad": 76.71072921552319,
  "summary_fg_mean": 532.6607666015625,
  "summary_fg_median": 526.0209350585938,
  "summary_fg_n": 134498.0,
  "summary_fg_p05": 397.68012084960935,
  "summary_fg_p95": 685.9886810302734,
  "summary_fg_stdv": 101.25183868408203,
  "tsnr": 42.51315504475497
}