{
  "aor": 0.0006992887029288703,
  "aqi": 0.019163716736401673,
  "bids_meta": {
    "EchoTime": 0.043,
    "FlipAngle": 80.0,
    "MagneticFieldStrength": 3.0,
    "Manufacturer": "SIEMENS",
    "ManufacturersModelName": "Verio",
    "MultibandAccelerationFactor": 4,
    "PhaseEncodingDirection": "j-",
    "RepetitionTime": 2.0,
    "SliceTiming": [
      0.0,
      1.0575,
      0.1075,
      1.1625,
      0.2125,
      1.27,
      0.3175,
      1.375,
      0.4225,
      1.48,
      0.53,
      1.585,
      0.635,
      1.6925,
      0.74,
      1.7975,
      0.845,
      1.9025,
      0.9525,
      0.0,
      1.0575,
      0.1075,
      1.1625,
      0.2125,
      1.27,
      0.3175,
      1.375,
      0.4225,
      1.48,
      0.53,
      1.585,
      0.635,
      1.6925,
      0.74,
      1.7975,
      0.845,
      1.9025,
      0.9525,
      0.0,
      1.0575,
      0.1075,
      1.1625,
      0.2125,
      1.27,
      0.3175,
      1.375,
      0.4225,
      1.48,
      0.53,
      1.585,
      0.635,
      1.6925,
      0.74,
      1.7975,
      0.845,
      1.9025,
      0.9525,
      0.0,
      1.0575,
      0.1075,
      1.1625,
      0.2125,
      1.27,
      0.3175,
      1.375,
      0.4225,
      1.48,
      0.53,
      1.585,
      0.635,
      1.6925,
      0.74,
      1.7975,
      0.845,
      1.9025,
      0.9525
    ],
    "TaskName": "training",
    "TotalReadoutTime": 0.07029788543960597,
    "dataset": "ds003661",
    "modality": "bold",
    "run_id": 1,
    "session_id": "training02",
    "subject_id": "01",
    "task_id": "training"
  },
  "dummy_trs": 0,
  "dvars_nstd": 47.0577510704622,
  "dvars_std": 1.3208979704621846,
  "dvars_vstd": 1.0000081238235294,
  "efc": 0.5373514848197304,
  "fber": 1210.14892578125,
  "fd_mean": 0.14225077553573912,
  "fd_num": 46,
  "fd_perc": 19.246861924686193,
  "fwhm_avg": 1.88236,
  "fwhm_x": 1.76323,
  "fwhm_y": 2.06284,
  "fwhm_z": 1.82101,
  "gcor": 0.0152879,
  "gsr_x": -0.029494795948266983,
  "gsr_y": 0.044179003685712814,
  "provenance": {
    "md5sum": "d0a429c1be26b9e2c50f253209a075ea",
    "settings": {
      "fd_thres": 0.2,
      "testing": false
    },
    "software": "mriqc",
    "version": "22.0.6",
    "webapi_port": null,
    "webapi_url": "https://mriqc.nimh.nih.gov/api/v1"
  },
  "size_t": 239,
  "size_x": 96,
  "size_y": 96,
  "size_z": 76,
  "snr": 5.2032378778328,
  "spacing_tr": 2.0,
  "spacing_x": 2.0,
  "spacing_y": 2.0,
  "spacing_z": 2.0,
  "summary_bg_k": 16.258382598341424,
  "summary_bg_mad": 11.277701728284574,
  "summary_bg_mean": 36.529048919677734,
  "summary_bg_median": 14.933053970336914,
  "summary_bg_n": 474292.0,
  "summary_bg_p05": 6.163179874420166,
  "summary_bg_p95": 146.9790802001953,
  "summary_bg_stdv": 53.024112701416016,
  "summary_fg_k": 5.185806689227832,
  "summary_fg_mad": 76.37573205897364,
  "summary_fg_mean": 532.5480346679688,
  "summary_fg_median": 526.0083618164062,
  "summary_fg_n": 134979.0,
  "summary_fg_p05": 396.4008331298828,
  "summary_fg_p95": 685.4945495605468,
  "summary_fg_stdv": 101.09213256835938,
  "tsnr": 39.84604230057448
}