{
  "aor": 0.0019186610878661088,
  "aqi": 0.021975596652719667,
  "bids_meta": {
    "EchoTime": 0.043,
    "FlipAngle": 80.0,
    "MagneticFieldStrength": 3.0,
    "Manufacturer": "SIEMENS",
    "ManufacturersModelName": "Verio",
    "MultibandAccelerationFactor": 4,
    "PhaseEncodingDirection": "j-",
    "RepetitionTime": 2.0,
    "SliceTiming": [
      0.0,
      1.055,
      0.105,
      1.1625,
      0.21,
      1.2675,
      0.315,
      1.3725,
      0.4225,
      1.4775,
      0.5275,
      1.585,
      0.6325,
      1.69,
      0.74,
      1.795,
      0.845,
      1.9,
      0.95,
      0.0,
      1.055,
      0.105,
      1.1625,
      0.21,
      1.2675,
      0.315,
      1.3725,
      0.4225,
      1.4775,
      0.5275,
      1.585,
      0.6325,
      1.69,
      0.74,
      1.795,
      0.845,
      1.9,
      0.95,
      0.0,
      1.055,
      0.105,
      1.1625,
      0.21,
      1.2675,
      0.315,
      1.3725,
      0.4225,
      1.4775,
      0.5275,
      1.585,
      0.6325,
      1.69,
      0.74,
      1.795,
      0.845,
      1.9,
      0.95,
      0.0,
      1.055,
      0.105,
      1.1625,
      0.21,
      1.2675,
      0.315,
      1.3725,
      0.4225,
      1.4775,
      0.5275,
      1.585,
      0.6325,
      1.69,
      0.74,
      1.795,
      0.845,
      1.9,
      0.95
    ],
    "TaskName": "training",
    "TotalReadoutTime": 0.07029788543960597,
    "dataset": "ds003661",
    "modality": "bold",
    "run_id": 3,
    "session_id": "training03",
    "subject_id": "04",
    "task_id": "training"
  },
  "dummy_trs": 0,
  "dvars_nstd": 41.199556503277286,
  "dvars_std": 1.2056095153361348,
  "dvars_vstd": 0.9941362992436973,
  "efc": 0.5758633400533412,
  "fber": 813.5814208984375,
  "fd_mean": 0.10210178835572539,
  "fd_num": 23,
  "fd_perc": 9.623430962343097,
  "fwhm_avg": 1.8640516666666667,
  "fwhm_x": 1.751745,
  "fwhm_y": 2.060715,
  "fwhm_z": 1.779695,
  "gcor": 0.0215838,
  "gsr_x": -0.014887497760355473,
  "gsr_y": 0.03146667405962944,
  "provenance": {
    "md5sum": "4277e110b6884b5f3778bb1ff853d5b1",
    "settings": {
      "fd_thres": 0.2,
      "testing": false
    },
    "software": "mriqc",
    "version": "22.0.6",
    "webapi_port": null,
    "webapi_url": "https://mriqc.nimh.nih.gov/api/v1"
  },
  "size_t": 239,
  "size_x": 96,
  "size_y": 96,
  "size_z": 76,
  "snr": 4.621889572958633,
  "spacing_tr": 2.0,
  "spacing_x": 2.0,
  "spacing_y": 2.0,
  "spacing_z": 2.0,
  "summary_bg_k": 14.33626285654027,
  "summary_bg_mad": 17.443837873641666,
  "summary_bg_mean": 45.17637252807617,
  "summary_bg_median": 20.100418090820312,
  "summary_bg_n": 437754.0,
  "summary_bg_p05": 6.171547889709473,
  "summary_bg_p95": 172.9066894531248,
  "summary_bg_stdv": 61.41725158691406,
  "summary_fg_k": 3.4944776028755786,
  "summary_fg_mad": 98.79466116238709,
  "summary_fg_mean": 595.6976928710938,
  "summary_fg_median": 586.1589965820312,
  "summary_fg_n": 163351.0,
  "summary_fg_p05": 418.6945495605469,
  "summary_fg_p95": 802.9518432617188,
  "summary_fg_stdv": 126.82198333740234,
  "tsnr": 34.38899558549747
}