{
  "aor": 0.0015428491620111734,
  "aqi": 0.024248275418994415,
  "bids_meta": {
    "EchoTime": 0.043,
    "FlipAngle": 80.0,
    "MagneticFieldStrength": 3.0,
    "Manufacturer": "SIEMENS",
    "ManufacturersModelName": "Verio",
    "MultibandAccelerationFactor": 4,
    "PhaseEncodingDirection": "j-",
    "RepetitionTime": 2.0,
    "SliceTiming": [
      0.0,
      1.055,
      0.105,
      1.1625,
      0.21,
      1.2675,
      0.315,
      1.3725,
      0.4225,
      1.4775,
      0.5275,
      1.585,
      0.6325,
      1.69,
      0.7375,
      1.795,
      0.845,
      1.9,
      0.95,
      0.0,
      1.055,
      0.105,
      1.1625,
      0.21,
      1.2675,
      0.315,
      1.3725,
      0.4225,
      1.4775,
      0.5275,
      1.585,
      0.6325,
      1.69,
      0.7375,
      1.795,
      0.845,
      1.9,
      0.95,
      0.0,
      1.055,
      0.105,
      1.1625,
      0.21,
      1.2675,
      0.315,
      1.3725,
      0.4225,
      1.4775,
      0.5275,
      1.585,
      0.6325,
      1.69,
      0.7375,
      1.795,
      0.845,
      1.9,
      0.95,
      0.0,
      1.055,
      0.105,
      1.1625,
      0.21,
      1.2675,
      0.315,
      1.3725,
      0.4225,
      1.4775,
      0.5275,
      1.585,
      0.6325,
      1.69,
      0.7375,
      1.795,
      0.845,
      1.9,
      0.95
    ],
    "TaskName": "testCategory",
    "TotalReadoutTime": 0.07029788543960597,
    "dataset": "ds003661",
    "modality": "bold",
    "run_id": 1,
    "session_id": "testCategory01",
    "subject_id": "01",
    "task_id": "testCategory"
  },
  "dummy_trs": 0,
  "dvars_nstd": 48.83115564825843,
  "dvars_std": 1.3319452598314605,
  "dvars_vstd": 1.0057880071348315,
  "efc": 0.5382529854841445,
  "fber": 1133.260986328125,
  "fd_mean": 0.15903947238727018,
  "fd_num": 38,
  "fd_perc": 21.22905027932961,
  "fwhm_avg": 1.8730983333333333,
  "fwhm_x": 1.7522,
  "fwhm_y": 2.069265,
  "fwhm_z": 1.79783,
  "gcor": 0.00867827,
  "gsr_x": -0.02838834747672081,
  "gsr_y": 0.043401170521974564,
  "provenance": {
    "md5sum": "c156dae35d55bd1eacc90c427ac60e6f",
    "settings": {
      "fd_thres": 0.2,
      "testing": false
    },
    "software": "mriqc",
    "version": "22.0.6",
    "webapi_port": null,
    "webapi_url": "https://mriqc.nimh.nih.gov/api/v1"
  },
  "size_t": 179,
  "size_x": 96,
  "size_y": 96,
  "size_z": 76,
  "snr": 5.17799645337002,
  "spacing_tr": 2.0,
  "spacing_x": 2.0,
  "spacing_y": 2.0,
  "spacing_z": 2.0,
  "summary_bg_k": 16.595101404385677,
  "summary_bg_mad": 12.697369675886787,
  "summary_bg_mean": 37.73102569580078,
  "summary_bg_median": 15.782122611999512,
  "summary_bg_n": 474601.0,
  "summary_bg_p05": 5.7877092361450195,
  "summary_bg_p95": 149.27932739257812,
  "summary_bg_stdv": 53.8229866027832,
  "summary_fg_k": 5.15239018433609,
  "summary_fg_mad": 76.71842093845855,
  "summary_fg_mean": 540.5972900390625,
  "summary_fg_median": 534.7039184570312,
  "summary_fg_n": 134392.0,
  "summary_fg_p05": 398.682666015625,
  "summary_fg_p95": 695.0390625,
  "summary_fg_stdv": 103.26425170898438,
  "tsnr": 36.37100538436789
}