{
  "aor": 0.002087039106145251,
  "aqi": 0.022452743016759775,
  "bids_meta": {
    "EchoTime": 0.043,
    "FlipAngle": 80.0,
    "MagneticFieldStrength": 3.0,
    "Manufacturer": "SIEMENS",
    "ManufacturersModelName": "Verio",
    "MultibandAccelerationFactor": 4,
    "PhaseEncodingDirection": "j-",
    "RepetitionTime": 2.0,
    "SliceTiming": [
      0.0,
      1.0575,
      0.1075,
      1.1625,
      0.2125,
      1.27,
      0.3175,
      1.375,
      0.4225,
      1.48,
      0.53,
      1.585,
      0.635,
      1.6925,
      0.74,
      1.7975,
      0.8475,
      1.9025,
      0.9525,
      0.0,
      1.0575,
      0.1075,
      1.1625,
      0.2125,
      1.27,
      0.3175,
      1.375,
      0.4225,
      1.48,
      0.53,
      1.585,
      0.635,
      1.6925,
      0.74,
      1.7975,
      0.8475,
      1.9025,
      0.9525,
      0.0,
      1.0575,
      0.1075,
      1.1625,
      0.2125,
      1.27,
      0.3175,
      1.375,
      0.4225,
      1.48,
      0.53,
      1.585,
      0.635,
      1.6925,
      0.74,
      1.7975,
      0.8475,
      1.9025,
      0.9525,
      0.0,
      1.0575,
      0.1075,
      1.1625,
      0.2125,
      1.27,
      0.3175,
      1.375,
      0.4225,
      1.48,
      0.53,
      1.585,
      0.635,
      1.6925,
      0.74,
      1.7975,
      0.8475,
      1.9025,
      0.9525
    ],
    "TaskName": "testCategory",
    "TotalReadoutTime": 0.07029788543960597,
    "dataset": "ds003661",
    "modality": "bold",
    "run_id": 2,
    "session_id": "testCategory01",
    "subject_id": "01",
    "task_id": "testCategory"
  },
  "dummy_trs": 0,
  "dvars_nstd": 46.75815942331459,
  "dvars_std": 1.3158503371910109,
  "dvars_vstd": 1.0142274841011236,
  "efc": 0.5381149232820884,
  "fber": 1162.2821044921875,
  "fd_mean": 0.16389063758162895,
  "fd_num": 51,
  "fd_perc": 28.491620111731844,
  "fwhm_avg": 1.8653899999999999,
  "fwhm_x": 1.74541,
  "fwhm_y": 2.0667,
  "fwhm_z": 1.78406,
  "gcor": 0.0139023,
  "gsr_x": -0.027705566957592964,
  "gsr_y": 0.043892256915569305,
  "provenance": {
    "md5sum": "4be5023c76210d0adf7bae4938255235",
    "settings": {
      "fd_thres": 0.2,
      "testing": false
    },
    "software": "mriqc",
    "version": "22.0.6",
    "webapi_port": null,
    "webapi_url": "https://mriqc.nimh.nih.gov/api/v1"
  },
  "size_t": 179,
  "size_x": 96,
  "size_y": 96,
  "size_z": 76,
  "snr": 5.185126558597008,
  "spacing_tr": 2.0,
  "spacing_x": 2.0,
  "spacing_y": 2.0,
  "spacing_z": 2.0,
  "summary_bg_k": 16.865944283987556,
  "summary_bg_mad": 12.349495953018796,
  "summary_bg_mean": 37.50987243652344,
  "summary_bg_median": 15.541898727416992,
  "summary_bg_n": 474647.0,
  "summary_bg_p05": 5.865921497344971,
  "summary_bg_p95": 147.91452331542942,
  "summary_bg_stdv": 53.50094223022461,
  "summary_fg_k": 4.990572269823466,
  "summary_fg_mad": 76.65629896439823,
  "summary_fg_mean": 537.8302001953125,
  "summary_fg_median": 532.08935546875,
  "summary_fg_n": 134449.0,
  "summary_fg_p05": 395.7150573730469,
  "summary_fg_p95": 690.7463500976562,
  "summary_fg_stdv": 102.61801147460938,
  "tsnr": 36.95589902519714
}