{
  "aor": 0.001678744769874477,
  "aqi": 0.03026665230125523,
  "bids_meta": {
    "EchoTime": 0.043,
    "FlipAngle": 80.0,
    "MagneticFieldStrength": 3.0,
    "Manufacturer": "SIEMENS",
    "ManufacturersModelName": "Verio",
    "MultibandAccelerationFactor": 4,
    "PhaseEncodingDirection": "j-",
    "RepetitionTime": 2.0,
    "SliceTiming": [
      0.0,
      1.0575,
      0.1075,
      1.1625,
      0.2125,
      1.27,
      0.3175,
      1.375,
      0.425,
      1.48,
      0.53,
      1.585,
      0.635,
      1.6925,
      0.74,
      1.7975,
      0.8475,
      1.9025,
      0.9525,
      0.0,
      1.0575,
      0.1075,
      1.1625,
      0.2125,
      1.27,
      0.3175,
      1.375,
      0.425,
      1.48,
      0.53,
      1.585,
      0.635,
      1.6925,
      0.74,
      1.7975,
      0.8475,
      1.9025,
      0.9525,
      0.0,
      1.0575,
      0.1075,
      1.1625,
      0.2125,
      1.27,
      0.3175,
      1.375,
      0.425,
      1.48,
      0.53,
      1.585,
      0.635,
      1.6925,
      0.74,
      1.7975,
      0.8475,
      1.9025,
      0.9525,
      0.0,
      1.0575,
      0.1075,
      1.1625,
      0.2125,
      1.27,
      0.3175,
      1.375,
      0.425,
      1.48,
      0.53,
      1.585,
      0.635,
      1.6925,
      0.74,
      1.7975,
      0.8475,
      1.9025,
      0.9525
    ],
    "TaskName": "training",
    "TotalReadoutTime": 0.07029788543960597,
    "dataset": "ds003661",
    "modality": "bold",
    "run_id": 7,
    "session_id": "training01",
    "subject_id": "02",
    "task_id": "training"
  },
  "dummy_trs": 0,
  "dvars_nstd": 57.929094891554655,
  "dvars_std": 1.216872224369748,
  "dvars_vstd": 1.0058780301260506,
  "efc": 0.580525074243517,
  "fber": 718.295654296875,
  "fd_mean": 0.28321436868133076,
  "fd_num": 163,
  "fd_perc": 68.20083682008368,
  "fwhm_avg": 1.82543,
  "fwhm_x": 1.722305,
  "fwhm_y": 2.06413,
  "fwhm_z": 1.689855,
  "gcor": 0.00802388,
  "gsr_x": -0.010629205964505672,
  "gsr_y": 0.07812224328517914,
  "provenance": {
    "md5sum": "2e5c2d3bd807730ab9a261e7deb95afd",
    "settings": {
      "fd_thres": 0.2,
      "testing": false
    },
    "software": "mriqc",
    "version": "22.0.6",
    "webapi_port": null,
    "webapi_url": "https://mriqc.nimh.nih.gov/api/v1"
  },
  "size_t": 239,
  "size_x": 96,
  "size_y": 96,
  "size_z": 76,
  "snr": 4.868406598167024,
  "spacing_tr": 2.0,
  "spacing_x": 2.0,
  "spacing_y": 2.0,
  "spacing_z": 2.0,
  "summary_bg_k": 22.52262570005914,
  "summary_bg_mad": 15.911609903006404,
  "summary_bg_mean": 41.450889587402344,
  "summary_bg_median": 18.359832763671875,
  "summary_bg_n": 441207.0,
  "summary_bg_p05": 6.196652412414551,
  "summary_bg_p95": 159.0711212158203,
  "summary_bg_stdv": 58.92605209350586,
  "summary_fg_k": 3.78495874570841,
  "summary_fg_mad": 80.6064511459971,
  "summary_fg_mean": 504.21954345703125,
  "summary_fg_median": 502.85772705078125,
  "summary_fg_n": 160650.0,
  "summary_fg_p05": 345.8430770874024,
  "summary_fg_p95": 656.2826171874999,
  "summary_fg_stdv": 103.28968048095703,
  "tsnr": 28.151781052700244
}