{
  "aor": 0.002146569037656904,
  "aqi": 0.026999071129707116,
  "bids_meta": {
    "EchoTime": 0.043,
    "FlipAngle": 80.0,
    "MagneticFieldStrength": 3.0,
    "Manufacturer": "SIEMENS",
    "ManufacturersModelName": "Verio",
    "MultibandAccelerationFactor": 4,
    "PhaseEncodingDirection": "j-",
    "RepetitionTime": 2.0,
    "SliceTiming": [
      0.0,
      1.055,
      0.105,
      1.16,
      0.21,
      1.2675,
      0.315,
      1.3725,
      0.4225,
      1.4775,
      0.5275,
      1.585,
      0.6325,
      1.69,
      0.7375,
      1.795,
      0.845,
      1.9,
      0.95,
      0.0,
      1.055,
      0.105,
      1.16,
      0.21,
      1.2675,
      0.315,
      1.3725,
      0.4225,
      1.4775,
      0.5275,
      1.585,
      0.6325,
      1.69,
      0.7375,
      1.795,
      0.845,
      1.9,
      0.95,
      0.0,
      1.055,
      0.105,
      1.16,
      0.21,
      1.2675,
      0.315,
      1.3725,
      0.4225,
      1.4775,
      0.5275,
      1.585,
      0.6325,
      1.69,
      0.7375,
      1.795,
      0.845,
      1.9,
      0.95,
      0.0,
      1.055,
      0.105,
      1.16,
      0.21,
      1.2675,
      0.315,
      1.3725,
      0.4225,
      1.4775,
      0.5275,
      1.585,
      0.6325,
      1.69,
      0.7375,
      1.795,
      0.845,
      1.9,
      0.95
    ],
    "TaskName": "training",
    "TotalReadoutTime": 0.07029788543960597,
    "dataset": "ds003661",
    "modality": "bold",
    "run_id": 8,
    "session_id": "training01",
    "subject_id": "02",
    "task_id": "training"
  },
  "dummy_trs": 0,
  "dvars_nstd": 56.465390517731066,
  "dvars_std": 1.2091513540756302,
  "dvars_vstd": 1.008600132268908,
  "efc": 0.5797522726930445,
  "fber": 739.8549194335938,
  "fd_mean": 0.2642991730356439,
  "fd_num": 138,
  "fd_perc": 57.74058577405858,
  "fwhm_avg": 1.8188183333333334,
  "fwhm_x": 1.72238,
  "fwhm_y": 2.05579,
  "fwhm_z": 1.678285,
  "gcor": 0.0147307,
  "gsr_x": -0.009570054709911346,
  "gsr_y": 0.07859739661216736,
  "provenance": {
    "md5sum": "d1e056313f1938dfad3c12c02a5f578e",
    "settings": {
      "fd_thres": 0.2,
      "testing": false
    },
    "software": "mriqc",
    "version": "22.0.6",
    "webapi_port": null,
    "webapi_url": "https://mriqc.nimh.nih.gov/api/v1"
  },
  "size_t": 239,
  "size_x": 96,
  "size_y": 96,
  "size_z": 76,
  "snr": 4.838123952117447,
  "spacing_tr": 2.0,
  "spacing_x": 2.0,
  "spacing_y": 2.0,
  "spacing_z": 2.0,
  "summary_bg_k": 21.968382943543734,
  "summary_bg_mad": 15.768931270394747,
  "summary_bg_mean": 41.346435546875,
  "summary_bg_median": 18.146442413330078,
  "summary_bg_n": 441289.0,
  "summary_bg_p05": 6.16736364364624,
  "summary_bg_p95": 158.45187377929688,
  "summary_bg_stdv": 58.83748245239258,
  "summary_fg_k": 3.777115209143048,
  "summary_fg_mad": 81.78504932683977,
  "summary_fg_mean": 505.6866149902344,
  "summary_fg_median": 503.8995666503906,
  "summary_fg_n": 160758.0,
  "summary_fg_p05": 346.3125534057617,
  "summary_fg_p95": 660.1830108642577,
  "summary_fg_stdv": 104.15152740478516,
  "tsnr": 29.159120377153158
}