{
  "aor": 0.0016772625698324023,
  "aqi": 0.02583523407821229,
  "bids_meta": {
    "EchoTime": 0.043,
    "FlipAngle": 80.0,
    "MagneticFieldStrength": 3.0,
    "Manufacturer": "SIEMENS",
    "ManufacturersModelName": "Verio",
    "MultibandAccelerationFactor": 4,
    "PhaseEncodingDirection": "j-",
    "RepetitionTime": 2.0,
    "SliceTiming": [
      0.0,
      1.055,
      0.105,
      1.1625,
      0.21,
      1.2675,
      0.3175,
      1.3725,
      0.4225,
      1.4775,
      0.5275,
      1.585,
      0.6325,
      1.69,
      0.74,
      1.795,
      0.845,
      1.9025,
      0.95,
      0.0,
      1.055,
      0.105,
      1.1625,
      0.21,
      1.2675,
      0.3175,
      1.3725,
      0.4225,
      1.4775,
      0.5275,
      1.585,
      0.6325,
      1.69,
      0.74,
      1.795,
      0.845,
      1.9025,
      0.95,
      0.0,
      1.055,
      0.105,
      1.1625,
      0.21,
      1.2675,
      0.3175,
      1.3725,
      0.4225,
      1.4775,
      0.5275,
      1.585,
      0.6325,
      1.69,
      0.74,
      1.795,
      0.845,
      1.9025,
      0.95,
      0.0,
      1.055,
      0.105,
      1.1625,
      0.21,
      1.2675,
      0.3175,
      1.3725,
      0.4225,
      1.4775,
      0.5275,
      1.585,
      0.6325,
      1.69,
      0.74,
      1.795,
      0.845,
      1.9025,
      0.95
    ],
    "TaskName": "testNoCategory",
    "TotalReadoutTime": 0.07029788543960597,
    "dataset": "ds003661",
    "modality": "bold",
    "run_id": 2,
    "session_id": "testNoCategory01",
    "subject_id": "02",
    "task_id": "testNoCategory"
  },
  "dummy_trs": 0,
  "dvars_nstd": 55.117948489438206,
  "dvars_std": 1.2906203565730343,
  "dvars_vstd": 0.9988460010674155,
  "efc": 0.5800675833548202,
  "fber": 636.7266845703125,
  "fd_mean": 0.19746408543570826,
  "fd_num": 77,
  "fd_perc": 43.01675977653631,
  "fwhm_avg": 1.8973333333333333,
  "fwhm_x": 1.79039,
  "fwhm_y": 2.12251,
  "fwhm_z": 1.7791,
  "gcor": 0.0106546,
  "gsr_x": -0.015164783224463463,
  "gsr_y": 0.06094687804579735,
  "provenance": {
    "md5sum": "3829060a7648a51d539d28848060df03",
    "settings": {
      "fd_thres": 0.2,
      "testing": false
    },
    "software": "mriqc",
    "version": "22.0.6",
    "webapi_port": null,
    "webapi_url": "https://mriqc.nimh.nih.gov/api/v1"
  },
  "size_t": 179,
  "size_x": 96,
  "size_y": 96,
  "size_z": 76,
  "snr": 4.801121330967203,
  "spacing_tr": 2.0,
  "spacing_x": 2.0,
  "spacing_y": 2.0,
  "spacing_z": 2.0,
  "summary_bg_k": 16.852406066219864,
  "summary_bg_mad": 20.40855592229078,
  "summary_bg_mean": 48.34281921386719,
  "summary_bg_median": 22.12290382385254,
  "summary_bg_n": 444491.0,
  "summary_bg_p05": 6.1229047775268555,
  "summary_bg_p95": 189.0083770751953,
  "summary_bg_stdv": 66.96084594726562,
  "summary_fg_k": 3.718621182166334,
  "summary_fg_mad": 95.05223074547203,
  "summary_fg_mean": 571.9595336914062,
  "summary_fg_median": 567.0,
  "summary_fg_n": 158341.0,
  "summary_fg_p05": 400.17877197265625,
  "summary_fg_p95": 750.0781860351562,
  "summary_fg_stdv": 118.09703826904297,
  "tsnr": 31.14631362212822
}